{
  "aor": 0.001026973898858075,
  "aqi": 0.020090676451876018,
  "bids_meta": {
    "AcquisitionMatrixPE": 78,
    "AcquisitionNumber": 1,
    "AcquisitionTime": "10:57:58.445000",
    "BandwidthPerPixelPhaseEncode": 22.492,
    "BaseResolution": 78,
    "BodyPartExamined": "BRAIN",
    "ConsistencyInfo": "N4_VE11C_LATEST_20160120",
    "ConversionSoftware": "dcm2niix",
    "ConversionSoftwareVersion": "v1.0.20180328 GCC6.3.0",
    "DerivedVendorReportedEchoSpacing": 0.000570003,
    "DeviceSerialNumber": "66018",
    "DwellTime": 3e-06,
    "EchoTime": 0.03,
    "EchoTrainLength": 78,
    "EffectiveEchoSpacing": 0.000570003,
    "FlipAngle": 59,
    "ImageComments": "Unaliased_MB4_PE3_LB",
    "ImageOrientationPatientDICOM": [
      1,
      0,
      0,
      0,
      0.983885,
      -0.178802
    ],
    "ImageType": [
      "ORIGINAL",
      "PRIMARY",
      "M",
      "MB",
      "ND",
      "NORM",
      "MOSAIC"
    ],
    "InPlanePhaseEncodingDirectionDICOM": "COL",
    "InstitutionAddress": "Stadium_1952_Princeton_NJ_US_08544",
    "InstitutionName": "Princeton_University",
    "InstitutionalDepartmentName": "NeuroScience",
    "MRAcquisitionType": "2D",
    "MagneticFieldStrength": 3,
    "Manufacturer": "Siemens",
    "ManufacturersModelName": "Prisma",
    "Modality": "MR",
    "MultibandAccelerationFactor": 4,
    "PartialFourier": 1,
    "PatientPosition": "HFS",
    "PercentPhaseFOV": 100,
    "PhaseEncodingDirection": "j-",
    "PhaseEncodingSteps": 78,
    "PhaseResolution": 1,
    "PixelBandwidth": 2135,
    "ProcedureStepDescription": "Norman_Antony_ss",
    "ProtocolName": "func_task",
    "PulseSequenceDetails": "%CustomerSeq%_cmrr_mbep2d_bold",
    "ReceiveCoilActiveElements": "HC1-7",
    "ReceiveCoilName": "HeadNeck_64",
    "ReconMatrixPE": 78,
    "RepetitionTime": 1,
    "SAR": 0.0639875,
    "ScanOptions": "FS_EXT",
    "ScanningSequence": "EP",
    "SequenceName": "epfid2d1_78",
    "SequenceVariant": "SK_SS",
    "SeriesDescription": "func_task",
    "SeriesNumber": 4,
    "ShimSetting": [
      743,
      559,
      2116,
      675,
      -207,
      152,
      193,
      40
    ],
    "SliceThickness": 2.5,
    "SliceTiming": [
      0,
      0.21,
      0.42,
      0.63,
      0.84,
      0.07,
      0.28,
      0.49,
      0.7,
      0.91,
      0.14,
      0.35,
      0.56,
      0.77,
      0,
      0.21,
      0.42,
      0.63,
      0.84,
      0.07,
      0.28,
      0.49,
      0.7,
      0.91,
      0.14,
      0.35,
      0.56,
      0.77,
      0,
      0.21,
      0.42,
      0.63,
      0.84,
      0.07,
      0.28,
      0.49,
      0.7,
      0.91,
      0.14,
      0.35,
      0.56,
      0.77,
      0,
      0.21,
      0.42,
      0.63,
      0.84,
      0.07,
      0.28,
      0.49,
      0.7,
      0.91,
      0.14,
      0.35,
      0.56,
      0.77
    ],
    "SoftwareVersions": "syngo_MR_E11",
    "SpacingBetweenSlices": 2.5,
    "StationName": "AWP66018",
    "TotalReadoutTime": 0.0438902,
    "TxRefAmp": 228.493,
    "dataset": "ds003338",
    "modality": "bold",
    "run_id": 2,
    "session_id": "01",
    "subject_id": "01",
    "task_id": "view"
  },
  "dummy_trs": 1,
  "dvars_nstd": 28.24419468623674,
  "dvars_std": 1.152303606734694,
  "dvars_vstd": 0.9854776910285694,
  "efc": 0.5651671324047195,
  "fber": 2016.7913818359375,
  "fd_mean": 0.15385877953559726,
  "fd_num": 261,
  "fd_perc": 21.28874388254486,
  "fwhm_avg": 1.9841360000000001,
  "fwhm_x": 1.8679960000000002,
  "fwhm_y": 2.134916,
  "fwhm_z": 1.949496,
  "gcor": 0.0110232,
  "gsr_x": -0.01190004963427782,
  "gsr_y": 0.07044593244791031,
  "provenance": {
    "md5sum": "f19186daa2b4f662b8582b49cdc2dc95",
    "settings": {
      "fd_thres": 0.2,
      "testing": false
    },
    "software": "mriqc",
    "version": "23.1.0"
  },
  "size_t": 1226,
  "size_x": 78,
  "size_y": 78,
  "size_z": 56,
  "snr": 4.856174658214641,
  "spacing_tr": 1.0,
  "spacing_x": 2.5,
  "spacing_y": 2.5,
  "spacing_z": 2.5,
  "summary_bg_k": 9.205432094115217,
  "summary_bg_mad": 215.33969798010455,
  "summary_bg_mean": 851.2949439520205,
  "summary_bg_median": 237.80325317382812,
  "summary_bg_n": 251920.0,
  "summary_bg_p05": 60.037925720214844,
  "summary_bg_p95": 3905.4111328125,
  "summary_bg_stdv": 1343.4389829555028,
  "summary_fg_k": 1.58386349691909,
  "summary_fg_mad": 1917.9059574740518,
  "summary_fg_mean": 10644.83330738654,
  "summary_fg_median": 10679.43505859375,
  "summary_fg_n": 88784.0,
  "summary_fg_p05": 6933.228515625,
  "summary_fg_p95": 14108.83984375,
  "summary_fg_stdv": 2199.133199949596,
  "tsnr": 35.872915267944336
}