{
  "aor": 0.0005147739361702127,
  "aqi": 0.022153186037234044,
  "bids_meta": {
    "AcquisitionMatrixPE": 78,
    "AcquisitionNumber": 1,
    "AcquisitionTime": "11:55:0.605000",
    "BandwidthPerPixelPhaseEncode": 22.492,
    "BaseResolution": 78,
    "BodyPartExamined": "BRAIN",
    "ConsistencyInfo": "N4_VE11C_LATEST_20160120",
    "ConversionSoftware": "dcm2niix",
    "ConversionSoftwareVersion": "v1.0.20180328 GCC6.3.0",
    "DerivedVendorReportedEchoSpacing": 0.000570003,
    "DeviceSerialNumber": "66018",
    "DwellTime": 3e-06,
    "EchoTime": 0.03,
    "EchoTrainLength": 78,
    "EffectiveEchoSpacing": 0.000570003,
    "FlipAngle": 59,
    "ImageComments": "Unaliased_MB4_PE3_LB",
    "ImageOrientationPatientDICOM": [
      1,
      0,
      0,
      0,
      0.983885,
      -0.178802
    ],
    "ImageType": [
      "ORIGINAL",
      "PRIMARY",
      "M",
      "MB",
      "ND",
      "NORM",
      "MOSAIC"
    ],
    "InPlanePhaseEncodingDirectionDICOM": "COL",
    "InstitutionAddress": "Stadium_1952_Princeton_NJ_US_08544",
    "InstitutionName": "Princeton_University",
    "InstitutionalDepartmentName": "NeuroScience",
    "MRAcquisitionType": "2D",
    "MagneticFieldStrength": 3,
    "Manufacturer": "Siemens",
    "ManufacturersModelName": "Prisma",
    "Modality": "MR",
    "MultibandAccelerationFactor": 4,
    "PartialFourier": 1,
    "PatientPosition": "HFS",
    "PercentPhaseFOV": 100,
    "PhaseEncodingDirection": "j-",
    "PhaseEncodingSteps": 78,
    "PhaseResolution": 1,
    "PixelBandwidth": 2135,
    "ProcedureStepDescription": "Norman_Antony_ss",
    "ProtocolName": "func_task",
    "PulseSequenceDetails": "%CustomerSeq%_cmrr_mbep2d_bold",
    "ReceiveCoilActiveElements": "HC1-7",
    "ReceiveCoilName": "HeadNeck_64",
    "ReconMatrixPE": 78,
    "RepetitionTime": 1,
    "SAR": 0.0639875,
    "ScanOptions": "FS_EXT",
    "ScanningSequence": "EP",
    "SequenceName": "epfid2d1_78",
    "SequenceVariant": "SK_SS",
    "SeriesDescription": "func_task",
    "SeriesNumber": 7,
    "ShimSetting": [
      743,
      559,
      2116,
      675,
      -207,
      152,
      193,
      40
    ],
    "SliceThickness": 2.5,
    "SliceTiming": [
      0,
      0.21,
      0.42,
      0.63,
      0.84,
      0.07,
      0.28,
      0.49,
      0.7,
      0.91,
      0.14,
      0.35,
      0.56,
      0.77,
      0,
      0.21,
      0.42,
      0.63,
      0.84,
      0.07,
      0.28,
      0.49,
      0.7,
      0.91,
      0.14,
      0.35,
      0.56,
      0.77,
      0,
      0.21,
      0.42,
      0.63,
      0.84,
      0.07,
      0.28,
      0.49,
      0.7,
      0.91,
      0.14,
      0.35,
      0.56,
      0.77,
      0,
      0.21,
      0.42,
      0.63,
      0.84,
      0.07,
      0.28,
      0.49,
      0.7,
      0.91,
      0.14,
      0.35,
      0.56,
      0.77
    ],
    "SoftwareVersions": "syngo_MR_E11",
    "SpacingBetweenSlices": 2.5,
    "StationName": "AWP66018",
    "TotalReadoutTime": 0.0438902,
    "TxRefAmp": 228.493,
    "dataset": "ds003338",
    "modality": "bold",
    "run_id": 3,
    "session_id": "01",
    "subject_id": "01",
    "task_id": "recall"
  },
  "dummy_trs": 0,
  "dvars_nstd": 34.22679464794937,
  "dvars_std": 1.118566052969374,
  "dvars_vstd": 0.9578446890013308,
  "efc": 0.5640755984867187,
  "fber": 2195.132568359375,
  "fd_mean": 0.2995957914872012,
  "fd_num": 509,
  "fd_perc": 67.68617021276596,
  "fwhm_avg": 1.9848613333333331,
  "fwhm_x": 1.88428,
  "fwhm_y": 2.1231,
  "fwhm_z": 1.947204,
  "gcor": 0.0133089,
  "gsr_x": -0.007160624489188194,
  "gsr_y": 0.07401219755411148,
  "provenance": {
    "md5sum": "f0198a16fe911f8336b20fa0bc145162",
    "settings": {
      "fd_thres": 0.2,
      "testing": false
    },
    "software": "mriqc",
    "version": "23.1.0"
  },
  "size_t": 752,
  "size_x": 78,
  "size_y": 78,
  "size_z": 56,
  "snr": 4.918659952754245,
  "spacing_tr": 1.0,
  "spacing_x": 2.5,
  "spacing_y": 2.5,
  "spacing_z": 2.5,
  "summary_bg_k": 9.397311814340457,
  "summary_bg_mad": 198.98240646194085,
  "summary_bg_mean": 855.7458346899195,
  "summary_bg_median": 228.43894958496094,
  "summary_bg_n": 252513.0,
  "summary_bg_p05": 65.11901092529297,
  "summary_bg_p95": 3973.37353515625,
  "summary_bg_stdv": 1369.758080782402,
  "summary_fg_k": 1.4389793596873686,
  "summary_fg_mad": 1890.8738044265822,
  "summary_fg_mean": 10651.506404838256,
  "summary_fg_median": 10702.876953125,
  "summary_fg_n": 88191.0,
  "summary_fg_p05": 6914.3603515625,
  "summary_fg_p95": 14066.724609375,
  "summary_fg_stdv": 2175.9618220532557,
  "tsnr": 33.69320297241211
}