{
  "aor": 0.00036980453479280693,
  "aqi": 0.024074212353401098,
  "bids_meta": {
    "AcquisitionMatrixPE": 78,
    "AcquisitionNumber": 1,
    "AcquisitionTime": "11:32:55.257500",
    "BandwidthPerPixelPhaseEncode": 22.492,
    "BaseResolution": 78,
    "BodyPartExamined": "BRAIN",
    "ConsistencyInfo": "N4_VE11C_LATEST_20160120",
    "ConversionSoftware": "dcm2niix",
    "ConversionSoftwareVersion": "v1.0.20180328 GCC6.3.0",
    "DerivedVendorReportedEchoSpacing": 0.000570003,
    "DeviceSerialNumber": "66018",
    "DwellTime": 3e-06,
    "EchoTime": 0.03,
    "EchoTrainLength": 78,
    "EffectiveEchoSpacing": 0.000570003,
    "FlipAngle": 59,
    "ImageComments": "Unaliased_MB4_PE3_LB",
    "ImageOrientationPatientDICOM": [
      1,
      0,
      0,
      0,
      0.983885,
      -0.178802
    ],
    "ImageType": [
      "ORIGINAL",
      "PRIMARY",
      "M",
      "MB",
      "ND",
      "NORM",
      "MOSAIC"
    ],
    "InPlanePhaseEncodingDirectionDICOM": "COL",
    "InstitutionAddress": "Stadium_1952_Princeton_NJ_US_08544",
    "InstitutionName": "Princeton_University",
    "InstitutionalDepartmentName": "NeuroScience",
    "MRAcquisitionType": "2D",
    "MagneticFieldStrength": 3,
    "Manufacturer": "Siemens",
    "ManufacturersModelName": "Prisma",
    "Modality": "MR",
    "MultibandAccelerationFactor": 4,
    "PartialFourier": 1,
    "PatientPosition": "HFS",
    "PercentPhaseFOV": 100,
    "PhaseEncodingDirection": "j-",
    "PhaseEncodingSteps": 78,
    "PhaseResolution": 1,
    "PixelBandwidth": 2135,
    "ProcedureStepDescription": "Norman_Antony_ss",
    "ProtocolName": "func_task",
    "PulseSequenceDetails": "%CustomerSeq%_cmrr_mbep2d_bold",
    "ReceiveCoilActiveElements": "HC1-7",
    "ReceiveCoilName": "HeadNeck_64",
    "ReconMatrixPE": 78,
    "RepetitionTime": 1,
    "SAR": 0.0639875,
    "ScanOptions": "FS_EXT",
    "ScanningSequence": "EP",
    "SequenceName": "epfid2d1_78",
    "SequenceVariant": "SK_SS",
    "SeriesDescription": "func_task",
    "SeriesNumber": 6,
    "ShimSetting": [
      743,
      559,
      2116,
      675,
      -207,
      152,
      193,
      40
    ],
    "SliceThickness": 2.5,
    "SliceTiming": [
      0,
      0.21,
      0.42,
      0.63,
      0.84,
      0.07,
      0.28,
      0.49,
      0.7,
      0.91,
      0.14,
      0.35,
      0.56,
      0.77,
      0,
      0.21,
      0.42,
      0.63,
      0.84,
      0.07,
      0.28,
      0.49,
      0.7,
      0.91,
      0.14,
      0.35,
      0.56,
      0.77,
      0,
      0.21,
      0.42,
      0.63,
      0.84,
      0.07,
      0.28,
      0.49,
      0.7,
      0.91,
      0.14,
      0.35,
      0.56,
      0.77,
      0,
      0.21,
      0.42,
      0.63,
      0.84,
      0.07,
      0.28,
      0.49,
      0.7,
      0.91,
      0.14,
      0.35,
      0.56,
      0.77
    ],
    "SoftwareVersions": "syngo_MR_E11",
    "SpacingBetweenSlices": 2.5,
    "StationName": "AWP66018",
    "TotalReadoutTime": 0.0438902,
    "TxRefAmp": 228.493,
    "dataset": "ds003338",
    "modality": "bold",
    "run_id": 3,
    "session_id": "01",
    "subject_id": "01",
    "task_id": "view"
  },
  "dummy_trs": 1,
  "dvars_nstd": 29.11710094248827,
  "dvars_std": 1.0984539815649457,
  "dvars_vstd": 0.9508200428716742,
  "efc": 0.5629199725759393,
  "fber": 2164.904296875,
  "fd_mean": 0.17458162090622034,
  "fd_num": 314,
  "fd_perc": 24.550430023455824,
  "fwhm_avg": 1.9799733333333334,
  "fwhm_x": 1.88046,
  "fwhm_y": 2.119284,
  "fwhm_z": 1.940176,
  "gcor": 0.0128579,
  "gsr_x": -0.008581727743148804,
  "gsr_y": 0.07399193197488785,
  "provenance": {
    "md5sum": "1c67da6147c6c636b7a476af27b0c251",
    "settings": {
      "fd_thres": 0.2,
      "testing": false
    },
    "software": "mriqc",
    "version": "23.1.0"
  },
  "size_t": 1279,
  "size_x": 78,
  "size_y": 78,
  "size_z": 56,
  "snr": 4.963785768631162,
  "spacing_tr": 1.0,
  "spacing_x": 2.5,
  "spacing_y": 2.5,
  "spacing_z": 2.5,
  "summary_bg_k": 8.812280622507163,
  "summary_bg_mad": 197.474155740853,
  "summary_bg_mean": 844.558710482835,
  "summary_bg_median": 231.146728515625,
  "summary_bg_n": 252634.0,
  "summary_bg_p05": 69.05513763427734,
  "summary_bg_p95": 3915.2666015625,
  "summary_bg_stdv": 1340.0451484070197,
  "summary_fg_k": 1.4808316391974694,
  "summary_fg_mad": 1876.3525554514827,
  "summary_fg_mean": 10700.818330228929,
  "summary_fg_median": 10754.91845703125,
  "summary_fg_n": 88070.0,
  "summary_fg_p05": 6959.1767578125,
  "summary_fg_p95": 14081.310546875,
  "summary_fg_stdv": 2166.6642960101194,
  "tsnr": 33.15975761413574
}