{
  "aor": 0.0003681282722513089,
  "aqi": 0.020101587434554972,
  "bids_meta": {
    "AcquisitionMatrixPE": 78,
    "AcquisitionNumber": 1,
    "AcquisitionTime": "10:42:19.622500",
    "BandwidthPerPixelPhaseEncode": 22.492,
    "BaseResolution": 78,
    "BodyPartExamined": "BRAIN",
    "ConsistencyInfo": "N4_VE11C_LATEST_20160120",
    "ConversionSoftware": "dcm2niix",
    "ConversionSoftwareVersion": "v1.0.20180328 GCC6.3.0",
    "DerivedVendorReportedEchoSpacing": 0.000570003,
    "DeviceSerialNumber": "66018",
    "DwellTime": 3e-06,
    "EchoTime": 0.03,
    "EchoTrainLength": 78,
    "EffectiveEchoSpacing": 0.000570003,
    "FlipAngle": 59,
    "ImageComments": "Unaliased_MB4_PE3_LB",
    "ImageOrientationPatientDICOM": [
      1,
      0,
      0,
      0,
      0.983885,
      -0.178802
    ],
    "ImageType": [
      "ORIGINAL",
      "PRIMARY",
      "M",
      "MB",
      "ND",
      "NORM",
      "MOSAIC"
    ],
    "InPlanePhaseEncodingDirectionDICOM": "COL",
    "InstitutionAddress": "Stadium_1952_Princeton_NJ_US_08544",
    "InstitutionName": "Princeton_University",
    "InstitutionalDepartmentName": "NeuroScience",
    "MRAcquisitionType": "2D",
    "MagneticFieldStrength": 3,
    "Manufacturer": "Siemens",
    "ManufacturersModelName": "Prisma",
    "Modality": "MR",
    "MultibandAccelerationFactor": 4,
    "PartialFourier": 1,
    "PatientPosition": "HFS",
    "PercentPhaseFOV": 100,
    "PhaseEncodingDirection": "j-",
    "PhaseEncodingSteps": 78,
    "PhaseResolution": 1,
    "PixelBandwidth": 2135,
    "ProcedureStepDescription": "Norman_Antony_ss",
    "ProtocolName": "func_task",
    "PulseSequenceDetails": "%CustomerSeq%_cmrr_mbep2d_bold",
    "ReceiveCoilActiveElements": "HC1-7",
    "ReceiveCoilName": "HeadNeck_64",
    "ReconMatrixPE": 78,
    "RepetitionTime": 1,
    "SAR": 0.0639875,
    "ScanOptions": "FS_EXT",
    "ScanningSequence": "EP",
    "SequenceName": "epfid2d1_78",
    "SequenceVariant": "SK_SS",
    "SeriesDescription": "func_task",
    "SeriesNumber": 3,
    "ShimSetting": [
      743,
      559,
      2116,
      675,
      -207,
      152,
      193,
      40
    ],
    "SliceThickness": 2.5,
    "SliceTiming": [
      0,
      0.21,
      0.42,
      0.63,
      0.84,
      0.07,
      0.28,
      0.49,
      0.7,
      0.91,
      0.14,
      0.35,
      0.56,
      0.77,
      0,
      0.21,
      0.42,
      0.63,
      0.84,
      0.07,
      0.28,
      0.49,
      0.7,
      0.91,
      0.14,
      0.35,
      0.56,
      0.77,
      0,
      0.21,
      0.42,
      0.63,
      0.84,
      0.07,
      0.28,
      0.49,
      0.7,
      0.91,
      0.14,
      0.35,
      0.56,
      0.77,
      0,
      0.21,
      0.42,
      0.63,
      0.84,
      0.07,
      0.28,
      0.49,
      0.7,
      0.91,
      0.14,
      0.35,
      0.56,
      0.77
    ],
    "SoftwareVersions": "syngo_MR_E11",
    "SpacingBetweenSlices": 2.5,
    "StationName": "AWP66018",
    "TotalReadoutTime": 0.0438902,
    "TxRefAmp": 228.493,
    "dataset": "ds003338",
    "modality": "bold",
    "run_id": 1,
    "session_id": "01",
    "subject_id": "01",
    "task_id": "recall"
  },
  "dummy_trs": 0,
  "dvars_nstd": 34.048990569593705,
  "dvars_std": 1.173329797287025,
  "dvars_vstd": 0.9534752890432504,
  "efc": 0.5671021064408048,
  "fber": 1954.0247802734375,
  "fd_mean": 0.21973302087954355,
  "fd_num": 371,
  "fd_perc": 48.56020942408377,
  "fwhm_avg": 2.0018706666666666,
  "fwhm_x": 1.890832,
  "fwhm_y": 2.137612,
  "fwhm_z": 1.977168,
  "gcor": 0.00883001,
  "gsr_x": -0.012985564768314362,
  "gsr_y": 0.0684378519654274,
  "provenance": {
    "md5sum": "f430468b73acc84b54a9ab33c1f30c03",
    "settings": {
      "fd_thres": 0.2,
      "testing": false
    },
    "software": "mriqc",
    "version": "23.1.0"
  },
  "size_t": 764,
  "size_x": 78,
  "size_y": 78,
  "size_z": 56,
  "snr": 4.83265478258349,
  "spacing_tr": 1.0,
  "spacing_x": 2.5,
  "spacing_y": 2.5,
  "spacing_z": 2.5,
  "summary_bg_k": 9.741739003376164,
  "summary_bg_mad": 217.92740283566968,
  "summary_bg_mean": 868.5118632334729,
  "summary_bg_median": 241.71566772460938,
  "summary_bg_n": 251753.0,
  "summary_bg_p05": 68.10902404785156,
  "summary_bg_p95": 3994.57470703125,
  "summary_bg_stdv": 1371.7593806082841,
  "summary_fg_k": 1.9066855926768635,
  "summary_fg_mad": 1948.5577448440447,
  "summary_fg_mean": 10648.416119414134,
  "summary_fg_median": 10684.884765625,
  "summary_fg_n": 88951.0,
  "summary_fg_p05": 6922.89453125,
  "summary_fg_p95": 14129.189453125,
  "summary_fg_stdv": 2210.9637840165915,
  "tsnr": 34.846946716308594
}