{
  "aor": 0.0010287061994609164,
  "aqi": 0.028698931805929924,
  "bids_meta": {
    "AcquisitionMatrixPE": 78,
    "AcquisitionNumber": 1,
    "AcquisitionTime": "12:45:22.152500",
    "BandwidthPerPixelPhaseEncode": 22.492,
    "BaseResolution": 78,
    "BodyPartExamined": "BRAIN",
    "ConsistencyInfo": "N4_VE11C_LATEST_20160120",
    "ConversionSoftware": "dcm2niix",
    "ConversionSoftwareVersion": "v1.0.20180328 GCC6.3.0",
    "DerivedVendorReportedEchoSpacing": 0.000570003,
    "DeviceSerialNumber": "66018",
    "DwellTime": 3e-06,
    "EchoTime": 0.03,
    "EchoTrainLength": 78,
    "EffectiveEchoSpacing": 0.000570003,
    "FlipAngle": 59,
    "ImageComments": "Unaliased_MB4_PE3_LB",
    "ImageOrientationPatientDICOM": [
      1,
      0,
      0,
      0,
      0.984196,
      -0.177085
    ],
    "ImageType": [
      "ORIGINAL",
      "PRIMARY",
      "M",
      "MB",
      "ND",
      "NORM",
      "MOSAIC"
    ],
    "InPlanePhaseEncodingDirectionDICOM": "COL",
    "InstitutionAddress": "Stadium_1952_Princeton_NJ_US_08544",
    "InstitutionName": "Princeton_University",
    "InstitutionalDepartmentName": "NeuroScience",
    "MRAcquisitionType": "2D",
    "MagneticFieldStrength": 3,
    "Manufacturer": "Siemens",
    "ManufacturersModelName": "Prisma",
    "Modality": "MR",
    "MultibandAccelerationFactor": 4,
    "PartialFourier": 1,
    "PatientPosition": "HFS",
    "PercentPhaseFOV": 100,
    "PhaseEncodingDirection": "j-",
    "PhaseEncodingSteps": 78,
    "PhaseResolution": 1,
    "PixelBandwidth": 2135,
    "ProcedureStepDescription": "NormaL_Antony_ss",
    "ProtocolName": "func_task-recall_run-1",
    "PulseSequenceDetails": "%CustomerSeq%_cmrr_mbep2d_bold",
    "ReceiveCoilActiveElements": "HC1-7",
    "ReceiveCoilName": "HeadNeck_64",
    "ReconMatrixPE": 78,
    "RepetitionTime": 1,
    "SAR": 0.0640214,
    "ScanOptions": "FS_EXT",
    "ScanningSequence": "EP",
    "SequenceName": "epfid2d1_78",
    "SequenceVariant": "SK_SS",
    "SeriesDescription": "func_task-recall_run-1",
    "SeriesNumber": 5,
    "ShimSetting": [
      758,
      600,
      2057,
      526,
      -93,
      149,
      90,
      36
    ],
    "SliceThickness": 2.5,
    "SliceTiming": [
      0,
      0.21,
      0.42,
      0.63,
      0.84,
      0.07,
      0.28,
      0.49,
      0.7,
      0.91,
      0.14,
      0.35,
      0.56,
      0.77,
      0,
      0.21,
      0.42,
      0.63,
      0.84,
      0.07,
      0.28,
      0.49,
      0.7,
      0.91,
      0.14,
      0.35,
      0.56,
      0.77,
      0,
      0.21,
      0.42,
      0.63,
      0.84,
      0.07,
      0.28,
      0.49,
      0.7,
      0.91,
      0.14,
      0.35,
      0.56,
      0.77,
      0,
      0.21,
      0.42,
      0.63,
      0.84,
      0.07,
      0.28,
      0.49,
      0.7,
      0.91,
      0.14,
      0.35,
      0.56,
      0.77
    ],
    "SoftwareVersions": "syngo_MR_E11",
    "SpacingBetweenSlices": 2.5,
    "StationName": "AWP66018",
    "TotalReadoutTime": 0.0438902,
    "TxRefAmp": 247.431,
    "dataset": "ds003338",
    "modality": "bold",
    "run_id": 1,
    "session_id": "01",
    "subject_id": "11",
    "task_id": "recall"
  },
  "dummy_trs": 0,
  "dvars_nstd": 39.51209562140538,
  "dvars_std": 1.1293571879189188,
  "dvars_vstd": 0.9554977115675677,
  "efc": 0.5815205721031649,
  "fber": 1665.1995849609375,
  "fd_mean": 0.3371792993787674,
  "fd_num": 278,
  "fd_perc": 74.93261455525607,
  "fwhm_avg": 1.8662626666666666,
  "fwhm_x": 1.7530999999999999,
  "fwhm_y": 2.009224,
  "fwhm_z": 1.836464,
  "gcor": 0.0111309,
  "gsr_x": -0.0023481545504182577,
  "gsr_y": 0.06826494634151459,
  "provenance": {
    "md5sum": "35c33de9a3087b0b93cb961c68009321",
    "settings": {
      "fd_thres": 0.2,
      "testing": false
    },
    "software": "mriqc",
    "version": "23.1.0"
  },
  "size_t": 371,
  "size_x": 78,
  "size_y": 78,
  "size_z": 56,
  "snr": 5.6112757374158075,
  "spacing_tr": 1.0,
  "spacing_x": 2.5,
  "spacing_y": 2.5,
  "spacing_z": 2.5,
  "summary_bg_k": 9.224211800122827,
  "summary_bg_mad": 263.83958547645744,
  "summary_bg_mean": 936.8812641415367,
  "summary_bg_median": 259.8348388671875,
  "summary_bg_n": 249734.0,
  "summary_bg_p05": 58.786376953125,
  "summary_bg_p95": 4203.78564453125,
  "summary_bg_stdv": 1461.4965078116797,
  "summary_fg_k": 1.687839812129834,
  "summary_fg_mad": 1667.446808380771,
  "summary_fg_mean": 10534.701050670867,
  "summary_fg_median": 10603.04296875,
  "summary_fg_n": 90970.0,
  "summary_fg_p05": 7178.05029296875,
  "summary_fg_p95": 13356.146484375,
  "summary_fg_stdv": 1889.5853968107829,
  "tsnr": 34.93152046203613
}