{
  "aor": 0.0012454663774403472,
  "aqi": 0.02220593080260304,
  "bids_meta": {
    "AcquisitionMatrixPE": 78,
    "AcquisitionNumber": 1,
    "AcquisitionTime": "13:45:23.107500",
    "BandwidthPerPixelPhaseEncode": 22.492,
    "BaseResolution": 78,
    "BodyPartExamined": "BRAIN",
    "ConsistencyInfo": "N4_VE11C_LATEST_20160120",
    "ConversionSoftware": "dcm2niix",
    "ConversionSoftwareVersion": "v1.0.20180328 GCC6.3.0",
    "DerivedVendorReportedEchoSpacing": 0.000570003,
    "DeviceSerialNumber": "66018",
    "DwellTime": 3e-06,
    "EchoTime": 0.03,
    "EchoTrainLength": 78,
    "EffectiveEchoSpacing": 0.000570003,
    "FlipAngle": 59,
    "ImageComments": "Unaliased_MB4_PE3_LB",
    "ImageOrientationPatientDICOM": [
      1,
      0,
      0,
      0,
      0.984196,
      -0.177085
    ],
    "ImageType": [
      "ORIGINAL",
      "PRIMARY",
      "M",
      "MB",
      "ND",
      "NORM",
      "MOSAIC"
    ],
    "InPlanePhaseEncodingDirectionDICOM": "COL",
    "InstitutionAddress": "Stadium_1952_Princeton_NJ_US_08544",
    "InstitutionName": "Princeton_University",
    "InstitutionalDepartmentName": "NeuroScience",
    "MRAcquisitionType": "2D",
    "MagneticFieldStrength": 3,
    "Manufacturer": "Siemens",
    "ManufacturersModelName": "Prisma",
    "Modality": "MR",
    "MultibandAccelerationFactor": 4,
    "PartialFourier": 1,
    "PatientPosition": "HFS",
    "PercentPhaseFOV": 100,
    "PhaseEncodingDirection": "j-",
    "PhaseEncodingSteps": 78,
    "PhaseResolution": 1,
    "PixelBandwidth": 2135,
    "ProcedureStepDescription": "NormaL_Antony_ss",
    "ProtocolName": "func_task-recall_run-3",
    "PulseSequenceDetails": "%CustomerSeq%_cmrr_mbep2d_bold",
    "ReceiveCoilActiveElements": "HC1-7",
    "ReceiveCoilName": "HeadNeck_64",
    "ReconMatrixPE": 78,
    "RepetitionTime": 1,
    "SAR": 0.0640214,
    "ScanOptions": "FS_EXT",
    "ScanningSequence": "EP",
    "SequenceName": "epfid2d1_78",
    "SequenceVariant": "SK_SS",
    "SeriesDescription": "func_task-recall_run-3",
    "SeriesNumber": 9,
    "ShimSetting": [
      758,
      600,
      2057,
      526,
      -93,
      149,
      90,
      36
    ],
    "SliceThickness": 2.5,
    "SliceTiming": [
      0,
      0.21,
      0.42,
      0.63,
      0.84,
      0.07,
      0.28,
      0.49,
      0.7,
      0.91,
      0.14,
      0.35,
      0.56,
      0.77,
      0,
      0.21,
      0.42,
      0.63,
      0.84,
      0.07,
      0.28,
      0.49,
      0.7,
      0.91,
      0.14,
      0.35,
      0.56,
      0.77,
      0,
      0.21,
      0.42,
      0.63,
      0.84,
      0.07,
      0.28,
      0.49,
      0.7,
      0.91,
      0.14,
      0.35,
      0.56,
      0.77,
      0,
      0.21,
      0.42,
      0.63,
      0.84,
      0.07,
      0.28,
      0.49,
      0.7,
      0.91,
      0.14,
      0.35,
      0.56,
      0.77
    ],
    "SoftwareVersions": "syngo_MR_E11",
    "SpacingBetweenSlices": 2.5,
    "StationName": "AWP66018",
    "TotalReadoutTime": 0.0438902,
    "TxRefAmp": 247.431,
    "dataset": "ds003338",
    "modality": "bold",
    "run_id": 3,
    "session_id": "01",
    "subject_id": "11",
    "task_id": "recall"
  },
  "dummy_trs": 0,
  "dvars_nstd": 38.21750752802174,
  "dvars_std": 1.1683185312173912,
  "dvars_vstd": 0.9965297513260866,
  "efc": 0.5794866363528198,
  "fber": 1740.24560546875,
  "fd_mean": 0.33809214443978414,
  "fd_num": 363,
  "fd_perc": 78.74186550976138,
  "fwhm_avg": 1.8305413333333334,
  "fwhm_x": 1.7220520000000001,
  "fwhm_y": 1.98938,
  "fwhm_z": 1.780192,
  "gcor": 0.00974253,
  "gsr_x": 0.0025189334992319345,
  "gsr_y": 0.07495471090078354,
  "provenance": {
    "md5sum": "6e7c20f474c285d51f7410708308fe47",
    "settings": {
      "fd_thres": 0.2,
      "testing": false
    },
    "software": "mriqc",
    "version": "23.1.0"
  },
  "size_t": 461,
  "size_x": 78,
  "size_y": 78,
  "size_z": 56,
  "snr": 5.618423547957629,
  "spacing_tr": 1.0,
  "spacing_x": 2.5,
  "spacing_y": 2.5,
  "spacing_z": 2.5,
  "summary_bg_k": 8.705698650198427,
  "summary_bg_mad": 261.3715547806807,
  "summary_bg_mean": 924.0796712584793,
  "summary_bg_median": 251.28448486328125,
  "summary_bg_n": 250599.0,
  "summary_bg_p05": 50.04044723510742,
  "summary_bg_p95": 4153.21484375,
  "summary_bg_stdv": 1443.530955710741,
  "summary_fg_k": 2.053133344061181,
  "summary_fg_mad": 1621.0517834883947,
  "summary_fg_mean": 10413.879164334116,
  "summary_fg_median": 10482.646484375,
  "summary_fg_n": 90105.0,
  "summary_fg_p05": 7091.970703125,
  "summary_fg_p95": 13188.580078125,
  "summary_fg_stdv": 1865.7525951319842,
  "tsnr": 38.60923767089844
}