{
  "bids_meta": {
    "AcquisitionMatrixPE": 256,
    "AcquisitionNumber": 1,
    "AcquisitionTime": "17:34:34.605000",
    "BaseResolution": 256,
    "BodyPartExamined": "BRAIN",
    "ConsistencyInfo": "N4_VE11C_LATEST_20160120",
    "ConversionSoftware": "dcm2niix",
    "ConversionSoftwareVersion": "v1.0.20180328 GCC6.3.0",
    "DeviceSerialNumber": "66018",
    "DwellTime": 9.8e-06,
    "EchoTime": 0.0033,
    "FlipAngle": 7,
    "ImageOrientationPatientDICOM": [
      0,
      1,
      0,
      0,
      0,
      -1
    ],
    "ImageType": [
      "ORIGINAL",
      "PRIMARY",
      "M",
      "ND",
      "NORM"
    ],
    "InPlanePhaseEncodingDirectionDICOM": "ROW",
    "InstitutionAddress": "Stadium_1952_Princeton_NJ_US_08544",
    "InstitutionName": "Princeton_University",
    "InstitutionalDepartmentName": "NeuroScience",
    "InversionTime": 1.1,
    "MRAcquisitionType": "3D",
    "MagneticFieldStrength": 3,
    "Manufacturer": "Siemens",
    "ManufacturersModelName": "Prisma",
    "Modality": "MR",
    "ParallelReductionFactorInPlane": 2,
    "PartialFourier": 1,
    "PatientPosition": "HFS",
    "PercentPhaseFOV": 100,
    "PhaseEncodingSteps": 255,
    "PhaseResolution": 1,
    "PixelBandwidth": 200,
    "ProcedureStepDescription": "Norman_Antony_ss",
    "ProtocolName": "anat-T1w",
    "PulseSequenceDetails": "%SiemensSeq%_tfl",
    "ReceiveCoilActiveElements": "HC1-7;NC1",
    "ReceiveCoilName": "HeadNeck_64",
    "ReconMatrixPE": 256,
    "RepetitionTime": 2.53,
    "SAR": 0.0400596,
    "ScanOptions": "IR",
    "ScanningSequence": "GR_IR",
    "SequenceName": "_tfl3d1_16ns",
    "SequenceVariant": "SK_SP_MP",
    "SeriesDescription": "anat-T1w",
    "SeriesNumber": 10,
    "ShimSetting": [
      765,
      525,
      2007,
      467,
      -29,
      -353,
      254,
      37
    ],
    "SliceThickness": 1,
    "SoftwareVersions": "syngo_MR_E11",
    "StationName": "AWP66018",
    "TxRefAmp": 233.772,
    "dataset": "ds003338",
    "modality": "T1w",
    "session_id": "01",
    "subject_id": "04"
  },
  "cjv": 0.5276221699445918,
  "cnr": 1.7239348007762334,
  "efc": 0.5502492009491122,
  "fber": 18982.509176406136,
  "fwhm_avg": 3.6134833333333334,
  "fwhm_x": 3.6776,
  "fwhm_y": 3.79256,
  "fwhm_z": 3.37029,
  "icvs_csf": 0.27353378288061164,
  "icvs_gm": 0.3804524023759252,
  "icvs_wm": 0.3460138147434631,
  "inu_med": 0.5917932987213135,
  "inu_range": 0.26386601328849796,
  "provenance": {
    "md5sum": "682629c7704ca536579c2e4cde829d4c",
    "settings": {
      "testing": false
    },
    "software": "mriqc",
    "version": "23.1.0",
    "warnings": {
      "large_rot_frame": true,
      "small_air_mask": false
    }
  },
  "qi_1": 0.0,
  "qi_2": 0.0011977094480341809,
  "rpve_csf": 7.06349487615923,
  "rpve_gm": 6.968635390761408,
  "rpve_wm": 7.064305281776183,
  "size_x": 176,
  "size_y": 256,
  "size_z": 256,
  "snr_csf": 1.7055152334006403,
  "snr_gm": 4.714433741263674,
  "snr_total": 5.18298531086508,
  "snr_wm": 9.129006957930924,
  "snrd_csf": 7.867162618879151,
  "snrd_gm": 15.80133781185978,
  "snrd_total": 15.600300089555352,
  "snrd_wm": 23.132399837927125,
  "spacing_x": 1.0,
  "spacing_y": 1.0,
  "spacing_z": 1.0,
  "summary_bg_k": 780.4232795523258,
  "summary_bg_mad": 0.0,
  "summary_bg_mean": 3.5688731839059282,
  "summary_bg_median": 0.0,
  "summary_bg_n": 3844713.0,
  "summary_bg_p05": 0.0,
  "summary_bg_p95": 10.744851307943463,
  "summary_bg_stdv": 27.123244980993753,
  "summary_csf_k": -0.9059590312980164,
  "summary_csf_mad": 163.4167083866696,
  "summary_csf_mean": 348.2853431445599,
  "summary_csf_median": 325.70771371759474,
  "summary_csf_n": 440355.7459902722,
  "summary_csf_p05": 80.19844160042703,
  "summary_csf_p95": 672.6465012449771,
  "summary_csf_stdv": 190.97299016471385,
  "summary_gm_k": -0.34960147436826405,
  "summary_gm_mad": 87.52972584448109,
  "summary_gm_mean": 658.6684064763585,
  "summary_gm_median": 654.1898091733456,
  "summary_gm_n": 612481.5724687467,
  "summary_gm_p05": 429.01816589944065,
  "summary_gm_p95": 923.28132606484,
  "summary_gm_stdv": 138.76306488278522,
  "summary_wm_k": -0.5021588544880968,
  "summary_wm_mad": 72.61028233136365,
  "summary_wm_mean": 925.8352215138162,
  "summary_wm_median": 957.7024689856917,
  "summary_wm_n": 557039.6823006013,
  "summary_wm_p05": 710.030119581148,
  "summary_wm_p95": 1048.7868321519345,
  "summary_wm_stdv": 104.90753416695834,
  "tpm_overlap_csf": 0.21675969230529504,
  "tpm_overlap_gm": 0.5276502135132466,
  "tpm_overlap_wm": 0.5633933058522879,
  "wm2max": 0.7554363229892995
}