{
  "aor": 0.0019025657894736839,
  "aqi": 0.021504238815789473,
  "bids_meta": {
    "AcquisitionMatrixPE": 78,
    "AcquisitionNumber": 1,
    "AcquisitionTime": "17:48:8.805000",
    "BandwidthPerPixelPhaseEncode": 22.492,
    "BaseResolution": 78,
    "BodyPartExamined": "BRAIN",
    "ConsistencyInfo": "N4_VE11C_LATEST_20160120",
    "ConversionSoftware": "dcm2niix",
    "ConversionSoftwareVersion": "v1.0.20180328 GCC6.3.0",
    "DerivedVendorReportedEchoSpacing": 0.000570003,
    "DeviceSerialNumber": "66018",
    "DwellTime": 3e-06,
    "EchoTime": 0.03,
    "EchoTrainLength": 78,
    "EffectiveEchoSpacing": 0.000570003,
    "FlipAngle": 59,
    "ImageComments": "Unaliased_MB4_PE3_LB",
    "ImageOrientationPatientDICOM": [
      1,
      0,
      0,
      0,
      0.984808,
      -0.173648
    ],
    "ImageType": [
      "ORIGINAL",
      "PRIMARY",
      "M",
      "MB",
      "ND",
      "NORM",
      "MOSAIC"
    ],
    "InPlanePhaseEncodingDirectionDICOM": "COL",
    "InstitutionAddress": "Stadium_1952_Princeton_NJ_US_08544",
    "InstitutionName": "Princeton_University",
    "InstitutionalDepartmentName": "NeuroScience",
    "MRAcquisitionType": "2D",
    "MagneticFieldStrength": 3,
    "Manufacturer": "Siemens",
    "ManufacturersModelName": "Prisma",
    "Modality": "MR",
    "MultibandAccelerationFactor": 4,
    "PartialFourier": 1,
    "PatientPosition": "HFS",
    "PercentPhaseFOV": 100,
    "PhaseEncodingDirection": "j-",
    "PhaseEncodingSteps": 78,
    "PhaseResolution": 1,
    "PixelBandwidth": 2135,
    "ProcedureStepDescription": "NormaL_Antony_ss",
    "ProtocolName": "func_task-recall_run-2",
    "PulseSequenceDetails": "%CustomerSeq%_cmrr_mbep2d_bold",
    "ReceiveCoilActiveElements": "HC1-7",
    "ReceiveCoilName": "HeadNeck_64",
    "ReconMatrixPE": 78,
    "RepetitionTime": 1,
    "SAR": 0.0772286,
    "ScanOptions": "FS_EXT",
    "ScanningSequence": "EP",
    "SequenceName": "epfid2d1_78",
    "SequenceVariant": "SK_SS",
    "SeriesDescription": "func_task-recall_run-2",
    "SeriesNumber": 7,
    "ShimSetting": [
      752,
      552,
      2001,
      583,
      -64,
      -34,
      300,
      63
    ],
    "SliceThickness": 2.5,
    "SliceTiming": [
      0,
      0.21,
      0.42,
      0.63,
      0.84,
      0.07,
      0.28,
      0.49,
      0.7,
      0.91,
      0.14,
      0.35,
      0.56,
      0.77,
      0,
      0.21,
      0.42,
      0.63,
      0.84,
      0.07,
      0.28,
      0.49,
      0.7,
      0.91,
      0.14,
      0.35,
      0.56,
      0.77,
      0,
      0.21,
      0.42,
      0.63,
      0.84,
      0.07,
      0.28,
      0.49,
      0.7,
      0.91,
      0.14,
      0.35,
      0.56,
      0.77,
      0,
      0.21,
      0.42,
      0.63,
      0.84,
      0.07,
      0.28,
      0.49,
      0.7,
      0.91,
      0.14,
      0.35,
      0.56,
      0.77
    ],
    "SoftwareVersions": "syngo_MR_E11",
    "SpacingBetweenSlices": 2.5,
    "StationName": "AWP66018",
    "TotalReadoutTime": 0.0438902,
    "TxRefAmp": 259.555,
    "dataset": "ds003338",
    "modality": "bold",
    "run_id": 2,
    "session_id": "01",
    "subject_id": "20",
    "task_id": "recall"
  },
  "dummy_trs": 1,
  "dvars_nstd": 40.285109819009875,
  "dvars_std": 1.2408328213861382,
  "dvars_vstd": 1.0123279758745878,
  "efc": 0.6234729184624695,
  "fber": 1055.129638671875,
  "fd_mean": 0.3083683692753572,
  "fd_num": 217,
  "fd_perc": 71.38157894736842,
  "fwhm_avg": 1.802948,
  "fwhm_x": 1.686552,
  "fwhm_y": 1.940216,
  "fwhm_z": 1.782076,
  "gcor": 0.0312762,
  "gsr_x": -0.001578400726430118,
  "gsr_y": 0.062341395765542984,
  "provenance": {
    "md5sum": "ba6e363673990c244514839dcd298d0d",
    "settings": {
      "fd_thres": 0.2,
      "testing": false
    },
    "software": "mriqc",
    "version": "23.1.0"
  },
  "size_t": 304,
  "size_x": 78,
  "size_y": 78,
  "size_z": 56,
  "snr": 5.730414695217559,
  "spacing_tr": 1.0,
  "spacing_x": 2.5,
  "spacing_y": 2.5,
  "spacing_z": 2.5,
  "summary_bg_k": 6.593235228662495,
  "summary_bg_mad": 378.22359880141306,
  "summary_bg_mean": 1066.8577798691347,
  "summary_bg_median": 348.88653564453125,
  "summary_bg_n": 232171.0,
  "summary_bg_p05": 75.19438171386719,
  "summary_bg_p95": 4391.14208984375,
  "summary_bg_stdv": 1503.1702753555908,
  "summary_fg_k": 2.5678452704145833,
  "summary_fg_mad": 1641.4549382375947,
  "summary_fg_mean": 11232.517632463514,
  "summary_fg_median": 11332.796875,
  "summary_fg_n": 108533.0,
  "summary_fg_p05": 7743.7138671875,
  "summary_fg_p95": 14200.6298828125,
  "summary_fg_stdv": 1977.648262585004,
  "tsnr": 41.08743667602539
}