{
  "aor": 0.0008556774729842062,
  "aqi": 0.01769746442227764,
  "bids_meta": {
    "AcquisitionMatrixPE": 78,
    "AcquisitionNumber": 1,
    "AcquisitionTime": "17:27:8.827500",
    "BandwidthPerPixelPhaseEncode": 22.492,
    "BaseResolution": 78,
    "BodyPartExamined": "BRAIN",
    "ConsistencyInfo": "N4_VE11C_LATEST_20160120",
    "ConversionSoftware": "dcm2niix",
    "ConversionSoftwareVersion": "v1.0.20180328 GCC6.3.0",
    "DerivedVendorReportedEchoSpacing": 0.000570003,
    "DeviceSerialNumber": "66018",
    "DwellTime": 3e-06,
    "EchoTime": 0.03,
    "EchoTrainLength": 78,
    "EffectiveEchoSpacing": 0.000570003,
    "FlipAngle": 59,
    "ImageComments": "Unaliased_MB4_PE3_LB",
    "ImageOrientationPatientDICOM": [
      1,
      0,
      0,
      0,
      0.984808,
      -0.173648
    ],
    "ImageType": [
      "ORIGINAL",
      "PRIMARY",
      "M",
      "MB",
      "ND",
      "NORM",
      "MOSAIC"
    ],
    "InPlanePhaseEncodingDirectionDICOM": "COL",
    "InstitutionAddress": "Stadium_1952_Princeton_NJ_US_08544",
    "InstitutionName": "Princeton_University",
    "InstitutionalDepartmentName": "NeuroScience",
    "MRAcquisitionType": "2D",
    "MagneticFieldStrength": 3,
    "Manufacturer": "Siemens",
    "ManufacturersModelName": "Prisma",
    "Modality": "MR",
    "MultibandAccelerationFactor": 4,
    "PartialFourier": 1,
    "PatientPosition": "HFS",
    "PercentPhaseFOV": 100,
    "PhaseEncodingDirection": "j-",
    "PhaseEncodingSteps": 78,
    "PhaseResolution": 1,
    "PixelBandwidth": 2135,
    "ProcedureStepDescription": "NormaL_Antony_ss",
    "ProtocolName": "func_task-view_run-2",
    "PulseSequenceDetails": "%CustomerSeq%_cmrr_mbep2d_bold",
    "ReceiveCoilActiveElements": "HC1-7",
    "ReceiveCoilName": "HeadNeck_64",
    "ReconMatrixPE": 78,
    "RepetitionTime": 1,
    "SAR": 0.0772286,
    "ScanOptions": "FS_EXT",
    "ScanningSequence": "EP",
    "SequenceName": "epfid2d1_78",
    "SequenceVariant": "SK_SS",
    "SeriesDescription": "func_task-view_run-2",
    "SeriesNumber": 6,
    "ShimSetting": [
      752,
      552,
      2001,
      583,
      -64,
      -34,
      300,
      63
    ],
    "SliceThickness": 2.5,
    "SliceTiming": [
      0,
      0.21,
      0.42,
      0.63,
      0.84,
      0.07,
      0.28,
      0.49,
      0.7,
      0.91,
      0.14,
      0.35,
      0.56,
      0.77,
      0,
      0.21,
      0.42,
      0.63,
      0.84,
      0.07,
      0.28,
      0.49,
      0.7,
      0.91,
      0.14,
      0.35,
      0.56,
      0.77,
      0,
      0.21,
      0.42,
      0.63,
      0.84,
      0.07,
      0.28,
      0.49,
      0.7,
      0.91,
      0.14,
      0.35,
      0.56,
      0.77,
      0,
      0.21,
      0.42,
      0.63,
      0.84,
      0.07,
      0.28,
      0.49,
      0.7,
      0.91,
      0.14,
      0.35,
      0.56,
      0.77
    ],
    "SoftwareVersions": "syngo_MR_E11",
    "SpacingBetweenSlices": 2.5,
    "StationName": "AWP66018",
    "TotalReadoutTime": 0.0438902,
    "TxRefAmp": 259.555,
    "dataset": "ds003338",
    "modality": "bold",
    "run_id": 2,
    "session_id": "01",
    "subject_id": "20",
    "task_id": "view"
  },
  "dummy_trs": 0,
  "dvars_nstd": 29.60609418263727,
  "dvars_std": 1.2194458323044937,
  "dvars_vstd": 0.9953226999251242,
  "efc": 0.6216268589327597,
  "fber": 1106.4295654296875,
  "fd_mean": 0.14608076549501217,
  "fd_num": 231,
  "fd_perc": 19.201995012468828,
  "fwhm_avg": 1.815392,
  "fwhm_x": 1.69612,
  "fwhm_y": 1.9317119999999999,
  "fwhm_z": 1.8183440000000002,
  "gcor": 0.031223,
  "gsr_x": -0.002402444137260318,
  "gsr_y": 0.06220630183815956,
  "provenance": {
    "md5sum": "8a499b78f550bf6580bc261ad0d0e167",
    "settings": {
      "fd_thres": 0.2,
      "testing": false
    },
    "software": "mriqc",
    "version": "23.1.0"
  },
  "size_t": 1203,
  "size_x": 78,
  "size_y": 78,
  "size_z": 56,
  "snr": 5.843952074990482,
  "spacing_tr": 1.0,
  "spacing_x": 2.5,
  "spacing_y": 2.5,
  "spacing_z": 2.5,
  "summary_bg_k": 6.491841743485553,
  "summary_bg_mad": 364.0582616824329,
  "summary_bg_mean": 1043.3923525421267,
  "summary_bg_median": 343.62652587890625,
  "summary_bg_n": 231924.0,
  "summary_bg_p05": 82.0968017578125,
  "summary_bg_p95": 4351.7744140625,
  "summary_bg_stdv": 1476.315926074214,
  "summary_fg_k": 2.3084739074708667,
  "summary_fg_mad": 1650.7935947897054,
  "summary_fg_mean": 11334.847268536485,
  "summary_fg_median": 11430.0615234375,
  "summary_fg_n": 108780.0,
  "summary_fg_p05": 7907.847412109375,
  "summary_fg_p95": 14274.43115234375,
  "summary_fg_stdv": 1955.869733209863,
  "tsnr": 46.54582595825195
}