{
  "aor": 0.007538521126760563,
  "aqi": 0.019597965985915494,
  "bids_meta": {
    "AcquisitionMatrixPE": 78,
    "AcquisitionNumber": 1,
    "AcquisitionTime": "15:52:30.030000",
    "BandwidthPerPixelPhaseEncode": 22.492,
    "BaseResolution": 78,
    "BodyPartExamined": "BRAIN",
    "ConsistencyInfo": "N4_VE11C_LATEST_20160120",
    "ConversionSoftware": "dcm2niix",
    "ConversionSoftwareVersion": "v1.0.20180328 GCC6.3.0",
    "DerivedVendorReportedEchoSpacing": 0.000570003,
    "DeviceSerialNumber": "66018",
    "DwellTime": 3e-06,
    "EchoTime": 0.03,
    "EchoTrainLength": 78,
    "EffectiveEchoSpacing": 0.000570003,
    "FlipAngle": 59,
    "ImageComments": "Unaliased_MB4_PE3_LB",
    "ImageOrientationPatientDICOM": [
      1,
      0,
      0,
      0,
      0.984808,
      -0.173648
    ],
    "ImageType": [
      "ORIGINAL",
      "PRIMARY",
      "M",
      "MB",
      "ND",
      "NORM",
      "MOSAIC"
    ],
    "InPlanePhaseEncodingDirectionDICOM": "COL",
    "InstitutionAddress": "Stadium_1952_Princeton_NJ_US_08544",
    "InstitutionName": "Princeton_University",
    "InstitutionalDepartmentName": "NeuroScience",
    "MRAcquisitionType": "2D",
    "MagneticFieldStrength": 3,
    "Manufacturer": "Siemens",
    "ManufacturersModelName": "Prisma",
    "Modality": "MR",
    "MultibandAccelerationFactor": 4,
    "PartialFourier": 1,
    "PatientPosition": "HFS",
    "PercentPhaseFOV": 100,
    "PhaseEncodingDirection": "j-",
    "PhaseEncodingSteps": 78,
    "PhaseResolution": 1,
    "PixelBandwidth": 2135,
    "ProcedureStepDescription": "NormaL_Antony_ss",
    "ProtocolName": "func_task-recall_run-1",
    "PulseSequenceDetails": "%CustomerSeq%_cmrr_mbep2d_bold",
    "ReceiveCoilActiveElements": "HC1-7",
    "ReceiveCoilName": "HeadNeck_64",
    "ReconMatrixPE": 78,
    "RepetitionTime": 1,
    "SAR": 0.0643243,
    "ScanOptions": "FS_EXT",
    "ScanningSequence": "EP",
    "SequenceName": "epfid2d1_78",
    "SequenceVariant": "SK_SS",
    "SeriesDescription": "func_task-recall_run-1",
    "SeriesNumber": 6,
    "ShimSetting": [
      760,
      501,
      2170,
      928,
      -36,
      -180,
      223,
      60
    ],
    "SliceThickness": 2.5,
    "SliceTiming": [
      0,
      0.21,
      0.42,
      0.63,
      0.84,
      0.07,
      0.28,
      0.49,
      0.7,
      0.91,
      0.14,
      0.35,
      0.56,
      0.77,
      0,
      0.21,
      0.42,
      0.63,
      0.84,
      0.07,
      0.28,
      0.49,
      0.7,
      0.91,
      0.14,
      0.35,
      0.56,
      0.77,
      0,
      0.21,
      0.42,
      0.63,
      0.84,
      0.07,
      0.28,
      0.49,
      0.7,
      0.91,
      0.14,
      0.35,
      0.56,
      0.77,
      0,
      0.21,
      0.42,
      0.63,
      0.84,
      0.07,
      0.28,
      0.49,
      0.7,
      0.91,
      0.14,
      0.35,
      0.56,
      0.77
    ],
    "SoftwareVersions": "syngo_MR_E11",
    "SpacingBetweenSlices": 2.5,
    "StationName": "AWP66018",
    "TotalReadoutTime": 0.0438902,
    "TxRefAmp": 230.253,
    "dataset": "ds003338",
    "modality": "bold",
    "run_id": 1,
    "session_id": "01",
    "subject_id": "15",
    "task_id": "recall"
  },
  "dummy_trs": 0,
  "dvars_nstd": 41.42107491446811,
  "dvars_std": 1.30418123397163,
  "dvars_vstd": 1.0635704282269502,
  "efc": 0.5389673633115594,
  "fber": 2166.807373046875,
  "fd_mean": 0.3304794372301843,
  "fd_num": 86,
  "fd_perc": 60.563380281690144,
  "fwhm_avg": 1.8396160000000001,
  "fwhm_x": 1.698844,
  "fwhm_y": 1.9698,
  "fwhm_z": 1.8502040000000002,
  "gcor": 0.0251772,
  "gsr_x": -0.012225155718624592,
  "gsr_y": 0.04833037033677101,
  "provenance": {
    "md5sum": "13deb114329f323d72432954a9fd3406",
    "settings": {
      "fd_thres": 0.2,
      "testing": false
    },
    "software": "mriqc",
    "version": "23.1.0"
  },
  "size_t": 142,
  "size_x": 78,
  "size_y": 78,
  "size_z": 56,
  "snr": 5.792096578477229,
  "spacing_tr": 1.0,
  "spacing_x": 2.5,
  "spacing_y": 2.5,
  "spacing_z": 2.5,
  "summary_bg_k": 13.678825877646783,
  "summary_bg_mad": 181.29664693494618,
  "summary_bg_mean": 685.8773096221005,
  "summary_bg_median": 219.89647674560547,
  "summary_bg_n": 259686.0,
  "summary_bg_p05": 76.67581939697266,
  "summary_bg_p95": 3052.923583984375,
  "summary_bg_stdv": 1081.1524788459142,
  "summary_fg_k": 1.829824566058055,
  "summary_fg_mad": 1546.661058891893,
  "summary_fg_mean": 10186.052023387525,
  "summary_fg_median": 10235.95654296875,
  "summary_fg_n": 81018.0,
  "summary_fg_p05": 7088.01220703125,
  "summary_fg_p95": 12884.3173828125,
  "summary_fg_stdv": 1767.2173164256749,
  "tsnr": 40.548057556152344
}