{
  "aor": 0.0008902461033634127,
  "aqi": 0.014436688580803934,
  "bids_meta": {
    "AcquisitionMatrixPE": 78,
    "AcquisitionNumber": 1,
    "AcquisitionTime": "15:58:15.422500",
    "BandwidthPerPixelPhaseEncode": 22.492,
    "BaseResolution": 78,
    "BodyPartExamined": "BRAIN",
    "ConsistencyInfo": "N4_VE11C_LATEST_20160120",
    "ConversionSoftware": "dcm2niix",
    "ConversionSoftwareVersion": "v1.0.20180328 GCC6.3.0",
    "DerivedVendorReportedEchoSpacing": 0.000570003,
    "DeviceSerialNumber": "66018",
    "DwellTime": 3e-06,
    "EchoTime": 0.03,
    "EchoTrainLength": 78,
    "EffectiveEchoSpacing": 0.000570003,
    "FlipAngle": 59,
    "ImageComments": "Unaliased_MB4_PE3_LB",
    "ImageOrientationPatientDICOM": [
      1,
      0,
      0,
      0,
      0.984808,
      -0.173648
    ],
    "ImageType": [
      "ORIGINAL",
      "PRIMARY",
      "M",
      "MB",
      "ND",
      "NORM",
      "MOSAIC"
    ],
    "InPlanePhaseEncodingDirectionDICOM": "COL",
    "InstitutionAddress": "Stadium_1952_Princeton_NJ_US_08544",
    "InstitutionName": "Princeton_University",
    "InstitutionalDepartmentName": "NeuroScience",
    "MRAcquisitionType": "2D",
    "MagneticFieldStrength": 3,
    "Manufacturer": "Siemens",
    "ManufacturersModelName": "Prisma",
    "Modality": "MR",
    "MultibandAccelerationFactor": 4,
    "PartialFourier": 1,
    "PatientPosition": "HFS",
    "PercentPhaseFOV": 100,
    "PhaseEncodingDirection": "j-",
    "PhaseEncodingSteps": 78,
    "PhaseResolution": 1,
    "PixelBandwidth": 2135,
    "ProcedureStepDescription": "NormaL_Antony_ss",
    "ProtocolName": "func_task-view_run-2",
    "PulseSequenceDetails": "%CustomerSeq%_cmrr_mbep2d_bold",
    "ReceiveCoilActiveElements": "HC1-7",
    "ReceiveCoilName": "HeadNeck_64",
    "ReconMatrixPE": 78,
    "RepetitionTime": 1,
    "SAR": 0.0643243,
    "ScanOptions": "FS_EXT",
    "ScanningSequence": "EP",
    "SequenceName": "epfid2d1_78",
    "SequenceVariant": "SK_SS",
    "SeriesDescription": "func_task-view_run-2",
    "SeriesNumber": 7,
    "ShimSetting": [
      760,
      501,
      2170,
      928,
      -36,
      -180,
      223,
      60
    ],
    "SliceThickness": 2.5,
    "SliceTiming": [
      0,
      0.21,
      0.42,
      0.63,
      0.84,
      0.07,
      0.28,
      0.49,
      0.7,
      0.91,
      0.14,
      0.35,
      0.56,
      0.77,
      0,
      0.21,
      0.42,
      0.63,
      0.84,
      0.07,
      0.28,
      0.49,
      0.7,
      0.91,
      0.14,
      0.35,
      0.56,
      0.77,
      0,
      0.21,
      0.42,
      0.63,
      0.84,
      0.07,
      0.28,
      0.49,
      0.7,
      0.91,
      0.14,
      0.35,
      0.56,
      0.77,
      0,
      0.21,
      0.42,
      0.63,
      0.84,
      0.07,
      0.28,
      0.49,
      0.7,
      0.91,
      0.14,
      0.35,
      0.56,
      0.77
    ],
    "SoftwareVersions": "syngo_MR_E11",
    "SpacingBetweenSlices": 2.5,
    "StationName": "AWP66018",
    "TotalReadoutTime": 0.0438902,
    "TxRefAmp": 230.253,
    "dataset": "ds003338",
    "modality": "bold",
    "run_id": 2,
    "session_id": "01",
    "subject_id": "15",
    "task_id": "view"
  },
  "dummy_trs": 0,
  "dvars_nstd": 34.93634470726604,
  "dvars_std": 1.3125985452791462,
  "dvars_vstd": 0.9940735322003266,
  "efc": 0.5382215387132142,
  "fber": 2204.76318359375,
  "fd_mean": 0.17410366641976788,
  "fd_num": 334,
  "fd_perc": 27.399507793273173,
  "fwhm_avg": 1.8179679999999998,
  "fwhm_x": 1.68002,
  "fwhm_y": 1.9457239999999998,
  "fwhm_z": 1.82816,
  "gcor": 0.0160349,
  "gsr_x": -0.011195478960871696,
  "gsr_y": 0.04904695600271225,
  "provenance": {
    "md5sum": "86f455d30e6819eaea4197cb6c713ba8",
    "settings": {
      "fd_thres": 0.2,
      "testing": false
    },
    "software": "mriqc",
    "version": "23.1.0"
  },
  "size_t": 1219,
  "size_x": 78,
  "size_y": 78,
  "size_z": 56,
  "snr": 5.799769023122414,
  "spacing_tr": 1.0,
  "spacing_x": 2.5,
  "spacing_y": 2.5,
  "spacing_z": 2.5,
  "summary_bg_k": 12.578736558271405,
  "summary_bg_mad": 180.0622781071435,
  "summary_bg_mean": 676.9933170414065,
  "summary_bg_median": 217.08577728271484,
  "summary_bg_n": 259638.0,
  "summary_bg_p05": 73.61442565917969,
  "summary_bg_p95": 2999.78466796875,
  "summary_bg_stdv": 1069.3872532546313,
  "summary_fg_k": 1.7339936302518515,
  "summary_fg_mad": 1534.6576275515404,
  "summary_fg_mean": 10150.813842855128,
  "summary_fg_median": 10193.24267578125,
  "summary_fg_n": 81066.0,
  "summary_fg_p05": 7066.4150390625,
  "summary_fg_p95": 12841.5478515625,
  "summary_fg_stdv": 1757.5147846277534,
  "tsnr": 49.216651916503906
}