{
  "aor": 0.003974918918918919,
  "aqi": 0.021472664324324327,
  "bids_meta": {
    "AcquisitionMatrixPE": 78,
    "AcquisitionNumber": 1,
    "AcquisitionTime": "16:48:26.120000",
    "BandwidthPerPixelPhaseEncode": 22.492,
    "BaseResolution": 78,
    "BodyPartExamined": "BRAIN",
    "ConsistencyInfo": "N4_VE11C_LATEST_20160120",
    "ConversionSoftware": "dcm2niix",
    "ConversionSoftwareVersion": "v1.0.20180328 GCC6.3.0",
    "DerivedVendorReportedEchoSpacing": 0.000570003,
    "DeviceSerialNumber": "66018",
    "DwellTime": 3e-06,
    "EchoTime": 0.03,
    "EchoTrainLength": 78,
    "EffectiveEchoSpacing": 0.000570003,
    "FlipAngle": 59,
    "ImageComments": "Unaliased_MB4_PE3_LB",
    "ImageOrientationPatientDICOM": [
      1,
      0,
      0,
      0,
      0.984808,
      -0.173648
    ],
    "ImageType": [
      "ORIGINAL",
      "PRIMARY",
      "M",
      "MB",
      "ND",
      "NORM",
      "MOSAIC"
    ],
    "InPlanePhaseEncodingDirectionDICOM": "COL",
    "InstitutionAddress": "Stadium_1952_Princeton_NJ_US_08544",
    "InstitutionName": "Princeton_University",
    "InstitutionalDepartmentName": "NeuroScience",
    "MRAcquisitionType": "2D",
    "MagneticFieldStrength": 3,
    "Manufacturer": "Siemens",
    "ManufacturersModelName": "Prisma",
    "Modality": "MR",
    "MultibandAccelerationFactor": 4,
    "PartialFourier": 1,
    "PatientPosition": "HFS",
    "PercentPhaseFOV": 100,
    "PhaseEncodingDirection": "j-",
    "PhaseEncodingSteps": 78,
    "PhaseResolution": 1,
    "PixelBandwidth": 2135,
    "ProcedureStepDescription": "NormaL_Antony_ss",
    "ProtocolName": "func_task-recall_run-3",
    "PulseSequenceDetails": "%CustomerSeq%_cmrr_mbep2d_bold",
    "ReceiveCoilActiveElements": "HC1-7",
    "ReceiveCoilName": "HeadNeck_64",
    "ReconMatrixPE": 78,
    "RepetitionTime": 1,
    "SAR": 0.0643243,
    "ScanOptions": "FS_EXT",
    "ScanningSequence": "EP",
    "SequenceName": "epfid2d1_78",
    "SequenceVariant": "SK_SS",
    "SeriesDescription": "func_task-recall_run-3",
    "SeriesNumber": 10,
    "ShimSetting": [
      760,
      501,
      2170,
      928,
      -36,
      -180,
      223,
      60
    ],
    "SliceThickness": 2.5,
    "SliceTiming": [
      0,
      0.21,
      0.42,
      0.63,
      0.84,
      0.07,
      0.28,
      0.49,
      0.7,
      0.91,
      0.14,
      0.35,
      0.56,
      0.77,
      0,
      0.21,
      0.42,
      0.63,
      0.84,
      0.07,
      0.28,
      0.49,
      0.7,
      0.91,
      0.14,
      0.35,
      0.56,
      0.77,
      0,
      0.21,
      0.42,
      0.63,
      0.84,
      0.07,
      0.28,
      0.49,
      0.7,
      0.91,
      0.14,
      0.35,
      0.56,
      0.77,
      0,
      0.21,
      0.42,
      0.63,
      0.84,
      0.07,
      0.28,
      0.49,
      0.7,
      0.91,
      0.14,
      0.35,
      0.56,
      0.77
    ],
    "SoftwareVersions": "syngo_MR_E11",
    "SpacingBetweenSlices": 2.5,
    "StationName": "AWP66018",
    "TotalReadoutTime": 0.0438902,
    "TxRefAmp": 230.253,
    "dataset": "ds003338",
    "modality": "bold",
    "run_id": 3,
    "session_id": "01",
    "subject_id": "15",
    "task_id": "recall"
  },
  "dummy_trs": 0,
  "dvars_nstd": 41.27685717907607,
  "dvars_std": 1.2130678635326086,
  "dvars_vstd": 1.0115700021195648,
  "efc": 0.5416907804944667,
  "fber": 2082.89306640625,
  "fd_mean": 0.40611422368450234,
  "fd_num": 144,
  "fd_perc": 77.83783783783784,
  "fwhm_avg": 1.8478746666666666,
  "fwhm_x": 1.7036079999999998,
  "fwhm_y": 1.985588,
  "fwhm_z": 1.854428,
  "gcor": 0.0172903,
  "gsr_x": -0.012169978581368923,
  "gsr_y": 0.047854527831077576,
  "provenance": {
    "md5sum": "a47c1b670aec43a766572725f15548a6",
    "settings": {
      "fd_thres": 0.2,
      "testing": false
    },
    "software": "mriqc",
    "version": "23.1.0"
  },
  "size_t": 185,
  "size_x": 78,
  "size_y": 78,
  "size_z": 56,
  "snr": 5.759570351578111,
  "spacing_tr": 1.0,
  "spacing_x": 2.5,
  "spacing_y": 2.5,
  "spacing_z": 2.5,
  "summary_bg_k": 12.355371079930919,
  "summary_bg_mad": 187.21508839298974,
  "summary_bg_mean": 700.494572329522,
  "summary_bg_median": 220.91392517089844,
  "summary_bg_n": 259860.0,
  "summary_bg_p05": 71.38473129272461,
  "summary_bg_p95": 3098.8441162109375,
  "summary_bg_stdv": 1094.05304779727,
  "summary_fg_k": 1.7044278124729502,
  "summary_fg_mad": 1529.8522010249585,
  "summary_fg_mean": 10038.939653165302,
  "summary_fg_median": 10082.22900390625,
  "summary_fg_n": 80844.0,
  "summary_fg_p05": 6962.904296875,
  "summary_fg_p95": 12716.716796875,
  "summary_fg_stdv": 1750.5067274464734,
  "tsnr": 39.69534683227539
}