{
  "bids_meta": {
    "AcquisitionMatrixPE": 256,
    "AcquisitionNumber": 1,
    "AcquisitionTime": "15:55:28.167500",
    "BaseResolution": 256,
    "BodyPartExamined": "BRAIN",
    "ConsistencyInfo": "N4_VE11C_LATEST_20160120",
    "ConversionSoftware": "dcm2niix",
    "ConversionSoftwareVersion": "v1.0.20180328 GCC6.3.0",
    "DeviceSerialNumber": "66018",
    "DwellTime": 9.8e-06,
    "EchoTime": 0.0033,
    "FlipAngle": 7,
    "ImageOrientationPatientDICOM": [
      0,
      1,
      0,
      0,
      0,
      -1
    ],
    "ImageType": [
      "ORIGINAL",
      "PRIMARY",
      "M",
      "ND",
      "NORM"
    ],
    "InPlanePhaseEncodingDirectionDICOM": "ROW",
    "InstitutionAddress": "Stadium_1952_Princeton_NJ_US_08544",
    "InstitutionName": "Princeton_University",
    "InstitutionalDepartmentName": "NeuroScience",
    "InversionTime": 1.1,
    "MRAcquisitionType": "3D",
    "MagneticFieldStrength": 3,
    "Manufacturer": "Siemens",
    "ManufacturersModelName": "Prisma",
    "Modality": "MR",
    "ParallelReductionFactorInPlane": 2,
    "PartialFourier": 1,
    "PatientPosition": "HFS",
    "PercentPhaseFOV": 100,
    "PhaseEncodingSteps": 255,
    "PhaseResolution": 1,
    "PixelBandwidth": 200,
    "ProcedureStepDescription": "Norman_Antony_ss",
    "ProtocolName": "anat_T1w",
    "PulseSequenceDetails": "%SiemensSeq%_tfl",
    "ReceiveCoilActiveElements": "HC1-7;NC1",
    "ReceiveCoilName": "HeadNeck_64",
    "ReconMatrixPE": 256,
    "RepetitionTime": 2.53,
    "SAR": 0.0446819,
    "ScanOptions": "IR",
    "ScanningSequence": "GR_IR",
    "SequenceName": "_tfl3d1_16ns",
    "SequenceVariant": "SK_SP_MP",
    "SeriesDescription": "anat_T1w",
    "SeriesNumber": 10,
    "ShimSetting": [
      765,
      512,
      1990,
      426,
      -112,
      -395,
      257,
      -4
    ],
    "SliceThickness": 1,
    "SoftwareVersions": "syngo_MR_E11",
    "StationName": "AWP66018",
    "TxRefAmp": 256.443,
    "dataset": "ds003338",
    "modality": "T1w",
    "session_id": "01",
    "subject_id": "05"
  },
  "cjv": 0.5477644188343805,
  "cnr": 1.6915708629568351,
  "efc": 0.5161107749043449,
  "fber": -1.0,
  "fwhm_avg": 3.4980966666666666,
  "fwhm_x": 3.55804,
  "fwhm_y": 3.68474,
  "fwhm_z": 3.25151,
  "icvs_csf": 0.27943205153162853,
  "icvs_gm": 0.37860234733263,
  "icvs_wm": 0.3419656011357414,
  "inu_med": 0.6500037312507629,
  "inu_range": 0.2632496654987335,
  "provenance": {
    "md5sum": "de66c422958667f23dbd3bbcfc0411fb",
    "settings": {
      "testing": false
    },
    "software": "mriqc",
    "version": "23.1.0",
    "warnings": {
      "large_rot_frame": true,
      "small_air_mask": false
    }
  },
  "qi_1": 0.0,
  "qi_2": 0.0008568671718554673,
  "rpve_csf": 8.557745789227129,
  "rpve_gm": 8.454773593554718,
  "rpve_wm": 8.541465161944584,
  "size_x": 176,
  "size_y": 256,
  "size_z": 256,
  "snr_csf": 1.6598918661169586,
  "snr_gm": 4.945757659293003,
  "snr_total": 4.854390605413505,
  "snr_wm": 7.957522290830552,
  "snrd_csf": 30.951123262663504,
  "snrd_gm": 64.1262793346202,
  "snrd_total": 62.954730738613726,
  "snrd_wm": 93.78678961855749,
  "spacing_x": 1.0,
  "spacing_y": 1.0,
  "spacing_z": 1.0,
  "summary_bg_k": 1216.734232664744,
  "summary_bg_mad": 0.0,
  "summary_bg_mean": 3.068503582016278,
  "summary_bg_median": 0.0,
  "summary_bg_n": 4315035.0,
  "summary_bg_p05": 0.0,
  "summary_bg_p95": 14.240937687456608,
  "summary_bg_stdv": 6.623640913786968,
  "summary_csf_k": -0.8892806421544681,
  "summary_csf_mad": 161.9891438027211,
  "summary_csf_mean": 333.11217187496345,
  "summary_csf_median": 312.9258676059544,
  "summary_csf_n": 372599.16858891875,
  "summary_csf_p05": 60.26846595481038,
  "summary_csf_p95": 658.1493642255664,
  "summary_csf_stdv": 188.5215862975351,
  "summary_gm_k": -0.3081141330786279,
  "summary_gm_mad": 82.88873869044755,
  "summary_gm_mean": 653.5459951483244,
  "summary_gm_median": 648.3374262973666,
  "summary_gm_n": 504834.4277928468,
  "summary_gm_p05": 437.9940069615841,
  "summary_gm_p95": 900.7222741171718,
  "summary_gm_stdv": 131.08947684690085,
  "summary_wm_k": -0.45404855550186296,
  "summary_wm_mad": 81.37340525917794,
  "summary_wm_mean": 911.8290781930855,
  "summary_wm_median": 948.214779227972,
  "summary_wm_n": 455982.4042044977,
  "summary_wm_p05": 672.3221634551883,
  "summary_wm_p95": 1054.4767042212188,
  "summary_wm_stdv": 119.1594198323163,
  "tpm_overlap_csf": 0.19778343421284178,
  "tpm_overlap_gm": 0.5358866494673632,
  "tpm_overlap_wm": 0.5682901052424975,
  "wm2max": 0.5590551181102362
}