{
  "aor": 0.0003161282367447595,
  "aqi": 0.010904196350184957,
  "bids_meta": {
    "AcquisitionMatrixPE": 78,
    "AcquisitionNumber": 1,
    "AcquisitionTime": "14:37:10.997500",
    "BandwidthPerPixelPhaseEncode": 22.492,
    "BaseResolution": 78,
    "BodyPartExamined": "BRAIN",
    "ConsistencyInfo": "N4_VE11C_LATEST_20160120",
    "ConversionSoftware": "dcm2niix",
    "ConversionSoftwareVersion": "v1.0.20180328 GCC6.3.0",
    "DerivedVendorReportedEchoSpacing": 0.000570003,
    "DeviceSerialNumber": "66018",
    "DwellTime": 3e-06,
    "EchoTime": 0.03,
    "EchoTrainLength": 78,
    "EffectiveEchoSpacing": 0.000570003,
    "FlipAngle": 59,
    "ImageComments": "Unaliased_MB4_PE3_LB",
    "ImageOrientationPatientDICOM": [
      1,
      0,
      0,
      0,
      0.939693,
      -0.34202
    ],
    "ImageType": [
      "ORIGINAL",
      "PRIMARY",
      "M",
      "MB",
      "ND",
      "NORM",
      "MOSAIC"
    ],
    "InPlanePhaseEncodingDirectionDICOM": "COL",
    "InstitutionAddress": "Stadium_1952_Princeton_NJ_US_08544",
    "InstitutionName": "Princeton_University",
    "InstitutionalDepartmentName": "NeuroScience",
    "MRAcquisitionType": "2D",
    "MagneticFieldStrength": 3,
    "Manufacturer": "Siemens",
    "ManufacturersModelName": "Prisma",
    "Modality": "MR",
    "MultibandAccelerationFactor": 4,
    "PartialFourier": 1,
    "PatientPosition": "HFS",
    "PercentPhaseFOV": 100,
    "PhaseEncodingDirection": "j-",
    "PhaseEncodingSteps": 78,
    "PhaseResolution": 1,
    "PixelBandwidth": 2135,
    "ProcedureStepDescription": "Norman_Antony_ss",
    "ProtocolName": "func_task-view_run-1",
    "PulseSequenceDetails": "%CustomerSeq%_cmrr_mbep2d_bold",
    "ReceiveCoilActiveElements": "HC1-7",
    "ReceiveCoilName": "HeadNeck_64",
    "ReconMatrixPE": 78,
    "RepetitionTime": 1,
    "SAR": 0.0670029,
    "ScanOptions": "FS_EXT",
    "ScanningSequence": "EP",
    "SequenceName": "epfid2d1_78",
    "SequenceVariant": "SK_SS",
    "SeriesDescription": "func_task-view_run-1",
    "SeriesNumber": 3,
    "ShimSetting": [
      760,
      529,
      2030,
      758,
      -34,
      6,
      190,
      -1
    ],
    "SliceThickness": 2.5,
    "SliceTiming": [
      0,
      0.21,
      0.42,
      0.63,
      0.84,
      0.07,
      0.28,
      0.49,
      0.7,
      0.91,
      0.14,
      0.35,
      0.56,
      0.77,
      0,
      0.21,
      0.42,
      0.63,
      0.84,
      0.07,
      0.28,
      0.49,
      0.7,
      0.91,
      0.14,
      0.35,
      0.56,
      0.77,
      0,
      0.21,
      0.42,
      0.63,
      0.84,
      0.07,
      0.28,
      0.49,
      0.7,
      0.91,
      0.14,
      0.35,
      0.56,
      0.77,
      0,
      0.21,
      0.42,
      0.63,
      0.84,
      0.07,
      0.28,
      0.49,
      0.7,
      0.91,
      0.14,
      0.35,
      0.56,
      0.77
    ],
    "SoftwareVersions": "syngo_MR_E11",
    "SpacingBetweenSlices": 2.5,
    "StationName": "AWP66018",
    "TotalReadoutTime": 0.0438902,
    "TxRefAmp": 256.443,
    "dataset": "ds003338",
    "modality": "bold",
    "run_id": 1,
    "session_id": "01",
    "subject_id": "05",
    "task_id": "view"
  },
  "dummy_trs": 0,
  "dvars_nstd": 32.69052655008638,
  "dvars_std": 1.2354589912222211,
  "dvars_vstd": 0.9948582469259254,
  "efc": 0.5350920961293324,
  "fber": 1495.6234130859375,
  "fd_mean": 0.13529995257880015,
  "fd_num": 90,
  "fd_perc": 11.097410604192355,
  "fwhm_avg": 1.8137093333333336,
  "fwhm_x": 1.738372,
  "fwhm_y": 1.912384,
  "fwhm_z": 1.790372,
  "gcor": 0.0172944,
  "gsr_x": -0.01057657040655613,
  "gsr_y": 0.02495175041258335,
  "provenance": {
    "md5sum": "4e9a317380d8ff04fda3d34e035e3085",
    "settings": {
      "fd_thres": 0.2,
      "testing": false
    },
    "software": "mriqc",
    "version": "23.1.0"
  },
  "size_t": 811,
  "size_x": 78,
  "size_y": 78,
  "size_z": 56,
  "snr": 5.583047556550639,
  "spacing_tr": 1.0,
  "spacing_x": 2.5,
  "spacing_y": 2.5,
  "spacing_z": 2.5,
  "summary_bg_k": 11.542755822545708,
  "summary_bg_mad": 202.49677729382242,
  "summary_bg_mean": 678.8352617950839,
  "summary_bg_median": 239.6510467529297,
  "summary_bg_n": 265217.0,
  "summary_bg_p05": 85.19975280761719,
  "summary_bg_p95": 3155.827392578125,
  "summary_bg_stdv": 1071.247012425153,
  "summary_fg_k": 1.3208639829277438,
  "summary_fg_mad": 1479.9454069128697,
  "summary_fg_mean": 9216.599858444557,
  "summary_fg_median": 9268.0947265625,
  "summary_fg_n": 75487.0,
  "summary_fg_p05": 6267.18994140625,
  "summary_fg_p95": 11795.736328125,
  "summary_fg_stdv": 1660.031236309982,
  "tsnr": 53.50313103105873
}