{
  "aor": 0.0004989195979899497,
  "aqi": 0.012499655787269684,
  "bids_meta": {
    "AcquisitionMatrixPE": 78,
    "AcquisitionNumber": 1,
    "AcquisitionTime": "14:59:41.425000",
    "BandwidthPerPixelPhaseEncode": 22.492,
    "BaseResolution": 78,
    "BodyPartExamined": "BRAIN",
    "ConsistencyInfo": "N4_VE11C_LATEST_20160120",
    "ConversionSoftware": "dcm2niix",
    "ConversionSoftwareVersion": "v1.0.20180328 GCC6.3.0",
    "DerivedVendorReportedEchoSpacing": 0.000570003,
    "DeviceSerialNumber": "66018",
    "DwellTime": 3e-06,
    "EchoTime": 0.03,
    "EchoTrainLength": 78,
    "EffectiveEchoSpacing": 0.000570003,
    "FlipAngle": 59,
    "ImageComments": "Unaliased_MB4_PE3_LB",
    "ImageOrientationPatientDICOM": [
      1,
      0,
      0,
      0,
      0.939693,
      -0.34202
    ],
    "ImageType": [
      "ORIGINAL",
      "PRIMARY",
      "M",
      "MB",
      "ND",
      "NORM",
      "MOSAIC"
    ],
    "InPlanePhaseEncodingDirectionDICOM": "COL",
    "InstitutionAddress": "Stadium_1952_Princeton_NJ_US_08544",
    "InstitutionName": "Princeton_University",
    "InstitutionalDepartmentName": "NeuroScience",
    "MRAcquisitionType": "2D",
    "MagneticFieldStrength": 3,
    "Manufacturer": "Siemens",
    "ManufacturersModelName": "Prisma",
    "Modality": "MR",
    "MultibandAccelerationFactor": 4,
    "PartialFourier": 1,
    "PatientPosition": "HFS",
    "PercentPhaseFOV": 100,
    "PhaseEncodingDirection": "j-",
    "PhaseEncodingSteps": 78,
    "PhaseResolution": 1,
    "PixelBandwidth": 2135,
    "ProcedureStepDescription": "Norman_Antony_ss",
    "ProtocolName": "func_task-view_run-2",
    "PulseSequenceDetails": "%CustomerSeq%_cmrr_mbep2d_bold",
    "ReceiveCoilActiveElements": "HC1-7",
    "ReceiveCoilName": "HeadNeck_64",
    "ReconMatrixPE": 78,
    "RepetitionTime": 1,
    "SAR": 0.0670029,
    "ScanOptions": "FS_EXT",
    "ScanningSequence": "EP",
    "SequenceName": "epfid2d1_78",
    "SequenceVariant": "SK_SS",
    "SeriesDescription": "func_task-view_run-2",
    "SeriesNumber": 5,
    "ShimSetting": [
      760,
      529,
      2030,
      758,
      -34,
      6,
      190,
      -1
    ],
    "SliceThickness": 2.5,
    "SliceTiming": [
      0,
      0.21,
      0.42,
      0.63,
      0.84,
      0.07,
      0.28,
      0.49,
      0.7,
      0.91,
      0.14,
      0.35,
      0.56,
      0.77,
      0,
      0.21,
      0.42,
      0.63,
      0.84,
      0.07,
      0.28,
      0.49,
      0.7,
      0.91,
      0.14,
      0.35,
      0.56,
      0.77,
      0,
      0.21,
      0.42,
      0.63,
      0.84,
      0.07,
      0.28,
      0.49,
      0.7,
      0.91,
      0.14,
      0.35,
      0.56,
      0.77,
      0,
      0.21,
      0.42,
      0.63,
      0.84,
      0.07,
      0.28,
      0.49,
      0.7,
      0.91,
      0.14,
      0.35,
      0.56,
      0.77
    ],
    "SoftwareVersions": "syngo_MR_E11",
    "SpacingBetweenSlices": 2.5,
    "StationName": "AWP66018",
    "TotalReadoutTime": 0.0438902,
    "TxRefAmp": 256.443,
    "dataset": "ds003338",
    "modality": "bold",
    "run_id": 2,
    "session_id": "01",
    "subject_id": "05",
    "task_id": "view"
  },
  "dummy_trs": 0,
  "dvars_nstd": 32.335345383998394,
  "dvars_std": 1.224026478507963,
  "dvars_vstd": 0.9991287178038549,
  "efc": 0.5362016230862894,
  "fber": 1432.1912841796875,
  "fd_mean": 0.14361150310536128,
  "fd_num": 193,
  "fd_perc": 16.164154103852596,
  "fwhm_avg": 1.8397466666666666,
  "fwhm_x": 1.7607679999999999,
  "fwhm_y": 1.9479320000000002,
  "fwhm_z": 1.81054,
  "gcor": 0.013015,
  "gsr_x": -0.010502297431230545,
  "gsr_y": 0.026469187811017036,
  "provenance": {
    "md5sum": "f3a64a475fde864d51f2f9e51dbfa6e0",
    "settings": {
      "fd_thres": 0.2,
      "testing": false
    },
    "software": "mriqc",
    "version": "23.1.0"
  },
  "size_t": 1194,
  "size_x": 78,
  "size_y": 78,
  "size_z": 56,
  "snr": 5.550645274386198,
  "spacing_tr": 1.0,
  "spacing_x": 2.5,
  "spacing_y": 2.5,
  "spacing_z": 2.5,
  "summary_bg_k": 11.462698690001298,
  "summary_bg_mad": 207.36687084984788,
  "summary_bg_mean": 680.9233738068789,
  "summary_bg_median": 243.38190460205078,
  "summary_bg_n": 265220.0,
  "summary_bg_p05": 85.78224182128906,
  "summary_bg_p95": 3151.9161376953125,
  "summary_bg_stdv": 1064.2936106587933,
  "summary_fg_k": 1.2984213648493688,
  "summary_fg_mad": 1477.6230495315388,
  "summary_fg_mean": 9160.058743878986,
  "summary_fg_median": 9210.61865234375,
  "summary_fg_n": 75484.0,
  "summary_fg_p05": 6223.728515625,
  "summary_fg_p95": 11741.3134765625,
  "summary_fg_stdv": 1659.3670080558932,
  "tsnr": 49.51840215246193
}