{
  "aor": 0.0017145833333333334,
  "aqi": 0.017729115916666666,
  "bids_meta": {
    "AcquisitionMatrixPE": 78,
    "AcquisitionNumber": 1,
    "AcquisitionTime": "15:20:12.475000",
    "BandwidthPerPixelPhaseEncode": 22.492,
    "BaseResolution": 78,
    "BodyPartExamined": "BRAIN",
    "ConsistencyInfo": "N4_VE11C_LATEST_20160120",
    "ConversionSoftware": "dcm2niix",
    "ConversionSoftwareVersion": "v1.0.20180328 GCC6.3.0",
    "DerivedVendorReportedEchoSpacing": 0.000570003,
    "DeviceSerialNumber": "66018",
    "DwellTime": 3e-06,
    "EchoTime": 0.03,
    "EchoTrainLength": 78,
    "EffectiveEchoSpacing": 0.000570003,
    "FlipAngle": 59,
    "ImageComments": "Unaliased_MB4_PE3_LB",
    "ImageOrientationPatientDICOM": [
      1,
      0,
      0,
      0,
      0.939693,
      -0.34202
    ],
    "ImageType": [
      "ORIGINAL",
      "PRIMARY",
      "M",
      "MB",
      "ND",
      "NORM",
      "MOSAIC"
    ],
    "InPlanePhaseEncodingDirectionDICOM": "COL",
    "InstitutionAddress": "Stadium_1952_Princeton_NJ_US_08544",
    "InstitutionName": "Princeton_University",
    "InstitutionalDepartmentName": "NeuroScience",
    "MRAcquisitionType": "2D",
    "MagneticFieldStrength": 3,
    "Manufacturer": "Siemens",
    "ManufacturersModelName": "Prisma",
    "Modality": "MR",
    "MultibandAccelerationFactor": 4,
    "PartialFourier": 1,
    "PatientPosition": "HFS",
    "PercentPhaseFOV": 100,
    "PhaseEncodingDirection": "j-",
    "PhaseEncodingSteps": 78,
    "PhaseResolution": 1,
    "PixelBandwidth": 2135,
    "ProcedureStepDescription": "Norman_Antony_ss",
    "ProtocolName": "func_task-recall_run-2",
    "PulseSequenceDetails": "%CustomerSeq%_cmrr_mbep2d_bold",
    "ReceiveCoilActiveElements": "HC1-7",
    "ReceiveCoilName": "HeadNeck_64",
    "ReconMatrixPE": 78,
    "RepetitionTime": 1,
    "SAR": 0.0670029,
    "ScanOptions": "FS_EXT",
    "ScanningSequence": "EP",
    "SequenceName": "epfid2d1_78",
    "SequenceVariant": "SK_SS",
    "SeriesDescription": "func_task-recall_run-2",
    "SeriesNumber": 6,
    "ShimSetting": [
      760,
      529,
      2030,
      758,
      -34,
      6,
      190,
      -1
    ],
    "SliceThickness": 2.5,
    "SliceTiming": [
      0,
      0.2075,
      0.4175,
      0.6275,
      0.8375,
      0.07,
      0.2775,
      0.4875,
      0.6975,
      0.9075,
      0.1375,
      0.3475,
      0.5575,
      0.7675,
      0,
      0.2075,
      0.4175,
      0.6275,
      0.8375,
      0.07,
      0.2775,
      0.4875,
      0.6975,
      0.9075,
      0.1375,
      0.3475,
      0.5575,
      0.7675,
      0,
      0.2075,
      0.4175,
      0.6275,
      0.8375,
      0.07,
      0.2775,
      0.4875,
      0.6975,
      0.9075,
      0.1375,
      0.3475,
      0.5575,
      0.7675,
      0,
      0.2075,
      0.4175,
      0.6275,
      0.8375,
      0.07,
      0.2775,
      0.4875,
      0.6975,
      0.9075,
      0.1375,
      0.3475,
      0.5575,
      0.7675
    ],
    "SoftwareVersions": "syngo_MR_E11",
    "SpacingBetweenSlices": 2.5,
    "StationName": "AWP66018",
    "TotalReadoutTime": 0.0438902,
    "TxRefAmp": 256.443,
    "dataset": "ds003338",
    "modality": "bold",
    "run_id": 2,
    "session_id": "01",
    "subject_id": "05",
    "task_id": "recall"
  },
  "dummy_trs": 0,
  "dvars_nstd": 38.57170255008365,
  "dvars_std": 1.2283102166527202,
  "dvars_vstd": 1.0056069375313814,
  "efc": 0.5370946097295293,
  "fber": 1485.0684814453125,
  "fd_mean": 0.27381504978383336,
  "fd_num": 152,
  "fd_perc": 63.333333333333336,
  "fwhm_avg": 1.867036,
  "fwhm_x": 1.780808,
  "fwhm_y": 1.976236,
  "fwhm_z": 1.844064,
  "gcor": 0.0113006,
  "gsr_x": -0.009998193010687828,
  "gsr_y": 0.026709411293268204,
  "provenance": {
    "md5sum": "c602b8870be488da3979af82c4526705",
    "settings": {
      "fd_thres": 0.2,
      "testing": false
    },
    "software": "mriqc",
    "version": "23.1.0"
  },
  "size_t": 240,
  "size_x": 78,
  "size_y": 78,
  "size_z": 56,
  "snr": 5.5504796549084405,
  "spacing_tr": 1.0,
  "spacing_x": 2.5,
  "spacing_y": 2.5,
  "spacing_z": 2.5,
  "summary_bg_k": 10.892203813642354,
  "summary_bg_mad": 214.5325591159322,
  "summary_bg_mean": 688.433013453237,
  "summary_bg_median": 239.44168090820312,
  "summary_bg_n": 265206.0,
  "summary_bg_p05": 71.65834045410156,
  "summary_bg_p95": 3172.00439453125,
  "summary_bg_stdv": 1067.7118910424686,
  "summary_fg_k": 1.268461471339048,
  "summary_fg_mad": 1484.6379008485892,
  "summary_fg_mean": 9177.694895094166,
  "summary_fg_median": 9227.26513671875,
  "summary_fg_n": 75498.0,
  "summary_fg_p05": 6249.95458984375,
  "summary_fg_p95": 11785.5419921875,
  "summary_fg_stdv": 1662.4156110583342,
  "tsnr": 41.494019690318964
}