{
  "aor": 0.00210979381443299,
  "aqi": 0.01801642082474227,
  "bids_meta": {
    "AcquisitionMatrixPE": 78,
    "AcquisitionNumber": 1,
    "AcquisitionTime": "13:44:57.337500",
    "BandwidthPerPixelPhaseEncode": 22.492,
    "BaseResolution": 78,
    "BodyPartExamined": "BRAIN",
    "ConsistencyInfo": "N4_VE11C_LATEST_20160120",
    "ConversionSoftware": "dcm2niix",
    "ConversionSoftwareVersion": "v1.0.20180328 GCC6.3.0",
    "DerivedVendorReportedEchoSpacing": 0.000570003,
    "DeviceSerialNumber": "66018",
    "DwellTime": 3e-06,
    "EchoTime": 0.03,
    "EchoTrainLength": 78,
    "EffectiveEchoSpacing": 0.000570003,
    "FlipAngle": 59,
    "ImageComments": "Unaliased_MB4_PE3_LB",
    "ImageOrientationPatientDICOM": [
      1,
      0,
      0,
      0,
      0.960294,
      -0.278991
    ],
    "ImageType": [
      "ORIGINAL",
      "PRIMARY",
      "M",
      "MB",
      "ND",
      "NORM",
      "MOSAIC"
    ],
    "InPlanePhaseEncodingDirectionDICOM": "COL",
    "InstitutionAddress": "Stadium_1952_Princeton_NJ_US_08544",
    "InstitutionName": "Princeton_University",
    "InstitutionalDepartmentName": "NeuroScience",
    "MRAcquisitionType": "2D",
    "MagneticFieldStrength": 3,
    "Manufacturer": "Siemens",
    "ManufacturersModelName": "Prisma",
    "Modality": "MR",
    "MultibandAccelerationFactor": 4,
    "PartialFourier": 1,
    "PatientPosition": "HFS",
    "PercentPhaseFOV": 100,
    "PhaseEncodingDirection": "j-",
    "PhaseEncodingSteps": 78,
    "PhaseResolution": 1,
    "PixelBandwidth": 2135,
    "ProcedureStepDescription": "Norman_Antony_ss",
    "ProtocolName": "func_task-recall_run-1",
    "PulseSequenceDetails": "%CustomerSeq%_cmrr_mbep2d_bold",
    "ReceiveCoilActiveElements": "HC1-7",
    "ReceiveCoilName": "HeadNeck_64",
    "ReconMatrixPE": 78,
    "RepetitionTime": 1,
    "SAR": 0.0666894,
    "ScanOptions": "FS_EXT",
    "ScanningSequence": "EP",
    "SequenceName": "epfid2d1_78",
    "SequenceVariant": "SK_SS",
    "SeriesDescription": "func_task-recall_run-1",
    "SeriesNumber": 3,
    "ShimSetting": [
      767,
      565,
      2078,
      468,
      -143,
      106,
      204,
      31
    ],
    "SliceThickness": 2.5,
    "SliceTiming": [
      0,
      0.21,
      0.42,
      0.63,
      0.84,
      0.07,
      0.28,
      0.49,
      0.7,
      0.91,
      0.14,
      0.35,
      0.56,
      0.77,
      0,
      0.21,
      0.42,
      0.63,
      0.84,
      0.07,
      0.28,
      0.49,
      0.7,
      0.91,
      0.14,
      0.35,
      0.56,
      0.77,
      0,
      0.21,
      0.42,
      0.63,
      0.84,
      0.07,
      0.28,
      0.49,
      0.7,
      0.91,
      0.14,
      0.35,
      0.56,
      0.77,
      0,
      0.21,
      0.42,
      0.63,
      0.84,
      0.07,
      0.28,
      0.49,
      0.7,
      0.91,
      0.14,
      0.35,
      0.56,
      0.77
    ],
    "SoftwareVersions": "syngo_MR_E11",
    "SpacingBetweenSlices": 2.5,
    "StationName": "AWP66018",
    "TotalReadoutTime": 0.0438902,
    "TxRefAmp": 250.044,
    "dataset": "ds003338",
    "modality": "bold",
    "run_id": 1,
    "session_id": "01",
    "subject_id": "07",
    "task_id": "recall"
  },
  "dummy_trs": 0,
  "dvars_nstd": 39.60114737958549,
  "dvars_std": 1.200590464352331,
  "dvars_vstd": 1.0221535808808289,
  "efc": 0.5579394468584055,
  "fber": 1879.83251953125,
  "fd_mean": 0.39353978835089237,
  "fd_num": 156,
  "fd_perc": 80.41237113402062,
  "fwhm_avg": 1.7545586666666668,
  "fwhm_x": 1.6512280000000001,
  "fwhm_y": 1.8977840000000001,
  "fwhm_z": 1.7146640000000002,
  "gcor": 0.0122856,
  "gsr_x": -0.012614588253200054,
  "gsr_y": 0.05376492440700531,
  "provenance": {
    "md5sum": "5a4349550ee765135698f36311b0f653",
    "settings": {
      "fd_thres": 0.2,
      "testing": false
    },
    "software": "mriqc",
    "version": "23.1.0"
  },
  "size_t": 194,
  "size_x": 78,
  "size_y": 78,
  "size_z": 56,
  "snr": 5.695556888258006,
  "spacing_tr": 1.0,
  "spacing_x": 2.5,
  "spacing_y": 2.5,
  "spacing_z": 2.5,
  "summary_bg_k": 7.860070852089947,
  "summary_bg_mad": 242.5875982002324,
  "summary_bg_mean": 937.6541992462481,
  "summary_bg_median": 259.94720458984375,
  "summary_bg_n": 259574.0,
  "summary_bg_p05": 66.58760833740234,
  "summary_bg_p95": 4356.9208984375,
  "summary_bg_stdv": 1457.3785128016136,
  "summary_fg_k": 2.6174666110895766,
  "summary_fg_mad": 1671.0910562166878,
  "summary_fg_mean": 11174.419188769272,
  "summary_fg_median": 11270.521484375,
  "summary_fg_n": 81130.0,
  "summary_fg_p05": 7526.77099609375,
  "summary_fg_p95": 14052.44921875,
  "summary_fg_stdv": 1978.8147578254122,
  "tsnr": 43.50398826599121
}