{
  "aor": 0.0020269583333333333,
  "aqi": 0.02143269125,
  "bids_meta": {
    "AcquisitionMatrixPE": 78,
    "AcquisitionNumber": 1,
    "AcquisitionTime": "14:11:39.975000",
    "BandwidthPerPixelPhaseEncode": 22.492,
    "BaseResolution": 78,
    "BodyPartExamined": "BRAIN",
    "ConsistencyInfo": "N4_VE11C_LATEST_20160120",
    "ConversionSoftware": "dcm2niix",
    "ConversionSoftwareVersion": "v1.0.20180328 GCC6.3.0",
    "DerivedVendorReportedEchoSpacing": 0.000570003,
    "DeviceSerialNumber": "66018",
    "DwellTime": 3e-06,
    "EchoTime": 0.03,
    "EchoTrainLength": 78,
    "EffectiveEchoSpacing": 0.000570003,
    "FlipAngle": 59,
    "ImageComments": "Unaliased_MB4_PE3_LB",
    "ImageOrientationPatientDICOM": [
      1,
      0,
      0,
      0,
      0.960294,
      -0.278991
    ],
    "ImageType": [
      "ORIGINAL",
      "PRIMARY",
      "M",
      "MB",
      "ND",
      "NORM",
      "MOSAIC"
    ],
    "InPlanePhaseEncodingDirectionDICOM": "COL",
    "InstitutionAddress": "Stadium_1952_Princeton_NJ_US_08544",
    "InstitutionName": "Princeton_University",
    "InstitutionalDepartmentName": "NeuroScience",
    "MRAcquisitionType": "2D",
    "MagneticFieldStrength": 3,
    "Manufacturer": "Siemens",
    "ManufacturersModelName": "Prisma",
    "Modality": "MR",
    "MultibandAccelerationFactor": 4,
    "PartialFourier": 1,
    "PatientPosition": "HFS",
    "PercentPhaseFOV": 100,
    "PhaseEncodingDirection": "j-",
    "PhaseEncodingSteps": 78,
    "PhaseResolution": 1,
    "PixelBandwidth": 2135,
    "ProcedureStepDescription": "Norman_Antony_ss",
    "ProtocolName": "func_task-recall_run-2",
    "PulseSequenceDetails": "%CustomerSeq%_cmrr_mbep2d_bold",
    "ReceiveCoilActiveElements": "HC1-7",
    "ReceiveCoilName": "HeadNeck_64",
    "ReconMatrixPE": 78,
    "RepetitionTime": 1,
    "SAR": 0.0666894,
    "ScanOptions": "FS_EXT",
    "ScanningSequence": "EP",
    "SequenceName": "epfid2d1_78",
    "SequenceVariant": "SK_SS",
    "SeriesDescription": "func_task-recall_run-2",
    "SeriesNumber": 5,
    "ShimSetting": [
      767,
      565,
      2078,
      468,
      -143,
      106,
      204,
      31
    ],
    "SliceThickness": 2.5,
    "SliceTiming": [
      0,
      0.21,
      0.4175,
      0.6275,
      0.8375,
      0.07,
      0.28,
      0.4875,
      0.6975,
      0.9075,
      0.14,
      0.3475,
      0.5575,
      0.7675,
      0,
      0.21,
      0.4175,
      0.6275,
      0.8375,
      0.07,
      0.28,
      0.4875,
      0.6975,
      0.9075,
      0.14,
      0.3475,
      0.5575,
      0.7675,
      0,
      0.21,
      0.4175,
      0.6275,
      0.8375,
      0.07,
      0.28,
      0.4875,
      0.6975,
      0.9075,
      0.14,
      0.3475,
      0.5575,
      0.7675,
      0,
      0.21,
      0.4175,
      0.6275,
      0.8375,
      0.07,
      0.28,
      0.4875,
      0.6975,
      0.9075,
      0.14,
      0.3475,
      0.5575,
      0.7675
    ],
    "SoftwareVersions": "syngo_MR_E11",
    "SpacingBetweenSlices": 2.5,
    "StationName": "AWP66018",
    "TotalReadoutTime": 0.0438902,
    "TxRefAmp": 250.044,
    "dataset": "ds003338",
    "modality": "bold",
    "run_id": 2,
    "session_id": "01",
    "subject_id": "07",
    "task_id": "recall"
  },
  "dummy_trs": 0,
  "dvars_nstd": 42.7279334208368,
  "dvars_std": 1.1730890591213397,
  "dvars_vstd": 1.0087129112970712,
  "efc": 0.5594861915283963,
  "fber": 1809.546630859375,
  "fd_mean": 0.4759282173058689,
  "fd_num": 212,
  "fd_perc": 88.33333333333333,
  "fwhm_avg": 1.7591533333333336,
  "fwhm_x": 1.6576080000000002,
  "fwhm_y": 1.9154240000000002,
  "fwhm_z": 1.704428,
  "gcor": 0.0129091,
  "gsr_x": -0.012614627368748188,
  "gsr_y": 0.05102599784731865,
  "provenance": {
    "md5sum": "3e2ff0f671fd400b65250f618231e463",
    "settings": {
      "fd_thres": 0.2,
      "testing": false
    },
    "software": "mriqc",
    "version": "23.1.0"
  },
  "size_t": 240,
  "size_x": 78,
  "size_y": 78,
  "size_z": 56,
  "snr": 5.676746500565546,
  "spacing_tr": 1.0,
  "spacing_x": 2.5,
  "spacing_y": 2.5,
  "spacing_z": 2.5,
  "summary_bg_k": 7.353332564148841,
  "summary_bg_mad": 253.7595769139865,
  "summary_bg_mean": 947.9408639850487,
  "summary_bg_median": 263.02146911621094,
  "summary_bg_n": 259714.0,
  "summary_bg_p05": 64.22438049316406,
  "summary_bg_p95": 4381.7763671875,
  "summary_bg_stdv": 1464.970586475419,
  "summary_fg_k": 2.6219521824090517,
  "summary_fg_mad": 1671.2213630522983,
  "summary_fg_mean": 11086.004584768916,
  "summary_fg_median": 11188.609375,
  "summary_fg_n": 80990.0,
  "summary_fg_p05": 7486.76611328125,
  "summary_fg_p95": 13950.9482421875,
  "summary_fg_stdv": 1970.9423874493068,
  "tsnr": 39.12475776672363
}