{
  "aor": 0.0010893009868421053,
  "aqi": 0.029541050740131573,
  "bids_meta": {
    "AcquisitionMatrixPE": 78,
    "AcquisitionNumber": 1,
    "AcquisitionTime": "13:23:17.925000",
    "BandwidthPerPixelPhaseEncode": 22.492,
    "BaseResolution": 78,
    "BodyPartExamined": "BRAIN",
    "ConsistencyInfo": "N4_VE11C_LATEST_20160120",
    "ConversionSoftware": "dcm2niix",
    "ConversionSoftwareVersion": "v1.0.20180328 GCC6.3.0",
    "DerivedVendorReportedEchoSpacing": 0.000570003,
    "DeviceSerialNumber": "66018",
    "DwellTime": 3e-06,
    "EchoTime": 0.03,
    "EchoTrainLength": 78,
    "EffectiveEchoSpacing": 0.000570003,
    "FlipAngle": 59,
    "ImageComments": "Unaliased_MB4_PE3_LB",
    "ImageOrientationPatientDICOM": [
      1,
      0,
      0,
      0,
      0.960294,
      -0.278991
    ],
    "ImageType": [
      "ORIGINAL",
      "PRIMARY",
      "M",
      "MB",
      "ND",
      "NORM",
      "MOSAIC"
    ],
    "InPlanePhaseEncodingDirectionDICOM": "COL",
    "InstitutionAddress": "Stadium_1952_Princeton_NJ_US_08544",
    "InstitutionName": "Princeton_University",
    "InstitutionalDepartmentName": "NeuroScience",
    "MRAcquisitionType": "2D",
    "MagneticFieldStrength": 3,
    "Manufacturer": "Siemens",
    "ManufacturersModelName": "Prisma",
    "Modality": "MR",
    "MultibandAccelerationFactor": 4,
    "PartialFourier": 1,
    "PatientPosition": "HFS",
    "PercentPhaseFOV": 100,
    "PhaseEncodingDirection": "j-",
    "PhaseEncodingSteps": 78,
    "PhaseResolution": 1,
    "PixelBandwidth": 2135,
    "ProcedureStepDescription": "Norman_Antony_ss",
    "ProtocolName": "func_task-view_run-1",
    "PulseSequenceDetails": "%CustomerSeq%_cmrr_mbep2d_bold",
    "ReceiveCoilActiveElements": "HC1-7",
    "ReceiveCoilName": "HeadNeck_64",
    "ReconMatrixPE": 78,
    "RepetitionTime": 1,
    "SAR": 0.0666894,
    "ScanOptions": "FS_EXT",
    "ScanningSequence": "EP",
    "SequenceName": "epfid2d1_78",
    "SequenceVariant": "SK_SS",
    "SeriesDescription": "func_task-view_run-1",
    "SeriesNumber": 2,
    "ShimSetting": [
      767,
      565,
      2078,
      468,
      -143,
      106,
      204,
      31
    ],
    "SliceThickness": 2.5,
    "SliceTiming": [
      0,
      0.21,
      0.42,
      0.63,
      0.84,
      0.07,
      0.28,
      0.49,
      0.7,
      0.91,
      0.14,
      0.35,
      0.56,
      0.77,
      0,
      0.21,
      0.42,
      0.63,
      0.84,
      0.07,
      0.28,
      0.49,
      0.7,
      0.91,
      0.14,
      0.35,
      0.56,
      0.77,
      0,
      0.21,
      0.42,
      0.63,
      0.84,
      0.07,
      0.28,
      0.49,
      0.7,
      0.91,
      0.14,
      0.35,
      0.56,
      0.77,
      0,
      0.21,
      0.42,
      0.63,
      0.84,
      0.07,
      0.28,
      0.49,
      0.7,
      0.91,
      0.14,
      0.35,
      0.56,
      0.77
    ],
    "SoftwareVersions": "syngo_MR_E11",
    "SpacingBetweenSlices": 2.5,
    "StationName": "AWP66018",
    "TotalReadoutTime": 0.0438902,
    "TxRefAmp": 250.044,
    "dataset": "ds003338",
    "modality": "bold",
    "run_id": 1,
    "session_id": "01",
    "subject_id": "07",
    "task_id": "view"
  },
  "dummy_trs": 0,
  "dvars_nstd": 29.62023144637861,
  "dvars_std": 1.0953788375390936,
  "dvars_vstd": 0.9393640113004127,
  "efc": 0.5592124215305534,
  "fber": 1752.91943359375,
  "fd_mean": 0.19385818471090158,
  "fd_num": 389,
  "fd_perc": 31.99013157894737,
  "fwhm_avg": 1.7995853333333336,
  "fwhm_x": 1.6837360000000001,
  "fwhm_y": 1.970824,
  "fwhm_z": 1.744196,
  "gcor": 0.0192095,
  "gsr_x": -0.015496662817895412,
  "gsr_y": 0.053212203085422516,
  "provenance": {
    "md5sum": "da2e424eaf19c0861681f38c82fd7c3a",
    "settings": {
      "fd_thres": 0.2,
      "testing": false
    },
    "software": "mriqc",
    "version": "23.1.0"
  },
  "size_t": 1216,
  "size_x": 78,
  "size_y": 78,
  "size_z": 56,
  "snr": 5.747991147448752,
  "spacing_tr": 1.0,
  "spacing_x": 2.5,
  "spacing_y": 2.5,
  "spacing_z": 2.5,
  "summary_bg_k": 8.718388078548012,
  "summary_bg_mad": 260.3663936406732,
  "summary_bg_mean": 929.3007672770262,
  "summary_bg_median": 268.4390106201172,
  "summary_bg_n": 258972.0,
  "summary_bg_p05": 64.79905700683594,
  "summary_bg_p95": 4200.1982421875,
  "summary_bg_stdv": 1431.7221104157275,
  "summary_fg_k": 2.1178330873758,
  "summary_fg_mad": 1668.6912386608547,
  "summary_fg_mean": 11137.971839985063,
  "summary_fg_median": 11238.97216796875,
  "summary_fg_n": 81732.0,
  "summary_fg_p05": 7513.60693359375,
  "summary_fg_p95": 13967.189453125,
  "summary_fg_stdv": 1955.2750038101879,
  "tsnr": 34.10281181335449
}