{
  "aor": 0.0026298591549295774,
  "aqi": 0.0226055579342723,
  "bids_meta": {
    "AcquisitionMatrixPE": 78,
    "AcquisitionNumber": 1,
    "AcquisitionTime": "14:38:30.987500",
    "BandwidthPerPixelPhaseEncode": 22.492,
    "BaseResolution": 78,
    "BodyPartExamined": "BRAIN",
    "ConsistencyInfo": "N4_VE11C_LATEST_20160120",
    "ConversionSoftware": "dcm2niix",
    "ConversionSoftwareVersion": "v1.0.20180328 GCC6.3.0",
    "DerivedVendorReportedEchoSpacing": 0.000570003,
    "DeviceSerialNumber": "66018",
    "DwellTime": 3e-06,
    "EchoTime": 0.03,
    "EchoTrainLength": 78,
    "EffectiveEchoSpacing": 0.000570003,
    "FlipAngle": 59,
    "ImageComments": "Unaliased_MB4_PE3_LB",
    "ImageOrientationPatientDICOM": [
      1,
      0,
      0,
      0,
      0.960294,
      -0.278991
    ],
    "ImageType": [
      "ORIGINAL",
      "PRIMARY",
      "M",
      "MB",
      "ND",
      "NORM",
      "MOSAIC"
    ],
    "InPlanePhaseEncodingDirectionDICOM": "COL",
    "InstitutionAddress": "Stadium_1952_Princeton_NJ_US_08544",
    "InstitutionName": "Princeton_University",
    "InstitutionalDepartmentName": "NeuroScience",
    "MRAcquisitionType": "2D",
    "MagneticFieldStrength": 3,
    "Manufacturer": "Siemens",
    "ManufacturersModelName": "Prisma",
    "Modality": "MR",
    "MultibandAccelerationFactor": 4,
    "PartialFourier": 1,
    "PatientPosition": "HFS",
    "PercentPhaseFOV": 100,
    "PhaseEncodingDirection": "j-",
    "PhaseEncodingSteps": 78,
    "PhaseResolution": 1,
    "PixelBandwidth": 2135,
    "ProcedureStepDescription": "Norman_Antony_ss",
    "ProtocolName": "func_task-recall_run-3",
    "PulseSequenceDetails": "%CustomerSeq%_cmrr_mbep2d_bold",
    "ReceiveCoilActiveElements": "HC1-7",
    "ReceiveCoilName": "HeadNeck_64",
    "ReconMatrixPE": 78,
    "RepetitionTime": 1,
    "SAR": 0.0666894,
    "ScanOptions": "FS_EXT",
    "ScanningSequence": "EP",
    "SequenceName": "epfid2d1_78",
    "SequenceVariant": "SK_SS",
    "SeriesDescription": "func_task-recall_run-3",
    "SeriesNumber": 7,
    "ShimSetting": [
      767,
      565,
      2078,
      468,
      -143,
      106,
      204,
      31
    ],
    "SliceThickness": 2.5,
    "SliceTiming": [
      0,
      0.21,
      0.42,
      0.63,
      0.84,
      0.07,
      0.28,
      0.49,
      0.7,
      0.91,
      0.14,
      0.35,
      0.56,
      0.77,
      0,
      0.21,
      0.42,
      0.63,
      0.84,
      0.07,
      0.28,
      0.49,
      0.7,
      0.91,
      0.14,
      0.35,
      0.56,
      0.77,
      0,
      0.21,
      0.42,
      0.63,
      0.84,
      0.07,
      0.28,
      0.49,
      0.7,
      0.91,
      0.14,
      0.35,
      0.56,
      0.77,
      0,
      0.21,
      0.42,
      0.63,
      0.84,
      0.07,
      0.28,
      0.49,
      0.7,
      0.91,
      0.14,
      0.35,
      0.56,
      0.77
    ],
    "SoftwareVersions": "syngo_MR_E11",
    "SpacingBetweenSlices": 2.5,
    "StationName": "AWP66018",
    "TotalReadoutTime": 0.0438902,
    "TxRefAmp": 250.044,
    "dataset": "ds003338",
    "modality": "bold",
    "run_id": 3,
    "session_id": "01",
    "subject_id": "07",
    "task_id": "recall"
  },
  "dummy_trs": 0,
  "dvars_nstd": 43.9565289423585,
  "dvars_std": 1.1911829390566038,
  "dvars_vstd": 1.0218611834905662,
  "efc": 0.5624497895141606,
  "fber": 1700.2645263671875,
  "fd_mean": 0.48660351256709466,
  "fd_num": 184,
  "fd_perc": 86.3849765258216,
  "fwhm_avg": 1.7759973333333334,
  "fwhm_x": 1.668344,
  "fwhm_y": 1.93498,
  "fwhm_z": 1.724668,
  "gcor": 0.0121508,
  "gsr_x": -0.01347103901207447,
  "gsr_y": 0.050318602472543716,
  "provenance": {
    "md5sum": "f4b6cac444a4cd4aa603775b0ead5e2b",
    "settings": {
      "fd_thres": 0.2,
      "testing": false
    },
    "software": "mriqc",
    "version": "23.1.0"
  },
  "size_t": 213,
  "size_x": 78,
  "size_y": 78,
  "size_z": 56,
  "snr": 5.63354455349453,
  "spacing_tr": 1.0,
  "spacing_x": 2.5,
  "spacing_y": 2.5,
  "spacing_z": 2.5,
  "summary_bg_k": 7.156289727097892,
  "summary_bg_mad": 262.5524887567971,
  "summary_bg_mean": 964.1026815283825,
  "summary_bg_median": 268.6393280029297,
  "summary_bg_n": 259610.0,
  "summary_bg_p05": 61.61188888549805,
  "summary_bg_p95": 4414.21826171875,
  "summary_bg_stdv": 1474.880601642164,
  "summary_fg_k": 2.427766576485194,
  "summary_fg_mad": 1663.9415545028394,
  "summary_fg_mean": 10982.720056270435,
  "summary_fg_median": 11077.14453125,
  "summary_fg_n": 81094.0,
  "summary_fg_p05": 7373.419921875,
  "summary_fg_p95": 13845.7060546875,
  "summary_fg_stdv": 1966.2711686539315,
  "tsnr": 37.85175323486328
}