{
  "aor": 0.0022849572649572647,
  "aqi": 0.017112163247863247,
  "bids_meta": {
    "AcquisitionMatrixPE": 78,
    "AcquisitionNumber": 1,
    "AcquisitionTime": "13:08:32.950000",
    "BandwidthPerPixelPhaseEncode": 22.492,
    "BaseResolution": 78,
    "BodyPartExamined": "BRAIN",
    "ConsistencyInfo": "N4_VE11C_LATEST_20160120",
    "ConversionSoftware": "dcm2niix",
    "ConversionSoftwareVersion": "v1.0.20180328 GCC6.3.0",
    "DerivedVendorReportedEchoSpacing": 0.000570003,
    "DeviceSerialNumber": "66018",
    "DwellTime": 3e-06,
    "EchoTime": 0.03,
    "EchoTrainLength": 78,
    "EffectiveEchoSpacing": 0.000570003,
    "FlipAngle": 59,
    "ImageComments": "Unaliased_MB4_PE3_LB",
    "ImageOrientationPatientDICOM": [
      1,
      0,
      0,
      0,
      0.984196,
      -0.177085
    ],
    "ImageType": [
      "ORIGINAL",
      "PRIMARY",
      "M",
      "MB",
      "ND",
      "NORM",
      "MOSAIC"
    ],
    "InPlanePhaseEncodingDirectionDICOM": "COL",
    "InstitutionAddress": "Stadium_1952_Princeton_NJ_US_08544",
    "InstitutionName": "Princeton_University",
    "InstitutionalDepartmentName": "NeuroScience",
    "MRAcquisitionType": "2D",
    "MagneticFieldStrength": 3,
    "Manufacturer": "Siemens",
    "ManufacturersModelName": "Prisma",
    "Modality": "MR",
    "MultibandAccelerationFactor": 4,
    "PartialFourier": 1,
    "PatientPosition": "HFS",
    "PercentPhaseFOV": 100,
    "PhaseEncodingDirection": "j-",
    "PhaseEncodingSteps": 78,
    "PhaseResolution": 1,
    "PixelBandwidth": 2135,
    "ProcedureStepDescription": "NormaL_Antony_ss",
    "ProtocolName": "func_task-recall_run-1",
    "PulseSequenceDetails": "%CustomerSeq%_cmrr_mbep2d_bold",
    "ReceiveCoilActiveElements": "HC1-7",
    "ReceiveCoilName": "HeadNeck_64",
    "ReconMatrixPE": 78,
    "RepetitionTime": 1,
    "SAR": 0.0656178,
    "ScanOptions": "FS_EXT",
    "ScanningSequence": "EP",
    "SequenceName": "epfid2d1_78",
    "SequenceVariant": "SK_SS",
    "SeriesDescription": "func_task-recall_run-1",
    "SeriesNumber": 5,
    "ShimSetting": [
      761,
      612,
      1964,
      511,
      -137,
      28,
      114,
      3
    ],
    "SliceThickness": 2.5,
    "SliceTiming": [
      0,
      0.21,
      0.42,
      0.63,
      0.84,
      0.07,
      0.28,
      0.49,
      0.7,
      0.91,
      0.14,
      0.35,
      0.56,
      0.77,
      0,
      0.21,
      0.42,
      0.63,
      0.84,
      0.07,
      0.28,
      0.49,
      0.7,
      0.91,
      0.14,
      0.35,
      0.56,
      0.77,
      0,
      0.21,
      0.42,
      0.63,
      0.84,
      0.07,
      0.28,
      0.49,
      0.7,
      0.91,
      0.14,
      0.35,
      0.56,
      0.77,
      0,
      0.21,
      0.42,
      0.63,
      0.84,
      0.07,
      0.28,
      0.49,
      0.7,
      0.91,
      0.14,
      0.35,
      0.56,
      0.77
    ],
    "SoftwareVersions": "syngo_MR_E11",
    "SpacingBetweenSlices": 2.5,
    "StationName": "AWP66018",
    "TotalReadoutTime": 0.0438902,
    "TxRefAmp": 254.066,
    "dataset": "ds003338",
    "modality": "bold",
    "run_id": 1,
    "session_id": "01",
    "subject_id": "13",
    "task_id": "recall"
  },
  "dummy_trs": 0,
  "dvars_nstd": 34.53515266551723,
  "dvars_std": 1.1801987526724143,
  "dvars_vstd": 1.004896209741379,
  "efc": 0.6068203609083814,
  "fber": 1604.7689208984375,
  "fd_mean": 0.23036294313936484,
  "fd_num": 59,
  "fd_perc": 50.427350427350426,
  "fwhm_avg": 1.7550160000000001,
  "fwhm_x": 1.614964,
  "fwhm_y": 1.9251239999999998,
  "fwhm_z": 1.72496,
  "gcor": 0.021563,
  "gsr_x": -0.011133022606372833,
  "gsr_y": 0.08942914009094238,
  "provenance": {
    "md5sum": "1fdab468b2c9a2c401674c0f10bdb847",
    "settings": {
      "fd_thres": 0.2,
      "testing": false
    },
    "software": "mriqc",
    "version": "23.1.0"
  },
  "size_t": 117,
  "size_x": 78,
  "size_y": 78,
  "size_z": 56,
  "snr": 5.470808156956413,
  "spacing_tr": 1.0,
  "spacing_x": 2.5,
  "spacing_y": 2.5,
  "spacing_z": 2.5,
  "summary_bg_k": 10.139392359105589,
  "summary_bg_mad": 223.93881799469443,
  "summary_bg_mean": 789.5952026910725,
  "summary_bg_median": 242.63190460205078,
  "summary_bg_n": 233142.0,
  "summary_bg_p05": 76.1069107055664,
  "summary_bg_p95": 3337.048583984375,
  "summary_bg_stdv": 1185.0787991713025,
  "summary_fg_k": 2.483775906358346,
  "summary_fg_mad": 1418.93212684555,
  "summary_fg_mean": 9748.070542616022,
  "summary_fg_median": 9719.72900390625,
  "summary_fg_n": 107562.0,
  "summary_fg_p05": 6690.517578125,
  "summary_fg_p95": 12534.9677734375,
  "summary_fg_stdv": 1776.644975104588,
  "tsnr": 45.42048645019531
}