{
  "aor": 0.0052688648648648645,
  "aqi": 0.015153241459459461,
  "bids_meta": {
    "AcquisitionMatrixPE": 78,
    "AcquisitionNumber": 1,
    "AcquisitionTime": "15:56:25.837500",
    "BandwidthPerPixelPhaseEncode": 22.492,
    "BaseResolution": 78,
    "BodyPartExamined": "BRAIN",
    "ConsistencyInfo": "N4_VE11C_LATEST_20160120",
    "ConversionSoftware": "dcm2niix",
    "ConversionSoftwareVersion": "v1.0.20180328 GCC6.3.0",
    "DerivedVendorReportedEchoSpacing": 0.000570003,
    "DeviceSerialNumber": "66018",
    "DwellTime": 3e-06,
    "EchoTime": 0.03,
    "EchoTrainLength": 78,
    "EffectiveEchoSpacing": 0.000570003,
    "FlipAngle": 59,
    "ImageComments": "Unaliased_MB4_PE3_LB",
    "ImageOrientationPatientDICOM": [
      1,
      0,
      0,
      0,
      0.983571,
      -0.180519
    ],
    "ImageType": [
      "ORIGINAL",
      "PRIMARY",
      "M",
      "MB",
      "ND",
      "NORM",
      "MOSAIC"
    ],
    "InPlanePhaseEncodingDirectionDICOM": "COL",
    "InstitutionAddress": "Stadium_1952_Princeton_NJ_US_08544",
    "InstitutionName": "Princeton_University",
    "InstitutionalDepartmentName": "NeuroScience",
    "MRAcquisitionType": "2D",
    "MagneticFieldStrength": 3,
    "Manufacturer": "Siemens",
    "ManufacturersModelName": "Prisma",
    "Modality": "MR",
    "MultibandAccelerationFactor": 4,
    "PartialFourier": 1,
    "PatientPosition": "HFS",
    "PercentPhaseFOV": 100,
    "PhaseEncodingDirection": "j-",
    "PhaseEncodingSteps": 78,
    "PhaseResolution": 1,
    "PixelBandwidth": 2135,
    "ProcedureStepDescription": "NormaL_Antony_ss",
    "ProtocolName": "func_task-recall_run-2",
    "PulseSequenceDetails": "%CustomerSeq%_cmrr_mbep2d_bold",
    "ReceiveCoilActiveElements": "HC1-7",
    "ReceiveCoilName": "HeadNeck_64",
    "ReconMatrixPE": 78,
    "RepetitionTime": 1,
    "SAR": 0.0682523,
    "ScanOptions": "FS_EXT",
    "ScanningSequence": "EP",
    "SequenceName": "epfid2d1_78",
    "SequenceVariant": "SK_SS",
    "SeriesDescription": "func_task-recall_run-2",
    "SeriesNumber": 9,
    "ShimSetting": [
      744,
      556,
      2026,
      693,
      -149,
      19,
      50,
      30
    ],
    "SliceThickness": 2.5,
    "SliceTiming": [
      0,
      0.21,
      0.42,
      0.63,
      0.84,
      0.07,
      0.28,
      0.49,
      0.7,
      0.91,
      0.14,
      0.35,
      0.56,
      0.77,
      0,
      0.21,
      0.42,
      0.63,
      0.84,
      0.07,
      0.28,
      0.49,
      0.7,
      0.91,
      0.14,
      0.35,
      0.56,
      0.77,
      0,
      0.21,
      0.42,
      0.63,
      0.84,
      0.07,
      0.28,
      0.49,
      0.7,
      0.91,
      0.14,
      0.35,
      0.56,
      0.77,
      0,
      0.21,
      0.42,
      0.63,
      0.84,
      0.07,
      0.28,
      0.49,
      0.7,
      0.91,
      0.14,
      0.35,
      0.56,
      0.77
    ],
    "SoftwareVersions": "syngo_MR_E11",
    "SpacingBetweenSlices": 2.5,
    "StationName": "AWP66018",
    "TotalReadoutTime": 0.0438902,
    "TxRefAmp": 253.421,
    "dataset": "ds003338",
    "modality": "bold",
    "run_id": 2,
    "session_id": "01",
    "subject_id": "12",
    "task_id": "recall"
  },
  "dummy_trs": 0,
  "dvars_nstd": 39.627830764619546,
  "dvars_std": 1.284697798858696,
  "dvars_vstd": 1.0508534714673918,
  "efc": 0.6194801711828232,
  "fber": 935.5746459960938,
  "fd_mean": 0.28824074591359133,
  "fd_num": 112,
  "fd_perc": 60.54054054054054,
  "fwhm_avg": 1.8588786666666668,
  "fwhm_x": 1.757864,
  "fwhm_y": 1.9368200000000002,
  "fwhm_z": 1.881952,
  "gcor": 0.0168618,
  "gsr_x": -0.0005197893478907645,
  "gsr_y": 0.053898513317108154,
  "provenance": {
    "md5sum": "1f76ed04ef528fae27840b7b436426ba",
    "settings": {
      "fd_thres": 0.2,
      "testing": false
    },
    "software": "mriqc",
    "version": "23.1.0"
  },
  "size_t": 185,
  "size_x": 78,
  "size_y": 78,
  "size_z": 56,
  "snr": 5.256508871537522,
  "spacing_tr": 1.0,
  "spacing_x": 2.5,
  "spacing_y": 2.5,
  "spacing_z": 2.5,
  "summary_bg_k": 6.593275880799149,
  "summary_bg_mad": 358.88968403108635,
  "summary_bg_mean": 1031.7826809243236,
  "summary_bg_median": 333.98175048828125,
  "summary_bg_n": 236521.0,
  "summary_bg_p05": 70.3880844116211,
  "summary_bg_p95": 4346.21728515625,
  "summary_bg_stdv": 1471.8954249861808,
  "summary_fg_k": 1.413839457685648,
  "summary_fg_mad": 1722.0164154271345,
  "summary_fg_mean": 10173.327733167982,
  "summary_fg_median": 10215.5546875,
  "summary_fg_n": 104183.0,
  "summary_fg_p05": 6804.70361328125,
  "summary_fg_p95": 13196.521484375,
  "summary_fg_stdv": 1943.4012022164168,
  "tsnr": 42.34630584716797
}