{
  "aor": 0.0015875427176566313,
  "aqi": 0.016316519853539466,
  "bids_meta": {
    "AcquisitionMatrixPE": 78,
    "AcquisitionNumber": 1,
    "AcquisitionTime": "16:01:34.362500",
    "BandwidthPerPixelPhaseEncode": 22.492,
    "BaseResolution": 78,
    "BodyPartExamined": "BRAIN",
    "ConsistencyInfo": "N4_VE11C_LATEST_20160120",
    "ConversionSoftware": "dcm2niix",
    "ConversionSoftwareVersion": "v1.0.20180328 GCC6.3.0",
    "DerivedVendorReportedEchoSpacing": 0.000570003,
    "DeviceSerialNumber": "66018",
    "DwellTime": 3e-06,
    "EchoTime": 0.03,
    "EchoTrainLength": 78,
    "EffectiveEchoSpacing": 0.000570003,
    "FlipAngle": 59,
    "ImageComments": "Unaliased_MB4_PE3_LB",
    "ImageOrientationPatientDICOM": [
      1,
      0,
      0,
      0,
      0.983571,
      -0.180519
    ],
    "ImageType": [
      "ORIGINAL",
      "PRIMARY",
      "M",
      "MB",
      "ND",
      "NORM",
      "MOSAIC"
    ],
    "InPlanePhaseEncodingDirectionDICOM": "COL",
    "InstitutionAddress": "Stadium_1952_Princeton_NJ_US_08544",
    "InstitutionName": "Princeton_University",
    "InstitutionalDepartmentName": "NeuroScience",
    "MRAcquisitionType": "2D",
    "MagneticFieldStrength": 3,
    "Manufacturer": "Siemens",
    "ManufacturersModelName": "Prisma",
    "Modality": "MR",
    "MultibandAccelerationFactor": 4,
    "PartialFourier": 1,
    "PatientPosition": "HFS",
    "PercentPhaseFOV": 100,
    "PhaseEncodingDirection": "j-",
    "PhaseEncodingSteps": 78,
    "PhaseResolution": 1,
    "PixelBandwidth": 2135,
    "ProcedureStepDescription": "NormaL_Antony_ss",
    "ProtocolName": "func_task-view_run-3",
    "PulseSequenceDetails": "%CustomerSeq%_cmrr_mbep2d_bold",
    "ReceiveCoilActiveElements": "HC1-7",
    "ReceiveCoilName": "HeadNeck_64",
    "ReconMatrixPE": 78,
    "RepetitionTime": 1,
    "SAR": 0.0682523,
    "ScanOptions": "FS_EXT",
    "ScanningSequence": "EP",
    "SequenceName": "epfid2d1_78",
    "SequenceVariant": "SK_SS",
    "SeriesDescription": "func_task-view_run-3",
    "SeriesNumber": 10,
    "ShimSetting": [
      744,
      556,
      2026,
      693,
      -149,
      19,
      50,
      30
    ],
    "SliceThickness": 2.5,
    "SliceTiming": [
      0,
      0.21,
      0.42,
      0.63,
      0.84,
      0.07,
      0.28,
      0.49,
      0.7,
      0.91,
      0.14,
      0.35,
      0.56,
      0.77,
      0,
      0.21,
      0.42,
      0.63,
      0.84,
      0.07,
      0.28,
      0.49,
      0.7,
      0.91,
      0.14,
      0.35,
      0.56,
      0.77,
      0,
      0.21,
      0.42,
      0.63,
      0.84,
      0.07,
      0.28,
      0.49,
      0.7,
      0.91,
      0.14,
      0.35,
      0.56,
      0.77,
      0,
      0.21,
      0.42,
      0.63,
      0.84,
      0.07,
      0.28,
      0.49,
      0.7,
      0.91,
      0.14,
      0.35,
      0.56,
      0.77
    ],
    "SoftwareVersions": "syngo_MR_E11",
    "SpacingBetweenSlices": 2.5,
    "StationName": "AWP66018",
    "TotalReadoutTime": 0.0438902,
    "TxRefAmp": 253.421,
    "dataset": "ds003338",
    "modality": "bold",
    "run_id": 3,
    "session_id": "01",
    "subject_id": "12",
    "task_id": "view"
  },
  "dummy_trs": 2,
  "dvars_nstd": 36.360493636579776,
  "dvars_std": 1.252063009291532,
  "dvars_vstd": 1.0101140585993473,
  "efc": 0.6196943802816391,
  "fber": 902.62890625,
  "fd_mean": 0.20454849544288534,
  "fd_num": 431,
  "fd_perc": 35.06916192026038,
  "fwhm_avg": 1.8661266666666665,
  "fwhm_x": 1.7517399999999999,
  "fwhm_y": 1.950688,
  "fwhm_z": 1.895952,
  "gcor": 0.0185912,
  "gsr_x": 0.0002001239190576598,
  "gsr_y": 0.055460717529058456,
  "provenance": {
    "md5sum": "8156f99ae3826445b8a7fcc02ad36115",
    "settings": {
      "fd_thres": 0.2,
      "testing": false
    },
    "software": "mriqc",
    "version": "23.1.0"
  },
  "size_t": 1229,
  "size_x": 78,
  "size_y": 78,
  "size_z": 56,
  "snr": 5.254207992009936,
  "spacing_tr": 1.0,
  "spacing_x": 2.5,
  "spacing_y": 2.5,
  "spacing_z": 2.5,
  "summary_bg_k": 6.6099682145371155,
  "summary_bg_mad": 358.916819977148,
  "summary_bg_mean": 1030.9755697711394,
  "summary_bg_median": 338.9150390625,
  "summary_bg_n": 236665.0,
  "summary_bg_p05": 78.06462860107422,
  "summary_bg_p95": 4357.16845703125,
  "summary_bg_stdv": 1465.0290886662258,
  "summary_fg_k": 1.5090363009682957,
  "summary_fg_mad": 1711.3558684204384,
  "summary_fg_mean": 10137.106333943975,
  "summary_fg_median": 10182.2900390625,
  "summary_fg_n": 104039.0,
  "summary_fg_p05": 6787.71044921875,
  "summary_fg_p95": 13157.7568359375,
  "summary_fg_stdv": 1937.9212089552118,
  "tsnr": 40.39347839355469
}