{
  "bids_meta": {
    "AcquisitionMatrixPE": 256,
    "AcquisitionNumber": 1,
    "AcquisitionTime": "14:10:3.862500",
    "BaseResolution": 256,
    "BodyPartExamined": "BRAIN",
    "ConsistencyInfo": "N4_VE11C_LATEST_20160120",
    "ConversionSoftware": "dcm2niix",
    "ConversionSoftwareVersion": "v1.0.20180328 GCC6.3.0",
    "DeviceSerialNumber": "66018",
    "DwellTime": 9.8e-06,
    "EchoTime": 0.0033,
    "FlipAngle": 7,
    "ImageOrientationPatientDICOM": [
      0,
      1,
      0,
      0,
      0,
      -1
    ],
    "ImageType": [
      "ORIGINAL",
      "PRIMARY",
      "M",
      "ND",
      "NORM"
    ],
    "InPlanePhaseEncodingDirectionDICOM": "ROW",
    "InstitutionAddress": "Stadium_1952_Princeton_NJ_US_08544",
    "InstitutionName": "Princeton_University",
    "InstitutionalDepartmentName": "NeuroScience",
    "InversionTime": 1.1,
    "MRAcquisitionType": "3D",
    "MagneticFieldStrength": 3,
    "Manufacturer": "Siemens",
    "ManufacturersModelName": "Prisma",
    "Modality": "MR",
    "ParallelReductionFactorInPlane": 2,
    "PartialFourier": 1,
    "PatientPosition": "HFS",
    "PercentPhaseFOV": 100,
    "PhaseEncodingSteps": 255,
    "PhaseResolution": 1,
    "PixelBandwidth": 200,
    "ProcedureStepDescription": "Norman_Antony_ss",
    "ProtocolName": "anat-T1w",
    "PulseSequenceDetails": "%SiemensSeq%_tfl",
    "ReceiveCoilActiveElements": "HC1-7;NC1",
    "ReceiveCoilName": "HeadNeck_64",
    "ReconMatrixPE": 256,
    "RepetitionTime": 2.53,
    "SAR": 0.0447714,
    "ScanOptions": "IR",
    "ScanningSequence": "GR_IR",
    "SequenceName": "_tfl3d1_16ns",
    "SequenceVariant": "SK_SP_MP",
    "SeriesDescription": "anat-T1w",
    "SeriesNumber": 9,
    "ShimSetting": [
      754,
      467,
      2016,
      269,
      -51,
      -310,
      159,
      80
    ],
    "SliceThickness": 1,
    "SoftwareVersions": "syngo_MR_E11",
    "StationName": "AWP66018",
    "TxRefAmp": 219.306,
    "dataset": "ds003338",
    "modality": "T1w",
    "session_id": "01",
    "subject_id": "02"
  },
  "cjv": 0.4684000831803591,
  "cnr": 2.155699122462788,
  "efc": 0.5368563028285992,
  "fber": 19448.015081563557,
  "fwhm_avg": 3.8862566666666667,
  "fwhm_x": 3.98804,
  "fwhm_y": 4.00146,
  "fwhm_z": 3.66927,
  "icvs_csf": 0.26910335685110826,
  "icvs_gm": 0.3881615115603395,
  "icvs_wm": 0.3427351315885522,
  "inu_med": 0.55756014585495,
  "inu_range": 0.2274540364742279,
  "provenance": {
    "md5sum": "021a5d1a671874a0cdbf64319f415fe9",
    "settings": {
      "testing": false
    },
    "software": "mriqc",
    "version": "23.1.0",
    "warnings": {
      "large_rot_frame": true,
      "small_air_mask": false
    }
  },
  "qi_1": 0.0,
  "qi_2": 0.0014013995427946122,
  "rpve_csf": 7.838094674547679,
  "rpve_gm": 7.778506278325618,
  "rpve_wm": 7.875567594588315,
  "size_x": 176,
  "size_y": 256,
  "size_z": 256,
  "snr_csf": 1.7439411267133884,
  "snr_gm": 5.327970581495037,
  "snr_total": 6.373954712796326,
  "snr_wm": 12.049952430180554,
  "snrd_csf": 48.40587207252269,
  "snrd_gm": 89.477913518042,
  "snrd_total": 90.2289944651277,
  "snrd_wm": 132.80319780481838,
  "spacing_x": 1.0,
  "spacing_y": 1.0,
  "spacing_z": 1.0,
  "summary_bg_k": 13.378457949213946,
  "summary_bg_mad": 0.0,
  "summary_bg_mean": 2.597388470461911,
  "summary_bg_median": 0.0,
  "summary_bg_n": 3914788.0,
  "summary_bg_p05": 0.0,
  "summary_bg_p95": 12.201691828668118,
  "summary_bg_stdv": 4.810093911145817,
  "summary_csf_k": -0.9245425664165321,
  "summary_csf_mad": 163.98699027979362,
  "summary_csf_mean": 368.50667487340104,
  "summary_csf_median": 355.40200562775135,
  "summary_csf_n": 390862.13124415226,
  "summary_csf_p05": 67.82239094376564,
  "summary_csf_p95": 697.1444549486041,
  "summary_csf_stdv": 203.79217253662122,
  "summary_gm_k": -0.5227559566655766,
  "summary_gm_mad": 90.02838778684371,
  "summary_gm_mean": 663.766827452031,
  "summary_gm_median": 656.9581036791205,
  "summary_gm_n": 563789.4578898529,
  "summary_gm_p05": 465.5024664402008,
  "summary_gm_p95": 886.5400662943721,
  "summary_gm_stdv": 123.30351885451984,
  "summary_wm_k": -0.13311892903970213,
  "summary_wm_mad": 58.96953375390859,
  "summary_wm_mean": 955.7562994601383,
  "summary_wm_median": 975.0577942878008,
  "summary_wm_n": 497809.4125338845,
  "summary_wm_p05": 790.0357763767242,
  "summary_wm_p95": 1054.8283354118466,
  "summary_wm_stdv": 80.91789744303642,
  "tpm_overlap_csf": 0.20743896377357618,
  "tpm_overlap_gm": 0.5212841471020494,
  "tpm_overlap_wm": 0.5355660211326218,
  "wm2max": 0.6351887026178875
}