{
  "bids_meta": {
    "AcquisitionMatrixPE": 256,
    "AcquisitionNumber": 1,
    "AcquisitionTime": "12:20:51.822500",
    "BaseResolution": 256,
    "BodyPartExamined": "BRAIN",
    "ConsistencyInfo": "N4_VE11C_LATEST_20160120",
    "ConversionSoftware": "dcm2niix",
    "ConversionSoftwareVersion": "v1.0.20180328 GCC6.3.0",
    "DeviceSerialNumber": "66018",
    "DwellTime": 9.8e-06,
    "EchoTime": 0.0033,
    "FlipAngle": 7,
    "ImageOrientationPatientDICOM": [
      0,
      1,
      0,
      0,
      0,
      -1
    ],
    "ImageType": [
      "ORIGINAL",
      "PRIMARY",
      "M",
      "ND",
      "NORM"
    ],
    "InPlanePhaseEncodingDirectionDICOM": "ROW",
    "InstitutionAddress": "Stadium_1952_Princeton_NJ_US_08544",
    "InstitutionName": "Princeton_University",
    "InstitutionalDepartmentName": "NeuroScience",
    "InversionTime": 1.1,
    "MRAcquisitionType": "3D",
    "MagneticFieldStrength": 3,
    "Manufacturer": "Siemens",
    "ManufacturersModelName": "Prisma",
    "Modality": "MR",
    "ParallelReductionFactorInPlane": 2,
    "PartialFourier": 1,
    "PatientPosition": "HFS",
    "PercentPhaseFOV": 100,
    "PhaseEncodingSteps": 255,
    "PhaseResolution": 1,
    "PixelBandwidth": 200,
    "ProcedureStepDescription": "NormaL_Antony_ss",
    "ProtocolName": "anat_T1w",
    "PulseSequenceDetails": "%SiemensSeq%_tfl",
    "ReceiveCoilActiveElements": "HC1-7;NC1",
    "ReceiveCoilName": "HeadNeck_64",
    "ReconMatrixPE": 256,
    "RepetitionTime": 2.53,
    "SAR": 0.0419768,
    "ScanOptions": "IR",
    "ScanningSequence": "GR_IR",
    "SequenceName": "_tfl3d1_16ns",
    "SequenceVariant": "SK_SP_MP",
    "SeriesDescription": "anat_T1w",
    "SeriesNumber": 3,
    "ShimSetting": [
      757,
      480,
      2014,
      500,
      -143,
      -212,
      139,
      71
    ],
    "SliceThickness": 1,
    "SoftwareVersions": "syngo_MR_E11",
    "StationName": "AWP66018",
    "TxRefAmp": 250.38,
    "dataset": "ds003338",
    "modality": "T1w",
    "session_id": "01",
    "subject_id": "14"
  },
  "cjv": 0.47259509281402684,
  "cnr": 1.7093158618514228,
  "efc": 0.5395186082751232,
  "fber": 24386.263214593506,
  "fwhm_avg": 3.6692366666666665,
  "fwhm_x": 3.75045,
  "fwhm_y": 3.80771,
  "fwhm_z": 3.44955,
  "icvs_csf": 0.2728571575136912,
  "icvs_gm": 0.38211825569143193,
  "icvs_wm": 0.34502458679487685,
  "inu_med": 0.5257501602172852,
  "inu_range": 0.20616948008537295,
  "provenance": {
    "md5sum": "3ed966f5992e41fd8a572121072da183",
    "settings": {
      "testing": false
    },
    "software": "mriqc",
    "version": "23.1.0",
    "warnings": {
      "large_rot_frame": true,
      "small_air_mask": false
    }
  },
  "qi_1": 0.0,
  "qi_2": 0.0008697108721623191,
  "rpve_csf": 6.210001580048156,
  "rpve_gm": 6.110351135587108,
  "rpve_wm": 6.218264829596545,
  "size_x": 176,
  "size_y": 256,
  "size_z": 256,
  "snr_csf": 1.6695276851057055,
  "snr_gm": 4.213326731682374,
  "snr_total": 4.747543500240545,
  "snr_wm": 8.359776083933555,
  "snrd_csf": 8.671390254551229,
  "snrd_gm": 16.784169628421832,
  "snrd_total": 16.959770913570548,
  "snrd_wm": 25.423752857738574,
  "spacing_x": 1.0,
  "spacing_y": 1.0,
  "spacing_z": 1.0,
  "summary_bg_k": 1074.0761848452796,
  "summary_bg_mad": 0.0,
  "summary_bg_mean": 3.484568082581718,
  "summary_bg_median": 0.0,
  "summary_bg_n": 3836817.0,
  "summary_bg_p05": 0.0,
  "summary_bg_p95": 11.31746244430542,
  "summary_bg_stdv": 24.645811528301248,
  "summary_csf_k": -0.7762088429827978,
  "summary_csf_mad": 167.2755260862049,
  "summary_csf_mean": 350.6578178371691,
  "summary_csf_median": 326.2121443748474,
  "summary_csf_n": 497602.2311894114,
  "summary_csf_p05": 79.9700870513916,
  "summary_csf_p95": 664.6890277862549,
  "summary_csf_stdv": 195.391678437476,
  "summary_gm_k": 0.12514740055226214,
  "summary_gm_mad": 80.93977068687333,
  "summary_gm_mean": 640.7814638055648,
  "summary_gm_median": 631.4097054004669,
  "summary_gm_n": 696858.7459565605,
  "summary_gm_p05": 394.36620235443115,
  "summary_gm_p95": 937.9284679889679,
  "summary_gm_stdv": 149.86002571612389,
  "summary_wm_k": -0.3614409958440117,
  "summary_wm_mad": 72.660999621184,
  "summary_wm_mean": 918.2178968198311,
  "summary_wm_median": 956.4252898693085,
  "summary_wm_n": 629212.0234951901,
  "summary_wm_p05": 673.6632270812988,
  "summary_wm_p95": 1044.0483746528625,
  "summary_wm_stdv": 114.40791239478853,
  "tpm_overlap_csf": 0.21973426507570443,
  "tpm_overlap_gm": 0.5267764123381509,
  "tpm_overlap_wm": 0.5433177434142232,
  "wm2max": 0.7924610141485077
}