{
  "bids_meta": {
    "AcquisitionMatrixPE": 256,
    "AcquisitionNumber": 1,
    "AcquisitionTime": "12:23:7.625000",
    "BaseResolution": 256,
    "BodyPartExamined": "BRAIN",
    "ConsistencyInfo": "N4_VE11C_LATEST_20160120",
    "ConversionSoftware": "dcm2niix",
    "ConversionSoftwareVersion": "v1.0.20180328 GCC6.3.0",
    "DeviceSerialNumber": "66018",
    "DwellTime": 9.8e-06,
    "EchoTime": 0.0033,
    "FlipAngle": 7,
    "ImageOrientationPatientDICOM": [
      0,
      1,
      0,
      0,
      0,
      -1
    ],
    "ImageType": [
      "ORIGINAL",
      "PRIMARY",
      "M",
      "ND",
      "NORM"
    ],
    "InPlanePhaseEncodingDirectionDICOM": "ROW",
    "InstitutionAddress": "Stadium_1952_Princeton_NJ_US_08544",
    "InstitutionName": "Princeton_University",
    "InstitutionalDepartmentName": "NeuroScience",
    "InversionTime": 1.1,
    "MRAcquisitionType": "3D",
    "MagneticFieldStrength": 3,
    "Manufacturer": "Siemens",
    "ManufacturersModelName": "Prisma",
    "Modality": "MR",
    "ParallelReductionFactorInPlane": 2,
    "PartialFourier": 1,
    "PatientPosition": "HFS",
    "PercentPhaseFOV": 100,
    "PhaseEncodingSteps": 255,
    "PhaseResolution": 1,
    "PixelBandwidth": 200,
    "ProcedureStepDescription": "NormaL_Antony_ss",
    "ProtocolName": "anat_T1w",
    "PulseSequenceDetails": "%SiemensSeq%_tfl",
    "ReceiveCoilActiveElements": "HC1-7;NC1",
    "ReceiveCoilName": "HeadNeck_64",
    "ReconMatrixPE": 256,
    "RepetitionTime": 2.53,
    "SAR": 0.0340319,
    "ScanOptions": "IR",
    "ScanningSequence": "GR_IR",
    "SequenceName": "_tfl3d1_16ns",
    "SequenceVariant": "SK_SP_MP",
    "SeriesDescription": "anat_T1w",
    "SeriesNumber": 3,
    "ShimSetting": [
      786,
      515,
      1974,
      539,
      -88,
      -264,
      88,
      22
    ],
    "SliceThickness": 1,
    "SoftwareVersions": "syngo_MR_E11",
    "StationName": "AWP66018",
    "TxRefAmp": 217.303,
    "dataset": "ds003338",
    "modality": "T1w",
    "session_id": "01",
    "subject_id": "16"
  },
  "cjv": 0.4644705905030295,
  "cnr": 1.8664731266987635,
  "efc": 0.5109305797350917,
  "fber": 23194.25746911807,
  "fwhm_avg": 3.5569166666666665,
  "fwhm_x": 3.64189,
  "fwhm_y": 3.70824,
  "fwhm_z": 3.32062,
  "icvs_csf": 0.2675939030693882,
  "icvs_gm": 0.385443843416145,
  "icvs_wm": 0.3469622535144668,
  "inu_med": 0.5361024141311646,
  "inu_range": 0.210094004869461,
  "provenance": {
    "md5sum": "9a0109438c68fad461e8bc8189b2e606",
    "settings": {
      "testing": false
    },
    "software": "mriqc",
    "version": "23.1.0",
    "warnings": {
      "large_rot_frame": true,
      "small_air_mask": false
    }
  },
  "qi_1": 0.0,
  "qi_2": 0.0016910859242096144,
  "rpve_csf": 7.179764433851914,
  "rpve_gm": 7.098514404830813,
  "rpve_wm": 7.209939152992355,
  "size_x": 176,
  "size_y": 256,
  "size_z": 256,
  "snr_csf": 1.8994533370846092,
  "snr_gm": 4.807658414317418,
  "snr_total": 5.56463206490687,
  "snr_wm": 9.986784443318584,
  "snrd_csf": 56.669004899234565,
  "snrd_gm": 95.55737445460771,
  "snrd_total": 97.77157164676105,
  "snrd_wm": 141.08833558644082,
  "spacing_x": 1.0,
  "spacing_y": 1.0,
  "spacing_z": 1.0,
  "summary_bg_k": 11.495422741148825,
  "summary_bg_mad": 0.0,
  "summary_bg_mean": 2.5258142511195953,
  "summary_bg_median": 0.0,
  "summary_bg_n": 4298772.0,
  "summary_bg_p05": 0.0,
  "summary_bg_p95": 11.328964337706566,
  "summary_bg_stdv": 4.492900588249945,
  "summary_csf_k": -0.6905475674173931,
  "summary_csf_mad": 158.4442350733282,
  "summary_csf_mean": 397.2600896678043,
  "summary_csf_median": 388.63388669490814,
  "summary_csf_n": 422772.4104076426,
  "summary_csf_p05": 91.16234534978867,
  "summary_csf_p95": 712.981870368123,
  "summary_csf_stdv": 204.6027767471884,
  "summary_gm_k": -0.15258084711156616,
  "summary_gm_mad": 82.1329599883588,
  "summary_gm_mean": 663.0436158240578,
  "summary_gm_median": 655.3288504481316,
  "summary_gm_n": 608963.8847846794,
  "summary_gm_p05": 439.6274919807911,
  "summary_gm_p95": 932.2649857103825,
  "summary_gm_stdv": 136.30924993081504,
  "summary_wm_k": -0.18667634963337232,
  "summary_wm_mad": 62.897798381889714,
  "summary_wm_mean": 940.1352671934369,
  "summary_wm_median": 967.5784553438425,
  "summary_wm_n": 548166.7054302893,
  "summary_wm_p05": 734.0479070991278,
  "summary_wm_p95": 1052.7977374345064,
  "summary_wm_stdv": 96.8857972530084,
  "tpm_overlap_csf": 0.222503778814084,
  "tpm_overlap_gm": 0.5197935922663046,
  "tpm_overlap_wm": 0.5364726809966198,
  "wm2max": 0.7376714268376553
}