{
  "aor": 0.00042329821717990276,
  "aqi": 0.012605326053484602,
  "bids_meta": {
    "AcquisitionMatrixPE": 78,
    "AcquisitionNumber": 1,
    "AcquisitionTime": "16:26:39.177500",
    "BandwidthPerPixelPhaseEncode": 22.492,
    "BaseResolution": 78,
    "BodyPartExamined": "BRAIN",
    "ConsistencyInfo": "N4_VE11C_LATEST_20160120",
    "ConversionSoftware": "dcm2niix",
    "ConversionSoftwareVersion": "v1.0.20180328 GCC6.3.0",
    "DerivedVendorReportedEchoSpacing": 0.000570003,
    "DeviceSerialNumber": "66018",
    "DwellTime": 3e-06,
    "EchoTime": 0.03,
    "EchoTrainLength": 78,
    "EffectiveEchoSpacing": 0.000570003,
    "FlipAngle": 59,
    "ImageComments": "Unaliased_MB4_PE3_LB",
    "ImageOrientationPatientDICOM": [
      1,
      0,
      0,
      0,
      0.984808,
      -0.173648
    ],
    "ImageType": [
      "ORIGINAL",
      "PRIMARY",
      "M",
      "MB",
      "ND",
      "NORM",
      "MOSAIC"
    ],
    "InPlanePhaseEncodingDirectionDICOM": "COL",
    "InstitutionAddress": "Stadium_1952_Princeton_NJ_US_08544",
    "InstitutionName": "Princeton_University",
    "InstitutionalDepartmentName": "NeuroScience",
    "MRAcquisitionType": "2D",
    "MagneticFieldStrength": 3,
    "Manufacturer": "Siemens",
    "ManufacturersModelName": "Prisma",
    "Modality": "MR",
    "MultibandAccelerationFactor": 4,
    "PartialFourier": 1,
    "PatientPosition": "HFS",
    "PercentPhaseFOV": 100,
    "PhaseEncodingDirection": "j-",
    "PhaseEncodingSteps": 78,
    "PhaseResolution": 1,
    "PixelBandwidth": 2135,
    "ProcedureStepDescription": "NormaL_Antony_ss",
    "ProtocolName": "func_task-view_run-3",
    "PulseSequenceDetails": "%CustomerSeq%_cmrr_mbep2d_bold",
    "ReceiveCoilActiveElements": "HC1-7",
    "ReceiveCoilName": "HeadNeck_64",
    "ReconMatrixPE": 78,
    "RepetitionTime": 1,
    "SAR": 0.0643243,
    "ScanOptions": "FS_EXT",
    "ScanningSequence": "EP",
    "SequenceName": "epfid2d1_78",
    "SequenceVariant": "SK_SS",
    "SeriesDescription": "func_task-view_run-3",
    "SeriesNumber": 9,
    "ShimSetting": [
      760,
      501,
      2170,
      928,
      -36,
      -180,
      223,
      60
    ],
    "SliceThickness": 2.5,
    "SliceTiming": [
      0,
      0.21,
      0.42,
      0.63,
      0.84,
      0.07,
      0.28,
      0.49,
      0.7,
      0.91,
      0.14,
      0.35,
      0.56,
      0.77,
      0,
      0.21,
      0.42,
      0.63,
      0.84,
      0.07,
      0.28,
      0.49,
      0.7,
      0.91,
      0.14,
      0.35,
      0.56,
      0.77,
      0,
      0.21,
      0.42,
      0.63,
      0.84,
      0.07,
      0.28,
      0.49,
      0.7,
      0.91,
      0.14,
      0.35,
      0.56,
      0.77,
      0,
      0.21,
      0.42,
      0.63,
      0.84,
      0.07,
      0.28,
      0.49,
      0.7,
      0.91,
      0.14,
      0.35,
      0.56,
      0.77
    ],
    "SoftwareVersions": "syngo_MR_E11",
    "SpacingBetweenSlices": 2.5,
    "StationName": "AWP66018",
    "TotalReadoutTime": 0.0438902,
    "TxRefAmp": 230.253,
    "dataset": "ds003338",
    "modality": "bold",
    "run_id": 3,
    "session_id": "01",
    "subject_id": "15",
    "task_id": "view"
  },
  "dummy_trs": 1,
  "dvars_nstd": 34.58854544110303,
  "dvars_std": 1.318601364030819,
  "dvars_vstd": 0.991423439845903,
  "efc": 0.5392672691835068,
  "fber": 2151.722412109375,
  "fd_mean": 0.1451090534762053,
  "fd_num": 196,
  "fd_perc": 15.883306320907618,
  "fwhm_avg": 1.8263773333333333,
  "fwhm_x": 1.6866599999999998,
  "fwhm_y": 1.9532399999999999,
  "fwhm_z": 1.8392320000000002,
  "gcor": 0.0112548,
  "gsr_x": -0.01080183032900095,
  "gsr_y": 0.04714355245232582,
  "provenance": {
    "md5sum": "c3ea29b75a0c6680de7acbbeb89bef00",
    "settings": {
      "fd_thres": 0.2,
      "testing": false
    },
    "software": "mriqc",
    "version": "23.1.0"
  },
  "size_t": 1234,
  "size_x": 78,
  "size_y": 78,
  "size_z": 56,
  "snr": 5.773050688608868,
  "spacing_tr": 1.0,
  "spacing_x": 2.5,
  "spacing_y": 2.5,
  "spacing_z": 2.5,
  "summary_bg_k": 13.156495345045673,
  "summary_bg_mad": 177.23998701340705,
  "summary_bg_mean": 682.661342391739,
  "summary_bg_median": 218.54376220703125,
  "summary_bg_n": 259653.0,
  "summary_bg_p05": 77.14041137695312,
  "summary_bg_p95": 3023.088623046875,
  "summary_bg_stdv": 1078.553519820743,
  "summary_fg_k": 1.863824153678956,
  "summary_fg_mad": 1542.6939396744071,
  "summary_fg_mean": 10099.65776428463,
  "summary_fg_median": 10137.515625,
  "summary_fg_n": 81051.0,
  "summary_fg_p05": 7069.9609375,
  "summary_fg_p95": 12779.9111328125,
  "summary_fg_stdv": 1755.9958562166516,
  "tsnr": 51.64842987060547
}