{
  "aor": 0.004746313364055299,
  "aqi": 0.024060282949308752,
  "bids_meta": {
    "AcquisitionMatrixPE": 78,
    "AcquisitionNumber": 1,
    "AcquisitionTime": "16:20:15.365000",
    "BandwidthPerPixelPhaseEncode": 22.492,
    "BaseResolution": 78,
    "BodyPartExamined": "BRAIN",
    "ConsistencyInfo": "N4_VE11C_LATEST_20160120",
    "ConversionSoftware": "dcm2niix",
    "ConversionSoftwareVersion": "v1.0.20180328 GCC6.3.0",
    "DerivedVendorReportedEchoSpacing": 0.000570003,
    "DeviceSerialNumber": "66018",
    "DwellTime": 3e-06,
    "EchoTime": 0.03,
    "EchoTrainLength": 78,
    "EffectiveEchoSpacing": 0.000570003,
    "FlipAngle": 59,
    "ImageComments": "Unaliased_MB4_PE3_LB",
    "ImageOrientationPatientDICOM": [
      1,
      0,
      0,
      0,
      0.984808,
      -0.173648
    ],
    "ImageType": [
      "ORIGINAL",
      "PRIMARY",
      "M",
      "MB",
      "ND",
      "NORM",
      "MOSAIC"
    ],
    "InPlanePhaseEncodingDirectionDICOM": "COL",
    "InstitutionAddress": "Stadium_1952_Princeton_NJ_US_08544",
    "InstitutionName": "Princeton_University",
    "InstitutionalDepartmentName": "NeuroScience",
    "MRAcquisitionType": "2D",
    "MagneticFieldStrength": 3,
    "Manufacturer": "Siemens",
    "ManufacturersModelName": "Prisma",
    "Modality": "MR",
    "MultibandAccelerationFactor": 4,
    "PartialFourier": 1,
    "PatientPosition": "HFS",
    "PercentPhaseFOV": 100,
    "PhaseEncodingDirection": "j-",
    "PhaseEncodingSteps": 78,
    "PhaseResolution": 1,
    "PixelBandwidth": 2135,
    "ProcedureStepDescription": "NormaL_Antony_ss",
    "ProtocolName": "func_task-recall_run-2",
    "PulseSequenceDetails": "%CustomerSeq%_cmrr_mbep2d_bold",
    "ReceiveCoilActiveElements": "HC1-7",
    "ReceiveCoilName": "HeadNeck_64",
    "ReconMatrixPE": 78,
    "RepetitionTime": 1,
    "SAR": 0.0643243,
    "ScanOptions": "FS_EXT",
    "ScanningSequence": "EP",
    "SequenceName": "epfid2d1_78",
    "SequenceVariant": "SK_SS",
    "SeriesDescription": "func_task-recall_run-2",
    "SeriesNumber": 8,
    "ShimSetting": [
      760,
      501,
      2170,
      928,
      -36,
      -180,
      223,
      60
    ],
    "SliceThickness": 2.5,
    "SliceTiming": [
      0,
      0.21,
      0.42,
      0.63,
      0.84,
      0.07,
      0.28,
      0.49,
      0.7,
      0.91,
      0.14,
      0.35,
      0.56,
      0.77,
      0,
      0.21,
      0.42,
      0.63,
      0.84,
      0.07,
      0.28,
      0.49,
      0.7,
      0.91,
      0.14,
      0.35,
      0.56,
      0.77,
      0,
      0.21,
      0.42,
      0.63,
      0.84,
      0.07,
      0.28,
      0.49,
      0.7,
      0.91,
      0.14,
      0.35,
      0.56,
      0.77,
      0,
      0.21,
      0.42,
      0.63,
      0.84,
      0.07,
      0.28,
      0.49,
      0.7,
      0.91,
      0.14,
      0.35,
      0.56,
      0.77
    ],
    "SoftwareVersions": "syngo_MR_E11",
    "SpacingBetweenSlices": 2.5,
    "StationName": "AWP66018",
    "TotalReadoutTime": 0.0438902,
    "TxRefAmp": 230.253,
    "dataset": "ds003338",
    "modality": "bold",
    "run_id": 2,
    "session_id": "01",
    "subject_id": "15",
    "task_id": "recall"
  },
  "dummy_trs": 0,
  "dvars_nstd": 41.91186934935188,
  "dvars_std": 1.2244021625462957,
  "dvars_vstd": 1.0226028107407412,
  "efc": 0.5402612204157808,
  "fber": 2101.654296875,
  "fd_mean": 0.37194449098469,
  "fd_num": 152,
  "fd_perc": 70.04608294930875,
  "fwhm_avg": 1.8662306666666666,
  "fwhm_x": 1.714624,
  "fwhm_y": 2.002056,
  "fwhm_z": 1.882012,
  "gcor": 0.0197243,
  "gsr_x": -0.0110570527613163,
  "gsr_y": 0.048992693424224854,
  "provenance": {
    "md5sum": "4170e81fe87a9e160d44fa93bdeb0d64",
    "settings": {
      "fd_thres": 0.2,
      "testing": false
    },
    "software": "mriqc",
    "version": "23.1.0"
  },
  "size_t": 217,
  "size_x": 78,
  "size_y": 78,
  "size_z": 56,
  "snr": 5.767375477296674,
  "spacing_tr": 1.0,
  "spacing_x": 2.5,
  "spacing_y": 2.5,
  "spacing_z": 2.5,
  "summary_bg_k": 12.583891255567075,
  "summary_bg_mad": 183.70071190542956,
  "summary_bg_mean": 690.9792899061428,
  "summary_bg_median": 221.3733367919922,
  "summary_bg_n": 259720.0,
  "summary_bg_p05": 76.78051376342773,
  "summary_bg_p95": 3053.359619140625,
  "summary_bg_stdv": 1085.5191312049085,
  "summary_fg_k": 1.8349778507757026,
  "summary_fg_mad": 1533.1714056987125,
  "summary_fg_mean": 10100.195412533398,
  "summary_fg_median": 10148.595703125,
  "summary_fg_n": 80984.0,
  "summary_fg_p05": 7014.97802734375,
  "summary_fg_p95": 12786.306640625,
  "summary_fg_stdv": 1759.644934659098,
  "tsnr": 36.98182487487793
}