{
  "aor": 0.0008994520547945205,
  "aqi": 0.011828607191780822,
  "bids_meta": {
    "AcquisitionMatrixPE": 78,
    "AcquisitionNumber": 1,
    "AcquisitionTime": "13:04:22.590000",
    "BandwidthPerPixelPhaseEncode": 22.492,
    "BaseResolution": 78,
    "BodyPartExamined": "BRAIN",
    "ConsistencyInfo": "N4_VE11C_LATEST_20160120",
    "ConversionSoftware": "dcm2niix",
    "ConversionSoftwareVersion": "v1.0.20180328 GCC6.3.0",
    "DerivedVendorReportedEchoSpacing": 0.000570003,
    "DeviceSerialNumber": "66018",
    "DwellTime": 3e-06,
    "EchoTime": 0.03,
    "EchoTrainLength": 78,
    "EffectiveEchoSpacing": 0.000570003,
    "FlipAngle": 59,
    "ImageComments": "Unaliased_MB4_PE3_LB",
    "ImageOrientationPatientDICOM": [
      1,
      0,
      0,
      0,
      0.970296,
      -0.241922
    ],
    "ImageType": [
      "ORIGINAL",
      "PRIMARY",
      "M",
      "MB",
      "ND",
      "NORM",
      "MOSAIC"
    ],
    "InPlanePhaseEncodingDirectionDICOM": "COL",
    "InstitutionAddress": "Stadium_1952_Princeton_NJ_US_08544",
    "InstitutionName": "Princeton_University",
    "InstitutionalDepartmentName": "NeuroScience",
    "MRAcquisitionType": "2D",
    "MagneticFieldStrength": 3,
    "Manufacturer": "Siemens",
    "ManufacturersModelName": "Prisma",
    "Modality": "MR",
    "MultibandAccelerationFactor": 4,
    "PartialFourier": 1,
    "PatientPosition": "HFS",
    "PercentPhaseFOV": 100,
    "PhaseEncodingDirection": "j-",
    "PhaseEncodingSteps": 78,
    "PhaseResolution": 1,
    "PixelBandwidth": 2135,
    "ProcedureStepDescription": "Norman_Antony_ss",
    "ProtocolName": "func_task",
    "PulseSequenceDetails": "%CustomerSeq%_cmrr_mbep2d_bold",
    "ReceiveCoilActiveElements": "HC1-7",
    "ReceiveCoilName": "HeadNeck_64",
    "ReconMatrixPE": 78,
    "RepetitionTime": 1,
    "SAR": 0.0671371,
    "ScanOptions": "FS_EXT",
    "ScanningSequence": "EP",
    "SequenceName": "epfid2d1_78",
    "SequenceVariant": "SK_SS",
    "SeriesDescription": "func_task",
    "SeriesNumber": 3,
    "ShimSetting": [
      755,
      513,
      2081,
      499,
      -30,
      0,
      102,
      96
    ],
    "SliceThickness": 2.5,
    "SliceTiming": [
      0,
      0.21,
      0.42,
      0.63,
      0.84,
      0.07,
      0.28,
      0.49,
      0.7,
      0.91,
      0.14,
      0.35,
      0.56,
      0.77,
      0,
      0.21,
      0.42,
      0.63,
      0.84,
      0.07,
      0.28,
      0.49,
      0.7,
      0.91,
      0.14,
      0.35,
      0.56,
      0.77,
      0,
      0.21,
      0.42,
      0.63,
      0.84,
      0.07,
      0.28,
      0.49,
      0.7,
      0.91,
      0.14,
      0.35,
      0.56,
      0.77,
      0,
      0.21,
      0.42,
      0.63,
      0.84,
      0.07,
      0.28,
      0.49,
      0.7,
      0.91,
      0.14,
      0.35,
      0.56,
      0.77
    ],
    "SoftwareVersions": "syngo_MR_E11",
    "SpacingBetweenSlices": 2.5,
    "StationName": "AWP66018",
    "TotalReadoutTime": 0.0438902,
    "TxRefAmp": 219.306,
    "dataset": "ds003338",
    "modality": "bold",
    "run_id": 1,
    "session_id": "01",
    "subject_id": "02",
    "task_id": "recall"
  },
  "dummy_trs": 0,
  "dvars_nstd": 34.34245142993127,
  "dvars_std": 1.274012634776632,
  "dvars_vstd": 0.9944671865292094,
  "efc": 0.5451296508139772,
  "fber": 1897.1966552734375,
  "fd_mean": 0.17156264329335258,
  "fd_num": 91,
  "fd_perc": 31.164383561643834,
  "fwhm_avg": 1.8063186666666666,
  "fwhm_x": 1.7183319999999997,
  "fwhm_y": 1.865268,
  "fwhm_z": 1.8353560000000002,
  "gcor": 0.0138284,
  "gsr_x": -0.006974280811846256,
  "gsr_y": 0.03709012269973755,
  "provenance": {
    "md5sum": "ba44d68bea389cf2bce34e27c85addbe",
    "settings": {
      "fd_thres": 0.2,
      "testing": false
    },
    "software": "mriqc",
    "version": "23.1.0"
  },
  "size_t": 292,
  "size_x": 78,
  "size_y": 78,
  "size_z": 56,
  "snr": 5.360496101080831,
  "spacing_tr": 1.0,
  "spacing_x": 2.5,
  "spacing_y": 2.5,
  "spacing_z": 2.5,
  "summary_bg_k": 15.886987449744755,
  "summary_bg_mad": 220.97991963935453,
  "summary_bg_mean": 785.020473412245,
  "summary_bg_median": 254.2563934326172,
  "summary_bg_n": 257586.0,
  "summary_bg_p05": 71.51410675048828,
  "summary_bg_p95": 3548.63330078125,
  "summary_bg_stdv": 1298.3600537456266,
  "summary_fg_k": 1.6350981786170573,
  "summary_fg_mad": 1900.3992341097346,
  "summary_fg_mean": 11064.160623091879,
  "summary_fg_median": 11074.60009765625,
  "summary_fg_n": 83118.0,
  "summary_fg_p05": 7657.734375,
  "summary_fg_p95": 14298.357421875,
  "summary_fg_stdv": 2065.9530888338704,
  "tsnr": 51.06930923461914
}