{
  "aor": 0.0015932210353327857,
  "aqi": 0.010030331980279375,
  "bids_meta": {
    "AcquisitionMatrixPE": 78,
    "AcquisitionNumber": 1,
    "AcquisitionTime": "13:43:0.480000",
    "BandwidthPerPixelPhaseEncode": 22.492,
    "BaseResolution": 78,
    "BodyPartExamined": "BRAIN",
    "ConsistencyInfo": "N4_VE11C_LATEST_20160120",
    "ConversionSoftware": "dcm2niix",
    "ConversionSoftwareVersion": "v1.0.20180328 GCC6.3.0",
    "DerivedVendorReportedEchoSpacing": 0.000570003,
    "DeviceSerialNumber": "66018",
    "DwellTime": 3e-06,
    "EchoTime": 0.03,
    "EchoTrainLength": 78,
    "EffectiveEchoSpacing": 0.000570003,
    "FlipAngle": 59,
    "ImageComments": "Unaliased_MB4_PE3_LB",
    "ImageOrientationPatientDICOM": [
      1,
      0,
      0,
      0,
      0.970296,
      -0.241922
    ],
    "ImageType": [
      "ORIGINAL",
      "PRIMARY",
      "M",
      "MB",
      "ND",
      "NORM",
      "MOSAIC"
    ],
    "InPlanePhaseEncodingDirectionDICOM": "COL",
    "InstitutionAddress": "Stadium_1952_Princeton_NJ_US_08544",
    "InstitutionName": "Princeton_University",
    "InstitutionalDepartmentName": "NeuroScience",
    "MRAcquisitionType": "2D",
    "MagneticFieldStrength": 3,
    "Manufacturer": "Siemens",
    "ManufacturersModelName": "Prisma",
    "Modality": "MR",
    "MultibandAccelerationFactor": 4,
    "PartialFourier": 1,
    "PatientPosition": "HFS",
    "PercentPhaseFOV": 100,
    "PhaseEncodingDirection": "j-",
    "PhaseEncodingSteps": 78,
    "PhaseResolution": 1,
    "PixelBandwidth": 2135,
    "ProcedureStepDescription": "Norman_Antony_ss",
    "ProtocolName": "func_task",
    "PulseSequenceDetails": "%CustomerSeq%_cmrr_mbep2d_bold",
    "ReceiveCoilActiveElements": "HC1-7",
    "ReceiveCoilName": "HeadNeck_64",
    "ReconMatrixPE": 78,
    "RepetitionTime": 1,
    "SAR": 0.0671371,
    "ScanOptions": "FS_EXT",
    "ScanningSequence": "EP",
    "SequenceName": "epfid2d1_78",
    "SequenceVariant": "SK_SS",
    "SeriesDescription": "func_task",
    "SeriesNumber": 6,
    "ShimSetting": [
      755,
      513,
      2081,
      499,
      -30,
      0,
      102,
      96
    ],
    "SliceThickness": 2.5,
    "SliceTiming": [
      0,
      0.21,
      0.42,
      0.63,
      0.84,
      0.07,
      0.28,
      0.49,
      0.7,
      0.91,
      0.14,
      0.35,
      0.56,
      0.77,
      0,
      0.21,
      0.42,
      0.63,
      0.84,
      0.07,
      0.28,
      0.49,
      0.7,
      0.91,
      0.14,
      0.35,
      0.56,
      0.77,
      0,
      0.21,
      0.42,
      0.63,
      0.84,
      0.07,
      0.28,
      0.49,
      0.7,
      0.91,
      0.14,
      0.35,
      0.56,
      0.77,
      0,
      0.21,
      0.42,
      0.63,
      0.84,
      0.07,
      0.28,
      0.49,
      0.7,
      0.91,
      0.14,
      0.35,
      0.56,
      0.77
    ],
    "SoftwareVersions": "syngo_MR_E11",
    "SpacingBetweenSlices": 2.5,
    "StationName": "AWP66018",
    "TotalReadoutTime": 0.0438902,
    "TxRefAmp": 219.306,
    "dataset": "ds003338",
    "modality": "bold",
    "run_id": 3,
    "session_id": "01",
    "subject_id": "02",
    "task_id": "view"
  },
  "dummy_trs": 2,
  "dvars_nstd": 28.833405188766402,
  "dvars_std": 1.2607589859046062,
  "dvars_vstd": 1.068214281332237,
  "efc": 0.5468897837324667,
  "fber": 1814.8255615234375,
  "fd_mean": 0.1298390670240917,
  "fd_num": 142,
  "fd_perc": 11.668036154478225,
  "fwhm_avg": 1.8090533333333332,
  "fwhm_x": 1.71356,
  "fwhm_y": 1.869464,
  "fwhm_z": 1.844136,
  "gcor": 0.0157318,
  "gsr_x": -0.005217726808041334,
  "gsr_y": 0.03784635290503502,
  "provenance": {
    "md5sum": "4c03dd7e72164453bc3d3a6b61eb4c3b",
    "settings": {
      "fd_thres": 0.2,
      "testing": false
    },
    "software": "mriqc",
    "version": "23.1.0"
  },
  "size_t": 1217,
  "size_x": 78,
  "size_y": 78,
  "size_z": 56,
  "snr": 5.342698047857292,
  "spacing_tr": 1.0,
  "spacing_x": 2.5,
  "spacing_y": 2.5,
  "spacing_z": 2.5,
  "summary_bg_k": 16.09873642749767,
  "summary_bg_mad": 231.34794363600437,
  "summary_bg_mean": 783.5743686207724,
  "summary_bg_median": 256.52325439453125,
  "summary_bg_n": 257265.0,
  "summary_bg_p05": 65.70761108398438,
  "summary_bg_p95": 3542.49755859375,
  "summary_bg_stdv": 1284.9066088235006,
  "summary_fg_k": 1.6433169551365907,
  "summary_fg_mad": 1861.7618094973905,
  "summary_fg_mean": 10917.861576095363,
  "summary_fg_median": 10928.087890625,
  "summary_fg_n": 83439.0,
  "summary_fg_p05": 7538.96875,
  "summary_fg_p95": 14107.78515625,
  "summary_fg_stdv": 2045.412693558412,
  "tsnr": 52.99559020996094
}