{
  "bids_meta": {
    "AcquisitionMatrixPE": 256,
    "AcquisitionNumber": 1,
    "AcquisitionTime": "12:21:33.942500",
    "BaseResolution": 256,
    "BodyPartExamined": "BRAIN",
    "ConsistencyInfo": "N4_VE11C_LATEST_20160120",
    "ConversionSoftware": "dcm2niix",
    "ConversionSoftwareVersion": "v1.0.20180328 GCC6.3.0",
    "DeviceSerialNumber": "66018",
    "DwellTime": 9.8e-06,
    "EchoTime": 0.0033,
    "FlipAngle": 7,
    "ImageOrientationPatientDICOM": [
      0,
      1,
      0,
      0,
      0,
      -1
    ],
    "ImageType": [
      "ORIGINAL",
      "PRIMARY",
      "M",
      "ND",
      "NORM"
    ],
    "InPlanePhaseEncodingDirectionDICOM": "ROW",
    "InstitutionAddress": "Stadium_1952_Princeton_NJ_US_08544",
    "InstitutionName": "Princeton_University",
    "InstitutionalDepartmentName": "NeuroScience",
    "InversionTime": 1.1,
    "MRAcquisitionType": "3D",
    "MagneticFieldStrength": 3,
    "Manufacturer": "Siemens",
    "ManufacturersModelName": "Prisma",
    "Modality": "MR",
    "ParallelReductionFactorInPlane": 2,
    "PartialFourier": 1,
    "PatientPosition": "HFS",
    "PercentPhaseFOV": 100,
    "PhaseEncodingSteps": 255,
    "PhaseResolution": 1,
    "PixelBandwidth": 200,
    "ProcedureStepDescription": "NormaL_Antony_ss",
    "ProtocolName": "anat_T1w",
    "PulseSequenceDetails": "%SiemensSeq%_tfl",
    "ReceiveCoilActiveElements": "HC1-7;NC1,2",
    "ReceiveCoilName": "HeadNeck_64",
    "ReconMatrixPE": 256,
    "RepetitionTime": 2.53,
    "SAR": 0.0517231,
    "ScanOptions": "IR",
    "ScanningSequence": "GR_IR",
    "SequenceName": "_tfl3d1_16ns",
    "SequenceVariant": "SK_SP_MP",
    "SeriesDescription": "anat_T1w",
    "SeriesNumber": 3,
    "ShimSetting": [
      771,
      487,
      2035,
      398,
      -51,
      -193,
      284,
      9
    ],
    "SliceThickness": 1,
    "SoftwareVersions": "syngo_MR_E11",
    "StationName": "AWP66018",
    "TxRefAmp": 280.772,
    "dataset": "ds003338",
    "modality": "T1w",
    "session_id": "01",
    "subject_id": "18"
  },
  "cjv": 0.46947072674910606,
  "cnr": 1.9982063218617891,
  "efc": 0.6071364279003826,
  "fber": 17352.573350694445,
  "fwhm_avg": 3.8348033333333333,
  "fwhm_x": 3.81855,
  "fwhm_y": 4.07862,
  "fwhm_z": 3.60724,
  "icvs_csf": 0.26904056893647116,
  "icvs_gm": 0.38755175977597756,
  "icvs_wm": 0.3434076712875511,
  "inu_med": 0.5701647698879242,
  "inu_range": 0.26279207319021214,
  "provenance": {
    "md5sum": "3fecdadb236b064f19d929c63645e79e",
    "settings": {
      "testing": false
    },
    "software": "mriqc",
    "version": "23.1.0",
    "warnings": {
      "large_rot_frame": true,
      "small_air_mask": false
    }
  },
  "qi_1": 0.0,
  "qi_2": 0.0005749614631749859,
  "rpve_csf": 5.766582280910918,
  "rpve_gm": 5.695380295822353,
  "rpve_wm": 5.807366070796182,
  "size_x": 176,
  "size_y": 256,
  "size_z": 256,
  "snr_csf": 1.9924278140004303,
  "snr_gm": 5.100567864336569,
  "snr_total": 5.703738350307425,
  "snr_wm": 10.018219372585277,
  "snrd_csf": 12.012425091250352,
  "snrd_gm": 19.693888224370717,
  "snrd_total": 20.396327574787925,
  "snrd_wm": 29.482669408742705,
  "spacing_x": 1.0,
  "spacing_y": 1.0,
  "spacing_z": 1.0,
  "summary_bg_k": 1246.837571036627,
  "summary_bg_mad": 0.0,
  "summary_bg_mean": 4.413448341437057,
  "summary_bg_median": 0.0,
  "summary_bg_n": 2636217.0,
  "summary_bg_p05": 0.0,
  "summary_bg_p95": 16.359812021255493,
  "summary_bg_stdv": 21.49861927707523,
  "summary_csf_k": -0.7215025500970191,
  "summary_csf_mad": 153.26909144420338,
  "summary_csf_mean": 397.2465055876603,
  "summary_csf_median": 394.1935658454895,
  "summary_csf_n": 527139.2581619595,
  "summary_csf_p05": 94.83497381210327,
  "summary_csf_p95": 701.2906086444855,
  "summary_csf_stdv": 197.84565803413247,
  "summary_gm_k": -0.36463397494883987,
  "summary_gm_mad": 84.04582432119969,
  "summary_gm_mean": 652.6493135332814,
  "summary_gm_median": 646.2645107507706,
  "summary_gm_n": 759341.7898098143,
  "summary_gm_p05": 449.55724716186523,
  "summary_gm_p95": 889.2466711997986,
  "summary_gm_stdv": 126.70434006510801,
  "summary_wm_k": -0.34849912061653,
  "summary_wm_mad": 66.75925761473214,
  "summary_wm_mean": 941.9699078015085,
  "summary_wm_median": 967.4881213903427,
  "summary_wm_n": 672848.9528744308,
  "summary_wm_p05": 738.8402724266052,
  "summary_wm_p95": 1056.3504654169083,
  "summary_wm_stdv": 96.57279067861334,
  "tpm_overlap_csf": 0.22683879402200346,
  "tpm_overlap_gm": 0.5333177281904024,
  "tpm_overlap_wm": 0.5397827257851346,
  "wm2max": 0.7647952376064867
}