{
  "aor": 0.0014859487179487178,
  "aqi": 0.014977194974358973,
  "bids_meta": {
    "AcquisitionMatrixPE": 78,
    "AcquisitionNumber": 1,
    "AcquisitionTime": "17:29:53.825000",
    "BandwidthPerPixelPhaseEncode": 22.492,
    "BaseResolution": 78,
    "BodyPartExamined": "BRAIN",
    "ConsistencyInfo": "N4_VE11C_LATEST_20160120",
    "ConversionSoftware": "dcm2niix",
    "ConversionSoftwareVersion": "v1.0.20180328 GCC6.3.0",
    "DerivedVendorReportedEchoSpacing": 0.000570003,
    "DeviceSerialNumber": "66018",
    "DwellTime": 3e-06,
    "EchoTime": 0.03,
    "EchoTrainLength": 78,
    "EffectiveEchoSpacing": 0.000570003,
    "FlipAngle": 59,
    "ImageComments": "Unaliased_MB4_PE3_LB",
    "ImageOrientationPatientDICOM": [
      1,
      0,
      0,
      0,
      0.913545,
      -0.406737
    ],
    "ImageType": [
      "ORIGINAL",
      "PRIMARY",
      "M",
      "MB",
      "ND",
      "NORM",
      "MOSAIC"
    ],
    "InPlanePhaseEncodingDirectionDICOM": "COL",
    "InstitutionAddress": "Stadium_1952_Princeton_NJ_US_08544",
    "InstitutionName": "Princeton_University",
    "InstitutionalDepartmentName": "NeuroScience",
    "MRAcquisitionType": "2D",
    "MagneticFieldStrength": 3,
    "Manufacturer": "Siemens",
    "ManufacturersModelName": "Prisma",
    "Modality": "MR",
    "MultibandAccelerationFactor": 4,
    "PartialFourier": 1,
    "PatientPosition": "HFS",
    "PercentPhaseFOV": 100,
    "PhaseEncodingDirection": "j-",
    "PhaseEncodingSteps": 78,
    "PhaseResolution": 1,
    "PixelBandwidth": 2135,
    "ProcedureStepDescription": "Norman_Antony_ss",
    "ProtocolName": "func_task-recall_run-3",
    "PulseSequenceDetails": "%CustomerSeq%_cmrr_mbep2d_bold",
    "ReceiveCoilActiveElements": "HC1-7",
    "ReceiveCoilName": "HeadNeck_64",
    "ReconMatrixPE": 78,
    "RepetitionTime": 1,
    "SAR": 0.0625096,
    "ScanOptions": "FS_EXT",
    "ScanningSequence": "EP",
    "SequenceName": "epfid2d1_78",
    "SequenceVariant": "SK_SS",
    "SeriesDescription": "func_task-recall_run-3",
    "SeriesNumber": 7,
    "ShimSetting": [
      769,
      582,
      2018,
      601,
      -120,
      154,
      203,
      27
    ],
    "SliceThickness": 2.5,
    "SliceTiming": [
      0,
      0.21,
      0.42,
      0.63,
      0.84,
      0.07,
      0.28,
      0.49,
      0.7,
      0.91,
      0.14,
      0.35,
      0.56,
      0.77,
      0,
      0.21,
      0.42,
      0.63,
      0.84,
      0.07,
      0.28,
      0.49,
      0.7,
      0.91,
      0.14,
      0.35,
      0.56,
      0.77,
      0,
      0.21,
      0.42,
      0.63,
      0.84,
      0.07,
      0.28,
      0.49,
      0.7,
      0.91,
      0.14,
      0.35,
      0.56,
      0.77,
      0,
      0.21,
      0.42,
      0.63,
      0.84,
      0.07,
      0.28,
      0.49,
      0.7,
      0.91,
      0.14,
      0.35,
      0.56,
      0.77
    ],
    "SoftwareVersions": "syngo_MR_E11",
    "SpacingBetweenSlices": 2.5,
    "StationName": "AWP66018",
    "TotalReadoutTime": 0.0438902,
    "TxRefAmp": 248.6,
    "dataset": "ds003338",
    "modality": "bold",
    "run_id": 3,
    "session_id": "01",
    "subject_id": "08",
    "task_id": "recall"
  },
  "dummy_trs": 0,
  "dvars_nstd": 35.90428183257732,
  "dvars_std": 1.234914631546392,
  "dvars_vstd": 1.0090036636597939,
  "efc": 0.5878025724158652,
  "fber": 1422.003662109375,
  "fd_mean": 0.20941561925461036,
  "fd_num": 89,
  "fd_perc": 45.64102564102564,
  "fwhm_avg": 1.7345253333333333,
  "fwhm_x": 1.6314800000000003,
  "fwhm_y": 1.827852,
  "fwhm_z": 1.7442440000000001,
  "gcor": 0.00899112,
  "gsr_x": -0.017895620316267014,
  "gsr_y": 0.057704776525497437,
  "provenance": {
    "md5sum": "71459b09976c5b164e4b8480c2be40b0",
    "settings": {
      "fd_thres": 0.2,
      "testing": false
    },
    "software": "mriqc",
    "version": "23.1.0"
  },
  "size_t": 195,
  "size_x": 78,
  "size_y": 78,
  "size_z": 56,
  "snr": 5.355117825173865,
  "spacing_tr": 1.0,
  "spacing_x": 2.5,
  "spacing_y": 2.5,
  "spacing_z": 2.5,
  "summary_bg_k": 8.92764927890811,
  "summary_bg_mad": 251.84434921443852,
  "summary_bg_mean": 889.9686301507699,
  "summary_bg_median": 270.98541259765625,
  "summary_bg_n": 246044.0,
  "summary_bg_p05": 82.34439849853516,
  "summary_bg_p95": 3868.49267578125,
  "summary_bg_stdv": 1327.4011645348567,
  "summary_fg_k": 1.9480235512154103,
  "summary_fg_mad": 1675.5917095333134,
  "summary_fg_mean": 10252.63763800161,
  "summary_fg_median": 10218.71435546875,
  "summary_fg_n": 94660.0,
  "summary_fg_p05": 7154.005615234375,
  "summary_fg_p95": 13238.8115234375,
  "summary_fg_stdv": 1908.2045835490926,
  "tsnr": 45.72927284240723
}