{
  "aor": 0.0003761762261014132,
  "aqi": 0.015244001961762262,
  "bids_meta": {
    "AcquisitionMatrixPE": 78,
    "AcquisitionNumber": 1,
    "AcquisitionTime": "16:17:1.137500",
    "BandwidthPerPixelPhaseEncode": 22.492,
    "BaseResolution": 78,
    "BodyPartExamined": "BRAIN",
    "ConsistencyInfo": "N4_VE11C_LATEST_20160120",
    "ConversionSoftware": "dcm2niix",
    "ConversionSoftwareVersion": "v1.0.20180328 GCC6.3.0",
    "DerivedVendorReportedEchoSpacing": 0.000570003,
    "DeviceSerialNumber": "66018",
    "DwellTime": 3e-06,
    "EchoTime": 0.03,
    "EchoTrainLength": 78,
    "EffectiveEchoSpacing": 0.000570003,
    "FlipAngle": 59,
    "ImageComments": "Unaliased_MB4_PE3_LB",
    "ImageOrientationPatientDICOM": [
      1,
      0,
      0,
      0,
      0.913545,
      -0.406737
    ],
    "ImageType": [
      "ORIGINAL",
      "PRIMARY",
      "M",
      "MB",
      "ND",
      "NORM",
      "MOSAIC"
    ],
    "InPlanePhaseEncodingDirectionDICOM": "COL",
    "InstitutionAddress": "Stadium_1952_Princeton_NJ_US_08544",
    "InstitutionName": "Princeton_University",
    "InstitutionalDepartmentName": "NeuroScience",
    "MRAcquisitionType": "2D",
    "MagneticFieldStrength": 3,
    "Manufacturer": "Siemens",
    "ManufacturersModelName": "Prisma",
    "Modality": "MR",
    "MultibandAccelerationFactor": 4,
    "PartialFourier": 1,
    "PatientPosition": "HFS",
    "PercentPhaseFOV": 100,
    "PhaseEncodingDirection": "j-",
    "PhaseEncodingSteps": 78,
    "PhaseResolution": 1,
    "PixelBandwidth": 2135,
    "ProcedureStepDescription": "Norman_Antony_ss",
    "ProtocolName": "func_task-view_run-1",
    "PulseSequenceDetails": "%CustomerSeq%_cmrr_mbep2d_bold",
    "ReceiveCoilActiveElements": "HC1-7",
    "ReceiveCoilName": "HeadNeck_64",
    "ReconMatrixPE": 78,
    "RepetitionTime": 1,
    "SAR": 0.0625096,
    "ScanOptions": "FS_EXT",
    "ScanningSequence": "EP",
    "SequenceName": "epfid2d1_78",
    "SequenceVariant": "SK_SS",
    "SeriesDescription": "func_task-view_run-1",
    "SeriesNumber": 2,
    "ShimSetting": [
      769,
      582,
      2018,
      601,
      -120,
      154,
      203,
      27
    ],
    "SliceThickness": 2.5,
    "SliceTiming": [
      0,
      0.21,
      0.42,
      0.63,
      0.84,
      0.07,
      0.28,
      0.49,
      0.7,
      0.91,
      0.14,
      0.35,
      0.56,
      0.77,
      0,
      0.21,
      0.42,
      0.63,
      0.84,
      0.07,
      0.28,
      0.49,
      0.7,
      0.91,
      0.14,
      0.35,
      0.56,
      0.77,
      0,
      0.21,
      0.42,
      0.63,
      0.84,
      0.07,
      0.28,
      0.49,
      0.7,
      0.91,
      0.14,
      0.35,
      0.56,
      0.77,
      0,
      0.21,
      0.42,
      0.63,
      0.84,
      0.07,
      0.28,
      0.49,
      0.7,
      0.91,
      0.14,
      0.35,
      0.56,
      0.77
    ],
    "SoftwareVersions": "syngo_MR_E11",
    "SpacingBetweenSlices": 2.5,
    "StationName": "AWP66018",
    "TotalReadoutTime": 0.0438902,
    "TxRefAmp": 248.6,
    "dataset": "ds003338",
    "modality": "bold",
    "run_id": 1,
    "session_id": "01",
    "subject_id": "08",
    "task_id": "view"
  },
  "dummy_trs": 0,
  "dvars_nstd": 27.71892389566556,
  "dvars_std": 1.1138505759650588,
  "dvars_vstd": 0.9656189357321121,
  "efc": 0.582701151863592,
  "fber": 1532.720458984375,
  "fd_mean": 0.13789985740398059,
  "fd_num": 168,
  "fd_perc": 13.965087281795512,
  "fwhm_avg": 1.7268053333333333,
  "fwhm_x": 1.620748,
  "fwhm_y": 1.8160399999999999,
  "fwhm_z": 1.743628,
  "gcor": 0.0207162,
  "gsr_x": -0.018805241212248802,
  "gsr_y": 0.05757138133049011,
  "provenance": {
    "md5sum": "f05304bf503256181069b725ff0b2492",
    "settings": {
      "fd_thres": 0.2,
      "testing": false
    },
    "software": "mriqc",
    "version": "23.1.0"
  },
  "size_t": 1203,
  "size_x": 78,
  "size_y": 78,
  "size_z": 56,
  "snr": 5.430451232203667,
  "spacing_tr": 1.0,
  "spacing_x": 2.5,
  "spacing_y": 2.5,
  "spacing_z": 2.5,
  "summary_bg_k": 9.91691833684142,
  "summary_bg_mad": 238.70066519434786,
  "summary_bg_mean": 850.0344946382633,
  "summary_bg_median": 264.3871765136719,
  "summary_bg_n": 246105.0,
  "summary_bg_p05": 84.73763275146484,
  "summary_bg_p95": 3733.603515625,
  "summary_bg_stdv": 1284.924447899197,
  "summary_fg_k": 1.861939337563535,
  "summary_fg_mad": 1657.2206174927778,
  "summary_fg_mean": 10374.244721227416,
  "summary_fg_median": 10350.7509765625,
  "summary_fg_n": 94599.0,
  "summary_fg_p05": 7270.8515625,
  "summary_fg_p95": 13349.1123046875,
  "summary_fg_stdv": 1906.0471819490363,
  "tsnr": 46.82197570800781
}