{
  "aor": 0.0010383781581092095,
  "aqi": 0.01359289356968215,
  "bids_meta": {
    "AcquisitionMatrixPE": 78,
    "AcquisitionNumber": 1,
    "AcquisitionTime": "16:42:43.300000",
    "BandwidthPerPixelPhaseEncode": 22.492,
    "BaseResolution": 78,
    "BodyPartExamined": "BRAIN",
    "ConsistencyInfo": "N4_VE11C_LATEST_20160120",
    "ConversionSoftware": "dcm2niix",
    "ConversionSoftwareVersion": "v1.0.20180328 GCC6.3.0",
    "DerivedVendorReportedEchoSpacing": 0.000570003,
    "DeviceSerialNumber": "66018",
    "DwellTime": 3e-06,
    "EchoTime": 0.03,
    "EchoTrainLength": 78,
    "EffectiveEchoSpacing": 0.000570003,
    "FlipAngle": 59,
    "ImageComments": "Unaliased_MB4_PE3_LB",
    "ImageOrientationPatientDICOM": [
      1,
      0,
      0,
      0,
      0.913545,
      -0.406737
    ],
    "ImageType": [
      "ORIGINAL",
      "PRIMARY",
      "M",
      "MB",
      "ND",
      "NORM",
      "MOSAIC"
    ],
    "InPlanePhaseEncodingDirectionDICOM": "COL",
    "InstitutionAddress": "Stadium_1952_Princeton_NJ_US_08544",
    "InstitutionName": "Princeton_University",
    "InstitutionalDepartmentName": "NeuroScience",
    "MRAcquisitionType": "2D",
    "MagneticFieldStrength": 3,
    "Manufacturer": "Siemens",
    "ManufacturersModelName": "Prisma",
    "Modality": "MR",
    "MultibandAccelerationFactor": 4,
    "PartialFourier": 1,
    "PatientPosition": "HFS",
    "PercentPhaseFOV": 100,
    "PhaseEncodingDirection": "j-",
    "PhaseEncodingSteps": 78,
    "PhaseResolution": 1,
    "PixelBandwidth": 2135,
    "ProcedureStepDescription": "Norman_Antony_ss",
    "ProtocolName": "func_task-view_run-2",
    "PulseSequenceDetails": "%CustomerSeq%_cmrr_mbep2d_bold",
    "ReceiveCoilActiveElements": "HC1-7",
    "ReceiveCoilName": "HeadNeck_64",
    "ReconMatrixPE": 78,
    "RepetitionTime": 1,
    "SAR": 0.0625096,
    "ScanOptions": "FS_EXT",
    "ScanningSequence": "EP",
    "SequenceName": "epfid2d1_78",
    "SequenceVariant": "SK_SS",
    "SeriesDescription": "func_task-view_run-2",
    "SeriesNumber": 4,
    "ShimSetting": [
      769,
      582,
      2018,
      601,
      -120,
      154,
      203,
      27
    ],
    "SliceThickness": 2.5,
    "SliceTiming": [
      0,
      0.21,
      0.42,
      0.63,
      0.84,
      0.07,
      0.28,
      0.49,
      0.7,
      0.91,
      0.14,
      0.35,
      0.56,
      0.77,
      0,
      0.21,
      0.42,
      0.63,
      0.84,
      0.07,
      0.28,
      0.49,
      0.7,
      0.91,
      0.14,
      0.35,
      0.56,
      0.77,
      0,
      0.21,
      0.42,
      0.63,
      0.84,
      0.07,
      0.28,
      0.49,
      0.7,
      0.91,
      0.14,
      0.35,
      0.56,
      0.77,
      0,
      0.21,
      0.42,
      0.63,
      0.84,
      0.07,
      0.28,
      0.49,
      0.7,
      0.91,
      0.14,
      0.35,
      0.56,
      0.77
    ],
    "SoftwareVersions": "syngo_MR_E11",
    "SpacingBetweenSlices": 2.5,
    "StationName": "AWP66018",
    "TotalReadoutTime": 0.0438902,
    "TxRefAmp": 248.6,
    "dataset": "ds003338",
    "modality": "bold",
    "run_id": 2,
    "session_id": "01",
    "subject_id": "08",
    "task_id": "view"
  },
  "dummy_trs": 1,
  "dvars_nstd": 27.471153057096245,
  "dvars_std": 1.1461346717618264,
  "dvars_vstd": 1.0012712767944538,
  "efc": 0.5849581618961803,
  "fber": 1461.1064453125,
  "fd_mean": 0.12425468943010519,
  "fd_num": 89,
  "fd_perc": 7.253463732681337,
  "fwhm_avg": 1.7302773333333334,
  "fwhm_x": 1.6240960000000002,
  "fwhm_y": 1.815516,
  "fwhm_z": 1.75122,
  "gcor": 0.0102754,
  "gsr_x": -0.018055474385619164,
  "gsr_y": 0.057554252445697784,
  "provenance": {
    "md5sum": "b48d4043272f595f7d20bf323edc66bb",
    "settings": {
      "fd_thres": 0.2,
      "testing": false
    },
    "software": "mriqc",
    "version": "23.1.0"
  },
  "size_t": 1227,
  "size_x": 78,
  "size_y": 78,
  "size_z": 56,
  "snr": 5.413691993011744,
  "spacing_tr": 1.0,
  "spacing_x": 2.5,
  "spacing_y": 2.5,
  "spacing_z": 2.5,
  "summary_bg_k": 9.837121412963619,
  "summary_bg_mad": 246.73808583022569,
  "summary_bg_mean": 863.4937802994585,
  "summary_bg_median": 268.7323303222656,
  "summary_bg_n": 246109.0,
  "summary_bg_p05": 83.15987396240234,
  "summary_bg_p95": 3767.2548828125,
  "summary_bg_stdv": 1288.6222598435502,
  "summary_fg_k": 1.8753631627821639,
  "summary_fg_mad": 1664.9492606982299,
  "summary_fg_mean": 10298.166943093542,
  "summary_fg_median": 10272.1376953125,
  "summary_fg_n": 94595.0,
  "summary_fg_p05": 7263.44091796875,
  "summary_fg_p95": 13267.697265625,
  "summary_fg_stdv": 1897.4266384338894,
  "tsnr": 48.43150329589844
}