{
  "aor": 0.000953594470046083,
  "aqi": 0.012575197649769583,
  "bids_meta": {
    "AcquisitionMatrixPE": 78,
    "AcquisitionNumber": 1,
    "AcquisitionTime": "17:03:53.422500",
    "BandwidthPerPixelPhaseEncode": 22.492,
    "BaseResolution": 78,
    "BodyPartExamined": "BRAIN",
    "ConsistencyInfo": "N4_VE11C_LATEST_20160120",
    "ConversionSoftware": "dcm2niix",
    "ConversionSoftwareVersion": "v1.0.20180328 GCC6.3.0",
    "DerivedVendorReportedEchoSpacing": 0.000570003,
    "DeviceSerialNumber": "66018",
    "DwellTime": 3e-06,
    "EchoTime": 0.03,
    "EchoTrainLength": 78,
    "EffectiveEchoSpacing": 0.000570003,
    "FlipAngle": 59,
    "ImageComments": "Unaliased_MB4_PE3_LB",
    "ImageOrientationPatientDICOM": [
      1,
      0,
      0,
      0,
      0.913545,
      -0.406737
    ],
    "ImageType": [
      "ORIGINAL",
      "PRIMARY",
      "M",
      "MB",
      "ND",
      "NORM",
      "MOSAIC"
    ],
    "InPlanePhaseEncodingDirectionDICOM": "COL",
    "InstitutionAddress": "Stadium_1952_Princeton_NJ_US_08544",
    "InstitutionName": "Princeton_University",
    "InstitutionalDepartmentName": "NeuroScience",
    "MRAcquisitionType": "2D",
    "MagneticFieldStrength": 3,
    "Manufacturer": "Siemens",
    "ManufacturersModelName": "Prisma",
    "Modality": "MR",
    "MultibandAccelerationFactor": 4,
    "PartialFourier": 1,
    "PatientPosition": "HFS",
    "PercentPhaseFOV": 100,
    "PhaseEncodingDirection": "j-",
    "PhaseEncodingSteps": 78,
    "PhaseResolution": 1,
    "PixelBandwidth": 2135,
    "ProcedureStepDescription": "Norman_Antony_ss",
    "ProtocolName": "func_task-recall_run-2",
    "PulseSequenceDetails": "%CustomerSeq%_cmrr_mbep2d_bold",
    "ReceiveCoilActiveElements": "HC1-7",
    "ReceiveCoilName": "HeadNeck_64",
    "ReconMatrixPE": 78,
    "RepetitionTime": 1,
    "SAR": 0.0625096,
    "ScanOptions": "FS_EXT",
    "ScanningSequence": "EP",
    "SequenceName": "epfid2d1_78",
    "SequenceVariant": "SK_SS",
    "SeriesDescription": "func_task-recall_run-2",
    "SeriesNumber": 5,
    "ShimSetting": [
      769,
      582,
      2018,
      601,
      -120,
      154,
      203,
      27
    ],
    "SliceThickness": 2.5,
    "SliceTiming": [
      0,
      0.21,
      0.42,
      0.63,
      0.84,
      0.07,
      0.28,
      0.49,
      0.7,
      0.91,
      0.14,
      0.35,
      0.56,
      0.77,
      0,
      0.21,
      0.42,
      0.63,
      0.84,
      0.07,
      0.28,
      0.49,
      0.7,
      0.91,
      0.14,
      0.35,
      0.56,
      0.77,
      0,
      0.21,
      0.42,
      0.63,
      0.84,
      0.07,
      0.28,
      0.49,
      0.7,
      0.91,
      0.14,
      0.35,
      0.56,
      0.77,
      0,
      0.21,
      0.42,
      0.63,
      0.84,
      0.07,
      0.28,
      0.49,
      0.7,
      0.91,
      0.14,
      0.35,
      0.56,
      0.77
    ],
    "SoftwareVersions": "syngo_MR_E11",
    "SpacingBetweenSlices": 2.5,
    "StationName": "AWP66018",
    "TotalReadoutTime": 0.0438902,
    "TxRefAmp": 248.6,
    "dataset": "ds003338",
    "modality": "bold",
    "run_id": 2,
    "session_id": "01",
    "subject_id": "08",
    "task_id": "recall"
  },
  "dummy_trs": 0,
  "dvars_nstd": 34.06655680694446,
  "dvars_std": 1.2190137355092603,
  "dvars_vstd": 1.0016806129166662,
  "efc": 0.58707746607953,
  "fber": 1411.66845703125,
  "fd_mean": 0.16339864592785386,
  "fd_num": 50,
  "fd_perc": 23.04147465437788,
  "fwhm_avg": 1.7341373333333332,
  "fwhm_x": 1.6233039999999999,
  "fwhm_y": 1.81632,
  "fwhm_z": 1.762788,
  "gcor": 0.0109796,
  "gsr_x": -0.01877082698047161,
  "gsr_y": 0.05668114498257637,
  "provenance": {
    "md5sum": "92e6ae7f7bcac66311bff28eb9039ebb",
    "settings": {
      "fd_thres": 0.2,
      "testing": false
    },
    "software": "mriqc",
    "version": "23.1.0"
  },
  "size_t": 217,
  "size_x": 78,
  "size_y": 78,
  "size_z": 56,
  "snr": 5.371894899643762,
  "spacing_tr": 1.0,
  "spacing_x": 2.5,
  "spacing_y": 2.5,
  "spacing_z": 2.5,
  "summary_bg_k": 9.134390085771857,
  "summary_bg_mad": 253.21507079830639,
  "summary_bg_mean": 890.9243110505089,
  "summary_bg_median": 273.9413604736328,
  "summary_bg_n": 246204.0,
  "summary_bg_p05": 84.07600402832031,
  "summary_bg_p95": 3878.758544921875,
  "summary_bg_stdv": 1329.9575211564265,
  "summary_fg_k": 1.9865468603382146,
  "summary_fg_mad": 1688.0085031132976,
  "summary_fg_mean": 10321.929453110144,
  "summary_fg_median": 10292.57373046875,
  "summary_fg_n": 94500.0,
  "summary_fg_p05": 7237.10546875,
  "summary_fg_p95": 13328.53173828125,
  "summary_fg_stdv": 1915.9941630550447,
  "tsnr": 49.65835762023926
}