{
  "aor": 0.0021040839694656485,
  "aqi": 0.02495086717557252,
  "bids_meta": {
    "AcquisitionMatrixPE": 78,
    "AcquisitionNumber": 1,
    "AcquisitionTime": "16:40:15.767500",
    "BandwidthPerPixelPhaseEncode": 22.492,
    "BaseResolution": 78,
    "BodyPartExamined": "BRAIN",
    "ConsistencyInfo": "N4_VE11C_LATEST_20160120",
    "ConversionSoftware": "dcm2niix",
    "ConversionSoftwareVersion": "v1.0.20180328 GCC6.3.0",
    "DerivedVendorReportedEchoSpacing": 0.000570003,
    "DeviceSerialNumber": "66018",
    "DwellTime": 3e-06,
    "EchoTime": 0.03,
    "EchoTrainLength": 78,
    "EffectiveEchoSpacing": 0.000570003,
    "FlipAngle": 59,
    "ImageComments": "Unaliased_MB4_PE3_LB",
    "ImageOrientationPatientDICOM": [
      1,
      0,
      0,
      0,
      0.984808,
      -0.173648
    ],
    "ImageType": [
      "ORIGINAL",
      "PRIMARY",
      "M",
      "MB",
      "ND",
      "NORM",
      "MOSAIC"
    ],
    "InPlanePhaseEncodingDirectionDICOM": "COL",
    "InstitutionAddress": "Stadium_1952_Princeton_NJ_US_08544",
    "InstitutionName": "Princeton_University",
    "InstitutionalDepartmentName": "NeuroScience",
    "MRAcquisitionType": "2D",
    "MagneticFieldStrength": 3,
    "Manufacturer": "Siemens",
    "ManufacturersModelName": "Prisma",
    "Modality": "MR",
    "MultibandAccelerationFactor": 4,
    "PartialFourier": 1,
    "PatientPosition": "HFS",
    "PercentPhaseFOV": 100,
    "PhaseEncodingDirection": "j-",
    "PhaseEncodingSteps": 78,
    "PhaseResolution": 1,
    "PixelBandwidth": 2135,
    "ProcedureStepDescription": "NormaL_Antony_ss",
    "ProtocolName": "func_task-recall_run-3",
    "PulseSequenceDetails": "%CustomerSeq%_cmrr_mbep2d_bold",
    "ReceiveCoilActiveElements": "HC1-7",
    "ReceiveCoilName": "HeadNeck_64",
    "ReconMatrixPE": 78,
    "RepetitionTime": 1,
    "SAR": 0.0650879,
    "ScanOptions": "FS_EXT",
    "ScanningSequence": "EP",
    "SequenceName": "epfid2d1_78",
    "SequenceVariant": "SK_SS",
    "SeriesDescription": "func_task-recall_run-3",
    "SeriesNumber": 11,
    "ShimSetting": [
      765,
      499,
      2090,
      600,
      -74,
      -78,
      123,
      11
    ],
    "SliceThickness": 2.5,
    "SliceTiming": [
      0,
      0.21,
      0.42,
      0.63,
      0.84,
      0.07,
      0.28,
      0.49,
      0.7,
      0.91,
      0.14,
      0.35,
      0.56,
      0.77,
      0,
      0.21,
      0.42,
      0.63,
      0.84,
      0.07,
      0.28,
      0.49,
      0.7,
      0.91,
      0.14,
      0.35,
      0.56,
      0.77,
      0,
      0.21,
      0.42,
      0.63,
      0.84,
      0.07,
      0.28,
      0.49,
      0.7,
      0.91,
      0.14,
      0.35,
      0.56,
      0.77,
      0,
      0.21,
      0.42,
      0.63,
      0.84,
      0.07,
      0.28,
      0.49,
      0.7,
      0.91,
      0.14,
      0.35,
      0.56,
      0.77
    ],
    "SoftwareVersions": "syngo_MR_E11",
    "SpacingBetweenSlices": 2.5,
    "StationName": "AWP66018",
    "TotalReadoutTime": 0.0438902,
    "TxRefAmp": 247.895,
    "dataset": "ds003338",
    "modality": "bold",
    "run_id": 3,
    "session_id": "01",
    "subject_id": "17",
    "task_id": "recall"
  },
  "dummy_trs": 0,
  "dvars_nstd": 44.77491317394636,
  "dvars_std": 1.222533923409962,
  "dvars_vstd": 1.0203139761685822,
  "efc": 0.5815288462743639,
  "fber": 1310.771728515625,
  "fd_mean": 0.4701642341918799,
  "fd_num": 242,
  "fd_perc": 92.36641221374046,
  "fwhm_avg": 1.8101306666666668,
  "fwhm_x": 1.7310320000000001,
  "fwhm_y": 1.9385280000000003,
  "fwhm_z": 1.760832,
  "gcor": 0.0182577,
  "gsr_x": -0.00988421868532896,
  "gsr_y": 0.05197516456246376,
  "provenance": {
    "md5sum": "1241d7303b9ebbda3378fa80d7d6f846",
    "settings": {
      "fd_thres": 0.2,
      "testing": false
    },
    "software": "mriqc",
    "version": "23.1.0"
  },
  "size_t": 262,
  "size_x": 78,
  "size_y": 78,
  "size_z": 56,
  "snr": 5.900896056278694,
  "spacing_tr": 1.0,
  "spacing_x": 2.5,
  "spacing_y": 2.5,
  "spacing_z": 2.5,
  "summary_bg_k": 8.489420403636506,
  "summary_bg_mad": 270.9564030235091,
  "summary_bg_mean": 824.1605691528113,
  "summary_bg_median": 289.9539337158203,
  "summary_bg_n": 246460.0,
  "summary_bg_p05": 86.25592422485352,
  "summary_bg_p95": 3607.1724853515625,
  "summary_bg_stdv": 1206.5224631434928,
  "summary_fg_k": 2.5565173627251108,
  "summary_fg_mad": 1462.7311500018127,
  "summary_fg_mean": 10413.355995133212,
  "summary_fg_median": 10497.66064453125,
  "summary_fg_n": 94244.0,
  "summary_fg_p05": 7205.53515625,
  "summary_fg_p95": 13065.5673828125,
  "summary_fg_stdv": 1778.9848948721776,
  "tsnr": 37.60305595397949
}