{
  "aor": 0.00020299465240641713,
  "aqi": 0.028676836363636368,
  "bids_meta": {
    "AcquisitionMatrixPE": 78,
    "AcquisitionNumber": 1,
    "AcquisitionTime": "15:34:58.912500",
    "BandwidthPerPixelPhaseEncode": 22.492,
    "BaseResolution": 78,
    "BodyPartExamined": "BRAIN",
    "ConsistencyInfo": "N4_VE11C_LATEST_20160120",
    "ConversionSoftware": "dcm2niix",
    "ConversionSoftwareVersion": "v1.0.20180328 GCC6.3.0",
    "DerivedVendorReportedEchoSpacing": 0.000570003,
    "DeviceSerialNumber": "66018",
    "DwellTime": 3e-06,
    "EchoTime": 0.03,
    "EchoTrainLength": 78,
    "EffectiveEchoSpacing": 0.000570003,
    "FlipAngle": 59,
    "ImageComments": "Unaliased_MB4_PE3_LB",
    "ImageOrientationPatientDICOM": [
      1,
      0,
      0,
      0,
      0.984808,
      -0.173648
    ],
    "ImageType": [
      "ORIGINAL",
      "PRIMARY",
      "M",
      "MB",
      "ND",
      "NORM",
      "MOSAIC"
    ],
    "InPlanePhaseEncodingDirectionDICOM": "COL",
    "InstitutionAddress": "Stadium_1952_Princeton_NJ_US_08544",
    "InstitutionName": "Princeton_University",
    "InstitutionalDepartmentName": "NeuroScience",
    "MRAcquisitionType": "2D",
    "MagneticFieldStrength": 3,
    "Manufacturer": "Siemens",
    "ManufacturersModelName": "Prisma",
    "Modality": "MR",
    "MultibandAccelerationFactor": 4,
    "PartialFourier": 1,
    "PatientPosition": "HFS",
    "PercentPhaseFOV": 100,
    "PhaseEncodingDirection": "j-",
    "PhaseEncodingSteps": 78,
    "PhaseResolution": 1,
    "PixelBandwidth": 2135,
    "ProcedureStepDescription": "NormaL_Antony_ss",
    "ProtocolName": "func_task-recall_run-1",
    "PulseSequenceDetails": "%CustomerSeq%_cmrr_mbep2d_bold",
    "ReceiveCoilActiveElements": "HC1-7",
    "ReceiveCoilName": "HeadNeck_64",
    "ReconMatrixPE": 78,
    "RepetitionTime": 1,
    "SAR": 0.0650879,
    "ScanOptions": "FS_EXT",
    "ScanningSequence": "EP",
    "SequenceName": "epfid2d1_78",
    "SequenceVariant": "SK_SS",
    "SeriesDescription": "func_task-recall_run-1",
    "SeriesNumber": 7,
    "ShimSetting": [
      765,
      499,
      2090,
      600,
      -74,
      -78,
      123,
      11
    ],
    "SliceThickness": 2.5,
    "SliceTiming": [
      0,
      0.21,
      0.42,
      0.63,
      0.84,
      0.07,
      0.28,
      0.49,
      0.7,
      0.91,
      0.14,
      0.35,
      0.56,
      0.77,
      0,
      0.21,
      0.42,
      0.63,
      0.84,
      0.07,
      0.28,
      0.49,
      0.7,
      0.91,
      0.14,
      0.35,
      0.56,
      0.77,
      0,
      0.21,
      0.42,
      0.63,
      0.84,
      0.07,
      0.28,
      0.49,
      0.7,
      0.91,
      0.14,
      0.35,
      0.56,
      0.77,
      0,
      0.21,
      0.42,
      0.63,
      0.84,
      0.07,
      0.28,
      0.49,
      0.7,
      0.91,
      0.14,
      0.35,
      0.56,
      0.77
    ],
    "SoftwareVersions": "syngo_MR_E11",
    "SpacingBetweenSlices": 2.5,
    "StationName": "AWP66018",
    "TotalReadoutTime": 0.0438902,
    "TxRefAmp": 247.895,
    "dataset": "ds003338",
    "modality": "bold",
    "run_id": 1,
    "session_id": "01",
    "subject_id": "17",
    "task_id": "recall"
  },
  "dummy_trs": 0,
  "dvars_nstd": 40.05809971935715,
  "dvars_std": 1.2069855691964284,
  "dvars_vstd": 0.9566895180892853,
  "efc": 0.5808411050444744,
  "fber": 1274.14794921875,
  "fd_mean": 0.2965642992182652,
  "fd_num": 415,
  "fd_perc": 73.97504456327985,
  "fwhm_avg": 1.8326760000000002,
  "fwhm_x": 1.7305920000000001,
  "fwhm_y": 1.9541920000000002,
  "fwhm_z": 1.8132439999999999,
  "gcor": 0.0192376,
  "gsr_x": -0.010935742408037186,
  "gsr_y": 0.04970380291342735,
  "provenance": {
    "md5sum": "61c928b66709f55700afc7bb650169ef",
    "settings": {
      "fd_thres": 0.2,
      "testing": false
    },
    "software": "mriqc",
    "version": "23.1.0"
  },
  "size_t": 561,
  "size_x": 78,
  "size_y": 78,
  "size_z": 56,
  "snr": 5.943566523470087,
  "spacing_tr": 1.0,
  "spacing_x": 2.5,
  "spacing_y": 2.5,
  "spacing_z": 2.5,
  "summary_bg_k": 8.470048926870266,
  "summary_bg_mad": 275.2180926067046,
  "summary_bg_mean": 819.1549937040936,
  "summary_bg_median": 295.6837158203125,
  "summary_bg_n": 246333.0,
  "summary_bg_p05": 87.3337631225586,
  "summary_bg_p95": 3625.150390625,
  "summary_bg_stdv": 1204.0557699092808,
  "summary_fg_k": 2.446022135006994,
  "summary_fg_mad": 1448.9034229629087,
  "summary_fg_mean": 10465.373129820686,
  "summary_fg_median": 10554.4921875,
  "summary_fg_n": 94371.0,
  "summary_fg_p05": 7233.6396484375,
  "summary_fg_p95": 13101.25390625,
  "summary_fg_stdv": 1775.7749030762482,
  "tsnr": 37.673824310302734
}