{
  "aor": 0.0007353864541832669,
  "aqi": 0.015384216342629481,
  "bids_meta": {
    "AcquisitionMatrixPE": 78,
    "AcquisitionNumber": 1,
    "AcquisitionTime": "17:08:24.992500",
    "BandwidthPerPixelPhaseEncode": 22.492,
    "BaseResolution": 78,
    "BodyPartExamined": "BRAIN",
    "ConsistencyInfo": "N4_VE11C_LATEST_20160120",
    "ConversionSoftware": "dcm2niix",
    "ConversionSoftwareVersion": "v1.0.20180328 GCC6.3.0",
    "DerivedVendorReportedEchoSpacing": 0.000570003,
    "DeviceSerialNumber": "66018",
    "DwellTime": 3e-06,
    "EchoTime": 0.03,
    "EchoTrainLength": 78,
    "EffectiveEchoSpacing": 0.000570003,
    "FlipAngle": 59,
    "ImageComments": "Unaliased_MB4_PE3_LB",
    "ImageOrientationPatientDICOM": [
      1,
      0,
      0,
      0,
      0.913545,
      -0.406737
    ],
    "ImageType": [
      "ORIGINAL",
      "PRIMARY",
      "M",
      "MB",
      "ND",
      "NORM",
      "MOSAIC"
    ],
    "InPlanePhaseEncodingDirectionDICOM": "COL",
    "InstitutionAddress": "Stadium_1952_Princeton_NJ_US_08544",
    "InstitutionName": "Princeton_University",
    "InstitutionalDepartmentName": "NeuroScience",
    "MRAcquisitionType": "2D",
    "MagneticFieldStrength": 3,
    "Manufacturer": "Siemens",
    "ManufacturersModelName": "Prisma",
    "Modality": "MR",
    "MultibandAccelerationFactor": 4,
    "PartialFourier": 1,
    "PatientPosition": "HFS",
    "PercentPhaseFOV": 100,
    "PhaseEncodingDirection": "j-",
    "PhaseEncodingSteps": 78,
    "PhaseResolution": 1,
    "PixelBandwidth": 2135,
    "ProcedureStepDescription": "Norman_Antony_ss",
    "ProtocolName": "func_task-view_run-3",
    "PulseSequenceDetails": "%CustomerSeq%_cmrr_mbep2d_bold",
    "ReceiveCoilActiveElements": "HC1-7",
    "ReceiveCoilName": "HeadNeck_64",
    "ReconMatrixPE": 78,
    "RepetitionTime": 1,
    "SAR": 0.0625096,
    "ScanOptions": "FS_EXT",
    "ScanningSequence": "EP",
    "SequenceName": "epfid2d1_78",
    "SequenceVariant": "SK_SS",
    "SeriesDescription": "func_task-view_run-3",
    "SeriesNumber": 6,
    "ShimSetting": [
      769,
      582,
      2018,
      601,
      -120,
      154,
      203,
      27
    ],
    "SliceThickness": 2.5,
    "SliceTiming": [
      0,
      0.21,
      0.42,
      0.63,
      0.84,
      0.07,
      0.28,
      0.49,
      0.7,
      0.91,
      0.14,
      0.35,
      0.56,
      0.77,
      0,
      0.21,
      0.42,
      0.63,
      0.84,
      0.07,
      0.28,
      0.49,
      0.7,
      0.91,
      0.14,
      0.35,
      0.56,
      0.77,
      0,
      0.21,
      0.42,
      0.63,
      0.84,
      0.07,
      0.28,
      0.49,
      0.7,
      0.91,
      0.14,
      0.35,
      0.56,
      0.77,
      0,
      0.21,
      0.42,
      0.63,
      0.84,
      0.07,
      0.28,
      0.49,
      0.7,
      0.91,
      0.14,
      0.35,
      0.56,
      0.77
    ],
    "SoftwareVersions": "syngo_MR_E11",
    "SpacingBetweenSlices": 2.5,
    "StationName": "AWP66018",
    "TotalReadoutTime": 0.0438902,
    "TxRefAmp": 248.6,
    "dataset": "ds003338",
    "modality": "bold",
    "run_id": 3,
    "session_id": "01",
    "subject_id": "08",
    "task_id": "view"
  },
  "dummy_trs": 3,
  "dvars_nstd": 27.712038026419453,
  "dvars_std": 1.1309842008452955,
  "dvars_vstd": 0.9909268556459335,
  "efc": 0.5867137308869054,
  "fber": 1417.4951171875,
  "fd_mean": 0.15308765452402331,
  "fd_num": 222,
  "fd_perc": 17.689243027888445,
  "fwhm_avg": 1.7310799999999997,
  "fwhm_x": 1.628676,
  "fwhm_y": 1.824708,
  "fwhm_z": 1.739856,
  "gcor": 0.0102127,
  "gsr_x": -0.017575658857822418,
  "gsr_y": 0.057538654655218124,
  "provenance": {
    "md5sum": "cfae8e0f941c1c2ba7dd026144e8d6ec",
    "settings": {
      "fd_thres": 0.2,
      "testing": false
    },
    "software": "mriqc",
    "version": "23.1.0"
  },
  "size_t": 1255,
  "size_x": 78,
  "size_y": 78,
  "size_z": 56,
  "snr": 5.404490588260533,
  "spacing_tr": 1.0,
  "spacing_x": 2.5,
  "spacing_y": 2.5,
  "spacing_z": 2.5,
  "summary_bg_k": 9.06357269642518,
  "summary_bg_mad": 247.62822743395637,
  "summary_bg_mean": 872.0142923116161,
  "summary_bg_median": 271.2504577636719,
  "summary_bg_n": 246086.0,
  "summary_bg_p05": 86.45800018310547,
  "summary_bg_p95": 3774.140380859375,
  "summary_bg_stdv": 1283.9880749178153,
  "summary_fg_k": 1.7019736826443657,
  "summary_fg_mad": 1661.951479552316,
  "summary_fg_mean": 10241.435255444676,
  "summary_fg_median": 10212.4814453125,
  "summary_fg_n": 94618.0,
  "summary_fg_p05": 7200.970703125,
  "summary_fg_p95": 13223.3125,
  "summary_fg_stdv": 1889.618884793122,
  "tsnr": 45.77169227600098
}