{
  "bids_meta": {
    "AcquisitionMatrixPE": 256,
    "AcquisitionNumber": 1,
    "AcquisitionTime": "12:35:56.817500",
    "BaseResolution": 256,
    "BodyPartExamined": "BRAIN",
    "ConsistencyInfo": "N4_VE11C_LATEST_20160120",
    "ConversionSoftware": "dcm2niix",
    "ConversionSoftwareVersion": "v1.0.20180328 GCC6.3.0",
    "DeviceSerialNumber": "66018",
    "DwellTime": 9.8e-06,
    "EchoTime": 0.0033,
    "FlipAngle": 7,
    "ImageOrientationPatientDICOM": [
      0,
      1,
      0,
      0,
      0,
      -1
    ],
    "ImageType": [
      "ORIGINAL",
      "PRIMARY",
      "M",
      "ND",
      "NORM"
    ],
    "InPlanePhaseEncodingDirectionDICOM": "ROW",
    "InstitutionAddress": "Stadium_1952_Princeton_NJ_US_08544",
    "InstitutionName": "Princeton_University",
    "InstitutionalDepartmentName": "NeuroScience",
    "InversionTime": 1.1,
    "MRAcquisitionType": "3D",
    "MagneticFieldStrength": 3,
    "Manufacturer": "Siemens",
    "ManufacturersModelName": "Prisma",
    "Modality": "MR",
    "ParallelReductionFactorInPlane": 2,
    "PartialFourier": 1,
    "PatientPosition": "HFS",
    "PercentPhaseFOV": 100,
    "PhaseEncodingSteps": 255,
    "PhaseResolution": 1,
    "PixelBandwidth": 200,
    "ProcedureStepDescription": "NormaL_Antony_ss",
    "ProtocolName": "anat_T1w",
    "PulseSequenceDetails": "%SiemensSeq%_tfl",
    "ReceiveCoilActiveElements": "HC1-7;NC1",
    "ReceiveCoilName": "HeadNeck_64",
    "ReconMatrixPE": 256,
    "RepetitionTime": 2.53,
    "SAR": 0.0437582,
    "ScanOptions": "IR",
    "ScanningSequence": "GR_IR",
    "SequenceName": "_tfl3d1_16ns",
    "SequenceVariant": "SK_SP_MP",
    "SeriesDescription": "anat_T1w",
    "SeriesNumber": 3,
    "ShimSetting": [
      758,
      606,
      1936,
      602,
      -162,
      -263,
      226,
      1
    ],
    "SliceThickness": 1,
    "SoftwareVersions": "syngo_MR_E11",
    "StationName": "AWP66018",
    "TxRefAmp": 254.066,
    "dataset": "ds003338",
    "modality": "T1w",
    "session_id": "01",
    "subject_id": "13"
  },
  "cjv": 0.4720286408616876,
  "cnr": 2.2415357415561985,
  "efc": 0.5305406842278795,
  "fber": -1.0,
  "fwhm_avg": 3.75324,
  "fwhm_x": 3.78645,
  "fwhm_y": 3.97883,
  "fwhm_z": 3.49444,
  "icvs_csf": 0.2632838929266488,
  "icvs_gm": 0.38653071199352484,
  "icvs_wm": 0.35018539507982643,
  "inu_med": 0.5060301721096039,
  "inu_range": 0.19080428630113594,
  "provenance": {
    "md5sum": "d39d0a01aa4e2bcf924fee3f407fff25",
    "settings": {
      "testing": false
    },
    "software": "mriqc",
    "version": "23.1.0",
    "warnings": {
      "large_rot_frame": true,
      "small_air_mask": false
    }
  },
  "qi_1": 0.0,
  "qi_2": 0.0015932250829213616,
  "rpve_csf": 6.0460052296752504,
  "rpve_gm": 5.998078745036844,
  "rpve_wm": 6.10068727483492,
  "size_x": 176,
  "size_y": 256,
  "size_z": 256,
  "snr_csf": 2.005279263391232,
  "snr_gm": 5.894044843410497,
  "snr_total": 7.570182928619172,
  "snr_wm": 14.811224679055785,
  "snrd_csf": 25.125694698038135,
  "snrd_gm": 40.40099398898323,
  "snrd_total": 41.232166364697676,
  "snrd_wm": 58.16981040707166,
  "spacing_x": 1.0,
  "spacing_y": 1.0,
  "spacing_z": 1.0,
  "summary_bg_k": 3567.3164379119985,
  "summary_bg_mad": 0.0,
  "summary_bg_mean": 2.480012060232365,
  "summary_bg_median": 0.0,
  "summary_bg_n": 5009288.0,
  "summary_bg_p05": 0.0,
  "summary_bg_p95": 10.754500025883317,
  "summary_bg_stdv": 11.007270732982443,
  "summary_csf_k": -0.9328225270346908,
  "summary_csf_mad": 167.48122516425687,
  "summary_csf_mean": 420.49662101356216,
  "summary_csf_median": 422.1492255590856,
  "summary_csf_n": 493197.606035225,
  "summary_csf_p05": 101.90099371783435,
  "summary_csf_p95": 743.2117668017745,
  "summary_csf_stdv": 210.5187069422247,
  "summary_gm_k": -0.5922694574110992,
  "summary_gm_mad": 86.92537860874182,
  "summary_gm_mean": 686.7903289956939,
  "summary_gm_median": 678.7970851846039,
  "summary_gm_n": 724070.2030617913,
  "summary_gm_p05": 506.4162087906152,
  "summary_gm_p95": 896.9477658662945,
  "summary_gm_stdv": 115.16651713402999,
  "summary_wm_k": -0.2548301473242529,
  "summary_wm_mad": 53.995314202843936,
  "summary_wm_mean": 966.68496561662,
  "summary_wm_median": 977.3397595323622,
  "summary_wm_n": 655986.1927063926,
  "summary_wm_p05": 836.9696665052325,
  "summary_wm_p95": 1056.131214030087,
  "summary_wm_stdv": 65.98637423783293,
  "tpm_overlap_csf": 0.22664125160765136,
  "tpm_overlap_gm": 0.5095252065721205,
  "tpm_overlap_wm": 0.5316771880250383,
  "wm2max": 0.7365595889055147
}