{
  "aor": 0.001220199335548173,
  "aqi": 0.011095730299003322,
  "bids_meta": {
    "AcquisitionMatrixPE": 78,
    "AcquisitionNumber": 1,
    "AcquisitionTime": "12:52:52.130000",
    "BandwidthPerPixelPhaseEncode": 22.492,
    "BaseResolution": 78,
    "BodyPartExamined": "BRAIN",
    "ConsistencyInfo": "N4_VE11C_LATEST_20160120",
    "ConversionSoftware": "dcm2niix",
    "ConversionSoftwareVersion": "v1.0.20180328 GCC6.3.0",
    "DerivedVendorReportedEchoSpacing": 0.000570003,
    "DeviceSerialNumber": "66018",
    "DwellTime": 3e-06,
    "EchoTime": 0.03,
    "EchoTrainLength": 78,
    "EffectiveEchoSpacing": 0.000570003,
    "FlipAngle": 59,
    "ImageComments": "Unaliased_MB4_PE3_LB",
    "ImageOrientationPatientDICOM": [
      1,
      0,
      0,
      0,
      0.984808,
      -0.173648
    ],
    "ImageType": [
      "ORIGINAL",
      "PRIMARY",
      "M",
      "MB",
      "ND",
      "NORM",
      "MOSAIC"
    ],
    "InPlanePhaseEncodingDirectionDICOM": "COL",
    "InstitutionAddress": "Stadium_1952_Princeton_NJ_US_08544",
    "InstitutionName": "Princeton_University",
    "InstitutionalDepartmentName": "NeuroScience",
    "MRAcquisitionType": "2D",
    "MagneticFieldStrength": 3,
    "Manufacturer": "Siemens",
    "ManufacturersModelName": "Prisma",
    "Modality": "MR",
    "MultibandAccelerationFactor": 4,
    "PartialFourier": 1,
    "PatientPosition": "HFS",
    "PercentPhaseFOV": 100,
    "PhaseEncodingDirection": "j-",
    "PhaseEncodingSteps": 78,
    "PhaseResolution": 1,
    "PixelBandwidth": 2135,
    "ProcedureStepDescription": "NormaL_Antony_ss",
    "ProtocolName": "func_task-recall_run-1",
    "PulseSequenceDetails": "%CustomerSeq%_cmrr_mbep2d_bold",
    "ReceiveCoilActiveElements": "HC1-7",
    "ReceiveCoilName": "HeadNeck_64",
    "ReconMatrixPE": 78,
    "RepetitionTime": 1,
    "SAR": 0.0629465,
    "ScanOptions": "FS_EXT",
    "ScanningSequence": "EP",
    "SequenceName": "epfid2d1_78",
    "SequenceVariant": "SK_SS",
    "SeriesDescription": "func_task-recall_run-1",
    "SeriesNumber": 5,
    "ShimSetting": [
      755,
      531,
      2070,
      732,
      -156,
      233,
      100,
      53
    ],
    "SliceThickness": 2.5,
    "SliceTiming": [
      0,
      0.21,
      0.42,
      0.63,
      0.84,
      0.07,
      0.28,
      0.49,
      0.7,
      0.91,
      0.14,
      0.35,
      0.56,
      0.77,
      0,
      0.21,
      0.42,
      0.63,
      0.84,
      0.07,
      0.28,
      0.49,
      0.7,
      0.91,
      0.14,
      0.35,
      0.56,
      0.77,
      0,
      0.21,
      0.42,
      0.63,
      0.84,
      0.07,
      0.28,
      0.49,
      0.7,
      0.91,
      0.14,
      0.35,
      0.56,
      0.77,
      0,
      0.21,
      0.42,
      0.63,
      0.84,
      0.07,
      0.28,
      0.49,
      0.7,
      0.91,
      0.14,
      0.35,
      0.56,
      0.77
    ],
    "SoftwareVersions": "syngo_MR_E11",
    "SpacingBetweenSlices": 2.5,
    "StationName": "AWP66018",
    "TotalReadoutTime": 0.0438902,
    "TxRefAmp": 250.38,
    "dataset": "ds003338",
    "modality": "bold",
    "run_id": 1,
    "session_id": "01",
    "subject_id": "14",
    "task_id": "recall"
  },
  "dummy_trs": 0,
  "dvars_nstd": 36.661194884166655,
  "dvars_std": 1.3074577881333322,
  "dvars_vstd": 1.0093734684000002,
  "efc": 0.6028029881192145,
  "fber": 1651.7208251953125,
  "fd_mean": 0.14215937910068066,
  "fd_num": 51,
  "fd_perc": 16.943521594684384,
  "fwhm_avg": 1.871124,
  "fwhm_x": 1.7914400000000001,
  "fwhm_y": 1.973744,
  "fwhm_z": 1.848188,
  "gcor": 0.03207,
  "gsr_x": 0.00593962986022234,
  "gsr_y": 0.058153487741947174,
  "provenance": {
    "md5sum": "6bd75eb78ce6a88a4636b6e907a46441",
    "settings": {
      "fd_thres": 0.2,
      "testing": false
    },
    "software": "mriqc",
    "version": "23.1.0"
  },
  "size_t": 301,
  "size_x": 78,
  "size_y": 78,
  "size_z": 56,
  "snr": 5.23852958256582,
  "spacing_tr": 1.0,
  "spacing_x": 2.5,
  "spacing_y": 2.5,
  "spacing_z": 2.5,
  "summary_bg_k": 10.991922304579807,
  "summary_bg_mad": 251.03029345530302,
  "summary_bg_mean": 913.41763220325,
  "summary_bg_median": 272.3170928955078,
  "summary_bg_n": 234842.0,
  "summary_bg_p05": 81.84332275390625,
  "summary_bg_p95": 4057.134033203125,
  "summary_bg_stdv": 1439.3554119516712,
  "summary_fg_k": 1.916333735029192,
  "summary_fg_mad": 1905.1691882199561,
  "summary_fg_mean": 11043.741322206362,
  "summary_fg_median": 11067.33935546875,
  "summary_fg_n": 105862.0,
  "summary_fg_p05": 7618.0771484375,
  "summary_fg_p95": 14433.740234375,
  "summary_fg_stdv": 2112.670532527716,
  "tsnr": 52.1447696685791
}