{
  "aor": 0.0010425259792166265,
  "aqi": 0.009591957394084732,
  "bids_meta": {
    "AcquisitionMatrixPE": 78,
    "AcquisitionNumber": 1,
    "AcquisitionTime": "12:30:1.617500",
    "BandwidthPerPixelPhaseEncode": 22.492,
    "BaseResolution": 78,
    "BodyPartExamined": "BRAIN",
    "ConsistencyInfo": "N4_VE11C_LATEST_20160120",
    "ConversionSoftware": "dcm2niix",
    "ConversionSoftwareVersion": "v1.0.20180328 GCC6.3.0",
    "DerivedVendorReportedEchoSpacing": 0.000570003,
    "DeviceSerialNumber": "66018",
    "DwellTime": 3e-06,
    "EchoTime": 0.03,
    "EchoTrainLength": 78,
    "EffectiveEchoSpacing": 0.000570003,
    "FlipAngle": 59,
    "ImageComments": "Unaliased_MB4_PE3_LB",
    "ImageOrientationPatientDICOM": [
      1,
      0,
      0,
      0,
      0.984808,
      -0.173648
    ],
    "ImageType": [
      "ORIGINAL",
      "PRIMARY",
      "M",
      "MB",
      "ND",
      "NORM",
      "MOSAIC"
    ],
    "InPlanePhaseEncodingDirectionDICOM": "COL",
    "InstitutionAddress": "Stadium_1952_Princeton_NJ_US_08544",
    "InstitutionName": "Princeton_University",
    "InstitutionalDepartmentName": "NeuroScience",
    "MRAcquisitionType": "2D",
    "MagneticFieldStrength": 3,
    "Manufacturer": "Siemens",
    "ManufacturersModelName": "Prisma",
    "Modality": "MR",
    "MultibandAccelerationFactor": 4,
    "PartialFourier": 1,
    "PatientPosition": "HFS",
    "PercentPhaseFOV": 100,
    "PhaseEncodingDirection": "j-",
    "PhaseEncodingSteps": 78,
    "PhaseResolution": 1,
    "PixelBandwidth": 2135,
    "ProcedureStepDescription": "NormaL_Antony_ss",
    "ProtocolName": "func_task-view_run-1",
    "PulseSequenceDetails": "%CustomerSeq%_cmrr_mbep2d_bold",
    "ReceiveCoilActiveElements": "HC1-7",
    "ReceiveCoilName": "HeadNeck_64",
    "ReconMatrixPE": 78,
    "RepetitionTime": 1,
    "SAR": 0.0629465,
    "ScanOptions": "FS_EXT",
    "ScanningSequence": "EP",
    "SequenceName": "epfid2d1_78",
    "SequenceVariant": "SK_SS",
    "SeriesDescription": "func_task-view_run-1",
    "SeriesNumber": 4,
    "ShimSetting": [
      755,
      531,
      2070,
      732,
      -156,
      233,
      100,
      53
    ],
    "SliceThickness": 2.5,
    "SliceTiming": [
      0,
      0.21,
      0.42,
      0.63,
      0.84,
      0.07,
      0.28,
      0.49,
      0.7,
      0.91,
      0.14,
      0.35,
      0.56,
      0.77,
      0,
      0.21,
      0.42,
      0.63,
      0.84,
      0.07,
      0.28,
      0.49,
      0.7,
      0.91,
      0.14,
      0.35,
      0.56,
      0.77,
      0,
      0.21,
      0.42,
      0.63,
      0.84,
      0.07,
      0.28,
      0.49,
      0.7,
      0.91,
      0.14,
      0.35,
      0.56,
      0.77,
      0,
      0.21,
      0.42,
      0.63,
      0.84,
      0.07,
      0.28,
      0.49,
      0.7,
      0.91,
      0.14,
      0.35,
      0.56,
      0.77
    ],
    "SoftwareVersions": "syngo_MR_E11",
    "SpacingBetweenSlices": 2.5,
    "StationName": "AWP66018",
    "TotalReadoutTime": 0.0438902,
    "TxRefAmp": 250.38,
    "dataset": "ds003338",
    "modality": "bold",
    "run_id": 1,
    "session_id": "01",
    "subject_id": "14",
    "task_id": "view"
  },
  "dummy_trs": 1,
  "dvars_nstd": 32.54927304989599,
  "dvars_std": 1.3229838065680024,
  "dvars_vstd": 1.00463961076,
  "efc": 0.6024646664524151,
  "fber": 1685.096923828125,
  "fd_mean": 0.08036199213502694,
  "fd_num": 16,
  "fd_perc": 1.2789768185451638,
  "fwhm_avg": 1.8778346666666668,
  "fwhm_x": 1.7910119999999998,
  "fwhm_y": 1.982848,
  "fwhm_z": 1.859644,
  "gcor": 0.051611,
  "gsr_x": 0.003754266770556569,
  "gsr_y": 0.05689903348684311,
  "provenance": {
    "md5sum": "f89ce800a564f6f0c524d02becec2465",
    "settings": {
      "fd_thres": 0.2,
      "testing": false
    },
    "software": "mriqc",
    "version": "23.1.0"
  },
  "size_t": 1251,
  "size_x": 78,
  "size_y": 78,
  "size_z": 56,
  "snr": 5.193075274619699,
  "spacing_tr": 1.0,
  "spacing_x": 2.5,
  "spacing_y": 2.5,
  "spacing_z": 2.5,
  "summary_bg_k": 11.910720377723415,
  "summary_bg_mad": 247.4388470350662,
  "summary_bg_mean": 887.6123824704681,
  "summary_bg_median": 268.6309051513672,
  "summary_bg_n": 233824.0,
  "summary_bg_p05": 78.32051849365234,
  "summary_bg_p95": 3935.12109375,
  "summary_bg_stdv": 1414.3754183391686,
  "summary_fg_k": 1.8905473328458884,
  "summary_fg_mad": 1899.9214423791618,
  "summary_fg_mean": 10995.797020405638,
  "summary_fg_median": 11027.2802734375,
  "summary_fg_n": 106880.0,
  "summary_fg_p05": 7472.80419921875,
  "summary_fg_p95": 14394.6875,
  "summary_fg_stdv": 2123.4486509388225,
  "tsnr": 55.03623390197754
}