{
  "aor": 0.0013405996758508916,
  "aqi": 0.01145306819286872,
  "bids_meta": {
    "AcquisitionMatrixPE": 78,
    "AcquisitionNumber": 1,
    "AcquisitionTime": "13:00:45.577500",
    "BandwidthPerPixelPhaseEncode": 22.492,
    "BaseResolution": 78,
    "BodyPartExamined": "BRAIN",
    "ConsistencyInfo": "N4_VE11C_LATEST_20160120",
    "ConversionSoftware": "dcm2niix",
    "ConversionSoftwareVersion": "v1.0.20180328 GCC6.3.0",
    "DerivedVendorReportedEchoSpacing": 0.000570003,
    "DeviceSerialNumber": "66018",
    "DwellTime": 3e-06,
    "EchoTime": 0.03,
    "EchoTrainLength": 78,
    "EffectiveEchoSpacing": 0.000570003,
    "FlipAngle": 59,
    "ImageComments": "Unaliased_MB4_PE3_LB",
    "ImageOrientationPatientDICOM": [
      1,
      0,
      0,
      0,
      0.984808,
      -0.173648
    ],
    "ImageType": [
      "ORIGINAL",
      "PRIMARY",
      "M",
      "MB",
      "ND",
      "NORM",
      "MOSAIC"
    ],
    "InPlanePhaseEncodingDirectionDICOM": "COL",
    "InstitutionAddress": "Stadium_1952_Princeton_NJ_US_08544",
    "InstitutionName": "Princeton_University",
    "InstitutionalDepartmentName": "NeuroScience",
    "MRAcquisitionType": "2D",
    "MagneticFieldStrength": 3,
    "Manufacturer": "Siemens",
    "ManufacturersModelName": "Prisma",
    "Modality": "MR",
    "MultibandAccelerationFactor": 4,
    "PartialFourier": 1,
    "PatientPosition": "HFS",
    "PercentPhaseFOV": 100,
    "PhaseEncodingDirection": "j-",
    "PhaseEncodingSteps": 78,
    "PhaseResolution": 1,
    "PixelBandwidth": 2135,
    "ProcedureStepDescription": "NormaL_Antony_ss",
    "ProtocolName": "func_task-view_run-2",
    "PulseSequenceDetails": "%CustomerSeq%_cmrr_mbep2d_bold",
    "ReceiveCoilActiveElements": "HC1-7",
    "ReceiveCoilName": "HeadNeck_64",
    "ReconMatrixPE": 78,
    "RepetitionTime": 1,
    "SAR": 0.0629465,
    "ScanOptions": "FS_EXT",
    "ScanningSequence": "EP",
    "SequenceName": "epfid2d1_78",
    "SequenceVariant": "SK_SS",
    "SeriesDescription": "func_task-view_run-2",
    "SeriesNumber": 6,
    "ShimSetting": [
      755,
      531,
      2070,
      732,
      -156,
      233,
      100,
      53
    ],
    "SliceThickness": 2.5,
    "SliceTiming": [
      0,
      0.21,
      0.42,
      0.63,
      0.84,
      0.07,
      0.28,
      0.49,
      0.7,
      0.91,
      0.14,
      0.35,
      0.56,
      0.77,
      0,
      0.21,
      0.42,
      0.63,
      0.84,
      0.07,
      0.28,
      0.49,
      0.7,
      0.91,
      0.14,
      0.35,
      0.56,
      0.77,
      0,
      0.21,
      0.42,
      0.63,
      0.84,
      0.07,
      0.28,
      0.49,
      0.7,
      0.91,
      0.14,
      0.35,
      0.56,
      0.77,
      0,
      0.21,
      0.42,
      0.63,
      0.84,
      0.07,
      0.28,
      0.49,
      0.7,
      0.91,
      0.14,
      0.35,
      0.56,
      0.77
    ],
    "SoftwareVersions": "syngo_MR_E11",
    "SpacingBetweenSlices": 2.5,
    "StationName": "AWP66018",
    "TotalReadoutTime": 0.0438902,
    "TxRefAmp": 250.38,
    "dataset": "ds003338",
    "modality": "bold",
    "run_id": 2,
    "session_id": "01",
    "subject_id": "14",
    "task_id": "view"
  },
  "dummy_trs": 1,
  "dvars_nstd": 32.769875275133806,
  "dvars_std": 1.313426936269261,
  "dvars_vstd": 1.0118501955879988,
  "efc": 0.6042874138331122,
  "fber": 1598.66162109375,
  "fd_mean": 0.10017709405277976,
  "fd_num": 55,
  "fd_perc": 4.457050243111832,
  "fwhm_avg": 1.8589333333333335,
  "fwhm_x": 1.777656,
  "fwhm_y": 1.963016,
  "fwhm_z": 1.836128,
  "gcor": 0.0329066,
  "gsr_x": 0.008317677304148674,
  "gsr_y": 0.05726439878344536,
  "provenance": {
    "md5sum": "0f34c141a559e97dadd59505e16fc1cb",
    "settings": {
      "fd_thres": 0.2,
      "testing": false
    },
    "software": "mriqc",
    "version": "23.1.0"
  },
  "size_t": 1234,
  "size_x": 78,
  "size_y": 78,
  "size_z": 56,
  "snr": 5.250032622565606,
  "spacing_tr": 1.0,
  "spacing_x": 2.5,
  "spacing_y": 2.5,
  "spacing_z": 2.5,
  "summary_bg_k": 10.478386374908974,
  "summary_bg_mad": 253.7150101663904,
  "summary_bg_mean": 917.2641077341951,
  "summary_bg_median": 274.1097106933594,
  "summary_bg_n": 234659.0,
  "summary_bg_p05": 80.42658233642578,
  "summary_bg_p95": 4075.025390625,
  "summary_bg_stdv": 1443.0548381719893,
  "summary_fg_k": 1.746185308911783,
  "summary_fg_mad": 1873.9454986270046,
  "summary_fg_mean": 10938.236756118169,
  "summary_fg_median": 10959.8017578125,
  "summary_fg_n": 106045.0,
  "summary_fg_p05": 7543.6748046875,
  "summary_fg_p95": 14325.4404296875,
  "summary_fg_stdv": 2087.5584725594185,
  "tsnr": 51.22917938232422
}