{
  "bids_meta": {
    "AcquisitionMatrixPE": 256,
    "AcquisitionNumber": 1,
    "AcquisitionTime": "14:53:42.847500",
    "BaseResolution": 256,
    "BodyPartExamined": "BRAIN",
    "ConsistencyInfo": "N4_VE11C_LATEST_20160120",
    "ConversionSoftware": "dcm2niix",
    "ConversionSoftwareVersion": "v1.0.20180328 GCC6.3.0",
    "DeviceSerialNumber": "66018",
    "DwellTime": 9.8e-06,
    "EchoTime": 0.0033,
    "FlipAngle": 7,
    "ImageOrientationPatientDICOM": [
      0,
      1,
      0,
      0,
      0,
      -1
    ],
    "ImageType": [
      "ORIGINAL",
      "PRIMARY",
      "M",
      "ND",
      "NORM"
    ],
    "InPlanePhaseEncodingDirectionDICOM": "ROW",
    "InstitutionAddress": "Stadium_1952_Princeton_NJ_US_08544",
    "InstitutionName": "Princeton_University",
    "InstitutionalDepartmentName": "NeuroScience",
    "InversionTime": 1.1,
    "MRAcquisitionType": "3D",
    "MagneticFieldStrength": 3,
    "Manufacturer": "Siemens",
    "ManufacturersModelName": "Prisma",
    "Modality": "MR",
    "ParallelReductionFactorInPlane": 2,
    "PartialFourier": 1,
    "PatientPosition": "HFS",
    "PercentPhaseFOV": 100,
    "PhaseEncodingSteps": 255,
    "PhaseResolution": 1,
    "PixelBandwidth": 200,
    "ProcedureStepDescription": "NormaL_Antony_ss",
    "ProtocolName": "anat_T1w",
    "PulseSequenceDetails": "%SiemensSeq%_tfl",
    "ReceiveCoilActiveElements": "HC1-7;NC1",
    "ReceiveCoilName": "HeadNeck_64",
    "ReconMatrixPE": 256,
    "RepetitionTime": 2.53,
    "SAR": 0.0455151,
    "ScanOptions": "IR",
    "ScanningSequence": "GR_IR",
    "SequenceName": "_tfl3d1_16ns",
    "SequenceVariant": "SK_SP_MP",
    "SeriesDescription": "anat_T1w",
    "SeriesNumber": 4,
    "ShimSetting": [
      751,
      540,
      1993,
      504,
      -187,
      -371,
      96,
      49
    ],
    "SliceThickness": 1,
    "SoftwareVersions": "syngo_MR_E11",
    "StationName": "AWP66018",
    "TxRefAmp": 253.421,
    "dataset": "ds003338",
    "modality": "T1w",
    "session_id": "01",
    "subject_id": "12"
  },
  "cjv": 0.5681944195636929,
  "cnr": 1.5369324487691183,
  "efc": 0.5463507673410619,
  "fber": -1.0,
  "fwhm_avg": 3.7406566666666663,
  "fwhm_x": 3.80088,
  "fwhm_y": 3.87129,
  "fwhm_z": 3.5498,
  "icvs_csf": 0.26599847432544377,
  "icvs_gm": 0.3809407372801268,
  "icvs_wm": 0.3530607883944294,
  "inu_med": 0.6279142796993256,
  "inu_range": 0.28325288742780685,
  "provenance": {
    "md5sum": "0b27a7e307f4bff25ba9e03bdf480eda",
    "settings": {
      "testing": false
    },
    "software": "mriqc",
    "version": "23.1.0",
    "warnings": {
      "large_rot_frame": true,
      "small_air_mask": false
    }
  },
  "qi_1": 0.0,
  "qi_2": 0.0011730421201452486,
  "rpve_csf": 6.489158690634683,
  "rpve_gm": 6.375590382668712,
  "rpve_wm": 6.463398211118492,
  "size_x": 176,
  "size_y": 256,
  "size_z": 256,
  "snr_csf": 1.585836243214773,
  "snr_gm": 4.81572792658927,
  "snr_total": 4.926019479826027,
  "snr_wm": 8.376494269674037,
  "snrd_csf": 4.8567361105688995,
  "snrd_gm": 10.190769728872676,
  "snrd_total": 9.85354188190444,
  "snrd_wm": 14.513119806271744,
  "spacing_x": 1.0,
  "spacing_y": 1.0,
  "spacing_z": 1.0,
  "summary_bg_k": 438.37895958279597,
  "summary_bg_mad": 0.0,
  "summary_bg_mean": 5.237194959552461,
  "summary_bg_median": 0.0,
  "summary_bg_n": 4437452.0,
  "summary_bg_p05": 0.0,
  "summary_bg_p95": 14.056285977363586,
  "summary_bg_stdv": 42.50424716640866,
  "summary_csf_k": -0.7955585854530578,
  "summary_csf_mad": 176.4863337252887,
  "summary_csf_mean": 345.7077009511824,
  "summary_csf_median": 315.097607254982,
  "summary_csf_n": 465988.36344705516,
  "summary_csf_p05": 80.54282224178314,
  "summary_csf_p95": 682.6861830949783,
  "summary_csf_stdv": 198.69470792270337,
  "summary_gm_k": -0.216471398685826,
  "summary_gm_mad": 81.64912251407132,
  "summary_gm_mean": 670.0693402933731,
  "summary_gm_median": 661.1615464687347,
  "summary_gm_n": 667349.5071189625,
  "summary_gm_p05": 450.0136653184891,
  "summary_gm_p95": 937.338724732399,
  "summary_gm_stdv": 137.29202753633075,
  "summary_wm_k": -0.3779857872902288,
  "summary_wm_mad": 77.68819485076467,
  "summary_wm_mean": 910.2455524857412,
  "summary_wm_median": 941.5890055894852,
  "summary_wm_n": 618508.1301630234,
  "summary_wm_p05": 683.3237252235413,
  "summary_wm_p95": 1048.1496185064316,
  "summary_wm_stdv": 112.40839115959535,
  "tpm_overlap_csf": 0.22063043556056722,
  "tpm_overlap_gm": 0.526297600925347,
  "tpm_overlap_wm": 0.5565267972118961,
  "wm2max": 0.6617803951692058
}