{
  "aor": 0.0013493333333333335,
  "aqi": 0.019005006153846152,
  "bids_meta": {
    "AcquisitionMatrixPE": 78,
    "AcquisitionNumber": 1,
    "AcquisitionTime": "12:54:6.900000",
    "BandwidthPerPixelPhaseEncode": 22.492,
    "BaseResolution": 78,
    "BodyPartExamined": "BRAIN",
    "ConsistencyInfo": "N4_VE11C_LATEST_20160120",
    "ConversionSoftware": "dcm2niix",
    "ConversionSoftwareVersion": "v1.0.20180328 GCC6.3.0",
    "DerivedVendorReportedEchoSpacing": 0.000570003,
    "DeviceSerialNumber": "66018",
    "DwellTime": 3e-06,
    "EchoTime": 0.03,
    "EchoTrainLength": 78,
    "EffectiveEchoSpacing": 0.000570003,
    "FlipAngle": 59,
    "ImageComments": "Unaliased_MB4_PE3_LB",
    "ImageOrientationPatientDICOM": [
      1,
      0,
      0,
      0,
      0.984808,
      -0.173648
    ],
    "ImageType": [
      "ORIGINAL",
      "PRIMARY",
      "M",
      "MB",
      "ND",
      "NORM",
      "MOSAIC"
    ],
    "InPlanePhaseEncodingDirectionDICOM": "COL",
    "InstitutionAddress": "Stadium_1952_Princeton_NJ_US_08544",
    "InstitutionName": "Princeton_University",
    "InstitutionalDepartmentName": "NeuroScience",
    "MRAcquisitionType": "2D",
    "MagneticFieldStrength": 3,
    "Manufacturer": "Siemens",
    "ManufacturersModelName": "Prisma",
    "Modality": "MR",
    "MultibandAccelerationFactor": 4,
    "PartialFourier": 1,
    "PatientPosition": "HFS",
    "PercentPhaseFOV": 100,
    "PhaseEncodingDirection": "j-",
    "PhaseEncodingSteps": 78,
    "PhaseResolution": 1,
    "PixelBandwidth": 2135,
    "ProcedureStepDescription": "NormaL_Antony_ss",
    "ProtocolName": "func_task-recall_run-1",
    "PulseSequenceDetails": "%CustomerSeq%_cmrr_mbep2d_bold",
    "ReceiveCoilActiveElements": "HC1-7",
    "ReceiveCoilName": "HeadNeck_64",
    "ReconMatrixPE": 78,
    "RepetitionTime": 1,
    "SAR": 0.0775616,
    "ScanOptions": "FS_EXT",
    "ScanningSequence": "EP",
    "SequenceName": "epfid2d1_78",
    "SequenceVariant": "SK_SS",
    "SeriesDescription": "func_task-recall_run-1",
    "SeriesNumber": 5,
    "ShimSetting": [
      758,
      550,
      2116,
      648,
      -82,
      133,
      242,
      23
    ],
    "SliceThickness": 2.5,
    "SliceTiming": [
      0,
      0.21,
      0.42,
      0.63,
      0.84,
      0.07,
      0.28,
      0.49,
      0.7,
      0.91,
      0.14,
      0.35,
      0.56,
      0.77,
      0,
      0.21,
      0.42,
      0.63,
      0.84,
      0.07,
      0.28,
      0.49,
      0.7,
      0.91,
      0.14,
      0.35,
      0.56,
      0.77,
      0,
      0.21,
      0.42,
      0.63,
      0.84,
      0.07,
      0.28,
      0.49,
      0.7,
      0.91,
      0.14,
      0.35,
      0.56,
      0.77,
      0,
      0.21,
      0.42,
      0.63,
      0.84,
      0.07,
      0.28,
      0.49,
      0.7,
      0.91,
      0.14,
      0.35,
      0.56,
      0.77
    ],
    "SoftwareVersions": "syngo_MR_E11",
    "SpacingBetweenSlices": 2.5,
    "StationName": "AWP66018",
    "TotalReadoutTime": 0.0438902,
    "TxRefAmp": 280.772,
    "dataset": "ds003338",
    "modality": "bold",
    "run_id": 1,
    "session_id": "01",
    "subject_id": "18",
    "task_id": "recall"
  },
  "dummy_trs": 0,
  "dvars_nstd": 40.739821807628886,
  "dvars_std": 1.2021353892268039,
  "dvars_vstd": 0.9911965424742273,
  "efc": 0.6258627749104181,
  "fber": 1495.27685546875,
  "fd_mean": 0.3233823123145827,
  "fd_num": 139,
  "fd_perc": 71.28205128205128,
  "fwhm_avg": 1.9688626666666664,
  "fwhm_x": 1.855412,
  "fwhm_y": 2.093824,
  "fwhm_z": 1.9573519999999998,
  "gcor": 0.0103186,
  "gsr_x": 0.002357126446440816,
  "gsr_y": 0.06573900580406189,
  "provenance": {
    "md5sum": "a3b9d80f8099e76ba42a2874c5a5bbc5",
    "settings": {
      "fd_thres": 0.2,
      "testing": false
    },
    "software": "mriqc",
    "version": "23.1.0"
  },
  "size_t": 195,
  "size_x": 78,
  "size_y": 78,
  "size_z": 56,
  "snr": 5.333622196949077,
  "spacing_tr": 1.0,
  "spacing_x": 2.5,
  "spacing_y": 2.5,
  "spacing_z": 2.5,
  "summary_bg_k": 6.021496635782846,
  "summary_bg_mad": 266.65407173368595,
  "summary_bg_mean": 1031.302741940669,
  "summary_bg_median": 274.332275390625,
  "summary_bg_n": 229859.0,
  "summary_bg_p05": 78.72171783447266,
  "summary_bg_p95": 4587.84375,
  "summary_bg_stdv": 1549.6828386855534,
  "summary_fg_k": 2.113462532218213,
  "summary_fg_mad": 1785.55692417844,
  "summary_fg_mean": 10619.038414841803,
  "summary_fg_median": 10608.1025390625,
  "summary_fg_n": 110845.0,
  "summary_fg_p05": 7432.57275390625,
  "summary_fg_p95": 13862.2900390625,
  "summary_fg_stdv": 1988.9025311837497,
  "tsnr": 39.54907989501953
}