{
  "aor": 0.0009739151321056846,
  "aqi": 0.021554896557245795,
  "bids_meta": {
    "AcquisitionMatrixPE": 78,
    "AcquisitionNumber": 1,
    "AcquisitionTime": "13:03:34.032500",
    "BandwidthPerPixelPhaseEncode": 22.492,
    "BaseResolution": 78,
    "BodyPartExamined": "BRAIN",
    "ConsistencyInfo": "N4_VE11C_LATEST_20160120",
    "ConversionSoftware": "dcm2niix",
    "ConversionSoftwareVersion": "v1.0.20180328 GCC6.3.0",
    "DerivedVendorReportedEchoSpacing": 0.000570003,
    "DeviceSerialNumber": "66018",
    "DwellTime": 3e-06,
    "EchoTime": 0.03,
    "EchoTrainLength": 78,
    "EffectiveEchoSpacing": 0.000570003,
    "FlipAngle": 59,
    "ImageComments": "Unaliased_MB4_PE3_LB",
    "ImageOrientationPatientDICOM": [
      1,
      0,
      0,
      0,
      0.984808,
      -0.173648
    ],
    "ImageType": [
      "ORIGINAL",
      "PRIMARY",
      "M",
      "MB",
      "ND",
      "NORM",
      "MOSAIC"
    ],
    "InPlanePhaseEncodingDirectionDICOM": "COL",
    "InstitutionAddress": "Stadium_1952_Princeton_NJ_US_08544",
    "InstitutionName": "Princeton_University",
    "InstitutionalDepartmentName": "NeuroScience",
    "MRAcquisitionType": "2D",
    "MagneticFieldStrength": 3,
    "Manufacturer": "Siemens",
    "ManufacturersModelName": "Prisma",
    "Modality": "MR",
    "MultibandAccelerationFactor": 4,
    "PartialFourier": 1,
    "PatientPosition": "HFS",
    "PercentPhaseFOV": 100,
    "PhaseEncodingDirection": "j-",
    "PhaseEncodingSteps": 78,
    "PhaseResolution": 1,
    "PixelBandwidth": 2135,
    "ProcedureStepDescription": "NormaL_Antony_ss",
    "ProtocolName": "func_task-view_run-2",
    "PulseSequenceDetails": "%CustomerSeq%_cmrr_mbep2d_bold",
    "ReceiveCoilActiveElements": "HC1-7",
    "ReceiveCoilName": "HeadNeck_64",
    "ReconMatrixPE": 78,
    "RepetitionTime": 1,
    "SAR": 0.0775616,
    "ScanOptions": "FS_EXT",
    "ScanningSequence": "EP",
    "SequenceName": "epfid2d1_78",
    "SequenceVariant": "SK_SS",
    "SeriesDescription": "func_task-view_run-2",
    "SeriesNumber": 6,
    "ShimSetting": [
      758,
      550,
      2116,
      648,
      -82,
      133,
      242,
      23
    ],
    "SliceThickness": 2.5,
    "SliceTiming": [
      0,
      0.21,
      0.42,
      0.63,
      0.84,
      0.07,
      0.28,
      0.49,
      0.7,
      0.91,
      0.14,
      0.35,
      0.56,
      0.77,
      0,
      0.21,
      0.42,
      0.63,
      0.84,
      0.07,
      0.28,
      0.49,
      0.7,
      0.91,
      0.14,
      0.35,
      0.56,
      0.77,
      0,
      0.21,
      0.42,
      0.63,
      0.84,
      0.07,
      0.28,
      0.49,
      0.7,
      0.91,
      0.14,
      0.35,
      0.56,
      0.77,
      0,
      0.21,
      0.42,
      0.63,
      0.84,
      0.07,
      0.28,
      0.49,
      0.7,
      0.91,
      0.14,
      0.35,
      0.56,
      0.77
    ],
    "SoftwareVersions": "syngo_MR_E11",
    "SpacingBetweenSlices": 2.5,
    "StationName": "AWP66018",
    "TotalReadoutTime": 0.0438902,
    "TxRefAmp": 280.772,
    "dataset": "ds003338",
    "modality": "bold",
    "run_id": 2,
    "session_id": "01",
    "subject_id": "18",
    "task_id": "view"
  },
  "dummy_trs": 0,
  "dvars_nstd": 35.51476359808501,
  "dvars_std": 1.168795288357374,
  "dvars_vstd": 0.9644748877644221,
  "efc": 0.6298197987842532,
  "fber": 1273.174072265625,
  "fd_mean": 0.24641206428536933,
  "fd_num": 522,
  "fd_perc": 41.79343474779824,
  "fwhm_avg": 1.9488666666666665,
  "fwhm_x": 1.8422239999999999,
  "fwhm_y": 2.08336,
  "fwhm_z": 1.9210159999999998,
  "gcor": 0.0189258,
  "gsr_x": 0.0005098687252029777,
  "gsr_y": 0.06394000351428986,
  "provenance": {
    "md5sum": "6c702ed515c64e271b44340402986f99",
    "settings": {
      "fd_thres": 0.2,
      "testing": false
    },
    "software": "mriqc",
    "version": "23.1.0"
  },
  "size_t": 1249,
  "size_x": 78,
  "size_y": 78,
  "size_z": 56,
  "snr": 5.355927168964208,
  "spacing_tr": 1.0,
  "spacing_x": 2.5,
  "spacing_y": 2.5,
  "spacing_z": 2.5,
  "summary_bg_k": 5.432043343517162,
  "summary_bg_mad": 295.4841197718674,
  "summary_bg_mean": 1048.7106136493524,
  "summary_bg_median": 294.31744384765625,
  "summary_bg_n": 229557.0,
  "summary_bg_p05": 78.81654357910156,
  "summary_bg_p95": 4543.19873046875,
  "summary_bg_stdv": 1526.7795061630386,
  "summary_fg_k": 1.4171380116918266,
  "summary_fg_mad": 1761.8526629270984,
  "summary_fg_mean": 10513.852901032436,
  "summary_fg_median": 10501.70703125,
  "summary_fg_n": 111147.0,
  "summary_fg_p05": 7328.4736328125,
  "summary_fg_p95": 13717.08203125,
  "summary_fg_stdv": 1960.7547782902982,
  "tsnr": 37.494781494140625
}