{
  "aor": 0.0008038448979591836,
  "aqi": 0.020546349469387756,
  "bids_meta": {
    "AcquisitionMatrixPE": 78,
    "AcquisitionNumber": 1,
    "AcquisitionTime": "12:30:32.282500",
    "BandwidthPerPixelPhaseEncode": 22.492,
    "BaseResolution": 78,
    "BodyPartExamined": "BRAIN",
    "ConsistencyInfo": "N4_VE11C_LATEST_20160120",
    "ConversionSoftware": "dcm2niix",
    "ConversionSoftwareVersion": "v1.0.20180328 GCC6.3.0",
    "DerivedVendorReportedEchoSpacing": 0.000570003,
    "DeviceSerialNumber": "66018",
    "DwellTime": 3e-06,
    "EchoTime": 0.03,
    "EchoTrainLength": 78,
    "EffectiveEchoSpacing": 0.000570003,
    "FlipAngle": 59,
    "ImageComments": "Unaliased_MB4_PE3_LB",
    "ImageOrientationPatientDICOM": [
      1,
      0,
      0,
      0,
      0.984808,
      -0.173648
    ],
    "ImageType": [
      "ORIGINAL",
      "PRIMARY",
      "M",
      "MB",
      "ND",
      "NORM",
      "MOSAIC"
    ],
    "InPlanePhaseEncodingDirectionDICOM": "COL",
    "InstitutionAddress": "Stadium_1952_Princeton_NJ_US_08544",
    "InstitutionName": "Princeton_University",
    "InstitutionalDepartmentName": "NeuroScience",
    "MRAcquisitionType": "2D",
    "MagneticFieldStrength": 3,
    "Manufacturer": "Siemens",
    "ManufacturersModelName": "Prisma",
    "Modality": "MR",
    "MultibandAccelerationFactor": 4,
    "PartialFourier": 1,
    "PatientPosition": "HFS",
    "PercentPhaseFOV": 100,
    "PhaseEncodingDirection": "j-",
    "PhaseEncodingSteps": 78,
    "PhaseResolution": 1,
    "PixelBandwidth": 2135,
    "ProcedureStepDescription": "NormaL_Antony_ss",
    "ProtocolName": "func_task-view_run-1",
    "PulseSequenceDetails": "%CustomerSeq%_cmrr_mbep2d_bold",
    "ReceiveCoilActiveElements": "HC1-7",
    "ReceiveCoilName": "HeadNeck_64",
    "ReconMatrixPE": 78,
    "RepetitionTime": 1,
    "SAR": 0.0775616,
    "ScanOptions": "FS_EXT",
    "ScanningSequence": "EP",
    "SequenceName": "epfid2d1_78",
    "SequenceVariant": "SK_SS",
    "SeriesDescription": "func_task-view_run-1",
    "SeriesNumber": 4,
    "ShimSetting": [
      758,
      550,
      2116,
      648,
      -82,
      133,
      242,
      23
    ],
    "SliceThickness": 2.5,
    "SliceTiming": [
      0,
      0.21,
      0.42,
      0.63,
      0.84,
      0.07,
      0.28,
      0.49,
      0.7,
      0.91,
      0.14,
      0.35,
      0.56,
      0.77,
      0,
      0.21,
      0.42,
      0.63,
      0.84,
      0.07,
      0.28,
      0.49,
      0.7,
      0.91,
      0.14,
      0.35,
      0.56,
      0.77,
      0,
      0.21,
      0.42,
      0.63,
      0.84,
      0.07,
      0.28,
      0.49,
      0.7,
      0.91,
      0.14,
      0.35,
      0.56,
      0.77,
      0,
      0.21,
      0.42,
      0.63,
      0.84,
      0.07,
      0.28,
      0.49,
      0.7,
      0.91,
      0.14,
      0.35,
      0.56,
      0.77
    ],
    "SoftwareVersions": "syngo_MR_E11",
    "SpacingBetweenSlices": 2.5,
    "StationName": "AWP66018",
    "TotalReadoutTime": 0.0438902,
    "TxRefAmp": 280.772,
    "dataset": "ds003338",
    "modality": "bold",
    "run_id": 1,
    "session_id": "01",
    "subject_id": "18",
    "task_id": "view"
  },
  "dummy_trs": 0,
  "dvars_nstd": 39.16445926122551,
  "dvars_std": 1.2578320105147058,
  "dvars_vstd": 0.9511852248937893,
  "efc": 0.627073955970676,
  "fber": 1367.341796875,
  "fd_mean": 0.21064927095932504,
  "fd_num": 578,
  "fd_perc": 47.183673469387756,
  "fwhm_avg": 1.9697346666666666,
  "fwhm_x": 1.842164,
  "fwhm_y": 2.106172,
  "fwhm_z": 1.960868,
  "gcor": 0.0103984,
  "gsr_x": -0.00014013747568242252,
  "gsr_y": 0.06358471512794495,
  "provenance": {
    "md5sum": "805419b7e99e22aa7c9dcf494b8a429f",
    "settings": {
      "fd_thres": 0.2,
      "testing": false
    },
    "software": "mriqc",
    "version": "23.1.0"
  },
  "size_t": 1225,
  "size_x": 78,
  "size_y": 78,
  "size_z": 56,
  "snr": 5.320576661496335,
  "spacing_tr": 1.0,
  "spacing_x": 2.5,
  "spacing_y": 2.5,
  "spacing_z": 2.5,
  "summary_bg_k": 5.613916889011245,
  "summary_bg_mad": 294.2018360347204,
  "summary_bg_mean": 1021.5823139728296,
  "summary_bg_median": 285.7328338623047,
  "summary_bg_n": 229286.0,
  "summary_bg_p05": 65.56402587890625,
  "summary_bg_p95": 4469.5029296875,
  "summary_bg_stdv": 1504.2305937474307,
  "summary_fg_k": 2.046266805343018,
  "summary_fg_mad": 1781.3429459001582,
  "summary_fg_mean": 10578.076683067853,
  "summary_fg_median": 10565.7099609375,
  "summary_fg_n": 111418.0,
  "summary_fg_p05": 7390.466796875,
  "summary_fg_p95": 13801.9609375,
  "summary_fg_stdv": 1985.8115423008203,
  "tsnr": 39.135311126708984
}