{
  "aor": 0.0014866981132075473,
  "aqi": 0.020139017452830192,
  "bids_meta": {
    "AcquisitionMatrixPE": 78,
    "AcquisitionNumber": 1,
    "AcquisitionTime": "13:26:24.145000",
    "BandwidthPerPixelPhaseEncode": 22.492,
    "BaseResolution": 78,
    "BodyPartExamined": "BRAIN",
    "ConsistencyInfo": "N4_VE11C_LATEST_20160120",
    "ConversionSoftware": "dcm2niix",
    "ConversionSoftwareVersion": "v1.0.20180328 GCC6.3.0",
    "DerivedVendorReportedEchoSpacing": 0.000570003,
    "DeviceSerialNumber": "66018",
    "DwellTime": 3e-06,
    "EchoTime": 0.03,
    "EchoTrainLength": 78,
    "EffectiveEchoSpacing": 0.000570003,
    "FlipAngle": 59,
    "ImageComments": "Unaliased_MB4_PE3_LB",
    "ImageOrientationPatientDICOM": [
      1,
      0,
      0,
      0,
      0.984808,
      -0.173648
    ],
    "ImageType": [
      "ORIGINAL",
      "PRIMARY",
      "M",
      "MB",
      "ND",
      "NORM",
      "MOSAIC"
    ],
    "InPlanePhaseEncodingDirectionDICOM": "COL",
    "InstitutionAddress": "Stadium_1952_Princeton_NJ_US_08544",
    "InstitutionName": "Princeton_University",
    "InstitutionalDepartmentName": "NeuroScience",
    "MRAcquisitionType": "2D",
    "MagneticFieldStrength": 3,
    "Manufacturer": "Siemens",
    "ManufacturersModelName": "Prisma",
    "Modality": "MR",
    "MultibandAccelerationFactor": 4,
    "PartialFourier": 1,
    "PatientPosition": "HFS",
    "PercentPhaseFOV": 100,
    "PhaseEncodingDirection": "j-",
    "PhaseEncodingSteps": 78,
    "PhaseResolution": 1,
    "PixelBandwidth": 2135,
    "ProcedureStepDescription": "NormaL_Antony_ss",
    "ProtocolName": "func_task-recall_run-2",
    "PulseSequenceDetails": "%CustomerSeq%_cmrr_mbep2d_bold",
    "ReceiveCoilActiveElements": "HC1-7",
    "ReceiveCoilName": "HeadNeck_64",
    "ReconMatrixPE": 78,
    "RepetitionTime": 1,
    "SAR": 0.0775616,
    "ScanOptions": "FS_EXT",
    "ScanningSequence": "EP",
    "SequenceName": "epfid2d1_78",
    "SequenceVariant": "SK_SS",
    "SeriesDescription": "func_task-recall_run-2",
    "SeriesNumber": 7,
    "ShimSetting": [
      758,
      550,
      2116,
      648,
      -82,
      133,
      242,
      23
    ],
    "SliceThickness": 2.5,
    "SliceTiming": [
      0,
      0.21,
      0.42,
      0.63,
      0.84,
      0.07,
      0.28,
      0.49,
      0.7,
      0.91,
      0.14,
      0.35,
      0.56,
      0.77,
      0,
      0.21,
      0.42,
      0.63,
      0.84,
      0.07,
      0.28,
      0.49,
      0.7,
      0.91,
      0.14,
      0.35,
      0.56,
      0.77,
      0,
      0.21,
      0.42,
      0.63,
      0.84,
      0.07,
      0.28,
      0.49,
      0.7,
      0.91,
      0.14,
      0.35,
      0.56,
      0.77,
      0,
      0.21,
      0.42,
      0.63,
      0.84,
      0.07,
      0.28,
      0.49,
      0.7,
      0.91,
      0.14,
      0.35,
      0.56,
      0.77
    ],
    "SoftwareVersions": "syngo_MR_E11",
    "SpacingBetweenSlices": 2.5,
    "StationName": "AWP66018",
    "TotalReadoutTime": 0.0438902,
    "TxRefAmp": 280.772,
    "dataset": "ds003338",
    "modality": "bold",
    "run_id": 2,
    "session_id": "01",
    "subject_id": "18",
    "task_id": "recall"
  },
  "dummy_trs": 0,
  "dvars_nstd": 40.1115367220853,
  "dvars_std": 1.1779234525592426,
  "dvars_vstd": 0.9801948910900473,
  "efc": 0.6289688068432491,
  "fber": 1327.9954833984375,
  "fd_mean": 0.374965652211971,
  "fd_num": 160,
  "fd_perc": 75.47169811320755,
  "fwhm_avg": 1.9594120000000002,
  "fwhm_x": 1.8595320000000002,
  "fwhm_y": 2.091036,
  "fwhm_z": 1.927668,
  "gcor": 0.00982703,
  "gsr_x": 0.0020534167997539043,
  "gsr_y": 0.0643577128648758,
  "provenance": {
    "md5sum": "b77378598c3056538dd1885b82add311",
    "settings": {
      "fd_thres": 0.2,
      "testing": false
    },
    "software": "mriqc",
    "version": "23.1.0"
  },
  "size_t": 212,
  "size_x": 78,
  "size_y": 78,
  "size_z": 56,
  "snr": 5.336258510989043,
  "spacing_tr": 1.0,
  "spacing_x": 2.5,
  "spacing_y": 2.5,
  "spacing_z": 2.5,
  "summary_bg_k": 5.6026586947495645,
  "summary_bg_mad": 292.27673917596485,
  "summary_bg_mean": 1046.5264841737217,
  "summary_bg_median": 288.2463684082031,
  "summary_bg_n": 229703.0,
  "summary_bg_p05": 72.25883483886719,
  "summary_bg_p95": 4549.99609375,
  "summary_bg_stdv": 1535.8677002840197,
  "summary_fg_k": 2.039666329870183,
  "summary_fg_mad": 1767.7193662370444,
  "summary_fg_mean": 10510.997889551978,
  "summary_fg_median": 10504.1796875,
  "summary_fg_n": 111001.0,
  "summary_fg_p05": 7349.05322265625,
  "summary_fg_p95": 13700.9541015625,
  "summary_fg_stdv": 1968.4451849668928,
  "tsnr": 38.10759735107422
}