{
  "aor": 0.001323314606741573,
  "aqi": 0.02212921757624398,
  "bids_meta": {
    "AcquisitionMatrixPE": 78,
    "AcquisitionNumber": 1,
    "AcquisitionTime": "14:16:51.425000",
    "BandwidthPerPixelPhaseEncode": 22.492,
    "BaseResolution": 78,
    "BodyPartExamined": "BRAIN",
    "ConsistencyInfo": "N4_VE11C_LATEST_20160120",
    "ConversionSoftware": "dcm2niix",
    "ConversionSoftwareVersion": "v1.0.20180328 GCC6.3.0",
    "DerivedVendorReportedEchoSpacing": 0.000570003,
    "DeviceSerialNumber": "66018",
    "DwellTime": 3e-06,
    "EchoTime": 0.03,
    "EchoTrainLength": 78,
    "EffectiveEchoSpacing": 0.000570003,
    "FlipAngle": 59,
    "ImageComments": "Unaliased_MB4_PE3_LB",
    "ImageOrientationPatientDICOM": [
      1,
      0,
      0,
      0,
      0.984808,
      -0.173648
    ],
    "ImageType": [
      "ORIGINAL",
      "PRIMARY",
      "M",
      "MB",
      "ND",
      "NORM",
      "MOSAIC"
    ],
    "InPlanePhaseEncodingDirectionDICOM": "COL",
    "InstitutionAddress": "Stadium_1952_Princeton_NJ_US_08544",
    "InstitutionName": "Princeton_University",
    "InstitutionalDepartmentName": "NeuroScience",
    "MRAcquisitionType": "2D",
    "MagneticFieldStrength": 3,
    "Manufacturer": "Siemens",
    "ManufacturersModelName": "Prisma",
    "Modality": "MR",
    "MultibandAccelerationFactor": 4,
    "PartialFourier": 1,
    "PatientPosition": "HFS",
    "PercentPhaseFOV": 100,
    "PhaseEncodingDirection": "j-",
    "PhaseEncodingSteps": 78,
    "PhaseResolution": 1,
    "PixelBandwidth": 2135,
    "ProcedureStepDescription": "NormaL_Antony_ss",
    "ProtocolName": "func_task-view_run-3",
    "PulseSequenceDetails": "%CustomerSeq%_cmrr_mbep2d_bold",
    "ReceiveCoilActiveElements": "HC1-7",
    "ReceiveCoilName": "HeadNeck_64",
    "ReconMatrixPE": 78,
    "RepetitionTime": 1,
    "SAR": 0.0769214,
    "ScanOptions": "FS_EXT",
    "ScanningSequence": "EP",
    "SequenceName": "epfid2d1_78",
    "SequenceVariant": "SK_SS",
    "SeriesDescription": "func_task-view_run-3",
    "SeriesNumber": 2,
    "ShimSetting": [
      753,
      543,
      2099,
      616,
      -130,
      84,
      233,
      39
    ],
    "SliceThickness": 2.5,
    "SliceTiming": [
      0,
      0.21,
      0.42,
      0.63,
      0.84,
      0.07,
      0.28,
      0.49,
      0.7,
      0.91,
      0.14,
      0.35,
      0.56,
      0.77,
      0,
      0.21,
      0.42,
      0.63,
      0.84,
      0.07,
      0.28,
      0.49,
      0.7,
      0.91,
      0.14,
      0.35,
      0.56,
      0.77,
      0,
      0.21,
      0.42,
      0.63,
      0.84,
      0.07,
      0.28,
      0.49,
      0.7,
      0.91,
      0.14,
      0.35,
      0.56,
      0.77,
      0,
      0.21,
      0.42,
      0.63,
      0.84,
      0.07,
      0.28,
      0.49,
      0.7,
      0.91,
      0.14,
      0.35,
      0.56,
      0.77
    ],
    "SoftwareVersions": "syngo_MR_E11",
    "SpacingBetweenSlices": 2.5,
    "StationName": "AWP66018",
    "TotalReadoutTime": 0.0438902,
    "TxRefAmp": 279.233,
    "dataset": "ds003338",
    "modality": "bold",
    "run_id": 3,
    "session_id": "01",
    "subject_id": "18",
    "task_id": "view"
  },
  "dummy_trs": 0,
  "dvars_nstd": 36.87545851117264,
  "dvars_std": 1.212724178048194,
  "dvars_vstd": 0.9701938892771077,
  "efc": 0.6292058684149,
  "fber": 1272.63037109375,
  "fd_mean": 0.26585948562872613,
  "fd_num": 696,
  "fd_perc": 55.858747993579456,
  "fwhm_avg": 1.9757346666666669,
  "fwhm_x": 1.850328,
  "fwhm_y": 2.1079160000000003,
  "fwhm_z": 1.9689599999999998,
  "gcor": 0.0303411,
  "gsr_x": 0.00048233612324111164,
  "gsr_y": 0.06349405646324158,
  "provenance": {
    "md5sum": "a68efd51f57e60a2a87bd37dbe77e687",
    "settings": {
      "fd_thres": 0.2,
      "testing": false
    },
    "software": "mriqc",
    "version": "23.1.0"
  },
  "size_t": 1246,
  "size_x": 78,
  "size_y": 78,
  "size_z": 56,
  "snr": 5.351259753031119,
  "spacing_tr": 1.0,
  "spacing_x": 2.5,
  "spacing_y": 2.5,
  "spacing_z": 2.5,
  "summary_bg_k": 5.107663314354401,
  "summary_bg_mad": 331.87535768265525,
  "summary_bg_mean": 1088.6689312426777,
  "summary_bg_median": 310.78680419921875,
  "summary_bg_n": 229238.0,
  "summary_bg_p05": 63.69593811035156,
  "summary_bg_p95": 4652.00048828125,
  "summary_bg_stdv": 1571.123605002368,
  "summary_fg_k": 1.9331137814847104,
  "summary_fg_mad": 1865.2829897663414,
  "summary_fg_mean": 11078.938169374409,
  "summary_fg_median": 11086.9912109375,
  "summary_fg_n": 111466.0,
  "summary_fg_p05": 7684.53125,
  "summary_fg_p95": 14395.6337890625,
  "summary_fg_stdv": 2071.837658773991,
  "tsnr": 35.75608444213867
}