{
  "aor": 0.0026948125,
  "aqi": 0.019200971875,
  "bids_meta": {
    "AcquisitionMatrixPE": 78,
    "AcquisitionNumber": 1,
    "AcquisitionTime": "16:40:15.830000",
    "BandwidthPerPixelPhaseEncode": 22.492,
    "BaseResolution": 78,
    "BodyPartExamined": "BRAIN",
    "ConsistencyInfo": "N4_VE11C_LATEST_20160120",
    "ConversionSoftware": "dcm2niix",
    "ConversionSoftwareVersion": "v1.0.20180328 GCC6.3.0",
    "DerivedVendorReportedEchoSpacing": 0.000570003,
    "DeviceSerialNumber": "66018",
    "DwellTime": 3e-06,
    "EchoTime": 0.03,
    "EchoTrainLength": 78,
    "EffectiveEchoSpacing": 0.000570003,
    "FlipAngle": 59,
    "ImageComments": "Unaliased_MB4_PE3_LB",
    "ImageOrientationPatientDICOM": [
      1,
      0,
      0,
      0,
      0.904827,
      -0.425779
    ],
    "ImageType": [
      "ORIGINAL",
      "PRIMARY",
      "M",
      "MB",
      "ND",
      "NORM",
      "MOSAIC"
    ],
    "InPlanePhaseEncodingDirectionDICOM": "COL",
    "InstitutionAddress": "Stadium_1952_Princeton_NJ_US_08544",
    "InstitutionName": "Princeton_University",
    "InstitutionalDepartmentName": "NeuroScience",
    "MRAcquisitionType": "2D",
    "MagneticFieldStrength": 3,
    "Manufacturer": "Siemens",
    "ManufacturersModelName": "Prisma",
    "Modality": "MR",
    "MultibandAccelerationFactor": 4,
    "PartialFourier": 1,
    "PatientPosition": "HFS",
    "PercentPhaseFOV": 100,
    "PhaseEncodingDirection": "j-",
    "PhaseEncodingSteps": 78,
    "PhaseResolution": 1,
    "PixelBandwidth": 2135,
    "ProcedureStepDescription": "Norman_Antony_ss",
    "ProtocolName": "func_task-recall_run-1",
    "PulseSequenceDetails": "%CustomerSeq%_cmrr_mbep2d_bold",
    "ReceiveCoilActiveElements": "HC1-7",
    "ReceiveCoilName": "HeadNeck_64",
    "ReconMatrixPE": 78,
    "RepetitionTime": 1,
    "SAR": 0.0600715,
    "ScanOptions": "FS_EXT",
    "ScanningSequence": "EP",
    "SequenceName": "epfid2d1_78",
    "SequenceVariant": "SK_SS",
    "SeriesDescription": "func_task-recall_run-1",
    "SeriesNumber": 4,
    "ShimSetting": [
      767,
      588,
      2072,
      733,
      -26,
      106,
      107,
      44
    ],
    "SliceThickness": 2.5,
    "SliceTiming": [
      0,
      0.21,
      0.42,
      0.63,
      0.84,
      0.07,
      0.28,
      0.49,
      0.7,
      0.91,
      0.14,
      0.35,
      0.56,
      0.77,
      0,
      0.21,
      0.42,
      0.63,
      0.84,
      0.07,
      0.28,
      0.49,
      0.7,
      0.91,
      0.14,
      0.35,
      0.56,
      0.77,
      0,
      0.21,
      0.42,
      0.63,
      0.84,
      0.07,
      0.28,
      0.49,
      0.7,
      0.91,
      0.14,
      0.35,
      0.56,
      0.77,
      0,
      0.21,
      0.42,
      0.63,
      0.84,
      0.07,
      0.28,
      0.49,
      0.7,
      0.91,
      0.14,
      0.35,
      0.56,
      0.77
    ],
    "SoftwareVersions": "syngo_MR_E11",
    "SpacingBetweenSlices": 2.5,
    "StationName": "AWP66018",
    "TotalReadoutTime": 0.0438902,
    "TxRefAmp": 233.772,
    "dataset": "ds003338",
    "modality": "bold",
    "run_id": 1,
    "session_id": "01",
    "subject_id": "04",
    "task_id": "recall"
  },
  "dummy_trs": 1,
  "dvars_nstd": 35.95700448729561,
  "dvars_std": 1.2129141388050315,
  "dvars_vstd": 0.9901314314465409,
  "efc": 0.5796376728112124,
  "fber": 1836.359375,
  "fd_mean": 0.22141282385898878,
  "fd_num": 80,
  "fd_perc": 50.0,
  "fwhm_avg": 1.8360813333333332,
  "fwhm_x": 1.753708,
  "fwhm_y": 1.9107679999999998,
  "fwhm_z": 1.843768,
  "gcor": 0.00850195,
  "gsr_x": -0.0057395389303565025,
  "gsr_y": 0.05181863158941269,
  "provenance": {
    "md5sum": "15d47f9ff2a9bef405a096f04358ea19",
    "settings": {
      "fd_thres": 0.2,
      "testing": false
    },
    "software": "mriqc",
    "version": "23.1.0"
  },
  "size_t": 160,
  "size_x": 78,
  "size_y": 78,
  "size_z": 56,
  "snr": 5.125504871684495,
  "spacing_tr": 1.0,
  "spacing_x": 2.5,
  "spacing_y": 2.5,
  "spacing_z": 2.5,
  "summary_bg_k": 8.291612280319093,
  "summary_bg_mad": 214.78433861713552,
  "summary_bg_mean": 848.4045698601144,
  "summary_bg_median": 232.64521026611328,
  "summary_bg_n": 247998.0,
  "summary_bg_p05": 66.30480194091797,
  "summary_bg_p95": 3880.101318359375,
  "summary_bg_stdv": 1313.2756777144073,
  "summary_fg_k": 1.932479937177102,
  "summary_fg_mad": 1703.5613478703165,
  "summary_fg_mean": 9992.677214166924,
  "summary_fg_median": 9969.490234375,
  "summary_fg_n": 92706.0,
  "summary_fg_p05": 6768.3291015625,
  "summary_fg_p95": 13149.970703125,
  "summary_fg_stdv": 1945.0642842844538,
  "tsnr": 40.724870681762695
}