{
  "aor": 0.0023178676470588236,
  "aqi": 0.012427294044117647,
  "bids_meta": {
    "AcquisitionMatrixPE": 78,
    "AcquisitionNumber": 1,
    "AcquisitionTime": "17:30:30.767500",
    "BandwidthPerPixelPhaseEncode": 22.492,
    "BaseResolution": 78,
    "BodyPartExamined": "BRAIN",
    "ConsistencyInfo": "N4_VE11C_LATEST_20160120",
    "ConversionSoftware": "dcm2niix",
    "ConversionSoftwareVersion": "v1.0.20180328 GCC6.3.0",
    "DerivedVendorReportedEchoSpacing": 0.000570003,
    "DeviceSerialNumber": "66018",
    "DwellTime": 3e-06,
    "EchoTime": 0.03,
    "EchoTrainLength": 78,
    "EffectiveEchoSpacing": 0.000570003,
    "FlipAngle": 59,
    "ImageComments": "Unaliased_MB4_PE3_LB",
    "ImageOrientationPatientDICOM": [
      1,
      0,
      0,
      0,
      0.904827,
      -0.425779
    ],
    "ImageType": [
      "ORIGINAL",
      "PRIMARY",
      "M",
      "MB",
      "ND",
      "NORM",
      "MOSAIC"
    ],
    "InPlanePhaseEncodingDirectionDICOM": "COL",
    "InstitutionAddress": "Stadium_1952_Princeton_NJ_US_08544",
    "InstitutionName": "Princeton_University",
    "InstitutionalDepartmentName": "NeuroScience",
    "MRAcquisitionType": "2D",
    "MagneticFieldStrength": 3,
    "Manufacturer": "Siemens",
    "ManufacturersModelName": "Prisma",
    "Modality": "MR",
    "MultibandAccelerationFactor": 4,
    "PartialFourier": 1,
    "PatientPosition": "HFS",
    "PercentPhaseFOV": 100,
    "PhaseEncodingDirection": "j-",
    "PhaseEncodingSteps": 78,
    "PhaseResolution": 1,
    "PixelBandwidth": 2135,
    "ProcedureStepDescription": "Norman_Antony_ss",
    "ProtocolName": "func_task-recall_run-3",
    "PulseSequenceDetails": "%CustomerSeq%_cmrr_mbep2d_bold",
    "ReceiveCoilActiveElements": "HC1-7",
    "ReceiveCoilName": "HeadNeck_64",
    "ReconMatrixPE": 78,
    "RepetitionTime": 1,
    "SAR": 0.0600715,
    "ScanOptions": "FS_EXT",
    "ScanningSequence": "EP",
    "SequenceName": "epfid2d1_78",
    "SequenceVariant": "SK_SS",
    "SeriesDescription": "func_task-recall_run-3",
    "SeriesNumber": 8,
    "ShimSetting": [
      767,
      588,
      2072,
      733,
      -26,
      106,
      107,
      44
    ],
    "SliceThickness": 2.5,
    "SliceTiming": [
      0,
      0.21,
      0.42,
      0.63,
      0.84,
      0.07,
      0.28,
      0.49,
      0.7,
      0.91,
      0.14,
      0.35,
      0.56,
      0.77,
      0,
      0.21,
      0.42,
      0.63,
      0.84,
      0.07,
      0.28,
      0.49,
      0.7,
      0.91,
      0.14,
      0.35,
      0.56,
      0.77,
      0,
      0.21,
      0.42,
      0.63,
      0.84,
      0.07,
      0.28,
      0.49,
      0.7,
      0.91,
      0.14,
      0.35,
      0.56,
      0.77,
      0,
      0.21,
      0.42,
      0.63,
      0.84,
      0.07,
      0.28,
      0.49,
      0.7,
      0.91,
      0.14,
      0.35,
      0.56,
      0.77
    ],
    "SoftwareVersions": "syngo_MR_E11",
    "SpacingBetweenSlices": 2.5,
    "StationName": "AWP66018",
    "TotalReadoutTime": 0.0438902,
    "TxRefAmp": 233.772,
    "dataset": "ds003338",
    "modality": "bold",
    "run_id": 3,
    "session_id": "01",
    "subject_id": "04",
    "task_id": "recall"
  },
  "dummy_trs": 0,
  "dvars_nstd": 36.07388978177778,
  "dvars_std": 1.2549363125185184,
  "dvars_vstd": 1.0104639148888885,
  "efc": 0.5814112348408937,
  "fber": 1797.9443359375,
  "fd_mean": 0.2093382300533022,
  "fd_num": 56,
  "fd_perc": 41.1764705882353,
  "fwhm_avg": 1.8397879999999998,
  "fwhm_x": 1.75028,
  "fwhm_y": 1.9155159999999998,
  "fwhm_z": 1.8535679999999999,
  "gcor": 0.0174633,
  "gsr_x": -0.004721293691545725,
  "gsr_y": 0.05431699752807617,
  "provenance": {
    "md5sum": "bfa2afd6928a7c526d4d2aa1be65c977",
    "settings": {
      "fd_thres": 0.2,
      "testing": false
    },
    "software": "mriqc",
    "version": "23.1.0"
  },
  "size_t": 136,
  "size_x": 78,
  "size_y": 78,
  "size_z": 56,
  "snr": 5.081548770897494,
  "spacing_tr": 1.0,
  "spacing_x": 2.5,
  "spacing_y": 2.5,
  "spacing_z": 2.5,
  "summary_bg_k": 8.2695089079924,
  "summary_bg_mad": 213.5324202185472,
  "summary_bg_mean": 854.9076865849074,
  "summary_bg_median": 233.23548889160156,
  "summary_bg_n": 247771.0,
  "summary_bg_p05": 72.56785583496094,
  "summary_bg_p95": 3903.620849609375,
  "summary_bg_stdv": 1318.5339732638638,
  "summary_fg_k": 2.101014489880508,
  "summary_fg_mad": 1709.6314746291882,
  "summary_fg_mean": 9905.644658460156,
  "summary_fg_median": 9889.69140625,
  "summary_fg_n": 92933.0,
  "summary_fg_p05": 6703.49365234375,
  "summary_fg_p95": 13063.12890625,
  "summary_fg_stdv": 1946.185827051131,
  "tsnr": 50.248741149902344
}