{
  "aor": 0.0006801847187237616,
  "aqi": 0.018665311418975653,
  "bids_meta": {
    "AcquisitionMatrixPE": 78,
    "AcquisitionNumber": 1,
    "AcquisitionTime": "16:44:23.062500",
    "BandwidthPerPixelPhaseEncode": 22.492,
    "BaseResolution": 78,
    "BodyPartExamined": "BRAIN",
    "ConsistencyInfo": "N4_VE11C_LATEST_20160120",
    "ConversionSoftware": "dcm2niix",
    "ConversionSoftwareVersion": "v1.0.20180328 GCC6.3.0",
    "DerivedVendorReportedEchoSpacing": 0.000570003,
    "DeviceSerialNumber": "66018",
    "DwellTime": 3e-06,
    "EchoTime": 0.03,
    "EchoTrainLength": 78,
    "EffectiveEchoSpacing": 0.000570003,
    "FlipAngle": 59,
    "ImageComments": "Unaliased_MB4_PE3_LB",
    "ImageOrientationPatientDICOM": [
      1,
      0,
      0,
      0,
      0.904827,
      -0.425779
    ],
    "ImageType": [
      "ORIGINAL",
      "PRIMARY",
      "M",
      "MB",
      "ND",
      "NORM",
      "MOSAIC"
    ],
    "InPlanePhaseEncodingDirectionDICOM": "COL",
    "InstitutionAddress": "Stadium_1952_Princeton_NJ_US_08544",
    "InstitutionName": "Princeton_University",
    "InstitutionalDepartmentName": "NeuroScience",
    "MRAcquisitionType": "2D",
    "MagneticFieldStrength": 3,
    "Manufacturer": "Siemens",
    "ManufacturersModelName": "Prisma",
    "Modality": "MR",
    "MultibandAccelerationFactor": 4,
    "PartialFourier": 1,
    "PatientPosition": "HFS",
    "PercentPhaseFOV": 100,
    "PhaseEncodingDirection": "j-",
    "PhaseEncodingSteps": 78,
    "PhaseResolution": 1,
    "PixelBandwidth": 2135,
    "ProcedureStepDescription": "Norman_Antony_ss",
    "ProtocolName": "func_task-view_run-2",
    "PulseSequenceDetails": "%CustomerSeq%_cmrr_mbep2d_bold",
    "ReceiveCoilActiveElements": "HC1-7",
    "ReceiveCoilName": "HeadNeck_64",
    "ReconMatrixPE": 78,
    "RepetitionTime": 1,
    "SAR": 0.0600715,
    "ScanOptions": "FS_EXT",
    "ScanningSequence": "EP",
    "SequenceName": "epfid2d1_78",
    "SequenceVariant": "SK_SS",
    "SeriesDescription": "func_task-view_run-2",
    "SeriesNumber": 5,
    "ShimSetting": [
      767,
      588,
      2072,
      733,
      -26,
      106,
      107,
      44
    ],
    "SliceThickness": 2.5,
    "SliceTiming": [
      0,
      0.21,
      0.42,
      0.63,
      0.84,
      0.07,
      0.28,
      0.49,
      0.7,
      0.91,
      0.14,
      0.35,
      0.56,
      0.77,
      0,
      0.21,
      0.42,
      0.63,
      0.84,
      0.07,
      0.28,
      0.49,
      0.7,
      0.91,
      0.14,
      0.35,
      0.56,
      0.77,
      0,
      0.21,
      0.42,
      0.63,
      0.84,
      0.07,
      0.28,
      0.49,
      0.7,
      0.91,
      0.14,
      0.35,
      0.56,
      0.77,
      0,
      0.21,
      0.42,
      0.63,
      0.84,
      0.07,
      0.28,
      0.49,
      0.7,
      0.91,
      0.14,
      0.35,
      0.56,
      0.77
    ],
    "SoftwareVersions": "syngo_MR_E11",
    "SpacingBetweenSlices": 2.5,
    "StationName": "AWP66018",
    "TotalReadoutTime": 0.0438902,
    "TxRefAmp": 233.772,
    "dataset": "ds003338",
    "modality": "bold",
    "run_id": 2,
    "session_id": "01",
    "subject_id": "04",
    "task_id": "view"
  },
  "dummy_trs": 2,
  "dvars_nstd": 29.704408384470568,
  "dvars_std": 1.1818086256638645,
  "dvars_vstd": 0.9587860670840344,
  "efc": 0.5811289936677758,
  "fber": 1709.6536865234375,
  "fd_mean": 0.1174435287586612,
  "fd_num": 88,
  "fd_perc": 7.388748950461797,
  "fwhm_avg": 1.8214333333333332,
  "fwhm_x": 1.72474,
  "fwhm_y": 1.8938479999999998,
  "fwhm_z": 1.845712,
  "gcor": 0.0067865,
  "gsr_x": -0.006023078225553036,
  "gsr_y": 0.0516192689538002,
  "provenance": {
    "md5sum": "760ad2597372b206fb61a68174534f93",
    "settings": {
      "fd_thres": 0.2,
      "testing": false
    },
    "software": "mriqc",
    "version": "23.1.0"
  },
  "size_t": 1191,
  "size_x": 78,
  "size_y": 78,
  "size_z": 56,
  "snr": 5.150963586465972,
  "spacing_tr": 1.0,
  "spacing_x": 2.5,
  "spacing_y": 2.5,
  "spacing_z": 2.5,
  "summary_bg_k": 8.208541170747074,
  "summary_bg_mad": 224.85663848963517,
  "summary_bg_mean": 857.2452944260964,
  "summary_bg_median": 240.35145568847656,
  "summary_bg_n": 248059.0,
  "summary_bg_p05": 67.0372543334961,
  "summary_bg_p95": 3873.758056640625,
  "summary_bg_stdv": 1316.3016571744186,
  "summary_fg_k": 1.923235996151199,
  "summary_fg_mad": 1684.115948362856,
  "summary_fg_mean": 9957.976989502664,
  "summary_fg_median": 9938.0419921875,
  "summary_fg_n": 92645.0,
  "summary_fg_p05": 6794.1962890625,
  "summary_fg_p95": 13095.0361328125,
  "summary_fg_stdv": 1929.3454884995256,
  "tsnr": 41.88688659667969
}