{
  "aor": 0.0019792345679012346,
  "aqi": 0.014203844518518518,
  "bids_meta": {
    "AcquisitionMatrixPE": 78,
    "AcquisitionNumber": 1,
    "AcquisitionTime": "16:13:42.905000",
    "BandwidthPerPixelPhaseEncode": 22.492,
    "BaseResolution": 78,
    "BodyPartExamined": "BRAIN",
    "ConsistencyInfo": "N4_VE11C_LATEST_20160120",
    "ConversionSoftware": "dcm2niix",
    "ConversionSoftwareVersion": "v1.0.20180328 GCC6.3.0",
    "DerivedVendorReportedEchoSpacing": 0.000570003,
    "DeviceSerialNumber": "66018",
    "DwellTime": 3e-06,
    "EchoTime": 0.03,
    "EchoTrainLength": 78,
    "EffectiveEchoSpacing": 0.000570003,
    "FlipAngle": 59,
    "ImageComments": "Unaliased_MB4_PE3_LB",
    "ImageOrientationPatientDICOM": [
      1,
      0,
      0,
      0,
      0.904827,
      -0.425779
    ],
    "ImageType": [
      "ORIGINAL",
      "PRIMARY",
      "M",
      "MB",
      "ND",
      "NORM",
      "MOSAIC"
    ],
    "InPlanePhaseEncodingDirectionDICOM": "COL",
    "InstitutionAddress": "Stadium_1952_Princeton_NJ_US_08544",
    "InstitutionName": "Princeton_University",
    "InstitutionalDepartmentName": "NeuroScience",
    "MRAcquisitionType": "2D",
    "MagneticFieldStrength": 3,
    "Manufacturer": "Siemens",
    "ManufacturersModelName": "Prisma",
    "Modality": "MR",
    "MultibandAccelerationFactor": 4,
    "PartialFourier": 1,
    "PatientPosition": "HFS",
    "PercentPhaseFOV": 100,
    "PhaseEncodingDirection": "j-",
    "PhaseEncodingSteps": 78,
    "PhaseResolution": 1,
    "PixelBandwidth": 2135,
    "ProcedureStepDescription": "Norman_Antony_ss",
    "ProtocolName": "func_task-view_run-1",
    "PulseSequenceDetails": "%CustomerSeq%_cmrr_mbep2d_bold",
    "ReceiveCoilActiveElements": "HC1-7",
    "ReceiveCoilName": "HeadNeck_64",
    "ReconMatrixPE": 78,
    "RepetitionTime": 1,
    "SAR": 0.0600715,
    "ScanOptions": "FS_EXT",
    "ScanningSequence": "EP",
    "SequenceName": "epfid2d1_78",
    "SequenceVariant": "SK_SS",
    "SeriesDescription": "func_task-view_run-1",
    "SeriesNumber": 2,
    "ShimSetting": [
      767,
      588,
      2072,
      733,
      -26,
      106,
      107,
      44
    ],
    "SliceThickness": 2.5,
    "SliceTiming": [
      0,
      0.21,
      0.42,
      0.63,
      0.84,
      0.07,
      0.28,
      0.49,
      0.7,
      0.91,
      0.14,
      0.35,
      0.56,
      0.77,
      0,
      0.21,
      0.42,
      0.63,
      0.84,
      0.07,
      0.28,
      0.49,
      0.7,
      0.91,
      0.14,
      0.35,
      0.56,
      0.77,
      0,
      0.21,
      0.42,
      0.63,
      0.84,
      0.07,
      0.28,
      0.49,
      0.7,
      0.91,
      0.14,
      0.35,
      0.56,
      0.77,
      0,
      0.21,
      0.42,
      0.63,
      0.84,
      0.07,
      0.28,
      0.49,
      0.7,
      0.91,
      0.14,
      0.35,
      0.56,
      0.77
    ],
    "SoftwareVersions": "syngo_MR_E11",
    "SpacingBetweenSlices": 2.5,
    "StationName": "AWP66018",
    "TotalReadoutTime": 0.0438902,
    "TxRefAmp": 233.772,
    "dataset": "ds003338",
    "modality": "bold",
    "run_id": 0,
    "session_id": "01",
    "subject_id": "04",
    "task_id": "view"
  },
  "dummy_trs": 1,
  "dvars_nstd": 29.879348925099006,
  "dvars_std": 1.23397275480198,
  "dvars_vstd": 1.003143334579208,
  "efc": 0.5771726921422199,
  "fber": 1934.9046630859375,
  "fd_mean": 0.12173785603572625,
  "fd_num": 32,
  "fd_perc": 7.901234567901234,
  "fwhm_avg": 1.8196453333333331,
  "fwhm_x": 1.71648,
  "fwhm_y": 1.881972,
  "fwhm_z": 1.860484,
  "gcor": 0.0149437,
  "gsr_x": -0.005159825552254915,
  "gsr_y": 0.05307190120220184,
  "provenance": {
    "md5sum": "daeba74caa8cab12206357d23498eaed",
    "settings": {
      "fd_thres": 0.2,
      "testing": false
    },
    "software": "mriqc",
    "version": "23.1.0"
  },
  "size_t": 405,
  "size_x": 78,
  "size_y": 78,
  "size_z": 56,
  "snr": 5.191731000497873,
  "spacing_tr": 1.0,
  "spacing_x": 2.5,
  "spacing_y": 2.5,
  "spacing_z": 2.5,
  "summary_bg_k": 9.17298110685911,
  "summary_bg_mad": 202.80957591175337,
  "summary_bg_mean": 827.3736848877378,
  "summary_bg_median": 229.34185028076172,
  "summary_bg_n": 247700.0,
  "summary_bg_p05": 76.2227554321289,
  "summary_bg_p95": 3821.42822265625,
  "summary_bg_stdv": 1294.3245510106558,
  "summary_fg_k": 2.0003798000551845,
  "summary_fg_mad": 1694.0981758975113,
  "summary_fg_mean": 10103.506195698372,
  "summary_fg_median": 10088.1865234375,
  "summary_fg_n": 93004.0,
  "summary_fg_p05": 6860.78076171875,
  "summary_fg_p95": 13244.888671875,
  "summary_fg_stdv": 1943.1153669354267,
  "tsnr": 48.96882247924805
}