{
  "aor": 0.0002757072771872445,
  "aqi": 0.01158813303352412,
  "bids_meta": {
    "AcquisitionMatrixPE": 78,
    "AcquisitionNumber": 1,
    "AcquisitionTime": "18:24:9.850000",
    "BandwidthPerPixelPhaseEncode": 22.492,
    "BaseResolution": 78,
    "BodyPartExamined": "BRAIN",
    "ConsistencyInfo": "N4_VE11C_LATEST_20160120",
    "ConversionSoftware": "dcm2niix",
    "ConversionSoftwareVersion": "v1.0.20180328 GCC6.3.0",
    "DerivedVendorReportedEchoSpacing": 0.000570003,
    "DeviceSerialNumber": "66018",
    "DwellTime": 3e-06,
    "EchoTime": 0.03,
    "EchoTrainLength": 78,
    "EffectiveEchoSpacing": 0.000570003,
    "FlipAngle": 59,
    "ImageComments": "Unaliased_MB4_PE3_LB",
    "ImageOrientationPatientDICOM": [
      1,
      0,
      0,
      0,
      0.984503,
      -0.175367
    ],
    "ImageType": [
      "ORIGINAL",
      "PRIMARY",
      "M",
      "MB",
      "ND",
      "NORM",
      "MOSAIC"
    ],
    "InPlanePhaseEncodingDirectionDICOM": "COL",
    "InstitutionAddress": "Stadium_1952_Princeton_NJ_US_08544",
    "InstitutionName": "Princeton_University",
    "InstitutionalDepartmentName": "NeuroScience",
    "MRAcquisitionType": "2D",
    "MagneticFieldStrength": 3,
    "Manufacturer": "Siemens",
    "ManufacturersModelName": "Prisma",
    "Modality": "MR",
    "MultibandAccelerationFactor": 4,
    "PartialFourier": 1,
    "PatientPosition": "HFS",
    "PercentPhaseFOV": 100,
    "PhaseEncodingDirection": "j-",
    "PhaseEncodingSteps": 78,
    "PhaseResolution": 1,
    "PixelBandwidth": 2135,
    "ProcedureStepDescription": "NormaL_Antony_ss",
    "ProtocolName": "func_task-view_run-3",
    "PulseSequenceDetails": "%CustomerSeq%_cmrr_mbep2d_bold",
    "ReceiveCoilActiveElements": "HC1-7",
    "ReceiveCoilName": "HeadNeck_64",
    "ReconMatrixPE": 78,
    "RepetitionTime": 1,
    "SAR": 0.0575775,
    "ScanOptions": "FS_EXT",
    "ScanningSequence": "EP",
    "SequenceName": "epfid2d1_78",
    "SequenceVariant": "SK_SS",
    "SeriesDescription": "func_task-view_run-3",
    "SeriesNumber": 9,
    "ShimSetting": [
      780,
      574,
      2009,
      641,
      -120,
      229,
      297,
      46
    ],
    "SliceThickness": 2.5,
    "SliceTiming": [
      0,
      0.21,
      0.42,
      0.63,
      0.84,
      0.07,
      0.28,
      0.49,
      0.7,
      0.91,
      0.14,
      0.35,
      0.56,
      0.77,
      0,
      0.21,
      0.42,
      0.63,
      0.84,
      0.07,
      0.28,
      0.49,
      0.7,
      0.91,
      0.14,
      0.35,
      0.56,
      0.77,
      0,
      0.21,
      0.42,
      0.63,
      0.84,
      0.07,
      0.28,
      0.49,
      0.7,
      0.91,
      0.14,
      0.35,
      0.56,
      0.77,
      0,
      0.21,
      0.42,
      0.63,
      0.84,
      0.07,
      0.28,
      0.49,
      0.7,
      0.91,
      0.14,
      0.35,
      0.56,
      0.77
    ],
    "SoftwareVersions": "syngo_MR_E11",
    "SpacingBetweenSlices": 2.5,
    "StationName": "AWP66018",
    "TotalReadoutTime": 0.0438902,
    "TxRefAmp": 230.856,
    "dataset": "ds003338",
    "modality": "bold",
    "run_id": 3,
    "session_id": "01",
    "subject_id": "10",
    "task_id": "view"
  },
  "dummy_trs": 2,
  "dvars_nstd": 28.832308614762685,
  "dvars_std": 1.2084422733224245,
  "dvars_vstd": 0.9966050611047471,
  "efc": 0.5621469942490961,
  "fber": 2061.36279296875,
  "fd_mean": 0.10106442071935227,
  "fd_num": 33,
  "fd_perc": 2.6982829108748976,
  "fwhm_avg": 1.75681472101886,
  "fwhm_x": 1.656864,
  "fwhm_y": 1.9038080000000002,
  "fwhm_z": 1.7097721630565799,
  "gcor": 0.0156234,
  "gsr_x": -0.006378524471074343,
  "gsr_y": 0.052180785685777664,
  "provenance": {
    "md5sum": "1686132b72c13a8a93be9a510501c1ed",
    "settings": {
      "fd_thres": 0.2,
      "testing": false
    },
    "software": "mriqc",
    "version": "23.1.0"
  },
  "size_t": 1223,
  "size_x": 78,
  "size_y": 78,
  "size_z": 56,
  "snr": 5.8574148129469235,
  "spacing_tr": 1.0,
  "spacing_x": 2.5,
  "spacing_y": 2.5,
  "spacing_z": 2.499999761581421,
  "summary_bg_k": 10.381488258911316,
  "summary_bg_mad": 180.41955298181244,
  "summary_bg_mean": 726.6489082412653,
  "summary_bg_median": 217.5847930908203,
  "summary_bg_n": 252053.0,
  "summary_bg_p05": 81.05194091796875,
  "summary_bg_p95": 3361.7216796875,
  "summary_bg_stdv": 1168.5328700973396,
  "summary_fg_k": 2.5759779909760994,
  "summary_fg_mad": 1371.462070559384,
  "summary_fg_mean": 9757.945927701272,
  "summary_fg_median": 9878.8349609375,
  "summary_fg_n": 88651.0,
  "summary_fg_p05": 6590.099609375,
  "summary_fg_p95": 12166.9384765625,
  "summary_fg_stdv": 1686.5425377393556,
  "tsnr": 55.891822814941406
}