{
  "aor": 0.000649375,
  "aqi": 0.01272423090625,
  "bids_meta": {
    "AcquisitionMatrixPE": 78,
    "AcquisitionNumber": 1,
    "AcquisitionTime": "18:15:20.632500",
    "BandwidthPerPixelPhaseEncode": 22.492,
    "BaseResolution": 78,
    "BodyPartExamined": "BRAIN",
    "ConsistencyInfo": "N4_VE11C_LATEST_20160120",
    "ConversionSoftware": "dcm2niix",
    "ConversionSoftwareVersion": "v1.0.20180328 GCC6.3.0",
    "DerivedVendorReportedEchoSpacing": 0.000570003,
    "DeviceSerialNumber": "66018",
    "DwellTime": 3e-06,
    "EchoTime": 0.03,
    "EchoTrainLength": 78,
    "EffectiveEchoSpacing": 0.000570003,
    "FlipAngle": 59,
    "ImageComments": "Unaliased_MB4_PE3_LB",
    "ImageOrientationPatientDICOM": [
      1,
      0,
      0,
      0,
      0.984503,
      -0.175367
    ],
    "ImageType": [
      "ORIGINAL",
      "PRIMARY",
      "M",
      "MB",
      "ND",
      "NORM",
      "MOSAIC"
    ],
    "InPlanePhaseEncodingDirectionDICOM": "COL",
    "InstitutionAddress": "Stadium_1952_Princeton_NJ_US_08544",
    "InstitutionName": "Princeton_University",
    "InstitutionalDepartmentName": "NeuroScience",
    "MRAcquisitionType": "2D",
    "MagneticFieldStrength": 3,
    "Manufacturer": "Siemens",
    "ManufacturersModelName": "Prisma",
    "Modality": "MR",
    "MultibandAccelerationFactor": 4,
    "PartialFourier": 1,
    "PatientPosition": "HFS",
    "PercentPhaseFOV": 100,
    "PhaseEncodingDirection": "j-",
    "PhaseEncodingSteps": 78,
    "PhaseResolution": 1,
    "PixelBandwidth": 2135,
    "ProcedureStepDescription": "NormaL_Antony_ss",
    "ProtocolName": "func_task-recall_run-2",
    "PulseSequenceDetails": "%CustomerSeq%_cmrr_mbep2d_bold",
    "ReceiveCoilActiveElements": "HC1-7",
    "ReceiveCoilName": "HeadNeck_64",
    "ReconMatrixPE": 78,
    "RepetitionTime": 1,
    "SAR": 0.0575775,
    "ScanOptions": "FS_EXT",
    "ScanningSequence": "EP",
    "SequenceName": "epfid2d1_78",
    "SequenceVariant": "SK_SS",
    "SeriesDescription": "func_task-recall_run-2",
    "SeriesNumber": 8,
    "ShimSetting": [
      780,
      574,
      2009,
      641,
      -120,
      229,
      297,
      46
    ],
    "SliceThickness": 2.5,
    "SliceTiming": [
      0,
      0.21,
      0.42,
      0.63,
      0.84,
      0.07,
      0.28,
      0.49,
      0.7,
      0.91,
      0.14,
      0.35,
      0.56,
      0.77,
      0,
      0.21,
      0.42,
      0.63,
      0.84,
      0.07,
      0.28,
      0.49,
      0.7,
      0.91,
      0.14,
      0.35,
      0.56,
      0.77,
      0,
      0.21,
      0.42,
      0.63,
      0.84,
      0.07,
      0.28,
      0.49,
      0.7,
      0.91,
      0.14,
      0.35,
      0.56,
      0.77,
      0,
      0.21,
      0.42,
      0.63,
      0.84,
      0.07,
      0.28,
      0.49,
      0.7,
      0.91,
      0.14,
      0.35,
      0.56,
      0.77
    ],
    "SoftwareVersions": "syngo_MR_E11",
    "SpacingBetweenSlices": 2.5,
    "StationName": "AWP66018",
    "TotalReadoutTime": 0.0438902,
    "TxRefAmp": 230.856,
    "dataset": "ds003338",
    "modality": "bold",
    "run_id": 2,
    "session_id": "01",
    "subject_id": "10",
    "task_id": "recall"
  },
  "dummy_trs": 1,
  "dvars_nstd": 31.260255442946722,
  "dvars_std": 1.1738794114733537,
  "dvars_vstd": 1.0033028704075226,
  "efc": 0.5618093292625506,
  "fber": 2104.245361328125,
  "fd_mean": 0.17899009998918813,
  "fd_num": 113,
  "fd_perc": 35.3125,
  "fwhm_avg": 1.7550933874738108,
  "fwhm_x": 1.65514,
  "fwhm_y": 1.907028,
  "fwhm_z": 1.703112162421433,
  "gcor": 0.00978369,
  "gsr_x": -0.006760771386325359,
  "gsr_y": 0.053077735006809235,
  "provenance": {
    "md5sum": "18760a736160053e75c0ec8b9355b451",
    "settings": {
      "fd_thres": 0.2,
      "testing": false
    },
    "software": "mriqc",
    "version": "23.1.0"
  },
  "size_t": 320,
  "size_x": 78,
  "size_y": 78,
  "size_z": 56,
  "snr": 5.829495596994106,
  "spacing_tr": 1.0,
  "spacing_x": 2.5,
  "spacing_y": 2.5,
  "spacing_z": 2.499999761581421,
  "summary_bg_k": 10.595354828565451,
  "summary_bg_mad": 179.29341687593185,
  "summary_bg_mean": 728.4237719163519,
  "summary_bg_median": 215.9097900390625,
  "summary_bg_n": 252161.0,
  "summary_bg_p05": 80.54521942138672,
  "summary_bg_p95": 3372.90234375,
  "summary_bg_stdv": 1173.0910088552198,
  "summary_fg_k": 2.5929978141556758,
  "summary_fg_mad": 1371.9977764391176,
  "summary_fg_mean": 9779.16178971058,
  "summary_fg_median": 9904.2255859375,
  "summary_fg_n": 88543.0,
  "summary_fg_p05": 6583.90087890625,
  "summary_fg_p95": 12197.296875,
  "summary_fg_stdv": 1698.9754074064765,
  "tsnr": 53.2254753112793
}