{
  "aor": 0.0010686345381526103,
  "aqi": 0.01240583236947791,
  "bids_meta": {
    "AcquisitionMatrixPE": 78,
    "AcquisitionNumber": 1,
    "AcquisitionTime": "17:44:23.070000",
    "BandwidthPerPixelPhaseEncode": 22.492,
    "BaseResolution": 78,
    "BodyPartExamined": "BRAIN",
    "ConsistencyInfo": "N4_VE11C_LATEST_20160120",
    "ConversionSoftware": "dcm2niix",
    "ConversionSoftwareVersion": "v1.0.20180328 GCC6.3.0",
    "DerivedVendorReportedEchoSpacing": 0.000570003,
    "DeviceSerialNumber": "66018",
    "DwellTime": 3e-06,
    "EchoTime": 0.03,
    "EchoTrainLength": 78,
    "EffectiveEchoSpacing": 0.000570003,
    "FlipAngle": 59,
    "ImageComments": "Unaliased_MB4_PE3_LB",
    "ImageOrientationPatientDICOM": [
      1,
      0,
      0,
      0,
      0.984503,
      -0.175367
    ],
    "ImageType": [
      "ORIGINAL",
      "PRIMARY",
      "M",
      "MB",
      "ND",
      "NORM",
      "MOSAIC"
    ],
    "InPlanePhaseEncodingDirectionDICOM": "COL",
    "InstitutionAddress": "Stadium_1952_Princeton_NJ_US_08544",
    "InstitutionName": "Princeton_University",
    "InstitutionalDepartmentName": "NeuroScience",
    "MRAcquisitionType": "2D",
    "MagneticFieldStrength": 3,
    "Manufacturer": "Siemens",
    "ManufacturersModelName": "Prisma",
    "Modality": "MR",
    "MultibandAccelerationFactor": 4,
    "PartialFourier": 1,
    "PatientPosition": "HFS",
    "PercentPhaseFOV": 100,
    "PhaseEncodingDirection": "j-",
    "PhaseEncodingSteps": 78,
    "PhaseResolution": 1,
    "PixelBandwidth": 2135,
    "ProcedureStepDescription": "NormaL_Antony_ss",
    "ProtocolName": "func_task-recall_run-1",
    "PulseSequenceDetails": "%CustomerSeq%_cmrr_mbep2d_bold",
    "ReceiveCoilActiveElements": "HC1-7",
    "ReceiveCoilName": "HeadNeck_64",
    "ReconMatrixPE": 78,
    "RepetitionTime": 1,
    "SAR": 0.0575775,
    "ScanOptions": "FS_EXT",
    "ScanningSequence": "EP",
    "SequenceName": "epfid2d1_78",
    "SequenceVariant": "SK_SS",
    "SeriesDescription": "func_task-recall_run-1",
    "SeriesNumber": 5,
    "ShimSetting": [
      780,
      574,
      2009,
      641,
      -120,
      229,
      297,
      46
    ],
    "SliceThickness": 2.5,
    "SliceTiming": [
      0,
      0.21,
      0.42,
      0.63,
      0.84,
      0.07,
      0.28,
      0.49,
      0.7,
      0.91,
      0.14,
      0.35,
      0.56,
      0.77,
      0,
      0.21,
      0.42,
      0.63,
      0.84,
      0.07,
      0.28,
      0.49,
      0.7,
      0.91,
      0.14,
      0.35,
      0.56,
      0.77,
      0,
      0.21,
      0.42,
      0.63,
      0.84,
      0.07,
      0.28,
      0.49,
      0.7,
      0.91,
      0.14,
      0.35,
      0.56,
      0.77,
      0,
      0.21,
      0.42,
      0.63,
      0.84,
      0.07,
      0.28,
      0.49,
      0.7,
      0.91,
      0.14,
      0.35,
      0.56,
      0.77
    ],
    "SoftwareVersions": "syngo_MR_E11",
    "SpacingBetweenSlices": 2.5,
    "StationName": "AWP66018",
    "TotalReadoutTime": 0.0438902,
    "TxRefAmp": 230.856,
    "dataset": "ds003338",
    "modality": "bold",
    "run_id": 1,
    "session_id": "01",
    "subject_id": "10",
    "task_id": "recall"
  },
  "dummy_trs": 0,
  "dvars_nstd": 30.52280358326614,
  "dvars_std": 1.17700574891129,
  "dvars_vstd": 1.0153590244354844,
  "efc": 0.5594768666687913,
  "fber": 2156.913330078125,
  "fd_mean": 0.17593371797830418,
  "fd_num": 79,
  "fd_perc": 31.72690763052209,
  "fwhm_avg": 1.754153387553665,
  "fwhm_x": 1.647732,
  "fwhm_y": 1.909104,
  "fwhm_z": 1.7056241626609956,
  "gcor": 0.0117622,
  "gsr_x": -0.00658302241936326,
  "gsr_y": 0.05321454256772995,
  "provenance": {
    "md5sum": "de2bb1b6270a15fbfaa9de61d6ec402e",
    "settings": {
      "fd_thres": 0.2,
      "testing": false
    },
    "software": "mriqc",
    "version": "23.1.0"
  },
  "size_t": 249,
  "size_x": 78,
  "size_y": 78,
  "size_z": 56,
  "snr": 5.844587927009667,
  "spacing_tr": 1.0,
  "spacing_x": 2.5,
  "spacing_y": 2.5,
  "spacing_z": 2.499999761581421,
  "summary_bg_k": 10.33577738810728,
  "summary_bg_mad": 175.4668808621258,
  "summary_bg_mean": 716.8332326648425,
  "summary_bg_median": 214.3591079711914,
  "summary_bg_n": 252426.0,
  "summary_bg_p05": 80.89350128173828,
  "summary_bg_p95": 3340.744873046875,
  "summary_bg_stdv": 1158.120491020195,
  "summary_fg_k": 2.54082935119067,
  "summary_fg_mad": 1372.592120394876,
  "summary_fg_mean": 9835.008397064523,
  "summary_fg_median": 9955.390625,
  "summary_fg_n": 88278.0,
  "summary_fg_p05": 6637.21923828125,
  "summary_fg_p95": 12261.2119140625,
  "summary_fg_stdv": 1703.3423677731846,
  "tsnr": 54.192922592163086
}