{
  "bids_meta": {
    "AcquisitionMatrixPE": 256,
    "AcquisitionNumber": 1,
    "AcquisitionTime": "17:34:59.662500",
    "BaseResolution": 256,
    "BodyPartExamined": "BRAIN",
    "ConsistencyInfo": "N4_VE11C_LATEST_20160120",
    "ConversionSoftware": "dcm2niix",
    "ConversionSoftwareVersion": "v1.0.20180328 GCC6.3.0",
    "DeviceSerialNumber": "66018",
    "DwellTime": 9.8e-06,
    "EchoTime": 0.0033,
    "FlipAngle": 7,
    "ImageOrientationPatientDICOM": [
      0,
      1,
      0,
      0,
      0,
      -1
    ],
    "ImageType": [
      "ORIGINAL",
      "PRIMARY",
      "M",
      "ND",
      "NORM"
    ],
    "InPlanePhaseEncodingDirectionDICOM": "ROW",
    "InstitutionAddress": "Stadium_1952_Princeton_NJ_US_08544",
    "InstitutionName": "Princeton_University",
    "InstitutionalDepartmentName": "NeuroScience",
    "InversionTime": 1.1,
    "MRAcquisitionType": "3D",
    "MagneticFieldStrength": 3,
    "Manufacturer": "Siemens",
    "ManufacturersModelName": "Prisma",
    "Modality": "MR",
    "ParallelReductionFactorInPlane": 2,
    "PartialFourier": 1,
    "PatientPosition": "HFS",
    "PercentPhaseFOV": 100,
    "PhaseEncodingSteps": 255,
    "PhaseResolution": 1,
    "PixelBandwidth": 200,
    "ProcedureStepDescription": "Norman_Antony_ss",
    "ProtocolName": "anat_T1w",
    "PulseSequenceDetails": "%SiemensSeq%_tfl",
    "ReceiveCoilActiveElements": "HC1-7;NC1",
    "ReceiveCoilName": "HeadNeck_64",
    "ReconMatrixPE": 256,
    "RepetitionTime": 2.53,
    "SAR": 0.0416854,
    "ScanOptions": "IR",
    "ScanningSequence": "GR_IR",
    "SequenceName": "_tfl3d1_16ns",
    "SequenceVariant": "SK_SP_MP",
    "SeriesDescription": "anat_T1w",
    "SeriesNumber": 9,
    "ShimSetting": [
      768,
      550,
      1981,
      468,
      -144,
      -164,
      326,
      20
    ],
    "SliceThickness": 1,
    "SoftwareVersions": "syngo_MR_E11",
    "StationName": "AWP66018",
    "TxRefAmp": 248.6,
    "dataset": "ds003338",
    "modality": "T1w",
    "session_id": "01",
    "subject_id": "08"
  },
  "cjv": 0.5074122904431642,
  "cnr": 2.0199011537213973,
  "efc": 0.5362283153991625,
  "fber": -1.0,
  "fwhm_avg": 3.7503733333333336,
  "fwhm_x": 3.77196,
  "fwhm_y": 3.9558,
  "fwhm_z": 3.52336,
  "icvs_csf": 0.27258355751150604,
  "icvs_gm": 0.3776930984875384,
  "icvs_wm": 0.34972334400095567,
  "inu_med": 0.4827805608510971,
  "inu_range": 0.17374129593372345,
  "provenance": {
    "md5sum": "69fb877d35b9e17f5d06406fde16c3ac",
    "settings": {
      "testing": false
    },
    "software": "mriqc",
    "version": "23.1.0",
    "warnings": {
      "large_rot_frame": true,
      "small_air_mask": false
    }
  },
  "qi_1": 0.0,
  "qi_2": 0.0009431281151744862,
  "rpve_csf": 6.949448890866592,
  "rpve_gm": 6.892431252026588,
  "rpve_wm": 6.99101320298715,
  "size_x": 176,
  "size_y": 256,
  "size_z": 256,
  "snr_csf": 1.8354512983829037,
  "snr_gm": 5.155069614834533,
  "snr_total": 7.379330563772899,
  "snr_wm": 15.147470778101257,
  "snrd_csf": 56.79203337970382,
  "snrd_gm": 102.8010524645139,
  "snrd_total": 102.41626440253845,
  "snrd_wm": 147.6557073633976,
  "spacing_x": 1.0,
  "spacing_y": 1.0,
  "spacing_z": 1.0,
  "summary_bg_k": 761.1913131291531,
  "summary_bg_mad": 0.0,
  "summary_bg_mean": 2.149990909503139,
  "summary_bg_median": 0.0,
  "summary_bg_n": 4246756.0,
  "summary_bg_p05": 0.0,
  "summary_bg_p95": 10.301321286708117,
  "summary_bg_stdv": 4.346823930345782,
  "summary_csf_k": -0.8343975093054223,
  "summary_csf_mad": 166.90003665666154,
  "summary_csf_mean": 387.15500023374847,
  "summary_csf_median": 376.8146140985191,
  "summary_csf_n": 445726.45319445874,
  "summary_csf_p05": 85.29019036516547,
  "summary_csf_p95": 721.8049733862281,
  "summary_csf_stdv": 205.2978424069905,
  "summary_gm_k": -0.6033693700641947,
  "summary_gm_mad": 98.19461544857909,
  "summary_gm_mean": 689.9784006327793,
  "summary_gm_median": 682.0840284824371,
  "summary_gm_n": 617600.7339612542,
  "summary_gm_p05": 475.99822913855314,
  "summary_gm_p95": 935.6687156036496,
  "summary_gm_stdv": 132.31314555185293,
  "summary_wm_k": -0.13763328864739854,
  "summary_wm_mad": 52.81646729641188,
  "summary_wm_mean": 969.1503317765524,
  "summary_wm_median": 979.694247212261,
  "summary_wm_n": 571864.8151192013,
  "summary_wm_p05": 841.7693518288434,
  "summary_wm_p95": 1056.9096266552806,
  "summary_wm_stdv": 64.67702793325078,
  "tpm_overlap_csf": 0.2058115255672593,
  "tpm_overlap_gm": 0.5067081490112736,
  "tpm_overlap_wm": 0.5300609905208623,
  "wm2max": 0.6656648378247539
}