{
  "bids_meta": {
    "AcquisitionMatrixPE": 256,
    "AcquisitionNumber": 1,
    "AcquisitionTime": "15:17:23.025000",
    "BaseResolution": 256,
    "BodyPartExamined": "BRAIN",
    "ConsistencyInfo": "N4_VE11C_LATEST_20160120",
    "ConversionSoftware": "dcm2niix",
    "ConversionSoftwareVersion": "v1.0.20180328 GCC6.3.0",
    "DeviceSerialNumber": "66018",
    "DwellTime": 9.8e-06,
    "EchoTime": 0.0033,
    "FlipAngle": 7,
    "ImageOrientationPatientDICOM": [
      0,
      1,
      0,
      0,
      0,
      -1
    ],
    "ImageType": [
      "ORIGINAL",
      "PRIMARY",
      "M",
      "ND",
      "NORM"
    ],
    "InPlanePhaseEncodingDirectionDICOM": "ROW",
    "InstitutionAddress": "Stadium_1952_Princeton_NJ_US_08544",
    "InstitutionName": "Princeton_University",
    "InstitutionalDepartmentName": "NeuroScience",
    "InversionTime": 1.1,
    "MRAcquisitionType": "3D",
    "MagneticFieldStrength": 3,
    "Manufacturer": "Siemens",
    "ManufacturersModelName": "Prisma",
    "Modality": "MR",
    "ParallelReductionFactorInPlane": 2,
    "PartialFourier": 1,
    "PatientPosition": "HFS",
    "PercentPhaseFOV": 100,
    "PhaseEncodingSteps": 255,
    "PhaseResolution": 1,
    "PixelBandwidth": 200,
    "ProcedureStepDescription": "NormaL_Antony_ss",
    "ProtocolName": "anat_T1w",
    "PulseSequenceDetails": "%SiemensSeq%_tfl",
    "ReceiveCoilActiveElements": "HC1-7",
    "ReceiveCoilName": "HeadNeck_64",
    "ReconMatrixPE": 256,
    "RepetitionTime": 2.53,
    "SAR": 0.0456782,
    "ScanOptions": "IR",
    "ScanningSequence": "GR_IR",
    "SequenceName": "_tfl3d1_16ns",
    "SequenceVariant": "SK_SP_MP",
    "SeriesDescription": "anat_T1w",
    "SeriesNumber": 3,
    "ShimSetting": [
      757,
      508,
      1981,
      563,
      -153,
      -293,
      76,
      46
    ],
    "SliceThickness": 1,
    "SoftwareVersions": "syngo_MR_E11",
    "StationName": "AWP66018",
    "TxRefAmp": 239.115,
    "dataset": "ds003338",
    "modality": "T1w",
    "session_id": "01",
    "subject_id": "19"
  },
  "cjv": 0.5046535078645817,
  "cnr": 1.8781548623930595,
  "efc": 0.5716604451051405,
  "fber": 16157.026870674741,
  "fwhm_avg": 3.53134,
  "fwhm_x": 3.6646,
  "fwhm_y": 3.65618,
  "fwhm_z": 3.27324,
  "icvs_csf": 0.2624960879841776,
  "icvs_gm": 0.3893768033117081,
  "icvs_wm": 0.34812710870411445,
  "inu_med": 0.6161270141601562,
  "inu_range": 0.26540458500385283,
  "provenance": {
    "md5sum": "cc5a4e9e9b58df00a03ef8dca0c176ce",
    "settings": {
      "testing": false
    },
    "software": "mriqc",
    "version": "23.1.0",
    "warnings": {
      "large_rot_frame": true,
      "small_air_mask": false
    }
  },
  "qi_1": 0.0,
  "qi_2": 0.0007521281507331708,
  "rpve_csf": 6.313168463868111,
  "rpve_gm": 6.237720808252248,
  "rpve_wm": 6.348735724804418,
  "size_x": 176,
  "size_y": 256,
  "size_z": 256,
  "snr_csf": 2.1035740563655305,
  "snr_gm": 5.4653353349258,
  "snr_total": 5.759563046939015,
  "snr_wm": 9.709779749525715,
  "snrd_csf": 6.511981544213732,
  "snrd_gm": 10.14036262353997,
  "snrd_total": 10.489801792033147,
  "snrd_wm": 14.817061208345736,
  "spacing_x": 1.0,
  "spacing_y": 1.0,
  "spacing_z": 1.0,
  "summary_bg_k": 480.62734975720105,
  "summary_bg_mad": 0.0,
  "summary_bg_mean": 5.971504102816556,
  "summary_bg_median": 0.0,
  "summary_bg_n": 3559121.0,
  "summary_bg_p05": 0.0,
  "summary_bg_p95": 17.467525213956833,
  "summary_bg_stdv": 42.60064706005289,
  "summary_csf_k": -0.5284964016234013,
  "summary_csf_mad": 153.00029389554314,
  "summary_csf_mean": 423.0036960263524,
  "summary_csf_median": 423.44560220837593,
  "summary_csf_n": 470481.9760069457,
  "summary_csf_p05": 107.45365691184998,
  "summary_csf_p95": 728.4336372166872,
  "summary_csf_stdv": 201.2979533162633,
  "summary_gm_k": -0.4520593933213872,
  "summary_gm_mad": 83.30171821627188,
  "summary_gm_mean": 665.5186437134478,
  "summary_gm_median": 659.3833119124174,
  "summary_gm_n": 697895.2305163597,
  "summary_gm_p05": 472.7582546174526,
  "summary_gm_p95": 887.3439749032259,
  "summary_gm_stdv": 120.64819431846922,
  "summary_wm_k": -0.08240366941284538,
  "summary_wm_mad": 70.16603762212351,
  "summary_wm_mean": 939.5222712031186,
  "summary_wm_median": 963.488511711359,
  "summary_wm_n": 623961.7941070768,
  "summary_wm_p05": 736.4737435877323,
  "summary_wm_p95": 1062.93359208107,
  "summary_wm_stdv": 99.22858854597492,
  "tpm_overlap_csf": 0.2338000835556786,
  "tpm_overlap_gm": 0.5275056137962283,
  "tpm_overlap_wm": 0.5466091676631302,
  "wm2max": 0.5910409655332483
}