{
  "aor": 0.0014492156862745099,
  "aqi": 0.024217661274509805,
  "bids_meta": {
    "AcquisitionMatrixPE": 78,
    "AcquisitionNumber": 1,
    "AcquisitionTime": "16:16:9.840000",
    "BandwidthPerPixelPhaseEncode": 22.492,
    "BaseResolution": 78,
    "BodyPartExamined": "BRAIN",
    "ConsistencyInfo": "N4_VE11C_LATEST_20160120",
    "ConversionSoftware": "dcm2niix",
    "ConversionSoftwareVersion": "v1.0.20180328 GCC6.3.0",
    "DerivedVendorReportedEchoSpacing": 0.000570003,
    "DeviceSerialNumber": "66018",
    "DwellTime": 3e-06,
    "EchoTime": 0.03,
    "EchoTrainLength": 78,
    "EffectiveEchoSpacing": 0.000570003,
    "FlipAngle": 59,
    "ImageComments": "Unaliased_MB4_PE3_LB",
    "ImageOrientationPatientDICOM": [
      1,
      0,
      0,
      0,
      0.984808,
      -0.173648
    ],
    "ImageType": [
      "ORIGINAL",
      "PRIMARY",
      "M",
      "MB",
      "ND",
      "NORM",
      "MOSAIC"
    ],
    "InPlanePhaseEncodingDirectionDICOM": "COL",
    "InstitutionAddress": "Stadium_1952_Princeton_NJ_US_08544",
    "InstitutionName": "Princeton_University",
    "InstitutionalDepartmentName": "NeuroScience",
    "MRAcquisitionType": "2D",
    "MagneticFieldStrength": 3,
    "Manufacturer": "Siemens",
    "ManufacturersModelName": "Prisma",
    "Modality": "MR",
    "MultibandAccelerationFactor": 4,
    "PartialFourier": 1,
    "PatientPosition": "HFS",
    "PercentPhaseFOV": 100,
    "PhaseEncodingDirection": "j-",
    "PhaseEncodingSteps": 78,
    "PhaseResolution": 1,
    "PixelBandwidth": 2135,
    "ProcedureStepDescription": "NormaL_Antony_ss",
    "ProtocolName": "func_task-recall_run-2",
    "PulseSequenceDetails": "%CustomerSeq%_cmrr_mbep2d_bold",
    "ReceiveCoilActiveElements": "HC1-7",
    "ReceiveCoilName": "HeadNeck_64",
    "ReconMatrixPE": 78,
    "RepetitionTime": 1,
    "SAR": 0.068497,
    "ScanOptions": "FS_EXT",
    "ScanningSequence": "EP",
    "SequenceName": "epfid2d1_78",
    "SequenceVariant": "SK_SS",
    "SeriesDescription": "func_task-recall_run-2",
    "SeriesNumber": 7,
    "ShimSetting": [
      753,
      542,
      2010,
      694,
      -137,
      59,
      24,
      31
    ],
    "SliceThickness": 2.5,
    "SliceTiming": [
      0,
      0.21,
      0.42,
      0.63,
      0.84,
      0.07,
      0.28,
      0.49,
      0.7,
      0.91,
      0.14,
      0.35,
      0.56,
      0.77,
      0,
      0.21,
      0.42,
      0.63,
      0.84,
      0.07,
      0.28,
      0.49,
      0.7,
      0.91,
      0.14,
      0.35,
      0.56,
      0.77,
      0,
      0.21,
      0.42,
      0.63,
      0.84,
      0.07,
      0.28,
      0.49,
      0.7,
      0.91,
      0.14,
      0.35,
      0.56,
      0.77,
      0,
      0.21,
      0.42,
      0.63,
      0.84,
      0.07,
      0.28,
      0.49,
      0.7,
      0.91,
      0.14,
      0.35,
      0.56,
      0.77
    ],
    "SoftwareVersions": "syngo_MR_E11",
    "SpacingBetweenSlices": 2.5,
    "StationName": "AWP66018",
    "TotalReadoutTime": 0.0438902,
    "TxRefAmp": 239.115,
    "dataset": "ds003338",
    "modality": "bold",
    "run_id": 2,
    "session_id": "01",
    "subject_id": "19",
    "task_id": "recall"
  },
  "dummy_trs": 0,
  "dvars_nstd": 45.45014636054186,
  "dvars_std": 1.202971579753695,
  "dvars_vstd": 0.9952830143349755,
  "efc": 0.6185762508133562,
  "fber": 967.236572265625,
  "fd_mean": 0.4749031555613916,
  "fd_num": 183,
  "fd_perc": 89.70588235294117,
  "fwhm_avg": 1.8047786666666668,
  "fwhm_x": 1.7154440000000002,
  "fwhm_y": 1.9534559999999999,
  "fwhm_z": 1.7454360000000002,
  "gcor": 0.0123927,
  "gsr_x": 0.005220514722168446,
  "gsr_y": 0.056767936795949936,
  "provenance": {
    "md5sum": "6122bc98962ad1f92eb25057d5b973b9",
    "settings": {
      "fd_thres": 0.2,
      "testing": false
    },
    "software": "mriqc",
    "version": "23.1.0"
  },
  "size_t": 204,
  "size_x": 78,
  "size_y": 78,
  "size_z": 56,
  "snr": 5.496481314494408,
  "spacing_tr": 1.0,
  "spacing_x": 2.5,
  "spacing_y": 2.5,
  "spacing_z": 2.5,
  "summary_bg_k": 6.879278340232382,
  "summary_bg_mad": 366.8010169676105,
  "summary_bg_mean": 1066.639819504358,
  "summary_bg_median": 338.4483947753906,
  "summary_bg_n": 237641.0,
  "summary_bg_p05": 62.709442138671875,
  "summary_bg_p95": 4534.17578125,
  "summary_bg_stdv": 1534.2919740537236,
  "summary_fg_k": 1.5367090859824186,
  "summary_fg_mad": 1664.7176041015884,
  "summary_fg_mean": 10437.479419521002,
  "summary_fg_median": 10525.8896484375,
  "summary_fg_n": 103063.0,
  "summary_fg_p05": 6964.2841796875,
  "summary_fg_p95": 13323.85546875,
  "summary_fg_stdv": 1915.0139845357194,
  "tsnr": 35.131099700927734
}