{
  "aor": 0.001369637561779242,
  "aqi": 0.02064348385502471,
  "bids_meta": {
    "AcquisitionMatrixPE": 78,
    "AcquisitionNumber": 1,
    "AcquisitionTime": "15:55:0.795000",
    "BandwidthPerPixelPhaseEncode": 22.492,
    "BaseResolution": 78,
    "BodyPartExamined": "BRAIN",
    "ConsistencyInfo": "N4_VE11C_LATEST_20160120",
    "ConversionSoftware": "dcm2niix",
    "ConversionSoftwareVersion": "v1.0.20180328 GCC6.3.0",
    "DerivedVendorReportedEchoSpacing": 0.000570003,
    "DeviceSerialNumber": "66018",
    "DwellTime": 3e-06,
    "EchoTime": 0.03,
    "EchoTrainLength": 78,
    "EffectiveEchoSpacing": 0.000570003,
    "FlipAngle": 59,
    "ImageComments": "Unaliased_MB4_PE3_LB",
    "ImageOrientationPatientDICOM": [
      1,
      0,
      0,
      0,
      0.984808,
      -0.173648
    ],
    "ImageType": [
      "ORIGINAL",
      "PRIMARY",
      "M",
      "MB",
      "ND",
      "NORM",
      "MOSAIC"
    ],
    "InPlanePhaseEncodingDirectionDICOM": "COL",
    "InstitutionAddress": "Stadium_1952_Princeton_NJ_US_08544",
    "InstitutionName": "Princeton_University",
    "InstitutionalDepartmentName": "NeuroScience",
    "MRAcquisitionType": "2D",
    "MagneticFieldStrength": 3,
    "Manufacturer": "Siemens",
    "ManufacturersModelName": "Prisma",
    "Modality": "MR",
    "MultibandAccelerationFactor": 4,
    "PartialFourier": 1,
    "PatientPosition": "HFS",
    "PercentPhaseFOV": 100,
    "PhaseEncodingDirection": "j-",
    "PhaseEncodingSteps": 78,
    "PhaseResolution": 1,
    "PixelBandwidth": 2135,
    "ProcedureStepDescription": "NormaL_Antony_ss",
    "ProtocolName": "func_task-view_run-2",
    "PulseSequenceDetails": "%CustomerSeq%_cmrr_mbep2d_bold",
    "ReceiveCoilActiveElements": "HC1-7",
    "ReceiveCoilName": "HeadNeck_64",
    "ReconMatrixPE": 78,
    "RepetitionTime": 1,
    "SAR": 0.068497,
    "ScanOptions": "FS_EXT",
    "ScanningSequence": "EP",
    "SequenceName": "epfid2d1_78",
    "SequenceVariant": "SK_SS",
    "SeriesDescription": "func_task-view_run-2",
    "SeriesNumber": 6,
    "ShimSetting": [
      753,
      542,
      2010,
      694,
      -137,
      59,
      24,
      31
    ],
    "SliceThickness": 2.5,
    "SliceTiming": [
      0,
      0.21,
      0.42,
      0.63,
      0.84,
      0.07,
      0.28,
      0.49,
      0.7,
      0.91,
      0.14,
      0.35,
      0.56,
      0.77,
      0,
      0.21,
      0.42,
      0.63,
      0.84,
      0.07,
      0.28,
      0.49,
      0.7,
      0.91,
      0.14,
      0.35,
      0.56,
      0.77,
      0,
      0.21,
      0.42,
      0.63,
      0.84,
      0.07,
      0.28,
      0.49,
      0.7,
      0.91,
      0.14,
      0.35,
      0.56,
      0.77,
      0,
      0.21,
      0.42,
      0.63,
      0.84,
      0.07,
      0.28,
      0.49,
      0.7,
      0.91,
      0.14,
      0.35,
      0.56,
      0.77
    ],
    "SoftwareVersions": "syngo_MR_E11",
    "SpacingBetweenSlices": 2.5,
    "StationName": "AWP66018",
    "TotalReadoutTime": 0.0438902,
    "TxRefAmp": 239.115,
    "dataset": "ds003338",
    "modality": "bold",
    "run_id": 2,
    "session_id": "01",
    "subject_id": "19",
    "task_id": "view"
  },
  "dummy_trs": 0,
  "dvars_nstd": 34.582098482052785,
  "dvars_std": 1.2067591402967832,
  "dvars_vstd": 0.9551259777823579,
  "efc": 0.6183278286733132,
  "fber": 984.6234741210938,
  "fd_mean": 0.18413163457162485,
  "fd_num": 282,
  "fd_perc": 23.228995057660626,
  "fwhm_avg": 1.8067733333333333,
  "fwhm_x": 1.7015280000000002,
  "fwhm_y": 1.9450720000000001,
  "fwhm_z": 1.7737200000000002,
  "gcor": 0.0198213,
  "gsr_x": 0.005040372256189585,
  "gsr_y": 0.05336637794971466,
  "provenance": {
    "md5sum": "525eea41db5dc42443a83f800d4cc5c0",
    "settings": {
      "fd_thres": 0.2,
      "testing": false
    },
    "software": "mriqc",
    "version": "23.1.0"
  },
  "size_t": 1214,
  "size_x": 78,
  "size_y": 78,
  "size_z": 56,
  "snr": 5.537696788484211,
  "spacing_tr": 1.0,
  "spacing_x": 2.5,
  "spacing_y": 2.5,
  "spacing_z": 2.5,
  "summary_bg_k": 6.129433256015512,
  "summary_bg_mad": 358.6367394600855,
  "summary_bg_mean": 1057.439282106077,
  "summary_bg_median": 337.607421875,
  "summary_bg_n": 237167.0,
  "summary_bg_p05": 66.82300567626953,
  "summary_bg_p95": 4538.60595703125,
  "summary_bg_stdv": 1516.6703516697596,
  "summary_fg_k": 1.6330487973611332,
  "summary_fg_mad": 1667.888403768119,
  "summary_fg_mean": 10508.199957445491,
  "summary_fg_median": 10593.685546875,
  "summary_fg_n": 103537.0,
  "summary_fg_p05": 7052.98193359375,
  "summary_fg_p95": 13372.7578125,
  "summary_fg_stdv": 1913.0036895203536,
  "tsnr": 38.60595703125
}