{
  "aor": 0.0021967064439140814,
  "aqi": 0.01549108062052506,
  "bids_meta": {
    "AcquisitionMatrixPE": 78,
    "AcquisitionNumber": 1,
    "AcquisitionTime": "15:26:8.085000",
    "BandwidthPerPixelPhaseEncode": 22.492,
    "BaseResolution": 78,
    "BodyPartExamined": "BRAIN",
    "ConsistencyInfo": "N4_VE11C_LATEST_20160120",
    "ConversionSoftware": "dcm2niix",
    "ConversionSoftwareVersion": "v1.0.20180328 GCC6.3.0",
    "DerivedVendorReportedEchoSpacing": 0.000570003,
    "DeviceSerialNumber": "66018",
    "DwellTime": 3e-06,
    "EchoTime": 0.03,
    "EchoTrainLength": 78,
    "EffectiveEchoSpacing": 0.000570003,
    "FlipAngle": 59,
    "ImageComments": "Unaliased_MB4_PE3_LB",
    "ImageOrientationPatientDICOM": [
      1,
      0,
      0,
      0,
      0.984808,
      -0.173648
    ],
    "ImageType": [
      "ORIGINAL",
      "PRIMARY",
      "M",
      "MB",
      "ND",
      "NORM",
      "MOSAIC"
    ],
    "InPlanePhaseEncodingDirectionDICOM": "COL",
    "InstitutionAddress": "Stadium_1952_Princeton_NJ_US_08544",
    "InstitutionName": "Princeton_University",
    "InstitutionalDepartmentName": "NeuroScience",
    "MRAcquisitionType": "2D",
    "MagneticFieldStrength": 3,
    "Manufacturer": "Siemens",
    "ManufacturersModelName": "Prisma",
    "Modality": "MR",
    "MultibandAccelerationFactor": 4,
    "PartialFourier": 1,
    "PatientPosition": "HFS",
    "PercentPhaseFOV": 100,
    "PhaseEncodingDirection": "j-",
    "PhaseEncodingSteps": 78,
    "PhaseResolution": 1,
    "PixelBandwidth": 2135,
    "ProcedureStepDescription": "NormaL_Antony_ss",
    "ProtocolName": "func_task-view_run-1",
    "PulseSequenceDetails": "%CustomerSeq%_cmrr_mbep2d_bold",
    "ReceiveCoilActiveElements": "HC1-7",
    "ReceiveCoilName": "HeadNeck_64",
    "ReconMatrixPE": 78,
    "RepetitionTime": 1,
    "SAR": 0.068497,
    "ScanOptions": "FS_EXT",
    "ScanningSequence": "EP",
    "SequenceName": "epfid2d1_78",
    "SequenceVariant": "SK_SS",
    "SeriesDescription": "func_task-view_run-1",
    "SeriesNumber": 4,
    "ShimSetting": [
      753,
      542,
      2010,
      694,
      -137,
      59,
      24,
      31
    ],
    "SliceThickness": 2.5,
    "SliceTiming": [
      0,
      0.21,
      0.42,
      0.63,
      0.84,
      0.07,
      0.28,
      0.49,
      0.7,
      0.91,
      0.14,
      0.35,
      0.56,
      0.77,
      0,
      0.21,
      0.42,
      0.63,
      0.84,
      0.07,
      0.28,
      0.49,
      0.7,
      0.91,
      0.14,
      0.35,
      0.56,
      0.77,
      0,
      0.21,
      0.42,
      0.63,
      0.84,
      0.07,
      0.28,
      0.49,
      0.7,
      0.91,
      0.14,
      0.35,
      0.56,
      0.77,
      0,
      0.21,
      0.42,
      0.63,
      0.84,
      0.07,
      0.28,
      0.49,
      0.7,
      0.91,
      0.14,
      0.35,
      0.56,
      0.77
    ],
    "SoftwareVersions": "syngo_MR_E11",
    "SpacingBetweenSlices": 2.5,
    "StationName": "AWP66018",
    "TotalReadoutTime": 0.0438902,
    "TxRefAmp": 239.115,
    "dataset": "ds003338",
    "modality": "bold",
    "run_id": 1,
    "session_id": "01",
    "subject_id": "19",
    "task_id": "view"
  },
  "dummy_trs": 1,
  "dvars_nstd": 34.626725814952216,
  "dvars_std": 1.3083558519028673,
  "dvars_vstd": 1.009401597778661,
  "efc": 0.6146571173901699,
  "fber": 1099.5435791015625,
  "fd_mean": 0.15158098928289587,
  "fd_num": 178,
  "fd_perc": 14.160700079554495,
  "fwhm_avg": 1.7958053333333333,
  "fwhm_x": 1.693744,
  "fwhm_y": 1.928612,
  "fwhm_z": 1.76506,
  "gcor": 0.0266143,
  "gsr_x": 0.004977754782885313,
  "gsr_y": 0.05416538938879967,
  "provenance": {
    "md5sum": "eff31c399269b5f61cd585f4040074a9",
    "settings": {
      "fd_thres": 0.2,
      "testing": false
    },
    "software": "mriqc",
    "version": "23.1.0"
  },
  "size_t": 1257,
  "size_x": 78,
  "size_y": 78,
  "size_z": 56,
  "snr": 5.5800442384818565,
  "spacing_tr": 1.0,
  "spacing_x": 2.5,
  "spacing_y": 2.5,
  "spacing_z": 2.5,
  "summary_bg_k": 6.738962143458194,
  "summary_bg_mad": 331.6683372221214,
  "summary_bg_mean": 1030.4950506435616,
  "summary_bg_median": 321.74847412109375,
  "summary_bg_n": 237281.0,
  "summary_bg_p05": 72.17699432373047,
  "summary_bg_p95": 4511.25439453125,
  "summary_bg_stdv": 1510.4931241023598,
  "summary_fg_k": 1.8222842113185447,
  "summary_fg_mad": 1670.3613379372669,
  "summary_fg_mean": 10582.494828029,
  "summary_fg_median": 10668.9755859375,
  "summary_fg_n": 103423.0,
  "summary_fg_p05": 7140.5830078125,
  "summary_fg_p95": 13447.1259765625,
  "summary_fg_stdv": 1911.9783913035064,
  "tsnr": 45.40574645996094
}