{
  "aor": 0.0015983208955223879,
  "aqi": 0.026712989925373135,
  "bids_meta": {
    "AcquisitionMatrixPE": 78,
    "AcquisitionNumber": 1,
    "AcquisitionTime": "15:48:28.765000",
    "BandwidthPerPixelPhaseEncode": 22.492,
    "BaseResolution": 78,
    "BodyPartExamined": "BRAIN",
    "ConsistencyInfo": "N4_VE11C_LATEST_20160120",
    "ConversionSoftware": "dcm2niix",
    "ConversionSoftwareVersion": "v1.0.20180328 GCC6.3.0",
    "DerivedVendorReportedEchoSpacing": 0.000570003,
    "DeviceSerialNumber": "66018",
    "DwellTime": 3e-06,
    "EchoTime": 0.03,
    "EchoTrainLength": 78,
    "EffectiveEchoSpacing": 0.000570003,
    "FlipAngle": 59,
    "ImageComments": "Unaliased_MB4_PE3_LB",
    "ImageOrientationPatientDICOM": [
      1,
      0,
      0,
      0,
      0.984808,
      -0.173648
    ],
    "ImageType": [
      "ORIGINAL",
      "PRIMARY",
      "M",
      "MB",
      "ND",
      "NORM",
      "MOSAIC"
    ],
    "InPlanePhaseEncodingDirectionDICOM": "COL",
    "InstitutionAddress": "Stadium_1952_Princeton_NJ_US_08544",
    "InstitutionName": "Princeton_University",
    "InstitutionalDepartmentName": "NeuroScience",
    "MRAcquisitionType": "2D",
    "MagneticFieldStrength": 3,
    "Manufacturer": "Siemens",
    "ManufacturersModelName": "Prisma",
    "Modality": "MR",
    "MultibandAccelerationFactor": 4,
    "PartialFourier": 1,
    "PatientPosition": "HFS",
    "PercentPhaseFOV": 100,
    "PhaseEncodingDirection": "j-",
    "PhaseEncodingSteps": 78,
    "PhaseResolution": 1,
    "PixelBandwidth": 2135,
    "ProcedureStepDescription": "NormaL_Antony_ss",
    "ProtocolName": "func_task-recall_run-1",
    "PulseSequenceDetails": "%CustomerSeq%_cmrr_mbep2d_bold",
    "ReceiveCoilActiveElements": "HC1-7",
    "ReceiveCoilName": "HeadNeck_64",
    "ReconMatrixPE": 78,
    "RepetitionTime": 1,
    "SAR": 0.068497,
    "ScanOptions": "FS_EXT",
    "ScanningSequence": "EP",
    "SequenceName": "epfid2d1_78",
    "SequenceVariant": "SK_SS",
    "SeriesDescription": "func_task-recall_run-1",
    "SeriesNumber": 5,
    "ShimSetting": [
      753,
      542,
      2010,
      694,
      -137,
      59,
      24,
      31
    ],
    "SliceThickness": 2.5,
    "SliceTiming": [
      0,
      0.21,
      0.42,
      0.63,
      0.84,
      0.07,
      0.28,
      0.49,
      0.7,
      0.91,
      0.14,
      0.35,
      0.56,
      0.77,
      0,
      0.21,
      0.42,
      0.63,
      0.84,
      0.07,
      0.28,
      0.49,
      0.7,
      0.91,
      0.14,
      0.35,
      0.56,
      0.77,
      0,
      0.21,
      0.42,
      0.63,
      0.84,
      0.07,
      0.28,
      0.49,
      0.7,
      0.91,
      0.14,
      0.35,
      0.56,
      0.77,
      0,
      0.21,
      0.42,
      0.63,
      0.84,
      0.07,
      0.28,
      0.49,
      0.7,
      0.91,
      0.14,
      0.35,
      0.56,
      0.77
    ],
    "SoftwareVersions": "syngo_MR_E11",
    "SpacingBetweenSlices": 2.5,
    "StationName": "AWP66018",
    "TotalReadoutTime": 0.0438902,
    "TxRefAmp": 239.115,
    "dataset": "ds003338",
    "modality": "bold",
    "run_id": 1,
    "session_id": "01",
    "subject_id": "19",
    "task_id": "recall"
  },
  "dummy_trs": 0,
  "dvars_nstd": 46.62310216681647,
  "dvars_std": 1.1959895327715364,
  "dvars_vstd": 0.9900874513483143,
  "efc": 0.61599812413662,
  "fber": 1020.6576538085938,
  "fd_mean": 0.47427089512948917,
  "fd_num": 231,
  "fd_perc": 86.19402985074628,
  "fwhm_avg": 1.84222,
  "fwhm_x": 1.735992,
  "fwhm_y": 1.98408,
  "fwhm_z": 1.806588,
  "gcor": 0.0194836,
  "gsr_x": 0.0029129316098988056,
  "gsr_y": 0.05742129683494568,
  "provenance": {
    "md5sum": "270814f2d21781d7fccd6e91f4d7b73a",
    "settings": {
      "fd_thres": 0.2,
      "testing": false
    },
    "software": "mriqc",
    "version": "23.1.0"
  },
  "size_t": 268,
  "size_x": 78,
  "size_y": 78,
  "size_z": 56,
  "snr": 5.536492494223027,
  "spacing_tr": 1.0,
  "spacing_x": 2.5,
  "spacing_y": 2.5,
  "spacing_z": 2.5,
  "summary_bg_k": 7.37384152079631,
  "summary_bg_mad": 353.96605382115933,
  "summary_bg_mean": 1044.1922031235342,
  "summary_bg_median": 333.03282165527344,
  "summary_bg_n": 237502.0,
  "summary_bg_p05": 68.63847351074219,
  "summary_bg_p95": 4468.45068359375,
  "summary_bg_stdv": 1514.349414305584,
  "summary_fg_k": 1.411904186324226,
  "summary_fg_mad": 1675.3325437158205,
  "summary_fg_mean": 10539.957212541896,
  "summary_fg_median": 10639.6435546875,
  "summary_fg_n": 103202.0,
  "summary_fg_p05": 7017.6953125,
  "summary_fg_p95": 13418.37890625,
  "summary_fg_stdv": 1921.7206594252063,
  "tsnr": 34.34556770324707
}