{
  "bids_meta": {
    "AcquisitionMatrixPE": 256,
    "AcquisitionNumber": 1,
    "AcquisitionTime": "14:44:3.792500",
    "BaseResolution": 256,
    "BodyPartExamined": "BRAIN",
    "ConsistencyInfo": "N4_VE11C_LATEST_20160120",
    "ConversionSoftware": "dcm2niix",
    "ConversionSoftwareVersion": "v1.0.20180328 GCC6.3.0",
    "DeviceSerialNumber": "66018",
    "DwellTime": 9.8e-06,
    "EchoTime": 0.0033,
    "FlipAngle": 7,
    "ImageOrientationPatientDICOM": [
      0,
      1,
      0,
      0,
      0,
      -1
    ],
    "ImageType": [
      "ORIGINAL",
      "PRIMARY",
      "M",
      "ND",
      "NORM"
    ],
    "InPlanePhaseEncodingDirectionDICOM": "ROW",
    "InstitutionAddress": "Stadium_1952_Princeton_NJ_US_08544",
    "InstitutionName": "Princeton_University",
    "InstitutionalDepartmentName": "NeuroScience",
    "InversionTime": 1.1,
    "MRAcquisitionType": "3D",
    "MagneticFieldStrength": 3,
    "Manufacturer": "Siemens",
    "ManufacturersModelName": "Prisma",
    "Modality": "MR",
    "ParallelReductionFactorInPlane": 2,
    "PartialFourier": 1,
    "PatientPosition": "HFS",
    "PercentPhaseFOV": 100,
    "PhaseEncodingSteps": 255,
    "PhaseResolution": 1,
    "PixelBandwidth": 200,
    "ProcedureStepDescription": "Norman_Antony_ss",
    "ProtocolName": "anat_T1w",
    "PulseSequenceDetails": "%SiemensSeq%_tfl",
    "ReceiveCoilActiveElements": "HC1-7;NC1",
    "ReceiveCoilName": "HeadNeck_64",
    "ReconMatrixPE": 256,
    "RepetitionTime": 2.53,
    "SAR": 0.0444728,
    "ScanOptions": "IR",
    "ScanningSequence": "GR_IR",
    "SequenceName": "_tfl3d1_16ns",
    "SequenceVariant": "SK_SP_MP",
    "SeriesDescription": "anat_T1w",
    "SeriesNumber": 9,
    "ShimSetting": [
      759,
      516,
      2030,
      391,
      -127,
      -226,
      261,
      20
    ],
    "SliceThickness": 1,
    "SoftwareVersions": "syngo_MR_E11",
    "StationName": "AWP66018",
    "TxRefAmp": 250.044,
    "dataset": "ds003338",
    "modality": "T1w",
    "session_id": "01",
    "subject_id": "07"
  },
  "cjv": 0.4503349502502637,
  "cnr": 2.3986907887283895,
  "efc": 0.5412261498899624,
  "fber": 25562.04797471991,
  "fwhm_avg": 3.580636666666667,
  "fwhm_x": 3.57653,
  "fwhm_y": 3.76696,
  "fwhm_z": 3.39842,
  "icvs_csf": 0.2681685985651127,
  "icvs_gm": 0.3908244794394935,
  "icvs_wm": 0.34100692199539384,
  "inu_med": 0.474306583404541,
  "inu_range": 0.19075578451156616,
  "provenance": {
    "md5sum": "0b74f56f891d49b59d5bf136af6b04ff",
    "settings": {
      "testing": false
    },
    "software": "mriqc",
    "version": "23.1.0",
    "warnings": {
      "large_rot_frame": true,
      "small_air_mask": false
    }
  },
  "qi_1": 0.0,
  "qi_2": 0.0008621910635911237,
  "rpve_csf": 7.718211848714775,
  "rpve_gm": 7.673942052378398,
  "rpve_wm": 7.785630354536081,
  "size_x": 176,
  "size_y": 256,
  "size_z": 256,
  "snr_csf": 2.000605711474541,
  "snr_gm": 5.564614830479411,
  "snr_total": 6.781823984677364,
  "snr_wm": 12.78025141207814,
  "snrd_csf": 28.6095066293113,
  "snrd_gm": 45.39262993838938,
  "snrd_total": 47.633790174161476,
  "snrd_wm": 68.89923395478374,
  "spacing_x": 1.0,
  "spacing_y": 1.0,
  "spacing_z": 1.0,
  "summary_bg_k": 5486.602153656516,
  "summary_bg_mad": 0.0,
  "summary_bg_mean": 2.580731006097004,
  "summary_bg_median": 0.0,
  "summary_bg_n": 4119717.0,
  "summary_bg_p05": 0.0,
  "summary_bg_p95": 10.600615348666906,
  "summary_bg_stdv": 9.271128593786411,
  "summary_csf_k": -0.8122043254049798,
  "summary_csf_mad": 151.30002208453436,
  "summary_csf_mean": 401.5937853188788,
  "summary_csf_median": 404.86594084091485,
  "summary_csf_n": 394636.1053875819,
  "summary_csf_p05": 78.1084365081042,
  "summary_csf_p95": 713.2921371683478,
  "summary_csf_stdv": 202.3714245927478,
  "summary_gm_k": -0.5831207107597103,
  "summary_gm_mad": 89.04736541737353,
  "summary_gm_mean": 648.9241597037031,
  "summary_gm_median": 642.3714349698275,
  "summary_gm_n": 575136.1318267176,
  "summary_gm_p05": 464.2552419528365,
  "summary_gm_p95": 846.342787373811,
  "summary_gm_stdv": 115.4385157081213,
  "summary_wm_k": -0.3528129353802907,
  "summary_wm_mad": 60.75767291714896,
  "summary_wm_mean": 957.9572057602677,
  "summary_wm_median": 975.0239156428725,
  "summary_wm_n": 501824.76369914727,
  "summary_wm_p05": 804.2764430511743,
  "summary_wm_p95": 1053.2099176291376,
  "summary_wm_stdv": 76.29137430289144,
  "tpm_overlap_csf": 0.21452313434648884,
  "tpm_overlap_gm": 0.5153659994289744,
  "tpm_overlap_wm": 0.5255237859277926,
  "wm2max": 0.8026520230721751
}