{
  "aor": 0.0006871296296296297,
  "aqi": 0.02661415709876543,
  "bids_meta": {
    "AcquisitionMatrixPE": 78,
    "AcquisitionNumber": 1,
    "AcquisitionTime": "17:57:24.742500",
    "BandwidthPerPixelPhaseEncode": 22.492,
    "BaseResolution": 78,
    "BodyPartExamined": "BRAIN",
    "ConsistencyInfo": "N4_VE11C_LATEST_20160120",
    "ConversionSoftware": "dcm2niix",
    "ConversionSoftwareVersion": "v1.0.20180328 GCC6.3.0",
    "DerivedVendorReportedEchoSpacing": 0.000570003,
    "DeviceSerialNumber": "66018",
    "DwellTime": 3e-06,
    "EchoTime": 0.03,
    "EchoTrainLength": 78,
    "EffectiveEchoSpacing": 0.000570003,
    "FlipAngle": 59,
    "ImageComments": "Unaliased_MB4_PE3_LB",
    "ImageOrientationPatientDICOM": [
      1,
      0,
      0,
      0,
      0.943223,
      -0.332161
    ],
    "ImageType": [
      "ORIGINAL",
      "PRIMARY",
      "M",
      "MB",
      "ND",
      "NORM",
      "MOSAIC"
    ],
    "InPlanePhaseEncodingDirectionDICOM": "COL",
    "InstitutionAddress": "Stadium_1952_Princeton_NJ_US_08544",
    "InstitutionName": "Princeton_University",
    "InstitutionalDepartmentName": "NeuroScience",
    "MRAcquisitionType": "2D",
    "MagneticFieldStrength": 3,
    "Manufacturer": "Siemens",
    "ManufacturersModelName": "Prisma",
    "Modality": "MR",
    "MultibandAccelerationFactor": 4,
    "PartialFourier": 1,
    "PatientPosition": "HFS",
    "PercentPhaseFOV": 100,
    "PhaseEncodingDirection": "j-",
    "PhaseEncodingSteps": 78,
    "PhaseResolution": 1,
    "PixelBandwidth": 2135,
    "ProcedureStepDescription": "Norman_Antony_ss",
    "ProtocolName": "func_task-view_run-2",
    "PulseSequenceDetails": "%CustomerSeq%_cmrr_mbep2d_bold",
    "ReceiveCoilActiveElements": "HC2,4,6,7;NC2",
    "ReceiveCoilName": "HeadNeck_64",
    "ReconMatrixPE": 78,
    "RepetitionTime": 1,
    "SAR": 0.0865572,
    "ScanOptions": "FS_EXT",
    "ScanningSequence": "EP",
    "SequenceName": "epfid2d1_78",
    "SequenceVariant": "SK_SS",
    "SeriesDescription": "func_task-view_run-2",
    "SeriesNumber": 7,
    "ShimSetting": [
      762,
      582,
      2130,
      681,
      -132,
      461,
      219,
      63
    ],
    "SliceThickness": 2.5,
    "SliceTiming": [
      0,
      0.21,
      0.42,
      0.63,
      0.84,
      0.07,
      0.28,
      0.49,
      0.7,
      0.91,
      0.14,
      0.35,
      0.56,
      0.77,
      0,
      0.21,
      0.42,
      0.63,
      0.84,
      0.07,
      0.28,
      0.49,
      0.7,
      0.91,
      0.14,
      0.35,
      0.56,
      0.77,
      0,
      0.21,
      0.42,
      0.63,
      0.84,
      0.07,
      0.28,
      0.49,
      0.7,
      0.91,
      0.14,
      0.35,
      0.56,
      0.77,
      0,
      0.21,
      0.42,
      0.63,
      0.84,
      0.07,
      0.28,
      0.49,
      0.7,
      0.91,
      0.14,
      0.35,
      0.56,
      0.77
    ],
    "SoftwareVersions": "syngo_MR_E11",
    "SpacingBetweenSlices": 2.5,
    "StationName": "AWP66018",
    "TotalReadoutTime": 0.0438902,
    "TxRefAmp": 305.896,
    "dataset": "ds003338",
    "modality": "bold",
    "run_id": 2,
    "session_id": "01",
    "subject_id": "06",
    "task_id": "view"
  },
  "dummy_trs": 0,
  "dvars_nstd": 48.11615855094206,
  "dvars_std": 1.1761611094671796,
  "dvars_vstd": 0.9824275389498058,
  "efc": 0.6332422192634041,
  "fber": 376.1821594238281,
  "fd_mean": 0.19871823151145337,
  "fd_num": 577,
  "fd_perc": 44.52160493827161,
  "fwhm_avg": 2.0665413333333333,
  "fwhm_x": 2.070008,
  "fwhm_y": 2.038904,
  "fwhm_z": 2.090712,
  "gcor": 0.00897072,
  "gsr_x": -0.019390471279621124,
  "gsr_y": 0.07154928892850876,
  "provenance": {
    "md5sum": "e7cf914e2e1cb549dc47656bd855e6fa",
    "settings": {
      "fd_thres": 0.2,
      "testing": false
    },
    "software": "mriqc",
    "version": "23.1.0"
  },
  "size_t": 1296,
  "size_x": 78,
  "size_y": 78,
  "size_z": 56,
  "snr": 4.313044923003206,
  "spacing_tr": 1.0,
  "spacing_x": 2.5,
  "spacing_y": 2.5,
  "spacing_z": 2.5,
  "summary_bg_k": 9.087383087253059,
  "summary_bg_mad": 514.8699241771894,
  "summary_bg_mean": 886.2232334095338,
  "summary_bg_median": 451.6661376953125,
  "summary_bg_n": 228178.0,
  "summary_bg_p05": 65.19609069824219,
  "summary_bg_p95": 3384.486083984375,
  "summary_bg_stdv": 1149.040733321462,
  "summary_fg_k": 18.232562760506834,
  "summary_fg_mad": 1600.8364877605336,
  "summary_fg_mean": 8741.395885984106,
  "summary_fg_median": 8760.25244140625,
  "summary_fg_n": 112526.0,
  "summary_fg_p05": 5493.86083984375,
  "summary_fg_p95": 11503.5,
  "summary_fg_stdv": 2031.0972114245399,
  "tsnr": 29.811924934387207
}