{
  "aor": 0.0005234023178807947,
  "aqi": 0.033438120033112584,
  "bids_meta": {
    "AcquisitionMatrixPE": 78,
    "AcquisitionNumber": 1,
    "AcquisitionTime": "13:24:18.240000",
    "BandwidthPerPixelPhaseEncode": 22.492,
    "BaseResolution": 78,
    "BodyPartExamined": "BRAIN",
    "ConsistencyInfo": "N4_VE11C_LATEST_20160120",
    "ConversionSoftware": "dcm2niix",
    "ConversionSoftwareVersion": "v1.0.20180328 GCC6.3.0",
    "DerivedVendorReportedEchoSpacing": 0.000570003,
    "DeviceSerialNumber": "66018",
    "DwellTime": 3e-06,
    "EchoTime": 0.03,
    "EchoTrainLength": 78,
    "EffectiveEchoSpacing": 0.000570003,
    "FlipAngle": 59,
    "ImageComments": "Unaliased_MB4_PE3_LB",
    "ImageOrientationPatientDICOM": [
      1,
      0,
      0,
      0,
      0.984196,
      -0.177085
    ],
    "ImageType": [
      "ORIGINAL",
      "PRIMARY",
      "M",
      "MB",
      "ND",
      "NORM",
      "MOSAIC"
    ],
    "InPlanePhaseEncodingDirectionDICOM": "COL",
    "InstitutionAddress": "Stadium_1952_Princeton_NJ_US_08544",
    "InstitutionName": "Princeton_University",
    "InstitutionalDepartmentName": "NeuroScience",
    "MRAcquisitionType": "2D",
    "MagneticFieldStrength": 3,
    "Manufacturer": "Siemens",
    "ManufacturersModelName": "Prisma",
    "Modality": "MR",
    "MultibandAccelerationFactor": 4,
    "PartialFourier": 1,
    "PatientPosition": "HFS",
    "PercentPhaseFOV": 100,
    "PhaseEncodingDirection": "j-",
    "PhaseEncodingSteps": 78,
    "PhaseResolution": 1,
    "PixelBandwidth": 2135,
    "ProcedureStepDescription": "NormaL_Antony_ss",
    "ProtocolName": "func_task-view_run-3",
    "PulseSequenceDetails": "%CustomerSeq%_cmrr_mbep2d_bold",
    "ReceiveCoilActiveElements": "HC1-7",
    "ReceiveCoilName": "HeadNeck_64",
    "ReconMatrixPE": 78,
    "RepetitionTime": 1,
    "SAR": 0.0640214,
    "ScanOptions": "FS_EXT",
    "ScanningSequence": "EP",
    "SequenceName": "epfid2d1_78",
    "SequenceVariant": "SK_SS",
    "SeriesDescription": "func_task-view_run-3",
    "SeriesNumber": 8,
    "ShimSetting": [
      758,
      600,
      2057,
      526,
      -93,
      149,
      90,
      36
    ],
    "SliceThickness": 2.5,
    "SliceTiming": [
      0,
      0.21,
      0.42,
      0.63,
      0.84,
      0.07,
      0.28,
      0.49,
      0.7,
      0.91,
      0.14,
      0.35,
      0.56,
      0.77,
      0,
      0.21,
      0.42,
      0.63,
      0.84,
      0.07,
      0.28,
      0.49,
      0.7,
      0.91,
      0.14,
      0.35,
      0.56,
      0.77,
      0,
      0.21,
      0.42,
      0.63,
      0.84,
      0.07,
      0.28,
      0.49,
      0.7,
      0.91,
      0.14,
      0.35,
      0.56,
      0.77,
      0,
      0.21,
      0.42,
      0.63,
      0.84,
      0.07,
      0.28,
      0.49,
      0.7,
      0.91,
      0.14,
      0.35,
      0.56,
      0.77
    ],
    "SoftwareVersions": "syngo_MR_E11",
    "SpacingBetweenSlices": 2.5,
    "StationName": "AWP66018",
    "TotalReadoutTime": 0.0438902,
    "TxRefAmp": 247.431,
    "dataset": "ds003338",
    "modality": "bold",
    "run_id": 3,
    "session_id": "01",
    "subject_id": "11",
    "task_id": "view"
  },
  "dummy_trs": 0,
  "dvars_nstd": 27.79645723228668,
  "dvars_std": 1.0156631240927911,
  "dvars_vstd": 0.9197310492543495,
  "efc": 0.5799001479086886,
  "fber": 1725.8336181640625,
  "fd_mean": 0.21176757939930083,
  "fd_num": 370,
  "fd_perc": 30.629139072847682,
  "fwhm_avg": 1.8081226666666668,
  "fwhm_x": 1.718776,
  "fwhm_y": 1.96284,
  "fwhm_z": 1.742752,
  "gcor": 0.00755938,
  "gsr_x": 0.003823739243671298,
  "gsr_y": 0.07287284731864929,
  "provenance": {
    "md5sum": "1f34577619c7c4f963e8deb6bcd41e41",
    "settings": {
      "fd_thres": 0.2,
      "testing": false
    },
    "software": "mriqc",
    "version": "23.1.0"
  },
  "size_t": 1208,
  "size_x": 78,
  "size_y": 78,
  "size_z": 56,
  "snr": 5.774448652317849,
  "spacing_tr": 1.0,
  "spacing_x": 2.5,
  "spacing_y": 2.5,
  "spacing_z": 2.5,
  "summary_bg_k": 8.271374367945805,
  "summary_bg_mad": 249.5225008441841,
  "summary_bg_mean": 919.9491855996138,
  "summary_bg_median": 252.7448272705078,
  "summary_bg_n": 250604.0,
  "summary_bg_p05": 65.31957244873047,
  "summary_bg_p95": 4134.5498046875,
  "summary_bg_stdv": 1425.8057266170767,
  "summary_fg_k": 1.7858209189595833,
  "summary_fg_mad": 1585.1616613268457,
  "summary_fg_mean": 10425.102245908816,
  "summary_fg_median": 10499.81689453125,
  "summary_fg_n": 90100.0,
  "summary_fg_p05": 7211.257080078125,
  "summary_fg_p95": 13141.27099609375,
  "summary_fg_stdv": 1818.313619012036,
  "tsnr": 33.9937686920166
}