{
  "aor": 0.001959454545454546,
  "aqi": 0.02189867409090909,
  "bids_meta": {
    "AcquisitionMatrixPE": 78,
    "AcquisitionNumber": 1,
    "AcquisitionTime": "13:14:58.160000",
    "BandwidthPerPixelPhaseEncode": 22.492,
    "BaseResolution": 78,
    "BodyPartExamined": "BRAIN",
    "ConsistencyInfo": "N4_VE11C_LATEST_20160120",
    "ConversionSoftware": "dcm2niix",
    "ConversionSoftwareVersion": "v1.0.20180328 GCC6.3.0",
    "DerivedVendorReportedEchoSpacing": 0.000570003,
    "DeviceSerialNumber": "66018",
    "DwellTime": 3e-06,
    "EchoTime": 0.03,
    "EchoTrainLength": 78,
    "EffectiveEchoSpacing": 0.000570003,
    "FlipAngle": 59,
    "ImageComments": "Unaliased_MB4_PE3_LB",
    "ImageOrientationPatientDICOM": [
      1,
      0,
      0,
      0,
      0.984196,
      -0.177085
    ],
    "ImageType": [
      "ORIGINAL",
      "PRIMARY",
      "M",
      "MB",
      "ND",
      "NORM",
      "MOSAIC"
    ],
    "InPlanePhaseEncodingDirectionDICOM": "COL",
    "InstitutionAddress": "Stadium_1952_Princeton_NJ_US_08544",
    "InstitutionName": "Princeton_University",
    "InstitutionalDepartmentName": "NeuroScience",
    "MRAcquisitionType": "2D",
    "MagneticFieldStrength": 3,
    "Manufacturer": "Siemens",
    "ManufacturersModelName": "Prisma",
    "Modality": "MR",
    "MultibandAccelerationFactor": 4,
    "PartialFourier": 1,
    "PatientPosition": "HFS",
    "PercentPhaseFOV": 100,
    "PhaseEncodingDirection": "j-",
    "PhaseEncodingSteps": 78,
    "PhaseResolution": 1,
    "PixelBandwidth": 2135,
    "ProcedureStepDescription": "NormaL_Antony_ss",
    "ProtocolName": "func_task-recall_run-2",
    "PulseSequenceDetails": "%CustomerSeq%_cmrr_mbep2d_bold",
    "ReceiveCoilActiveElements": "HC1-7",
    "ReceiveCoilName": "HeadNeck_64",
    "ReconMatrixPE": 78,
    "RepetitionTime": 1,
    "SAR": 0.0640214,
    "ScanOptions": "FS_EXT",
    "ScanningSequence": "EP",
    "SequenceName": "epfid2d1_78",
    "SequenceVariant": "SK_SS",
    "SeriesDescription": "func_task-recall_run-2",
    "SeriesNumber": 7,
    "ShimSetting": [
      758,
      600,
      2057,
      526,
      -93,
      149,
      90,
      36
    ],
    "SliceThickness": 2.5,
    "SliceTiming": [
      0,
      0.21,
      0.42,
      0.63,
      0.84,
      0.07,
      0.28,
      0.49,
      0.7,
      0.91,
      0.14,
      0.35,
      0.56,
      0.77,
      0,
      0.21,
      0.42,
      0.63,
      0.84,
      0.07,
      0.28,
      0.49,
      0.7,
      0.91,
      0.14,
      0.35,
      0.56,
      0.77,
      0,
      0.21,
      0.42,
      0.63,
      0.84,
      0.07,
      0.28,
      0.49,
      0.7,
      0.91,
      0.14,
      0.35,
      0.56,
      0.77,
      0,
      0.21,
      0.42,
      0.63,
      0.84,
      0.07,
      0.28,
      0.49,
      0.7,
      0.91,
      0.14,
      0.35,
      0.56,
      0.77
    ],
    "SoftwareVersions": "syngo_MR_E11",
    "SpacingBetweenSlices": 2.5,
    "StationName": "AWP66018",
    "TotalReadoutTime": 0.0438902,
    "TxRefAmp": 247.431,
    "dataset": "ds003338",
    "modality": "bold",
    "run_id": 2,
    "session_id": "01",
    "subject_id": "11",
    "task_id": "recall"
  },
  "dummy_trs": 0,
  "dvars_nstd": 38.20078360562644,
  "dvars_std": 1.1948429022551255,
  "dvars_vstd": 1.007671631093394,
  "efc": 0.58151380829655,
  "fber": 1659.9923095703125,
  "fd_mean": 0.3226892113535519,
  "fd_num": 321,
  "fd_perc": 72.95454545454545,
  "fwhm_avg": 1.7900186666666666,
  "fwhm_x": 1.700948,
  "fwhm_y": 1.950648,
  "fwhm_z": 1.7184599999999999,
  "gcor": 0.0103306,
  "gsr_x": 0.0004216534725856036,
  "gsr_y": 0.07068215310573578,
  "provenance": {
    "md5sum": "161ece47e54f7f389c6502fb4daae7ca",
    "settings": {
      "fd_thres": 0.2,
      "testing": false
    },
    "software": "mriqc",
    "version": "23.1.0"
  },
  "size_t": 440,
  "size_x": 78,
  "size_y": 78,
  "size_z": 56,
  "snr": 5.687102995699449,
  "spacing_tr": 1.0,
  "spacing_x": 2.5,
  "spacing_y": 2.5,
  "spacing_z": 2.5,
  "summary_bg_k": 8.725939505212127,
  "summary_bg_mad": 267.53860855989535,
  "summary_bg_mean": 947.591145861889,
  "summary_bg_median": 258.99237060546875,
  "summary_bg_n": 250573.0,
  "summary_bg_p05": 53.43417739868164,
  "summary_bg_p95": 4242.38427734375,
  "summary_bg_stdv": 1473.6573823013434,
  "summary_fg_k": 1.7093884127163177,
  "summary_fg_mad": 1630.5801088790054,
  "summary_fg_mean": 10493.01850702975,
  "summary_fg_median": 10552.126953125,
  "summary_fg_n": 90131.0,
  "summary_fg_p05": 7215.6240234375,
  "summary_fg_p95": 13293.5390625,
  "summary_fg_stdv": 1855.4382474204226,
  "tsnr": 40.27288055419922
}