{
  "aor": 0.0007980129240710824,
  "aqi": 0.01660626917609047,
  "bids_meta": {
    "AcquisitionMatrixPE": 78,
    "AcquisitionNumber": 1,
    "AcquisitionTime": "12:23:7.902500",
    "BandwidthPerPixelPhaseEncode": 22.492,
    "BaseResolution": 78,
    "BodyPartExamined": "BRAIN",
    "ConsistencyInfo": "N4_VE11C_LATEST_20160120",
    "ConversionSoftware": "dcm2niix",
    "ConversionSoftwareVersion": "v1.0.20180328 GCC6.3.0",
    "DerivedVendorReportedEchoSpacing": 0.000570003,
    "DeviceSerialNumber": "66018",
    "DwellTime": 3e-06,
    "EchoTime": 0.03,
    "EchoTrainLength": 78,
    "EffectiveEchoSpacing": 0.000570003,
    "FlipAngle": 59,
    "ImageComments": "Unaliased_MB4_PE3_LB",
    "ImageOrientationPatientDICOM": [
      1,
      0,
      0,
      0,
      0.984196,
      -0.177085
    ],
    "ImageType": [
      "ORIGINAL",
      "PRIMARY",
      "M",
      "MB",
      "ND",
      "NORM",
      "MOSAIC"
    ],
    "InPlanePhaseEncodingDirectionDICOM": "COL",
    "InstitutionAddress": "Stadium_1952_Princeton_NJ_US_08544",
    "InstitutionName": "Princeton_University",
    "InstitutionalDepartmentName": "NeuroScience",
    "MRAcquisitionType": "2D",
    "MagneticFieldStrength": 3,
    "Manufacturer": "Siemens",
    "ManufacturersModelName": "Prisma",
    "Modality": "MR",
    "MultibandAccelerationFactor": 4,
    "PartialFourier": 1,
    "PatientPosition": "HFS",
    "PercentPhaseFOV": 100,
    "PhaseEncodingDirection": "j-",
    "PhaseEncodingSteps": 78,
    "PhaseResolution": 1,
    "PixelBandwidth": 2135,
    "ProcedureStepDescription": "NormaL_Antony_ss",
    "ProtocolName": "func_task-view_run-1",
    "PulseSequenceDetails": "%CustomerSeq%_cmrr_mbep2d_bold",
    "ReceiveCoilActiveElements": "HC1-7",
    "ReceiveCoilName": "HeadNeck_64",
    "ReconMatrixPE": 78,
    "RepetitionTime": 1,
    "SAR": 0.0640214,
    "ScanOptions": "FS_EXT",
    "ScanningSequence": "EP",
    "SequenceName": "epfid2d1_78",
    "SequenceVariant": "SK_SS",
    "SeriesDescription": "func_task-view_run-1",
    "SeriesNumber": 4,
    "ShimSetting": [
      758,
      600,
      2057,
      526,
      -93,
      149,
      90,
      36
    ],
    "SliceThickness": 2.5,
    "SliceTiming": [
      0,
      0.21,
      0.42,
      0.63,
      0.84,
      0.07,
      0.28,
      0.49,
      0.7,
      0.91,
      0.14,
      0.35,
      0.56,
      0.77,
      0,
      0.21,
      0.42,
      0.63,
      0.84,
      0.07,
      0.28,
      0.49,
      0.7,
      0.91,
      0.14,
      0.35,
      0.56,
      0.77,
      0,
      0.21,
      0.42,
      0.63,
      0.84,
      0.07,
      0.28,
      0.49,
      0.7,
      0.91,
      0.14,
      0.35,
      0.56,
      0.77,
      0,
      0.21,
      0.42,
      0.63,
      0.84,
      0.07,
      0.28,
      0.49,
      0.7,
      0.91,
      0.14,
      0.35,
      0.56,
      0.77
    ],
    "SoftwareVersions": "syngo_MR_E11",
    "SpacingBetweenSlices": 2.5,
    "StationName": "AWP66018",
    "TotalReadoutTime": 0.0438902,
    "TxRefAmp": 247.431,
    "dataset": "ds003338",
    "modality": "bold",
    "run_id": 1,
    "session_id": "01",
    "subject_id": "11",
    "task_id": "view"
  },
  "dummy_trs": 0,
  "dvars_nstd": 27.916101654664512,
  "dvars_std": 1.1443489896766361,
  "dvars_vstd": 0.9844298623928857,
  "efc": 0.579584153370521,
  "fber": 1794.1192626953125,
  "fd_mean": 0.1841378730026787,
  "fd_num": 474,
  "fd_perc": 38.2875605815832,
  "fwhm_avg": 1.8240906666666665,
  "fwhm_x": 1.724692,
  "fwhm_y": 1.9704799999999998,
  "fwhm_z": 1.7771000000000001,
  "gcor": 0.0421335,
  "gsr_x": -0.0005000612000003457,
  "gsr_y": 0.06778733432292938,
  "provenance": {
    "md5sum": "a100ea442b589d0bfdf9a6e02988857c",
    "settings": {
      "fd_thres": 0.2,
      "testing": false
    },
    "software": "mriqc",
    "version": "23.1.0"
  },
  "size_t": 1238,
  "size_x": 78,
  "size_y": 78,
  "size_z": 56,
  "snr": 5.587908966143991,
  "spacing_tr": 1.0,
  "spacing_x": 2.5,
  "spacing_y": 2.5,
  "spacing_z": 2.5,
  "summary_bg_k": 9.318296586539205,
  "summary_bg_mad": 248.10830405869555,
  "summary_bg_mean": 915.6761873339638,
  "summary_bg_median": 249.8880615234375,
  "summary_bg_n": 249388.0,
  "summary_bg_p05": 61.33079528808594,
  "summary_bg_p95": 4190.701171875,
  "summary_bg_stdv": 1454.3837459827591,
  "summary_fg_k": 1.9446143037747614,
  "summary_fg_mad": 1650.3686497202411,
  "summary_fg_mean": 10510.7525573422,
  "summary_fg_median": 10584.52001953125,
  "summary_fg_n": 91316.0,
  "summary_fg_p05": 7141.85400390625,
  "summary_fg_p95": 13348.0419921875,
  "summary_fg_stdv": 1894.1722436872517,
  "tsnr": 43.760467529296875
}