{
  "aor": 0.0020581279999999998,
  "aqi": 0.016800720776,
  "bids_meta": {
    "AcquisitionMatrixPE": 78,
    "AcquisitionNumber": 1,
    "AcquisitionTime": "12:46:9.080000",
    "BandwidthPerPixelPhaseEncode": 22.492,
    "BaseResolution": 78,
    "BodyPartExamined": "BRAIN",
    "ConsistencyInfo": "N4_VE11C_LATEST_20160120",
    "ConversionSoftware": "dcm2niix",
    "ConversionSoftwareVersion": "v1.0.20180328 GCC6.3.0",
    "DerivedVendorReportedEchoSpacing": 0.000570003,
    "DeviceSerialNumber": "66018",
    "DwellTime": 3e-06,
    "EchoTime": 0.03,
    "EchoTrainLength": 78,
    "EffectiveEchoSpacing": 0.000570003,
    "FlipAngle": 59,
    "ImageComments": "Unaliased_MB4_PE3_LB",
    "ImageOrientationPatientDICOM": [
      1,
      0,
      0,
      0,
      0.984196,
      -0.177085
    ],
    "ImageType": [
      "ORIGINAL",
      "PRIMARY",
      "M",
      "MB",
      "ND",
      "NORM",
      "MOSAIC"
    ],
    "InPlanePhaseEncodingDirectionDICOM": "COL",
    "InstitutionAddress": "Stadium_1952_Princeton_NJ_US_08544",
    "InstitutionName": "Princeton_University",
    "InstitutionalDepartmentName": "NeuroScience",
    "MRAcquisitionType": "2D",
    "MagneticFieldStrength": 3,
    "Manufacturer": "Siemens",
    "ManufacturersModelName": "Prisma",
    "Modality": "MR",
    "MultibandAccelerationFactor": 4,
    "PartialFourier": 1,
    "PatientPosition": "HFS",
    "PercentPhaseFOV": 100,
    "PhaseEncodingDirection": "j-",
    "PhaseEncodingSteps": 78,
    "PhaseResolution": 1,
    "PixelBandwidth": 2135,
    "ProcedureStepDescription": "NormaL_Antony_ss",
    "ProtocolName": "func_task-view_run-1",
    "PulseSequenceDetails": "%CustomerSeq%_cmrr_mbep2d_bold",
    "ReceiveCoilActiveElements": "HC1-7",
    "ReceiveCoilName": "HeadNeck_64",
    "ReconMatrixPE": 78,
    "RepetitionTime": 1,
    "SAR": 0.0656178,
    "ScanOptions": "FS_EXT",
    "ScanningSequence": "EP",
    "SequenceName": "epfid2d1_78",
    "SequenceVariant": "SK_SS",
    "SeriesDescription": "func_task-view_run-1",
    "SeriesNumber": 4,
    "ShimSetting": [
      761,
      612,
      1964,
      511,
      -137,
      28,
      114,
      3
    ],
    "SliceThickness": 2.5,
    "SliceTiming": [
      0,
      0.21,
      0.42,
      0.63,
      0.84,
      0.07,
      0.28,
      0.49,
      0.7,
      0.91,
      0.14,
      0.35,
      0.56,
      0.77,
      0,
      0.21,
      0.42,
      0.63,
      0.84,
      0.07,
      0.28,
      0.49,
      0.7,
      0.91,
      0.14,
      0.35,
      0.56,
      0.77,
      0,
      0.21,
      0.42,
      0.63,
      0.84,
      0.07,
      0.28,
      0.49,
      0.7,
      0.91,
      0.14,
      0.35,
      0.56,
      0.77,
      0,
      0.21,
      0.42,
      0.63,
      0.84,
      0.07,
      0.28,
      0.49,
      0.7,
      0.91,
      0.14,
      0.35,
      0.56,
      0.77
    ],
    "SoftwareVersions": "syngo_MR_E11",
    "SpacingBetweenSlices": 2.5,
    "StationName": "AWP66018",
    "TotalReadoutTime": 0.0438902,
    "TxRefAmp": 254.066,
    "dataset": "ds003338",
    "modality": "bold",
    "run_id": 1,
    "session_id": "01",
    "subject_id": "13",
    "task_id": "view"
  },
  "dummy_trs": 0,
  "dvars_nstd": 29.721566457574024,
  "dvars_std": 1.1868626713851094,
  "dvars_vstd": 1.016817750640511,
  "efc": 0.606128219920791,
  "fber": 1615.044189453125,
  "fd_mean": 0.14268722066153686,
  "fd_num": 237,
  "fd_perc": 18.96,
  "fwhm_avg": 1.7444053333333331,
  "fwhm_x": 1.633596,
  "fwhm_y": 1.94928,
  "fwhm_z": 1.65034,
  "gcor": 0.0210337,
  "gsr_x": -0.011788425035774708,
  "gsr_y": 0.08766976743936539,
  "provenance": {
    "md5sum": "fd21aa32e60a858f1430e4aa3bdcbf01",
    "settings": {
      "fd_thres": 0.2,
      "testing": false
    },
    "software": "mriqc",
    "version": "23.1.0"
  },
  "size_t": 1250,
  "size_x": 78,
  "size_y": 78,
  "size_z": 56,
  "snr": 5.414645903037062,
  "spacing_tr": 1.0,
  "spacing_x": 2.5,
  "spacing_y": 2.5,
  "spacing_z": 2.5,
  "summary_bg_k": 10.336443725237173,
  "summary_bg_mad": 222.07657834822106,
  "summary_bg_mean": 785.0245477064813,
  "summary_bg_median": 242.55316925048828,
  "summary_bg_n": 232970.0,
  "summary_bg_p05": 77.48302459716797,
  "summary_bg_p95": 3352.373046875,
  "summary_bg_stdv": 1190.9750505642967,
  "summary_fg_k": 2.4474795093154835,
  "summary_fg_mad": 1446.4891268697857,
  "summary_fg_mean": 9759.211481677077,
  "summary_fg_median": 9747.6328125,
  "summary_fg_n": 107734.0,
  "summary_fg_p05": 6548.26025390625,
  "summary_fg_p95": 12562.9599609375,
  "summary_fg_stdv": 1800.2262285655806,
  "tsnr": 46.26082992553711
}