{
  "aor": 0.0004743718592964824,
  "aqi": 0.01592674907035176,
  "bids_meta": {
    "AcquisitionMatrixPE": 78,
    "AcquisitionNumber": 1,
    "AcquisitionTime": "13:14:19.325000",
    "BandwidthPerPixelPhaseEncode": 22.492,
    "BaseResolution": 78,
    "BodyPartExamined": "BRAIN",
    "ConsistencyInfo": "N4_VE11C_LATEST_20160120",
    "ConversionSoftware": "dcm2niix",
    "ConversionSoftwareVersion": "v1.0.20180328 GCC6.3.0",
    "DerivedVendorReportedEchoSpacing": 0.000570003,
    "DeviceSerialNumber": "66018",
    "DwellTime": 3e-06,
    "EchoTime": 0.03,
    "EchoTrainLength": 78,
    "EffectiveEchoSpacing": 0.000570003,
    "FlipAngle": 59,
    "ImageComments": "Unaliased_MB4_PE3_LB",
    "ImageOrientationPatientDICOM": [
      1,
      0,
      0,
      0,
      0.984196,
      -0.177085
    ],
    "ImageType": [
      "ORIGINAL",
      "PRIMARY",
      "M",
      "MB",
      "ND",
      "NORM",
      "MOSAIC"
    ],
    "InPlanePhaseEncodingDirectionDICOM": "COL",
    "InstitutionAddress": "Stadium_1952_Princeton_NJ_US_08544",
    "InstitutionName": "Princeton_University",
    "InstitutionalDepartmentName": "NeuroScience",
    "MRAcquisitionType": "2D",
    "MagneticFieldStrength": 3,
    "Manufacturer": "Siemens",
    "ManufacturersModelName": "Prisma",
    "Modality": "MR",
    "MultibandAccelerationFactor": 4,
    "PartialFourier": 1,
    "PatientPosition": "HFS",
    "PercentPhaseFOV": 100,
    "PhaseEncodingDirection": "j-",
    "PhaseEncodingSteps": 78,
    "PhaseResolution": 1,
    "PixelBandwidth": 2135,
    "ProcedureStepDescription": "NormaL_Antony_ss",
    "ProtocolName": "func_task-view_run-2",
    "PulseSequenceDetails": "%CustomerSeq%_cmrr_mbep2d_bold",
    "ReceiveCoilActiveElements": "HC1-7",
    "ReceiveCoilName": "HeadNeck_64",
    "ReconMatrixPE": 78,
    "RepetitionTime": 1,
    "SAR": 0.0656178,
    "ScanOptions": "FS_EXT",
    "ScanningSequence": "EP",
    "SequenceName": "epfid2d1_78",
    "SequenceVariant": "SK_SS",
    "SeriesDescription": "func_task-view_run-2",
    "SeriesNumber": 6,
    "ShimSetting": [
      761,
      612,
      1964,
      511,
      -137,
      28,
      114,
      3
    ],
    "SliceThickness": 2.5,
    "SliceTiming": [
      0,
      0.21,
      0.42,
      0.63,
      0.84,
      0.07,
      0.28,
      0.49,
      0.7,
      0.91,
      0.14,
      0.35,
      0.56,
      0.77,
      0,
      0.21,
      0.42,
      0.63,
      0.84,
      0.07,
      0.28,
      0.49,
      0.7,
      0.91,
      0.14,
      0.35,
      0.56,
      0.77,
      0,
      0.21,
      0.42,
      0.63,
      0.84,
      0.07,
      0.28,
      0.49,
      0.7,
      0.91,
      0.14,
      0.35,
      0.56,
      0.77,
      0,
      0.21,
      0.42,
      0.63,
      0.84,
      0.07,
      0.28,
      0.49,
      0.7,
      0.91,
      0.14,
      0.35,
      0.56,
      0.77
    ],
    "SoftwareVersions": "syngo_MR_E11",
    "SpacingBetweenSlices": 2.5,
    "StationName": "AWP66018",
    "TotalReadoutTime": 0.0438902,
    "TxRefAmp": 254.066,
    "dataset": "ds003338",
    "modality": "bold",
    "run_id": 2,
    "session_id": "01",
    "subject_id": "13",
    "task_id": "view"
  },
  "dummy_trs": 0,
  "dvars_nstd": 31.234286729429986,
  "dvars_std": 1.1732227171584235,
  "dvars_vstd": 0.9825568276445934,
  "efc": 0.6070900594886502,
  "fber": 1586.2664794921875,
  "fd_mean": 0.16570449775612678,
  "fd_num": 327,
  "fd_perc": 27.386934673366834,
  "fwhm_avg": 1.7515066666666668,
  "fwhm_x": 1.5986,
  "fwhm_y": 1.924088,
  "fwhm_z": 1.731832,
  "gcor": 0.0183955,
  "gsr_x": -0.010529461316764355,
  "gsr_y": 0.08952725678682327,
  "provenance": {
    "md5sum": "90221b7dd1e50577145f3f34d46bd97d",
    "settings": {
      "fd_thres": 0.2,
      "testing": false
    },
    "software": "mriqc",
    "version": "23.1.0"
  },
  "size_t": 1194,
  "size_x": 78,
  "size_y": 78,
  "size_z": 56,
  "snr": 5.523214533184606,
  "spacing_tr": 1.0,
  "spacing_x": 2.5,
  "spacing_y": 2.5,
  "spacing_z": 2.5,
  "summary_bg_k": 9.981343221468393,
  "summary_bg_mad": 219.80659255099403,
  "summary_bg_mean": 792.9386604477979,
  "summary_bg_median": 244.0329360961914,
  "summary_bg_n": 233314.0,
  "summary_bg_p05": 84.33480834960938,
  "summary_bg_p95": 3357.069091796875,
  "summary_bg_stdv": 1190.6143352610893,
  "summary_fg_k": 2.3289815598519477,
  "summary_fg_mad": 1412.872858989646,
  "summary_fg_mean": 9737.521073427635,
  "summary_fg_median": 9719.33447265625,
  "summary_fg_n": 107390.0,
  "summary_fg_p05": 6680.1171875,
  "summary_fg_p95": 12491.2021484375,
  "summary_fg_stdv": 1759.716042468326,
  "tsnr": 49.45583534240723
}