{
  "aor": 0.00034812803889789306,
  "aqi": 0.017229416369529984,
  "bids_meta": {
    "AcquisitionMatrixPE": 78,
    "AcquisitionNumber": 1,
    "AcquisitionTime": "13:41:53.932500",
    "BandwidthPerPixelPhaseEncode": 22.492,
    "BaseResolution": 78,
    "BodyPartExamined": "BRAIN",
    "ConsistencyInfo": "N4_VE11C_LATEST_20160120",
    "ConversionSoftware": "dcm2niix",
    "ConversionSoftwareVersion": "v1.0.20180328 GCC6.3.0",
    "DerivedVendorReportedEchoSpacing": 0.000570003,
    "DeviceSerialNumber": "66018",
    "DwellTime": 3e-06,
    "EchoTime": 0.03,
    "EchoTrainLength": 78,
    "EffectiveEchoSpacing": 0.000570003,
    "FlipAngle": 59,
    "ImageComments": "Unaliased_MB4_PE3_LB",
    "ImageOrientationPatientDICOM": [
      1,
      0,
      0,
      0,
      0.984196,
      -0.177085
    ],
    "ImageType": [
      "ORIGINAL",
      "PRIMARY",
      "M",
      "MB",
      "ND",
      "NORM",
      "MOSAIC"
    ],
    "InPlanePhaseEncodingDirectionDICOM": "COL",
    "InstitutionAddress": "Stadium_1952_Princeton_NJ_US_08544",
    "InstitutionName": "Princeton_University",
    "InstitutionalDepartmentName": "NeuroScience",
    "MRAcquisitionType": "2D",
    "MagneticFieldStrength": 3,
    "Manufacturer": "Siemens",
    "ManufacturersModelName": "Prisma",
    "Modality": "MR",
    "MultibandAccelerationFactor": 4,
    "PartialFourier": 1,
    "PatientPosition": "HFS",
    "PercentPhaseFOV": 100,
    "PhaseEncodingDirection": "j-",
    "PhaseEncodingSteps": 78,
    "PhaseResolution": 1,
    "PixelBandwidth": 2135,
    "ProcedureStepDescription": "NormaL_Antony_ss",
    "ProtocolName": "func_task-view_run-3",
    "PulseSequenceDetails": "%CustomerSeq%_cmrr_mbep2d_bold",
    "ReceiveCoilActiveElements": "HC1-7",
    "ReceiveCoilName": "HeadNeck_64",
    "ReconMatrixPE": 78,
    "RepetitionTime": 1,
    "SAR": 0.0656178,
    "ScanOptions": "FS_EXT",
    "ScanningSequence": "EP",
    "SequenceName": "epfid2d1_78",
    "SequenceVariant": "SK_SS",
    "SeriesDescription": "func_task-view_run-3",
    "SeriesNumber": 8,
    "ShimSetting": [
      761,
      612,
      1964,
      511,
      -137,
      28,
      114,
      3
    ],
    "SliceThickness": 2.5,
    "SliceTiming": [
      0,
      0.21,
      0.42,
      0.63,
      0.84,
      0.07,
      0.28,
      0.49,
      0.7,
      0.91,
      0.14,
      0.35,
      0.56,
      0.77,
      0,
      0.21,
      0.42,
      0.63,
      0.84,
      0.07,
      0.28,
      0.49,
      0.7,
      0.91,
      0.14,
      0.35,
      0.56,
      0.77,
      0,
      0.21,
      0.42,
      0.63,
      0.84,
      0.07,
      0.28,
      0.49,
      0.7,
      0.91,
      0.14,
      0.35,
      0.56,
      0.77,
      0,
      0.21,
      0.42,
      0.63,
      0.84,
      0.07,
      0.28,
      0.49,
      0.7,
      0.91,
      0.14,
      0.35,
      0.56,
      0.77
    ],
    "SoftwareVersions": "syngo_MR_E11",
    "SpacingBetweenSlices": 2.5,
    "StationName": "AWP66018",
    "TotalReadoutTime": 0.0438902,
    "TxRefAmp": 254.066,
    "dataset": "ds003338",
    "modality": "bold",
    "run_id": 3,
    "session_id": "01",
    "subject_id": "13",
    "task_id": "view"
  },
  "dummy_trs": 0,
  "dvars_nstd": 31.94386003160581,
  "dvars_std": 1.1927213212165446,
  "dvars_vstd": 0.9840168620519054,
  "efc": 0.6062994821310032,
  "fber": 1622.1068115234375,
  "fd_mean": 0.15062725677947875,
  "fd_num": 268,
  "fd_perc": 21.71799027552674,
  "fwhm_avg": 1.7490026666666667,
  "fwhm_x": 1.6009239999999998,
  "fwhm_y": 1.9242640000000002,
  "fwhm_z": 1.72182,
  "gcor": 0.0111487,
  "gsr_x": -0.00870884582400322,
  "gsr_y": 0.09157941490411758,
  "provenance": {
    "md5sum": "b8b972a99267f6291db1f688156a4d4a",
    "settings": {
      "fd_thres": 0.2,
      "testing": false
    },
    "software": "mriqc",
    "version": "23.1.0"
  },
  "size_t": 1234,
  "size_x": 78,
  "size_y": 78,
  "size_z": 56,
  "snr": 5.539905963280779,
  "spacing_tr": 1.0,
  "spacing_x": 2.5,
  "spacing_y": 2.5,
  "spacing_z": 2.5,
  "summary_bg_k": 9.697138588866776,
  "summary_bg_mad": 215.9633553181967,
  "summary_bg_mean": 791.8100093123802,
  "summary_bg_median": 240.8440399169922,
  "summary_bg_n": 233768.0,
  "summary_bg_p05": 83.4255599975586,
  "summary_bg_p95": 3369.17236328125,
  "summary_bg_stdv": 1189.090338685826,
  "summary_fg_k": 2.2448892684767667,
  "summary_fg_mad": 1400.9751209715114,
  "summary_fg_mean": 9716.191768827886,
  "summary_fg_median": 9700.0869140625,
  "summary_fg_n": 106936.0,
  "summary_fg_p05": 6666.6083984375,
  "summary_fg_p95": 12456.0703125,
  "summary_fg_stdv": 1750.9397494492973,
  "tsnr": 48.34896659851074
}