{
  "aor": 0.0016270270270270265,
  "aqi": 0.019596798648648647,
  "bids_meta": {
    "AcquisitionMatrixPE": 78,
    "AcquisitionNumber": 1,
    "AcquisitionTime": "13:35:52.385000",
    "BandwidthPerPixelPhaseEncode": 22.492,
    "BaseResolution": 78,
    "BodyPartExamined": "BRAIN",
    "ConsistencyInfo": "N4_VE11C_LATEST_20160120",
    "ConversionSoftware": "dcm2niix",
    "ConversionSoftwareVersion": "v1.0.20180328 GCC6.3.0",
    "DerivedVendorReportedEchoSpacing": 0.000570003,
    "DeviceSerialNumber": "66018",
    "DwellTime": 3e-06,
    "EchoTime": 0.03,
    "EchoTrainLength": 78,
    "EffectiveEchoSpacing": 0.000570003,
    "FlipAngle": 59,
    "ImageComments": "Unaliased_MB4_PE3_LB",
    "ImageOrientationPatientDICOM": [
      1,
      0,
      0,
      0,
      0.984196,
      -0.177085
    ],
    "ImageType": [
      "ORIGINAL",
      "PRIMARY",
      "M",
      "MB",
      "ND",
      "NORM",
      "MOSAIC"
    ],
    "InPlanePhaseEncodingDirectionDICOM": "COL",
    "InstitutionAddress": "Stadium_1952_Princeton_NJ_US_08544",
    "InstitutionName": "Princeton_University",
    "InstitutionalDepartmentName": "NeuroScience",
    "MRAcquisitionType": "2D",
    "MagneticFieldStrength": 3,
    "Manufacturer": "Siemens",
    "ManufacturersModelName": "Prisma",
    "Modality": "MR",
    "MultibandAccelerationFactor": 4,
    "PartialFourier": 1,
    "PatientPosition": "HFS",
    "PercentPhaseFOV": 100,
    "PhaseEncodingDirection": "j-",
    "PhaseEncodingSteps": 78,
    "PhaseResolution": 1,
    "PixelBandwidth": 2135,
    "ProcedureStepDescription": "NormaL_Antony_ss",
    "ProtocolName": "func_task-recall_run-2",
    "PulseSequenceDetails": "%CustomerSeq%_cmrr_mbep2d_bold",
    "ReceiveCoilActiveElements": "HC1-7",
    "ReceiveCoilName": "HeadNeck_64",
    "ReconMatrixPE": 78,
    "RepetitionTime": 1,
    "SAR": 0.0656178,
    "ScanOptions": "FS_EXT",
    "ScanningSequence": "EP",
    "SequenceName": "epfid2d1_78",
    "SequenceVariant": "SK_SS",
    "SeriesDescription": "func_task-recall_run-2",
    "SeriesNumber": 7,
    "ShimSetting": [
      761,
      612,
      1964,
      511,
      -137,
      28,
      114,
      3
    ],
    "SliceThickness": 2.5,
    "SliceTiming": [
      0,
      0.21,
      0.42,
      0.63,
      0.84,
      0.07,
      0.28,
      0.49,
      0.7,
      0.91,
      0.14,
      0.35,
      0.56,
      0.77,
      0,
      0.21,
      0.42,
      0.63,
      0.84,
      0.07,
      0.28,
      0.49,
      0.7,
      0.91,
      0.14,
      0.35,
      0.56,
      0.77,
      0,
      0.21,
      0.42,
      0.63,
      0.84,
      0.07,
      0.28,
      0.49,
      0.7,
      0.91,
      0.14,
      0.35,
      0.56,
      0.77,
      0,
      0.21,
      0.42,
      0.63,
      0.84,
      0.07,
      0.28,
      0.49,
      0.7,
      0.91,
      0.14,
      0.35,
      0.56,
      0.77
    ],
    "SoftwareVersions": "syngo_MR_E11",
    "SpacingBetweenSlices": 2.5,
    "StationName": "AWP66018",
    "TotalReadoutTime": 0.0438902,
    "TxRefAmp": 254.066,
    "dataset": "ds003338",
    "modality": "bold",
    "run_id": 2,
    "session_id": "01",
    "subject_id": "13",
    "task_id": "recall"
  },
  "dummy_trs": 1,
  "dvars_nstd": 35.809874608190036,
  "dvars_std": 1.1881692376923076,
  "dvars_vstd": 1.007249578461538,
  "efc": 0.6083749857414189,
  "fber": 1562.550537109375,
  "fd_mean": 0.2293047819232524,
  "fd_num": 108,
  "fd_perc": 48.648648648648646,
  "fwhm_avg": 1.7462906666666667,
  "fwhm_x": 1.6040079999999999,
  "fwhm_y": 1.918612,
  "fwhm_z": 1.716252,
  "gcor": 0.0264344,
  "gsr_x": -0.011285033077001572,
  "gsr_y": 0.0922323614358902,
  "provenance": {
    "md5sum": "51b1a5f2ea3c9b9bb06faed0be23a074",
    "settings": {
      "fd_thres": 0.2,
      "testing": false
    },
    "software": "mriqc",
    "version": "23.1.0"
  },
  "size_t": 222,
  "size_x": 78,
  "size_y": 78,
  "size_z": 56,
  "snr": 5.494196119405696,
  "spacing_tr": 1.0,
  "spacing_x": 2.5,
  "spacing_y": 2.5,
  "spacing_z": 2.5,
  "summary_bg_k": 10.16381968804374,
  "summary_bg_mad": 226.43591887862394,
  "summary_bg_mean": 803.9120758387633,
  "summary_bg_median": 244.38783264160156,
  "summary_bg_n": 233367.0,
  "summary_bg_p05": 76.48316192626953,
  "summary_bg_p95": 3398.11328125,
  "summary_bg_stdv": 1203.2077470096765,
  "summary_fg_k": 2.5159085139510697,
  "summary_fg_mad": 1395.4935467534817,
  "summary_fg_mean": 9686.777638120084,
  "summary_fg_median": 9660.43359375,
  "summary_fg_n": 107337.0,
  "summary_fg_p05": 6683.4365234375,
  "summary_fg_p95": 12447.29296875,
  "summary_fg_stdv": 1758.2897266884577,
  "tsnr": 42.656829833984375
}