{
  "bids_meta": {
    "AcquisitionMatrixPE": 256,
    "AcquisitionNumber": 1,
    "AcquisitionTime": "16:46:37.192500",
    "BaseResolution": 256,
    "BodyPartExamined": "BRAIN",
    "ConsistencyInfo": "N4_VE11C_LATEST_20160120",
    "ConversionSoftware": "dcm2niix",
    "ConversionSoftwareVersion": "v1.0.20180328 GCC6.3.0",
    "DeviceSerialNumber": "66018",
    "DwellTime": 9.8e-06,
    "EchoTime": 0.0033,
    "FlipAngle": 7,
    "ImageOrientationPatientDICOM": [
      0,
      1,
      0,
      0,
      0,
      -1
    ],
    "ImageType": [
      "ORIGINAL",
      "PRIMARY",
      "M",
      "ND",
      "NORM"
    ],
    "InPlanePhaseEncodingDirectionDICOM": "ROW",
    "InstitutionAddress": "Stadium_1952_Princeton_NJ_US_08544",
    "InstitutionName": "Princeton_University",
    "InstitutionalDepartmentName": "NeuroScience",
    "InversionTime": 1.1,
    "MRAcquisitionType": "3D",
    "MagneticFieldStrength": 3,
    "Manufacturer": "Siemens",
    "ManufacturersModelName": "Prisma",
    "Modality": "MR",
    "ParallelReductionFactorInPlane": 2,
    "PartialFourier": 1,
    "PatientPosition": "HFS",
    "PercentPhaseFOV": 100,
    "PhaseEncodingSteps": 255,
    "PhaseResolution": 1,
    "PixelBandwidth": 200,
    "ProcedureStepDescription": "NormaL_Antony_ss",
    "ProtocolName": "anat_T1w",
    "PulseSequenceDetails": "%SiemensSeq%_tfl",
    "ReceiveCoilActiveElements": "HC1-7",
    "ReceiveCoilName": "HeadNeck_64",
    "ReconMatrixPE": 256,
    "RepetitionTime": 2.53,
    "SAR": 0.051501,
    "ScanOptions": "IR",
    "ScanningSequence": "GR_IR",
    "SequenceName": "_tfl3d1_16ns",
    "SequenceVariant": "SK_SP_MP",
    "SeriesDescription": "anat_T1w",
    "SeriesNumber": 3,
    "ShimSetting": [
      755,
      530,
      1991,
      496,
      -80,
      -278,
      305,
      25
    ],
    "SliceThickness": 1,
    "SoftwareVersions": "syngo_MR_E11",
    "StationName": "AWP66018",
    "TxRefAmp": 259.555,
    "dataset": "ds003338",
    "modality": "T1w",
    "session_id": "01",
    "subject_id": "20"
  },
  "cjv": 0.49691964324669957,
  "cnr": 1.7887900947143625,
  "efc": 0.5688877159198364,
  "fber": 25500.09765625,
  "fwhm_avg": 3.5945033333333334,
  "fwhm_x": 3.64647,
  "fwhm_y": 3.76645,
  "fwhm_z": 3.37059,
  "icvs_csf": 0.2605706475595793,
  "icvs_gm": 0.38858138415959004,
  "icvs_wm": 0.35084796828083065,
  "inu_med": 0.6125369071960449,
  "inu_range": 0.28066051602363584,
  "provenance": {
    "md5sum": "04dd052d21397c05a959514ce0a9e11c",
    "settings": {
      "testing": false
    },
    "software": "mriqc",
    "version": "23.1.0",
    "warnings": {
      "large_rot_frame": true,
      "small_air_mask": false
    }
  },
  "qi_1": 0.0,
  "qi_2": 0.0006088193443823457,
  "rpve_csf": 6.128886777016883,
  "rpve_gm": 6.035024180222226,
  "rpve_wm": 6.133788884542145,
  "size_x": 176,
  "size_y": 256,
  "size_z": 256,
  "snr_csf": 1.8990794182344959,
  "snr_gm": 5.417144406453865,
  "snr_total": 5.363672484239063,
  "snr_wm": 8.774793628028828,
  "snrd_csf": 13.855828981505406,
  "snrd_gm": 23.425816296081024,
  "snrd_total": 23.713564944412184,
  "snrd_wm": 33.859049555650124,
  "spacing_x": 1.0,
  "spacing_y": 1.0,
  "spacing_z": 1.0,
  "summary_bg_k": 2813.7426788669236,
  "summary_bg_mad": 0.0,
  "summary_bg_mean": 3.4662932244118245,
  "summary_bg_median": 0.0,
  "summary_bg_n": 3778965.0,
  "summary_bg_p05": 0.0,
  "summary_bg_p95": 13.149933971464634,
  "summary_bg_stdv": 18.533868075732354,
  "summary_csf_k": -0.8378473712919403,
  "summary_csf_mad": 167.25122927976872,
  "summary_csf_mean": 400.38710998526375,
  "summary_csf_median": 391.98265647143126,
  "summary_csf_n": 481768.28872940486,
  "summary_csf_p05": 94.24650013446808,
  "summary_csf_p95": 715.5729202777147,
  "summary_csf_stdv": 206.40645456473334,
  "summary_gm_k": -0.24627753493882043,
  "summary_gm_mad": 76.85153860216299,
  "summary_gm_mean": 672.354056711602,
  "summary_gm_median": 662.7184641212225,
  "summary_gm_n": 718446.9556797051,
  "summary_gm_p05": 481.1984312608838,
  "summary_gm_p95": 914.4139315411448,
  "summary_gm_stdv": 122.33714909196686,
  "summary_wm_k": 0.18660848509505001,
  "summary_wm_mad": 69.81782898808297,
  "summary_wm_mean": 926.6375799856039,
  "summary_wm_median": 957.8755777180195,
  "summary_wm_n": 648681.7562373225,
  "summary_wm_p05": 697.2012207582593,
  "summary_wm_p95": 1055.8792018443346,
  "summary_wm_stdv": 109.16209314978185,
  "tpm_overlap_csf": 0.23061633148342878,
  "tpm_overlap_gm": 0.519647047829325,
  "tpm_overlap_wm": 0.5399538187301746,
  "wm2max": 0.6038922687426814
}