{
  "aor": 0.0017968127490039843,
  "aqi": 0.020630108366533867,
  "bids_meta": {
    "AcquisitionMatrixPE": 78,
    "AcquisitionNumber": 1,
    "AcquisitionTime": "14:38:50.937500",
    "BandwidthPerPixelPhaseEncode": 22.492,
    "BaseResolution": 78,
    "BodyPartExamined": "BRAIN",
    "ConsistencyInfo": "N4_VE11C_LATEST_20160120",
    "ConversionSoftware": "dcm2niix",
    "ConversionSoftwareVersion": "v1.0.20180328 GCC6.3.0",
    "DerivedVendorReportedEchoSpacing": 0.000570003,
    "DeviceSerialNumber": "66018",
    "DwellTime": 3e-06,
    "EchoTime": 0.03,
    "EchoTrainLength": 78,
    "EffectiveEchoSpacing": 0.000570003,
    "FlipAngle": 59,
    "ImageComments": "Unaliased_MB4_PE3_LB",
    "ImageOrientationPatientDICOM": [
      1,
      0,
      0,
      0,
      0.984808,
      -0.173648
    ],
    "ImageType": [
      "ORIGINAL",
      "PRIMARY",
      "M",
      "MB",
      "ND",
      "NORM",
      "MOSAIC"
    ],
    "InPlanePhaseEncodingDirectionDICOM": "COL",
    "InstitutionAddress": "Stadium_1952_Princeton_NJ_US_08544",
    "InstitutionName": "Princeton_University",
    "InstitutionalDepartmentName": "NeuroScience",
    "MRAcquisitionType": "2D",
    "MagneticFieldStrength": 3,
    "Manufacturer": "Siemens",
    "ManufacturersModelName": "Prisma",
    "Modality": "MR",
    "MultibandAccelerationFactor": 4,
    "PartialFourier": 1,
    "PatientPosition": "HFS",
    "PercentPhaseFOV": 100,
    "PhaseEncodingDirection": "j-",
    "PhaseEncodingSteps": 78,
    "PhaseResolution": 1,
    "PixelBandwidth": 2135,
    "ProcedureStepDescription": "NormaL_Antony_ss",
    "ProtocolName": "func_task-recall_run-3",
    "PulseSequenceDetails": "%CustomerSeq%_cmrr_mbep2d_bold",
    "ReceiveCoilActiveElements": "HC1-7",
    "ReceiveCoilName": "HeadNeck_64",
    "ReconMatrixPE": 78,
    "RepetitionTime": 1,
    "SAR": 0.0769214,
    "ScanOptions": "FS_EXT",
    "ScanningSequence": "EP",
    "SequenceName": "epfid2d1_78",
    "SequenceVariant": "SK_SS",
    "SeriesDescription": "func_task-recall_run-3",
    "SeriesNumber": 3,
    "ShimSetting": [
      753,
      543,
      2099,
      616,
      -130,
      84,
      233,
      39
    ],
    "SliceThickness": 2.5,
    "SliceTiming": [
      0,
      0.21,
      0.42,
      0.63,
      0.8375,
      0.07,
      0.28,
      0.49,
      0.7,
      0.9075,
      0.14,
      0.35,
      0.56,
      0.77,
      0,
      0.21,
      0.42,
      0.63,
      0.8375,
      0.07,
      0.28,
      0.49,
      0.7,
      0.9075,
      0.14,
      0.35,
      0.56,
      0.77,
      0,
      0.21,
      0.42,
      0.63,
      0.8375,
      0.07,
      0.28,
      0.49,
      0.7,
      0.9075,
      0.14,
      0.35,
      0.56,
      0.77,
      0,
      0.21,
      0.42,
      0.63,
      0.8375,
      0.07,
      0.28,
      0.49,
      0.7,
      0.9075,
      0.14,
      0.35,
      0.56,
      0.77
    ],
    "SoftwareVersions": "syngo_MR_E11",
    "SpacingBetweenSlices": 2.5,
    "StationName": "AWP66018",
    "TotalReadoutTime": 0.0438902,
    "TxRefAmp": 279.233,
    "dataset": "ds003338",
    "modality": "bold",
    "run_id": 3,
    "session_id": "01",
    "subject_id": "18",
    "task_id": "recall"
  },
  "dummy_trs": 0,
  "dvars_nstd": 41.062978553680054,
  "dvars_std": 1.1665425221600003,
  "dvars_vstd": 0.9988396633999992,
  "efc": 0.6300982312118987,
  "fber": 1281.483642578125,
  "fd_mean": 0.422608132400429,
  "fd_num": 210,
  "fd_perc": 83.66533864541833,
  "fwhm_avg": 1.9433066666666665,
  "fwhm_x": 1.840328,
  "fwhm_y": 2.080196,
  "fwhm_z": 1.9093959999999999,
  "gcor": 0.0131549,
  "gsr_x": 0.00039354886393994093,
  "gsr_y": 0.06239759176969528,
  "provenance": {
    "md5sum": "f43da4932df8f667772ce2e9799839b2",
    "settings": {
      "fd_thres": 0.2,
      "testing": false
    },
    "software": "mriqc",
    "version": "23.1.0"
  },
  "size_t": 251,
  "size_x": 78,
  "size_y": 78,
  "size_z": 56,
  "snr": 5.3823153356387,
  "spacing_tr": 1.0,
  "spacing_x": 2.5,
  "spacing_y": 2.5,
  "spacing_z": 2.5,
  "summary_bg_k": 5.3116889710060775,
  "summary_bg_mad": 322.6943192382547,
  "summary_bg_mean": 1112.6374482834442,
  "summary_bg_median": 308.8108215332031,
  "summary_bg_n": 229806.0,
  "summary_bg_p05": 72.95389556884766,
  "summary_bg_p95": 4780.712890625,
  "summary_bg_stdv": 1615.3912184847202,
  "summary_fg_k": 1.786458251150492,
  "summary_fg_mad": 1856.0283087305133,
  "summary_fg_mean": 11059.692642795033,
  "summary_fg_median": 11054.75341796875,
  "summary_fg_n": 110898.0,
  "summary_fg_p05": 7717.4375,
  "summary_fg_p95": 14377.236328125,
  "summary_fg_stdv": 2053.893703081827,
  "tsnr": 36.47153091430664
}