{
  "aor": 0.0007712337662337662,
  "aqi": 0.017149996834415582,
  "bids_meta": {
    "AcquisitionMatrixPE": 78,
    "AcquisitionNumber": 1,
    "AcquisitionTime": "16:57:14.105000",
    "BandwidthPerPixelPhaseEncode": 22.492,
    "BaseResolution": 78,
    "BodyPartExamined": "BRAIN",
    "ConsistencyInfo": "N4_VE11C_LATEST_20160120",
    "ConversionSoftware": "dcm2niix",
    "ConversionSoftwareVersion": "v1.0.20180328 GCC6.3.0",
    "DerivedVendorReportedEchoSpacing": 0.000570003,
    "DeviceSerialNumber": "66018",
    "DwellTime": 3e-06,
    "EchoTime": 0.03,
    "EchoTrainLength": 78,
    "EffectiveEchoSpacing": 0.000570003,
    "FlipAngle": 59,
    "ImageComments": "Unaliased_MB4_PE3_LB",
    "ImageOrientationPatientDICOM": [
      1,
      0,
      0,
      0,
      0.984808,
      -0.173648
    ],
    "ImageType": [
      "ORIGINAL",
      "PRIMARY",
      "M",
      "MB",
      "ND",
      "NORM",
      "MOSAIC"
    ],
    "InPlanePhaseEncodingDirectionDICOM": "COL",
    "InstitutionAddress": "Stadium_1952_Princeton_NJ_US_08544",
    "InstitutionName": "Princeton_University",
    "InstitutionalDepartmentName": "NeuroScience",
    "MRAcquisitionType": "2D",
    "MagneticFieldStrength": 3,
    "Manufacturer": "Siemens",
    "ManufacturersModelName": "Prisma",
    "Modality": "MR",
    "MultibandAccelerationFactor": 4,
    "PartialFourier": 1,
    "PatientPosition": "HFS",
    "PercentPhaseFOV": 100,
    "PhaseEncodingDirection": "j-",
    "PhaseEncodingSteps": 78,
    "PhaseResolution": 1,
    "PixelBandwidth": 2135,
    "ProcedureStepDescription": "NormaL_Antony_ss",
    "ProtocolName": "func_task-view_run-1",
    "PulseSequenceDetails": "%CustomerSeq%_cmrr_mbep2d_bold",
    "ReceiveCoilActiveElements": "HC1-7",
    "ReceiveCoilName": "HeadNeck_64",
    "ReconMatrixPE": 78,
    "RepetitionTime": 1,
    "SAR": 0.0772286,
    "ScanOptions": "FS_EXT",
    "ScanningSequence": "EP",
    "SequenceName": "epfid2d1_78",
    "SequenceVariant": "SK_SS",
    "SeriesDescription": "func_task-view_run-1",
    "SeriesNumber": 4,
    "ShimSetting": [
      752,
      552,
      2001,
      583,
      -64,
      -34,
      300,
      63
    ],
    "SliceThickness": 2.5,
    "SliceTiming": [
      0,
      0.21,
      0.42,
      0.63,
      0.84,
      0.07,
      0.28,
      0.49,
      0.7,
      0.91,
      0.14,
      0.35,
      0.56,
      0.77,
      0,
      0.21,
      0.42,
      0.63,
      0.84,
      0.07,
      0.28,
      0.49,
      0.7,
      0.91,
      0.14,
      0.35,
      0.56,
      0.77,
      0,
      0.21,
      0.42,
      0.63,
      0.84,
      0.07,
      0.28,
      0.49,
      0.7,
      0.91,
      0.14,
      0.35,
      0.56,
      0.77,
      0,
      0.21,
      0.42,
      0.63,
      0.84,
      0.07,
      0.28,
      0.49,
      0.7,
      0.91,
      0.14,
      0.35,
      0.56,
      0.77
    ],
    "SoftwareVersions": "syngo_MR_E11",
    "SpacingBetweenSlices": 2.5,
    "StationName": "AWP66018",
    "TotalReadoutTime": 0.0438902,
    "TxRefAmp": 259.555,
    "dataset": "ds003338",
    "modality": "bold",
    "run_id": 1,
    "session_id": "01",
    "subject_id": "20",
    "task_id": "view"
  },
  "dummy_trs": 0,
  "dvars_nstd": 28.51320470777418,
  "dvars_std": 1.2174533074248557,
  "dvars_vstd": 1.0029443591470357,
  "efc": 0.6176964306092066,
  "fber": 1316.5623779296875,
  "fd_mean": 0.14343511550394306,
  "fd_num": 228,
  "fd_perc": 18.506493506493506,
  "fwhm_avg": 1.8138026666666665,
  "fwhm_x": 1.706316,
  "fwhm_y": 1.933824,
  "fwhm_z": 1.8012679999999999,
  "gcor": 0.038025,
  "gsr_x": -0.001766334637068212,
  "gsr_y": 0.06224333122372627,
  "provenance": {
    "md5sum": "96bde6564dfdb6351b758f34739dd2dc",
    "settings": {
      "fd_thres": 0.2,
      "testing": false
    },
    "software": "mriqc",
    "version": "23.1.0"
  },
  "size_t": 1232,
  "size_x": 78,
  "size_y": 78,
  "size_z": 56,
  "snr": 5.880133716379455,
  "spacing_tr": 1.0,
  "spacing_x": 2.5,
  "spacing_y": 2.5,
  "spacing_z": 2.5,
  "summary_bg_k": 6.938100189062769,
  "summary_bg_mad": 334.8749825798022,
  "summary_bg_mean": 1007.7523741158659,
  "summary_bg_median": 316.9365234375,
  "summary_bg_n": 231953.0,
  "summary_bg_p05": 75.77687072753906,
  "summary_bg_p95": 4265.8828125,
  "summary_bg_stdv": 1453.7394867023304,
  "summary_fg_k": 2.5678951007097455,
  "summary_fg_mad": 1647.7067706394573,
  "summary_fg_mean": 11408.37362480218,
  "summary_fg_median": 11499.8720703125,
  "summary_fg_n": 108751.0,
  "summary_fg_p05": 7999.6455078125,
  "summary_fg_p95": 14363.818359375,
  "summary_fg_stdv": 1955.7070897331273,
  "tsnr": 46.63365173339844
}