{
  "aor": 0.0015149863760217982,
  "aqi": 0.02083660408719346,
  "bids_meta": {
    "AcquisitionMatrixPE": 78,
    "AcquisitionNumber": 1,
    "AcquisitionTime": "17:19:21.150000",
    "BandwidthPerPixelPhaseEncode": 22.492,
    "BaseResolution": 78,
    "BodyPartExamined": "BRAIN",
    "ConsistencyInfo": "N4_VE11C_LATEST_20160120",
    "ConversionSoftware": "dcm2niix",
    "ConversionSoftwareVersion": "v1.0.20180328 GCC6.3.0",
    "DerivedVendorReportedEchoSpacing": 0.000570003,
    "DeviceSerialNumber": "66018",
    "DwellTime": 3e-06,
    "EchoTime": 0.03,
    "EchoTrainLength": 78,
    "EffectiveEchoSpacing": 0.000570003,
    "FlipAngle": 59,
    "ImageComments": "Unaliased_MB4_PE3_LB",
    "ImageOrientationPatientDICOM": [
      1,
      0,
      0,
      0,
      0.984808,
      -0.173648
    ],
    "ImageType": [
      "ORIGINAL",
      "PRIMARY",
      "M",
      "MB",
      "ND",
      "NORM",
      "MOSAIC"
    ],
    "InPlanePhaseEncodingDirectionDICOM": "COL",
    "InstitutionAddress": "Stadium_1952_Princeton_NJ_US_08544",
    "InstitutionName": "Princeton_University",
    "InstitutionalDepartmentName": "NeuroScience",
    "MRAcquisitionType": "2D",
    "MagneticFieldStrength": 3,
    "Manufacturer": "Siemens",
    "ManufacturersModelName": "Prisma",
    "Modality": "MR",
    "MultibandAccelerationFactor": 4,
    "PartialFourier": 1,
    "PatientPosition": "HFS",
    "PercentPhaseFOV": 100,
    "PhaseEncodingDirection": "j-",
    "PhaseEncodingSteps": 78,
    "PhaseResolution": 1,
    "PixelBandwidth": 2135,
    "ProcedureStepDescription": "NormaL_Antony_ss",
    "ProtocolName": "func_task-recall_run-1",
    "PulseSequenceDetails": "%CustomerSeq%_cmrr_mbep2d_bold",
    "ReceiveCoilActiveElements": "HC1-7",
    "ReceiveCoilName": "HeadNeck_64",
    "ReconMatrixPE": 78,
    "RepetitionTime": 1,
    "SAR": 0.0772286,
    "ScanOptions": "FS_EXT",
    "ScanningSequence": "EP",
    "SequenceName": "epfid2d1_78",
    "SequenceVariant": "SK_SS",
    "SeriesDescription": "func_task-recall_run-1",
    "SeriesNumber": 5,
    "ShimSetting": [
      752,
      552,
      2001,
      583,
      -64,
      -34,
      300,
      63
    ],
    "SliceThickness": 2.5,
    "SliceTiming": [
      0,
      0.21,
      0.42,
      0.63,
      0.84,
      0.07,
      0.28,
      0.49,
      0.7,
      0.91,
      0.14,
      0.35,
      0.56,
      0.77,
      0,
      0.21,
      0.42,
      0.63,
      0.84,
      0.07,
      0.28,
      0.49,
      0.7,
      0.91,
      0.14,
      0.35,
      0.56,
      0.77,
      0,
      0.21,
      0.42,
      0.63,
      0.84,
      0.07,
      0.28,
      0.49,
      0.7,
      0.91,
      0.14,
      0.35,
      0.56,
      0.77,
      0,
      0.21,
      0.42,
      0.63,
      0.84,
      0.07,
      0.28,
      0.49,
      0.7,
      0.91,
      0.14,
      0.35,
      0.56,
      0.77
    ],
    "SoftwareVersions": "syngo_MR_E11",
    "SpacingBetweenSlices": 2.5,
    "StationName": "AWP66018",
    "TotalReadoutTime": 0.0438902,
    "TxRefAmp": 259.555,
    "dataset": "ds003338",
    "modality": "bold",
    "run_id": 1,
    "session_id": "01",
    "subject_id": "20",
    "task_id": "recall"
  },
  "dummy_trs": 0,
  "dvars_nstd": 37.37363011221313,
  "dvars_std": 1.2437840779234977,
  "dvars_vstd": 1.0060486277322405,
  "efc": 0.6209508066113893,
  "fber": 1162.8814697265625,
  "fd_mean": 0.2507768369316663,
  "fd_num": 218,
  "fd_perc": 59.40054495912806,
  "fwhm_avg": 1.8160746666666665,
  "fwhm_x": 1.6858160000000002,
  "fwhm_y": 1.950468,
  "fwhm_z": 1.8119399999999999,
  "gcor": 0.0382886,
  "gsr_x": -7.521703082602471e-05,
  "gsr_y": 0.06289393454790115,
  "provenance": {
    "md5sum": "5c3beea61272808daad1a3f64269e48f",
    "settings": {
      "fd_thres": 0.2,
      "testing": false
    },
    "software": "mriqc",
    "version": "23.1.0"
  },
  "size_t": 367,
  "size_x": 78,
  "size_y": 78,
  "size_z": 56,
  "snr": 5.7490102415205975,
  "spacing_tr": 1.0,
  "spacing_x": 2.5,
  "spacing_y": 2.5,
  "spacing_z": 2.5,
  "summary_bg_k": 6.731195711440268,
  "summary_bg_mad": 376.5430308638586,
  "summary_bg_mean": 1047.8083450371507,
  "summary_bg_median": 334.8988952636719,
  "summary_bg_n": 232082.0,
  "summary_bg_p05": 56.482276916503906,
  "summary_bg_p95": 4360.0712890625,
  "summary_bg_stdv": 1496.9857371353164,
  "summary_fg_k": 2.5398106393868503,
  "summary_fg_mad": 1660.780889812412,
  "summary_fg_mean": 11325.112727401414,
  "summary_fg_median": 11420.40283203125,
  "summary_fg_n": 108622.0,
  "summary_fg_p05": 7825.880859375,
  "summary_fg_p95": 14300.1943359375,
  "summary_fg_stdv": 1986.4898100121497,
  "tsnr": 42.03746032714844
}