{
  "aor": 0.001473937007874016,
  "aqi": 0.025174494488188974,
  "bids_meta": {
    "AcquisitionMatrixPE": 78,
    "AcquisitionNumber": 1,
    "AcquisitionTime": "18:16:19.582500",
    "BandwidthPerPixelPhaseEncode": 22.492,
    "BaseResolution": 78,
    "BodyPartExamined": "BRAIN",
    "ConsistencyInfo": "N4_VE11C_LATEST_20160120",
    "ConversionSoftware": "dcm2niix",
    "ConversionSoftwareVersion": "v1.0.20180328 GCC6.3.0",
    "DerivedVendorReportedEchoSpacing": 0.000570003,
    "DeviceSerialNumber": "66018",
    "DwellTime": 3e-06,
    "EchoTime": 0.03,
    "EchoTrainLength": 78,
    "EffectiveEchoSpacing": 0.000570003,
    "FlipAngle": 59,
    "ImageComments": "Unaliased_MB4_PE3_LB",
    "ImageOrientationPatientDICOM": [
      1,
      0,
      0,
      0,
      0.984808,
      -0.173648
    ],
    "ImageType": [
      "ORIGINAL",
      "PRIMARY",
      "M",
      "MB",
      "ND",
      "NORM",
      "MOSAIC"
    ],
    "InPlanePhaseEncodingDirectionDICOM": "COL",
    "InstitutionAddress": "Stadium_1952_Princeton_NJ_US_08544",
    "InstitutionName": "Princeton_University",
    "InstitutionalDepartmentName": "NeuroScience",
    "MRAcquisitionType": "2D",
    "MagneticFieldStrength": 3,
    "Manufacturer": "Siemens",
    "ManufacturersModelName": "Prisma",
    "Modality": "MR",
    "MultibandAccelerationFactor": 4,
    "PartialFourier": 1,
    "PatientPosition": "HFS",
    "PercentPhaseFOV": 100,
    "PhaseEncodingDirection": "j-",
    "PhaseEncodingSteps": 78,
    "PhaseResolution": 1,
    "PixelBandwidth": 2135,
    "ProcedureStepDescription": "NormaL_Antony_ss",
    "ProtocolName": "func_task-recall_run-3",
    "PulseSequenceDetails": "%CustomerSeq%_cmrr_mbep2d_bold",
    "ReceiveCoilActiveElements": "HC1-7",
    "ReceiveCoilName": "HeadNeck_64",
    "ReconMatrixPE": 78,
    "RepetitionTime": 1,
    "SAR": 0.0772286,
    "ScanOptions": "FS_EXT",
    "ScanningSequence": "EP",
    "SequenceName": "epfid2d1_78",
    "SequenceVariant": "SK_SS",
    "SeriesDescription": "func_task-recall_run-3",
    "SeriesNumber": 9,
    "ShimSetting": [
      752,
      552,
      2001,
      583,
      -64,
      -34,
      300,
      63
    ],
    "SliceThickness": 2.5,
    "SliceTiming": [
      0,
      0.21,
      0.42,
      0.63,
      0.84,
      0.07,
      0.28,
      0.49,
      0.7,
      0.91,
      0.14,
      0.35,
      0.56,
      0.77,
      0,
      0.21,
      0.42,
      0.63,
      0.84,
      0.07,
      0.28,
      0.49,
      0.7,
      0.91,
      0.14,
      0.35,
      0.56,
      0.77,
      0,
      0.21,
      0.42,
      0.63,
      0.84,
      0.07,
      0.28,
      0.49,
      0.7,
      0.91,
      0.14,
      0.35,
      0.56,
      0.77,
      0,
      0.21,
      0.42,
      0.63,
      0.84,
      0.07,
      0.28,
      0.49,
      0.7,
      0.91,
      0.14,
      0.35,
      0.56,
      0.77
    ],
    "SoftwareVersions": "syngo_MR_E11",
    "SpacingBetweenSlices": 2.5,
    "StationName": "AWP66018",
    "TotalReadoutTime": 0.0438902,
    "TxRefAmp": 259.555,
    "dataset": "ds003338",
    "modality": "bold",
    "run_id": 3,
    "session_id": "01",
    "subject_id": "20",
    "task_id": "recall"
  },
  "dummy_trs": 0,
  "dvars_nstd": 40.926058998972344,
  "dvars_std": 1.1973677938339926,
  "dvars_vstd": 0.9977440727667983,
  "efc": 0.6237184512093956,
  "fber": 1050.072021484375,
  "fd_mean": 0.36032878486483544,
  "fd_num": 195,
  "fd_perc": 76.77165354330708,
  "fwhm_avg": 1.8242333333333332,
  "fwhm_x": 1.695204,
  "fwhm_y": 1.963048,
  "fwhm_z": 1.814448,
  "gcor": 0.0287471,
  "gsr_x": 0.0003574320289772004,
  "gsr_y": 0.06162342056632042,
  "provenance": {
    "md5sum": "52641fb2ac946af9dbc82237035abaac",
    "settings": {
      "fd_thres": 0.2,
      "testing": false
    },
    "software": "mriqc",
    "version": "23.1.0"
  },
  "size_t": 254,
  "size_x": 78,
  "size_y": 78,
  "size_z": 56,
  "snr": 5.73714584010558,
  "spacing_tr": 1.0,
  "spacing_x": 2.5,
  "spacing_y": 2.5,
  "spacing_z": 2.5,
  "summary_bg_k": 6.308238359998432,
  "summary_bg_mad": 389.8332026161175,
  "summary_bg_mean": 1067.9921411548858,
  "summary_bg_median": 348.8891906738281,
  "summary_bg_n": 232168.0,
  "summary_bg_p05": 65.41973876953125,
  "summary_bg_p95": 4403.80615234375,
  "summary_bg_stdv": 1503.6088815915484,
  "summary_fg_k": 2.6088518301496153,
  "summary_fg_mad": 1645.6942539561342,
  "summary_fg_mean": 11206.880373953296,
  "summary_fg_median": 11305.68994140625,
  "summary_fg_n": 108536.0,
  "summary_fg_p05": 7712.74560546875,
  "summary_fg_p95": 14161.6416015625,
  "summary_fg_stdv": 1970.6031838307715,
  "tsnr": 37.74367904663086
}