{
  "bids_meta": {
    "AcquisitionMatrixPE": 256,
    "AcquisitionNumber": 1,
    "AcquisitionTime": "15:14:13.387500",
    "BaseResolution": 256,
    "BodyPartExamined": "BRAIN",
    "ConsistencyInfo": "N4_VE11C_LATEST_20160120",
    "ConversionSoftware": "dcm2niix",
    "ConversionSoftwareVersion": "v1.0.20180328 GCC6.3.0",
    "DeviceSerialNumber": "66018",
    "DwellTime": 9.8e-06,
    "EchoTime": 0.0033,
    "FlipAngle": 7,
    "ImageOrientationPatientDICOM": [
      0,
      1,
      0,
      0,
      0,
      -1
    ],
    "ImageType": [
      "ORIGINAL",
      "PRIMARY",
      "M",
      "ND",
      "NORM"
    ],
    "InPlanePhaseEncodingDirectionDICOM": "ROW",
    "InstitutionAddress": "Stadium_1952_Princeton_NJ_US_08544",
    "InstitutionName": "Princeton_University",
    "InstitutionalDepartmentName": "NeuroScience",
    "InversionTime": 1.1,
    "MRAcquisitionType": "3D",
    "MagneticFieldStrength": 3,
    "Manufacturer": "Siemens",
    "ManufacturersModelName": "Prisma",
    "Modality": "MR",
    "ParallelReductionFactorInPlane": 2,
    "PartialFourier": 1,
    "PatientPosition": "HFS",
    "PercentPhaseFOV": 100,
    "PhaseEncodingSteps": 255,
    "PhaseResolution": 1,
    "PixelBandwidth": 200,
    "ProcedureStepDescription": "NormaL_Antony_ss",
    "ProtocolName": "anat_T1w",
    "PulseSequenceDetails": "%SiemensSeq%_tfl",
    "ReceiveCoilActiveElements": "HC1-7;NC1,2",
    "ReceiveCoilName": "HeadNeck_64",
    "ReconMatrixPE": 256,
    "RepetitionTime": 2.53,
    "SAR": 0.0428956,
    "ScanOptions": "IR",
    "ScanningSequence": "GR_IR",
    "SequenceName": "_tfl3d1_16ns",
    "SequenceVariant": "SK_SP_MP",
    "SeriesDescription": "anat_T1w",
    "SeriesNumber": 3,
    "ShimSetting": [
      757,
      475,
      2013,
      316,
      -36,
      -303,
      262,
      50
    ],
    "SliceThickness": 1,
    "SoftwareVersions": "syngo_MR_E11",
    "StationName": "AWP66018",
    "TxRefAmp": 230.253,
    "dataset": "ds003338",
    "modality": "T1w",
    "session_id": "01",
    "subject_id": "15"
  },
  "cjv": 0.47912149989703207,
  "cnr": 2.135190175120629,
  "efc": 0.5363787404581373,
  "fber": 18518.120430960407,
  "fwhm_avg": 3.6423133333333335,
  "fwhm_x": 3.64891,
  "fwhm_y": 3.82555,
  "fwhm_z": 3.45248,
  "icvs_csf": 0.2718794186825553,
  "icvs_gm": 0.38621206010145454,
  "icvs_wm": 0.34190852121599025,
  "inu_med": 0.5853204727172852,
  "inu_range": 0.2528830438852309,
  "provenance": {
    "md5sum": "6b845639f62969f3a9f45393f235ded3",
    "settings": {
      "testing": false
    },
    "software": "mriqc",
    "version": "23.1.0",
    "warnings": {
      "large_rot_frame": true,
      "small_air_mask": false
    }
  },
  "qi_1": 0.0,
  "qi_2": 0.0018508298952080243,
  "rpve_csf": 7.726572886160865,
  "rpve_gm": 7.666483528245002,
  "rpve_wm": 7.762527892882521,
  "size_x": 176,
  "size_y": 256,
  "size_z": 256,
  "snr_csf": 1.7661546395182846,
  "snr_gm": 5.5043562580162435,
  "snr_total": 6.399028126674486,
  "snr_wm": 11.92657348248893,
  "snrd_csf": 47.79324390428262,
  "snrd_gm": 85.90415250891073,
  "snrd_total": 86.62823400437391,
  "snrd_wm": 126.1873055999284,
  "spacing_x": 1.0,
  "spacing_y": 1.0,
  "spacing_z": 1.0,
  "summary_bg_k": 9.320399382716936,
  "summary_bg_mad": 0.0,
  "summary_bg_mean": 3.014089900555085,
  "summary_bg_median": 0.0,
  "summary_bg_n": 3320429.0,
  "summary_bg_p05": 0.0,
  "summary_bg_p95": 12.965000405907631,
  "summary_bg_stdv": 5.040172348148958,
  "summary_csf_k": -0.9211693918711341,
  "summary_csf_mad": 166.42848010742128,
  "summary_csf_mean": 374.16101855468304,
  "summary_csf_median": 367.68860096111894,
  "summary_csf_n": 400527.0506386914,
  "summary_csf_p05": 57.98566695302725,
  "summary_csf_p95": 703.351272020489,
  "summary_csf_stdv": 208.18570114288858,
  "summary_gm_k": -0.5016094285251218,
  "summary_gm_mad": 86.63098368505506,
  "summary_gm_mean": 668.2924347202523,
  "summary_gm_median": 660.8879220671952,
  "summary_gm_n": 568959.4972032135,
  "summary_gm_p05": 476.2556112408638,
  "summary_gm_p95": 888.6377801150084,
  "summary_gm_stdv": 120.06623668626456,
  "summary_wm_k": -0.2817193696796698,
  "summary_wm_mad": 61.854081480983325,
  "summary_wm_mean": 953.5771078361921,
  "summary_wm_median": 970.7990097515285,
  "summary_wm_n": 503692.4540094429,
  "summary_wm_p05": 789.0213779136539,
  "summary_wm_p95": 1056.9151592366397,
  "summary_wm_stdv": 81.3979008718732,
  "tpm_overlap_csf": 0.20184423128227905,
  "tpm_overlap_gm": 0.5180251461415489,
  "tpm_overlap_wm": 0.5342433977855537,
  "wm2max": 0.6044528197190655
}