{
  "aor": 0.0016899595141700405,
  "aqi": 0.016963633603238867,
  "bids_meta": {
    "AcquisitionMatrixPE": 78,
    "AcquisitionNumber": 1,
    "AcquisitionTime": "17:49:24.820000",
    "BandwidthPerPixelPhaseEncode": 22.492,
    "BaseResolution": 78,
    "BodyPartExamined": "BRAIN",
    "ConsistencyInfo": "N4_VE11C_LATEST_20160120",
    "ConversionSoftware": "dcm2niix",
    "ConversionSoftwareVersion": "v1.0.20180328 GCC6.3.0",
    "DerivedVendorReportedEchoSpacing": 0.000570003,
    "DeviceSerialNumber": "66018",
    "DwellTime": 3e-06,
    "EchoTime": 0.03,
    "EchoTrainLength": 78,
    "EffectiveEchoSpacing": 0.000570003,
    "FlipAngle": 59,
    "ImageComments": "Unaliased_MB4_PE3_LB",
    "ImageOrientationPatientDICOM": [
      1,
      0,
      0,
      0,
      0.91706,
      -0.398749
    ],
    "ImageType": [
      "ORIGINAL",
      "PRIMARY",
      "M",
      "MB",
      "ND",
      "NORM",
      "MOSAIC"
    ],
    "InPlanePhaseEncodingDirectionDICOM": "COL",
    "InstitutionAddress": "Stadium_1952_Princeton_NJ_US_08544",
    "InstitutionName": "Princeton_University",
    "InstitutionalDepartmentName": "NeuroScience",
    "MRAcquisitionType": "2D",
    "MagneticFieldStrength": 3,
    "Manufacturer": "Siemens",
    "ManufacturersModelName": "Prisma",
    "Modality": "MR",
    "MultibandAccelerationFactor": 4,
    "PartialFourier": 1,
    "PatientPosition": "HFS",
    "PercentPhaseFOV": 100,
    "PhaseEncodingDirection": "j-",
    "PhaseEncodingSteps": 78,
    "PhaseResolution": 1,
    "PixelBandwidth": 2135,
    "ProcedureStepDescription": "Norman_Antony_ss",
    "ProtocolName": "func_task-view_run-1",
    "PulseSequenceDetails": "%CustomerSeq%_cmrr_mbep2d_bold",
    "ReceiveCoilActiveElements": "HC1-7",
    "ReceiveCoilName": "HeadNeck_64",
    "ReconMatrixPE": 78,
    "RepetitionTime": 1,
    "SAR": 0.067243,
    "ScanOptions": "FS_EXT",
    "ScanningSequence": "EP",
    "SequenceName": "epfid2d1_78",
    "SequenceVariant": "SK_SS",
    "SeriesDescription": "func_task-view_run-1",
    "SeriesNumber": 2,
    "ShimSetting": [
      738,
      567,
      2102,
      416,
      -2,
      119,
      251,
      32
    ],
    "SliceThickness": 2.5,
    "SliceTiming": [
      0,
      0.21,
      0.42,
      0.63,
      0.84,
      0.07,
      0.28,
      0.49,
      0.7,
      0.91,
      0.14,
      0.35,
      0.56,
      0.77,
      0,
      0.21,
      0.42,
      0.63,
      0.84,
      0.07,
      0.28,
      0.49,
      0.7,
      0.91,
      0.14,
      0.35,
      0.56,
      0.77,
      0,
      0.21,
      0.42,
      0.63,
      0.84,
      0.07,
      0.28,
      0.49,
      0.7,
      0.91,
      0.14,
      0.35,
      0.56,
      0.77,
      0,
      0.21,
      0.42,
      0.63,
      0.84,
      0.07,
      0.28,
      0.49,
      0.7,
      0.91,
      0.14,
      0.35,
      0.56,
      0.77
    ],
    "SoftwareVersions": "syngo_MR_E11",
    "SpacingBetweenSlices": 2.5,
    "StationName": "AWP66018",
    "TotalReadoutTime": 0.0438902,
    "TxRefAmp": 270.51,
    "dataset": "ds003338",
    "modality": "bold",
    "run_id": 1,
    "session_id": "01",
    "subject_id": "09",
    "task_id": "view"
  },
  "dummy_trs": 0,
  "dvars_nstd": 34.02550015064831,
  "dvars_std": 1.2066338098946505,
  "dvars_vstd": 0.9860058029416534,
  "efc": 0.571084675176516,
  "fber": 1352.874755859375,
  "fd_mean": 0.19677933610263793,
  "fd_num": 590,
  "fd_perc": 47.77327935222672,
  "fwhm_avg": 1.939724,
  "fwhm_x": 1.8110240000000002,
  "fwhm_y": 2.0850560000000002,
  "fwhm_z": 1.923092,
  "gcor": 0.0169778,
  "gsr_x": -0.016871346160769463,
  "gsr_y": 0.059573061764240265,
  "provenance": {
    "md5sum": "225b0d74968854d1df103962b55e372a",
    "settings": {
      "fd_thres": 0.2,
      "testing": false
    },
    "software": "mriqc",
    "version": "23.1.0"
  },
  "size_t": 1235,
  "size_x": 78,
  "size_y": 78,
  "size_z": 56,
  "snr": 5.36645767259474,
  "spacing_tr": 1.0,
  "spacing_x": 2.5,
  "spacing_y": 2.5,
  "spacing_z": 2.5,
  "summary_bg_k": 8.90088517354732,
  "summary_bg_mad": 297.2822975465108,
  "summary_bg_mean": 859.7740695192044,
  "summary_bg_median": 295.17034912109375,
  "summary_bg_n": 251233.0,
  "summary_bg_p05": 76.82787322998047,
  "summary_bg_p95": 3655.472900390625,
  "summary_bg_stdv": 1256.204551172684,
  "summary_fg_k": 1.9391668272229117,
  "summary_fg_mad": 1856.60310666093,
  "summary_fg_mean": 10804.42121110428,
  "summary_fg_median": 10856.7919921875,
  "summary_fg_n": 89471.0,
  "summary_fg_p05": 7400.9814453125,
  "summary_fg_p95": 13956.1669921875,
  "summary_fg_stdv": 2023.0721981340562,
  "tsnr": 42.129940032958984
}