{
  "aor": 0.0007376712328767123,
  "aqi": 0.02194831678082192,
  "bids_meta": {
    "AcquisitionMatrixPE": 78,
    "AcquisitionNumber": 1,
    "AcquisitionTime": "19:06:40.402500",
    "BandwidthPerPixelPhaseEncode": 22.492,
    "BaseResolution": 78,
    "BodyPartExamined": "BRAIN",
    "ConsistencyInfo": "N4_VE11C_LATEST_20160120",
    "ConversionSoftware": "dcm2niix",
    "ConversionSoftwareVersion": "v1.0.20180328 GCC6.3.0",
    "DerivedVendorReportedEchoSpacing": 0.000570003,
    "DeviceSerialNumber": "66018",
    "DwellTime": 3e-06,
    "EchoTime": 0.03,
    "EchoTrainLength": 78,
    "EffectiveEchoSpacing": 0.000570003,
    "FlipAngle": 59,
    "ImageComments": "Unaliased_MB4_PE3_LB",
    "ImageOrientationPatientDICOM": [
      1,
      0,
      0,
      0,
      0.91706,
      -0.398749
    ],
    "ImageType": [
      "ORIGINAL",
      "PRIMARY",
      "M",
      "MB",
      "ND",
      "NORM",
      "MOSAIC"
    ],
    "InPlanePhaseEncodingDirectionDICOM": "COL",
    "InstitutionAddress": "Stadium_1952_Princeton_NJ_US_08544",
    "InstitutionName": "Princeton_University",
    "InstitutionalDepartmentName": "NeuroScience",
    "MRAcquisitionType": "2D",
    "MagneticFieldStrength": 3,
    "Manufacturer": "Siemens",
    "ManufacturersModelName": "Prisma",
    "Modality": "MR",
    "MultibandAccelerationFactor": 4,
    "PartialFourier": 1,
    "PatientPosition": "HFS",
    "PercentPhaseFOV": 100,
    "PhaseEncodingDirection": "j-",
    "PhaseEncodingSteps": 78,
    "PhaseResolution": 1,
    "PixelBandwidth": 2135,
    "ProcedureStepDescription": "Norman_Antony_ss",
    "ProtocolName": "func_task-recall_run-3",
    "PulseSequenceDetails": "%CustomerSeq%_cmrr_mbep2d_bold",
    "ReceiveCoilActiveElements": "HC1-7",
    "ReceiveCoilName": "HeadNeck_64",
    "ReconMatrixPE": 78,
    "RepetitionTime": 1,
    "SAR": 0.067243,
    "ScanOptions": "FS_EXT",
    "ScanningSequence": "EP",
    "SequenceName": "epfid2d1_78",
    "SequenceVariant": "SK_SS",
    "SeriesDescription": "func_task-recall_run-3",
    "SeriesNumber": 7,
    "ShimSetting": [
      738,
      567,
      2102,
      416,
      -2,
      119,
      251,
      32
    ],
    "SliceThickness": 2.5,
    "SliceTiming": [
      0,
      0.21,
      0.42,
      0.63,
      0.84,
      0.07,
      0.28,
      0.49,
      0.7,
      0.91,
      0.14,
      0.35,
      0.56,
      0.77,
      0,
      0.21,
      0.42,
      0.63,
      0.84,
      0.07,
      0.28,
      0.49,
      0.7,
      0.91,
      0.14,
      0.35,
      0.56,
      0.77,
      0,
      0.21,
      0.42,
      0.63,
      0.84,
      0.07,
      0.28,
      0.49,
      0.7,
      0.91,
      0.14,
      0.35,
      0.56,
      0.77,
      0,
      0.21,
      0.42,
      0.63,
      0.84,
      0.07,
      0.28,
      0.49,
      0.7,
      0.91,
      0.14,
      0.35,
      0.56,
      0.77
    ],
    "SoftwareVersions": "syngo_MR_E11",
    "SpacingBetweenSlices": 2.5,
    "StationName": "AWP66018",
    "TotalReadoutTime": 0.0438902,
    "TxRefAmp": 270.51,
    "dataset": "ds003338",
    "modality": "bold",
    "run_id": 3,
    "session_id": "01",
    "subject_id": "09",
    "task_id": "recall"
  },
  "dummy_trs": 0,
  "dvars_nstd": 38.91448146134022,
  "dvars_std": 1.1574970948453611,
  "dvars_vstd": 0.969577858797251,
  "efc": 0.5711339918635824,
  "fber": 1300.81494140625,
  "fd_mean": 0.2971073137911111,
  "fd_num": 194,
  "fd_perc": 66.43835616438356,
  "fwhm_avg": 1.9091213333333332,
  "fwhm_x": 1.7752,
  "fwhm_y": 2.053444,
  "fwhm_z": 1.8987200000000002,
  "gcor": 0.0151979,
  "gsr_x": -0.015499490313231945,
  "gsr_y": 0.057322029024362564,
  "provenance": {
    "md5sum": "0d4dcc0edd55315fcfb68f5170382078",
    "settings": {
      "fd_thres": 0.2,
      "testing": false
    },
    "software": "mriqc",
    "version": "23.1.0"
  },
  "size_t": 292,
  "size_x": 78,
  "size_y": 78,
  "size_z": 56,
  "snr": 5.398180576493458,
  "spacing_tr": 1.0,
  "spacing_x": 2.5,
  "spacing_y": 2.5,
  "spacing_z": 2.5,
  "summary_bg_k": 7.9494955332461394,
  "summary_bg_mad": 308.9745082032695,
  "summary_bg_mean": 888.0739877510791,
  "summary_bg_median": 300.71685791015625,
  "summary_bg_n": 253011.0,
  "summary_bg_p05": 71.14689636230469,
  "summary_bg_p95": 3728.259033203125,
  "summary_bg_stdv": 1274.716071653977,
  "summary_fg_k": 1.7879486972360947,
  "summary_fg_mad": 1829.7946470145926,
  "summary_fg_mean": 10797.437580049438,
  "summary_fg_median": 10845.8984375,
  "summary_fg_n": 87693.0,
  "summary_fg_p05": 7408.53955078125,
  "summary_fg_p95": 13912.9912109375,
  "summary_fg_stdv": 2009.1652073277157,
  "tsnr": 37.15033721923828
}