{
  "aor": 0.0007583171521035599,
  "aqi": 0.022410506148867318,
  "bids_meta": {
    "AcquisitionMatrixPE": 78,
    "AcquisitionNumber": 1,
    "AcquisitionTime": "18:39:8.105000",
    "BandwidthPerPixelPhaseEncode": 22.492,
    "BaseResolution": 78,
    "BodyPartExamined": "BRAIN",
    "ConsistencyInfo": "N4_VE11C_LATEST_20160120",
    "ConversionSoftware": "dcm2niix",
    "ConversionSoftwareVersion": "v1.0.20180328 GCC6.3.0",
    "DerivedVendorReportedEchoSpacing": 0.000570003,
    "DeviceSerialNumber": "66018",
    "DwellTime": 3e-06,
    "EchoTime": 0.03,
    "EchoTrainLength": 78,
    "EffectiveEchoSpacing": 0.000570003,
    "FlipAngle": 59,
    "ImageComments": "Unaliased_MB4_PE3_LB",
    "ImageOrientationPatientDICOM": [
      1,
      0,
      0,
      0,
      0.91706,
      -0.398749
    ],
    "ImageType": [
      "ORIGINAL",
      "PRIMARY",
      "M",
      "MB",
      "ND",
      "NORM",
      "MOSAIC"
    ],
    "InPlanePhaseEncodingDirectionDICOM": "COL",
    "InstitutionAddress": "Stadium_1952_Princeton_NJ_US_08544",
    "InstitutionName": "Princeton_University",
    "InstitutionalDepartmentName": "NeuroScience",
    "MRAcquisitionType": "2D",
    "MagneticFieldStrength": 3,
    "Manufacturer": "Siemens",
    "ManufacturersModelName": "Prisma",
    "Modality": "MR",
    "MultibandAccelerationFactor": 4,
    "PartialFourier": 1,
    "PatientPosition": "HFS",
    "PercentPhaseFOV": 100,
    "PhaseEncodingDirection": "j-",
    "PhaseEncodingSteps": 78,
    "PhaseResolution": 1,
    "PixelBandwidth": 2135,
    "ProcedureStepDescription": "Norman_Antony_ss",
    "ProtocolName": "func_task-recall_run-2",
    "PulseSequenceDetails": "%CustomerSeq%_cmrr_mbep2d_bold",
    "ReceiveCoilActiveElements": "HC1-7",
    "ReceiveCoilName": "HeadNeck_64",
    "ReconMatrixPE": 78,
    "RepetitionTime": 1,
    "SAR": 0.067243,
    "ScanOptions": "FS_EXT",
    "ScanningSequence": "EP",
    "SequenceName": "epfid2d1_78",
    "SequenceVariant": "SK_SS",
    "SeriesDescription": "func_task-recall_run-2",
    "SeriesNumber": 5,
    "ShimSetting": [
      738,
      567,
      2102,
      416,
      -2,
      119,
      251,
      32
    ],
    "SliceThickness": 2.5,
    "SliceTiming": [
      0,
      0.2075,
      0.4175,
      0.6275,
      0.8375,
      0.07,
      0.2775,
      0.4875,
      0.6975,
      0.9075,
      0.14,
      0.3475,
      0.5575,
      0.7675,
      0,
      0.2075,
      0.4175,
      0.6275,
      0.8375,
      0.07,
      0.2775,
      0.4875,
      0.6975,
      0.9075,
      0.14,
      0.3475,
      0.5575,
      0.7675,
      0,
      0.2075,
      0.4175,
      0.6275,
      0.8375,
      0.07,
      0.2775,
      0.4875,
      0.6975,
      0.9075,
      0.14,
      0.3475,
      0.5575,
      0.7675,
      0,
      0.2075,
      0.4175,
      0.6275,
      0.8375,
      0.07,
      0.2775,
      0.4875,
      0.6975,
      0.9075,
      0.14,
      0.3475,
      0.5575,
      0.7675
    ],
    "SoftwareVersions": "syngo_MR_E11",
    "SpacingBetweenSlices": 2.5,
    "StationName": "AWP66018",
    "TotalReadoutTime": 0.0438902,
    "TxRefAmp": 270.51,
    "dataset": "ds003338",
    "modality": "bold",
    "run_id": 2,
    "session_id": "01",
    "subject_id": "09",
    "task_id": "recall"
  },
  "dummy_trs": 0,
  "dvars_nstd": 40.05163770519479,
  "dvars_std": 1.1267716510714283,
  "dvars_vstd": 0.9793236850974025,
  "efc": 0.5674976906257426,
  "fber": 1434.5340576171875,
  "fd_mean": 0.3847317555002986,
  "fd_num": 242,
  "fd_perc": 78.31715210355988,
  "fwhm_avg": 1.903272,
  "fwhm_x": 1.781876,
  "fwhm_y": 2.031696,
  "fwhm_z": 1.896244,
  "gcor": 0.00796502,
  "gsr_x": -0.01433415524661541,
  "gsr_y": 0.057542599737644196,
  "provenance": {
    "md5sum": "a7effd1248c2d3afbdb8559e1f2a4b78",
    "settings": {
      "fd_thres": 0.2,
      "testing": false
    },
    "software": "mriqc",
    "version": "23.1.0"
  },
  "size_t": 309,
  "size_x": 78,
  "size_y": 78,
  "size_z": 56,
  "snr": 5.419007610013241,
  "spacing_tr": 1.0,
  "spacing_x": 2.5,
  "spacing_y": 2.5,
  "spacing_z": 2.5,
  "summary_bg_k": 8.318129141756987,
  "summary_bg_mad": 291.35390209408024,
  "summary_bg_mean": 867.3297742094646,
  "summary_bg_median": 288.0343017578125,
  "summary_bg_n": 253219.0,
  "summary_bg_p05": 72.15251159667969,
  "summary_bg_p95": 3691.32568359375,
  "summary_bg_stdv": 1267.057276381854,
  "summary_fg_k": 1.5329478031771764,
  "summary_fg_mad": 1825.888337653725,
  "summary_fg_mean": 10872.975228924088,
  "summary_fg_median": 10909.369140625,
  "summary_fg_n": 87485.0,
  "summary_fg_p05": 7475.0244140625,
  "summary_fg_p95": 14012.0068359375,
  "summary_fg_stdv": 2013.1558350919854,
  "tsnr": 36.138694763183594
}