{
  "aor": 0.0007026948051948053,
  "aqi": 0.022533199675324675,
  "bids_meta": {
    "AcquisitionMatrixPE": 78,
    "AcquisitionNumber": 1,
    "AcquisitionTime": "18:11:26.980000",
    "BandwidthPerPixelPhaseEncode": 22.492,
    "BaseResolution": 78,
    "BodyPartExamined": "BRAIN",
    "ConsistencyInfo": "N4_VE11C_LATEST_20160120",
    "ConversionSoftware": "dcm2niix",
    "ConversionSoftwareVersion": "v1.0.20180328 GCC6.3.0",
    "DerivedVendorReportedEchoSpacing": 0.000570003,
    "DeviceSerialNumber": "66018",
    "DwellTime": 3e-06,
    "EchoTime": 0.03,
    "EchoTrainLength": 78,
    "EffectiveEchoSpacing": 0.000570003,
    "FlipAngle": 59,
    "ImageComments": "Unaliased_MB4_PE3_LB",
    "ImageOrientationPatientDICOM": [
      1,
      0,
      0,
      0,
      0.91706,
      -0.398749
    ],
    "ImageType": [
      "ORIGINAL",
      "PRIMARY",
      "M",
      "MB",
      "ND",
      "NORM",
      "MOSAIC"
    ],
    "InPlanePhaseEncodingDirectionDICOM": "COL",
    "InstitutionAddress": "Stadium_1952_Princeton_NJ_US_08544",
    "InstitutionName": "Princeton_University",
    "InstitutionalDepartmentName": "NeuroScience",
    "MRAcquisitionType": "2D",
    "MagneticFieldStrength": 3,
    "Manufacturer": "Siemens",
    "ManufacturersModelName": "Prisma",
    "Modality": "MR",
    "MultibandAccelerationFactor": 4,
    "PartialFourier": 1,
    "PatientPosition": "HFS",
    "PercentPhaseFOV": 100,
    "PhaseEncodingDirection": "j-",
    "PhaseEncodingSteps": 78,
    "PhaseResolution": 1,
    "PixelBandwidth": 2135,
    "ProcedureStepDescription": "Norman_Antony_ss",
    "ProtocolName": "func_task-recall_run-1",
    "PulseSequenceDetails": "%CustomerSeq%_cmrr_mbep2d_bold",
    "ReceiveCoilActiveElements": "HC1-7",
    "ReceiveCoilName": "HeadNeck_64",
    "ReconMatrixPE": 78,
    "RepetitionTime": 1,
    "SAR": 0.067243,
    "ScanOptions": "FS_EXT",
    "ScanningSequence": "EP",
    "SequenceName": "epfid2d1_78",
    "SequenceVariant": "SK_SS",
    "SeriesDescription": "func_task-recall_run-1",
    "SeriesNumber": 3,
    "ShimSetting": [
      738,
      567,
      2102,
      416,
      -2,
      119,
      251,
      32
    ],
    "SliceThickness": 2.5,
    "SliceTiming": [
      0,
      0.21,
      0.42,
      0.63,
      0.84,
      0.07,
      0.28,
      0.49,
      0.7,
      0.91,
      0.14,
      0.35,
      0.56,
      0.77,
      0,
      0.21,
      0.42,
      0.63,
      0.84,
      0.07,
      0.28,
      0.49,
      0.7,
      0.91,
      0.14,
      0.35,
      0.56,
      0.77,
      0,
      0.21,
      0.42,
      0.63,
      0.84,
      0.07,
      0.28,
      0.49,
      0.7,
      0.91,
      0.14,
      0.35,
      0.56,
      0.77,
      0,
      0.21,
      0.42,
      0.63,
      0.84,
      0.07,
      0.28,
      0.49,
      0.7,
      0.91,
      0.14,
      0.35,
      0.56,
      0.77
    ],
    "SoftwareVersions": "syngo_MR_E11",
    "SpacingBetweenSlices": 2.5,
    "StationName": "AWP66018",
    "TotalReadoutTime": 0.0438902,
    "TxRefAmp": 270.51,
    "dataset": "ds003338",
    "modality": "bold",
    "run_id": 1,
    "session_id": "01",
    "subject_id": "09",
    "task_id": "recall"
  },
  "dummy_trs": 0,
  "dvars_nstd": 42.71015912798047,
  "dvars_std": 1.142798871530945,
  "dvars_vstd": 0.9787932896416935,
  "efc": 0.5684096224943069,
  "fber": 1437.447021484375,
  "fd_mean": 0.4458324690316026,
  "fd_num": 262,
  "fd_perc": 85.06493506493507,
  "fwhm_avg": 1.9456773333333333,
  "fwhm_x": 1.8134039999999998,
  "fwhm_y": 2.09194,
  "fwhm_z": 1.931688,
  "gcor": 0.00811228,
  "gsr_x": -0.01459820568561554,
  "gsr_y": 0.05839769169688225,
  "provenance": {
    "md5sum": "ee4689a83a2821a98616181cabcc4bb0",
    "settings": {
      "fd_thres": 0.2,
      "testing": false
    },
    "software": "mriqc",
    "version": "23.1.0"
  },
  "size_t": 308,
  "size_x": 78,
  "size_y": 78,
  "size_z": 56,
  "snr": 5.390310037313956,
  "spacing_tr": 1.0,
  "spacing_x": 2.5,
  "spacing_y": 2.5,
  "spacing_z": 2.5,
  "summary_bg_k": 8.282697887356587,
  "summary_bg_mad": 295.1983496421042,
  "summary_bg_mean": 863.9715031158486,
  "summary_bg_median": 288.67620849609375,
  "summary_bg_n": 252430.0,
  "summary_bg_p05": 69.70594787597656,
  "summary_bg_p95": 3688.72412109375,
  "summary_bg_stdv": 1262.851352549658,
  "summary_fg_k": 1.696452203797488,
  "summary_fg_mad": 1868.691961371294,
  "summary_fg_mean": 10894.954931889954,
  "summary_fg_median": 10944.77685546875,
  "summary_fg_n": 88274.0,
  "summary_fg_p05": 7480.51806640625,
  "summary_fg_p95": 14073.57421875,
  "summary_fg_stdv": 2030.4425508591357,
  "tsnr": 35.3682975769043
}