{
  "aor": 0.0002667205542725174,
  "aqi": 0.03203080277136258,
  "bids_meta": {
    "AcquisitionMatrixPE": 78,
    "AcquisitionNumber": 1,
    "AcquisitionTime": "15:46:8.077500",
    "BandwidthPerPixelPhaseEncode": 22.492,
    "BaseResolution": 78,
    "BodyPartExamined": "BRAIN",
    "ConsistencyInfo": "N4_VE11C_LATEST_20160120",
    "ConversionSoftware": "dcm2niix",
    "ConversionSoftwareVersion": "v1.0.20180328 GCC6.3.0",
    "DerivedVendorReportedEchoSpacing": 0.000570003,
    "DeviceSerialNumber": "66018",
    "DwellTime": 3e-06,
    "EchoTime": 0.03,
    "EchoTrainLength": 78,
    "EffectiveEchoSpacing": 0.000570003,
    "FlipAngle": 59,
    "ImageComments": "Unaliased_MB4_PE3_LB",
    "ImageOrientationPatientDICOM": [
      1,
      0,
      0,
      0,
      0.984808,
      -0.173648
    ],
    "ImageType": [
      "ORIGINAL",
      "PRIMARY",
      "M",
      "MB",
      "ND",
      "NORM",
      "MOSAIC"
    ],
    "InPlanePhaseEncodingDirectionDICOM": "COL",
    "InstitutionAddress": "Stadium_1952_Princeton_NJ_US_08544",
    "InstitutionName": "Princeton_University",
    "InstitutionalDepartmentName": "NeuroScience",
    "MRAcquisitionType": "2D",
    "MagneticFieldStrength": 3,
    "Manufacturer": "Siemens",
    "ManufacturersModelName": "Prisma",
    "Modality": "MR",
    "MultibandAccelerationFactor": 4,
    "PartialFourier": 1,
    "PatientPosition": "HFS",
    "PercentPhaseFOV": 100,
    "PhaseEncodingDirection": "j-",
    "PhaseEncodingSteps": 78,
    "PhaseResolution": 1,
    "PixelBandwidth": 2135,
    "ProcedureStepDescription": "NormaL_Antony_ss",
    "ProtocolName": "func_task-view_run-2",
    "PulseSequenceDetails": "%CustomerSeq%_cmrr_mbep2d_bold",
    "ReceiveCoilActiveElements": "HC1-7",
    "ReceiveCoilName": "HeadNeck_64",
    "ReconMatrixPE": 78,
    "RepetitionTime": 1,
    "SAR": 0.0650879,
    "ScanOptions": "FS_EXT",
    "ScanningSequence": "EP",
    "SequenceName": "epfid2d1_78",
    "SequenceVariant": "SK_SS",
    "SeriesDescription": "func_task-view_run-2",
    "SeriesNumber": 8,
    "ShimSetting": [
      765,
      499,
      2090,
      600,
      -74,
      -78,
      123,
      11
    ],
    "SliceThickness": 2.5,
    "SliceTiming": [
      0,
      0.21,
      0.42,
      0.63,
      0.84,
      0.07,
      0.28,
      0.49,
      0.7,
      0.91,
      0.14,
      0.35,
      0.56,
      0.77,
      0,
      0.21,
      0.42,
      0.63,
      0.84,
      0.07,
      0.28,
      0.49,
      0.7,
      0.91,
      0.14,
      0.35,
      0.56,
      0.77,
      0,
      0.21,
      0.42,
      0.63,
      0.84,
      0.07,
      0.28,
      0.49,
      0.7,
      0.91,
      0.14,
      0.35,
      0.56,
      0.77,
      0,
      0.21,
      0.42,
      0.63,
      0.84,
      0.07,
      0.28,
      0.49,
      0.7,
      0.91,
      0.14,
      0.35,
      0.56,
      0.77
    ],
    "SoftwareVersions": "syngo_MR_E11",
    "SpacingBetweenSlices": 2.5,
    "StationName": "AWP66018",
    "TotalReadoutTime": 0.0438902,
    "TxRefAmp": 247.895,
    "dataset": "ds003338",
    "modality": "bold",
    "run_id": 2,
    "session_id": "01",
    "subject_id": "17",
    "task_id": "view"
  },
  "dummy_trs": 1,
  "dvars_nstd": 36.578476824999996,
  "dvars_std": 1.2081342728890594,
  "dvars_vstd": 0.9519316770416029,
  "efc": 0.5808606084480147,
  "fber": 1228.556884765625,
  "fd_mean": 0.2437720128899652,
  "fd_num": 752,
  "fd_perc": 57.89068514241725,
  "fwhm_avg": 1.8348466666666667,
  "fwhm_x": 1.728312,
  "fwhm_y": 1.9755680000000002,
  "fwhm_z": 1.80066,
  "gcor": 0.0137148,
  "gsr_x": -0.010278907604515553,
  "gsr_y": 0.05065742880105972,
  "provenance": {
    "md5sum": "3d8c9f7ec8f0d1725601e7dd636e8c2a",
    "settings": {
      "fd_thres": 0.2,
      "testing": false
    },
    "software": "mriqc",
    "version": "23.1.0"
  },
  "size_t": 1299,
  "size_x": 78,
  "size_y": 78,
  "size_z": 56,
  "snr": 5.8762775106607155,
  "spacing_tr": 1.0,
  "spacing_x": 2.5,
  "spacing_y": 2.5,
  "spacing_z": 2.5,
  "summary_bg_k": 9.113875185705671,
  "summary_bg_mad": 284.5692368972278,
  "summary_bg_mean": 812.2126114984532,
  "summary_bg_median": 299.4864501953125,
  "summary_bg_n": 246237.0,
  "summary_bg_p05": 82.00389099121094,
  "summary_bg_p95": 3526.620849609375,
  "summary_bg_stdv": 1187.3390422690916,
  "summary_fg_k": 2.628236585618838,
  "summary_fg_mad": 1453.0153275532953,
  "summary_fg_mean": 10402.841139895994,
  "summary_fg_median": 10497.232421875,
  "summary_fg_n": 94467.0,
  "summary_fg_p05": 7168.6962890625,
  "summary_fg_p95": 13042.390625,
  "summary_fg_stdv": 1786.3650657018381,
  "tsnr": 34.67780685424805
}