{
  "aor": 0.0005777874702616972,
  "aqi": 0.030376222204599523,
  "bids_meta": {
    "AcquisitionMatrixPE": 78,
    "AcquisitionNumber": 1,
    "AcquisitionTime": "16:17:39.735000",
    "BandwidthPerPixelPhaseEncode": 22.492,
    "BaseResolution": 78,
    "BodyPartExamined": "BRAIN",
    "ConsistencyInfo": "N4_VE11C_LATEST_20160120",
    "ConversionSoftware": "dcm2niix",
    "ConversionSoftwareVersion": "v1.0.20180328 GCC6.3.0",
    "DerivedVendorReportedEchoSpacing": 0.000570003,
    "DeviceSerialNumber": "66018",
    "DwellTime": 3e-06,
    "EchoTime": 0.03,
    "EchoTrainLength": 78,
    "EffectiveEchoSpacing": 0.000570003,
    "FlipAngle": 59,
    "ImageComments": "Unaliased_MB4_PE3_LB",
    "ImageOrientationPatientDICOM": [
      1,
      0,
      0,
      0,
      0.984808,
      -0.173648
    ],
    "ImageType": [
      "ORIGINAL",
      "PRIMARY",
      "M",
      "MB",
      "ND",
      "NORM",
      "MOSAIC"
    ],
    "InPlanePhaseEncodingDirectionDICOM": "COL",
    "InstitutionAddress": "Stadium_1952_Princeton_NJ_US_08544",
    "InstitutionName": "Princeton_University",
    "InstitutionalDepartmentName": "NeuroScience",
    "MRAcquisitionType": "2D",
    "MagneticFieldStrength": 3,
    "Manufacturer": "Siemens",
    "ManufacturersModelName": "Prisma",
    "Modality": "MR",
    "MultibandAccelerationFactor": 4,
    "PartialFourier": 1,
    "PatientPosition": "HFS",
    "PercentPhaseFOV": 100,
    "PhaseEncodingDirection": "j-",
    "PhaseEncodingSteps": 78,
    "PhaseResolution": 1,
    "PixelBandwidth": 2135,
    "ProcedureStepDescription": "NormaL_Antony_ss",
    "ProtocolName": "func_task-view_run-3",
    "PulseSequenceDetails": "%CustomerSeq%_cmrr_mbep2d_bold",
    "ReceiveCoilActiveElements": "HC1-7",
    "ReceiveCoilName": "HeadNeck_64",
    "ReconMatrixPE": 78,
    "RepetitionTime": 1,
    "SAR": 0.0650879,
    "ScanOptions": "FS_EXT",
    "ScanningSequence": "EP",
    "SequenceName": "epfid2d1_78",
    "SequenceVariant": "SK_SS",
    "SeriesDescription": "func_task-view_run-3",
    "SeriesNumber": 10,
    "ShimSetting": [
      765,
      499,
      2090,
      600,
      -74,
      -78,
      123,
      11
    ],
    "SliceThickness": 2.5,
    "SliceTiming": [
      0,
      0.21,
      0.4175,
      0.6275,
      0.8375,
      0.07,
      0.28,
      0.4875,
      0.6975,
      0.9075,
      0.14,
      0.35,
      0.5575,
      0.7675,
      0,
      0.21,
      0.4175,
      0.6275,
      0.8375,
      0.07,
      0.28,
      0.4875,
      0.6975,
      0.9075,
      0.14,
      0.35,
      0.5575,
      0.7675,
      0,
      0.21,
      0.4175,
      0.6275,
      0.8375,
      0.07,
      0.28,
      0.4875,
      0.6975,
      0.9075,
      0.14,
      0.35,
      0.5575,
      0.7675,
      0,
      0.21,
      0.4175,
      0.6275,
      0.8375,
      0.07,
      0.28,
      0.4875,
      0.6975,
      0.9075,
      0.14,
      0.35,
      0.5575,
      0.7675
    ],
    "SoftwareVersions": "syngo_MR_E11",
    "SpacingBetweenSlices": 2.5,
    "StationName": "AWP66018",
    "TotalReadoutTime": 0.0438902,
    "TxRefAmp": 247.895,
    "dataset": "ds003338",
    "modality": "bold",
    "run_id": 3,
    "session_id": "01",
    "subject_id": "17",
    "task_id": "view"
  },
  "dummy_trs": 0,
  "dvars_nstd": 36.86566046013497,
  "dvars_std": 1.2641738608730164,
  "dvars_vstd": 0.9837390155873025,
  "efc": 0.5804401360814547,
  "fber": 1249.9454345703125,
  "fd_mean": 0.2301733548808746,
  "fd_num": 656,
  "fd_perc": 52.02220459952419,
  "fwhm_avg": 1.835608,
  "fwhm_x": 1.733632,
  "fwhm_y": 1.957316,
  "fwhm_z": 1.815876,
  "gcor": 0.0179085,
  "gsr_x": -0.009147015400230885,
  "gsr_y": 0.053155701607465744,
  "provenance": {
    "md5sum": "211c1424206ea8e837b61acec19424ec",
    "settings": {
      "fd_thres": 0.2,
      "testing": false
    },
    "software": "mriqc",
    "version": "23.1.0"
  },
  "size_t": 1261,
  "size_x": 78,
  "size_y": 78,
  "size_z": 56,
  "snr": 5.9012041860550095,
  "spacing_tr": 1.0,
  "spacing_x": 2.5,
  "spacing_y": 2.5,
  "spacing_z": 2.5,
  "summary_bg_k": 9.275267225113108,
  "summary_bg_mad": 276.8512433346341,
  "summary_bg_mean": 810.6755203271907,
  "summary_bg_median": 297.1845245361328,
  "summary_bg_n": 246378.0,
  "summary_bg_p05": 88.9096908569336,
  "summary_bg_p95": 3514.406494140625,
  "summary_bg_stdv": 1185.2801738173277,
  "summary_fg_k": 2.454595381530212,
  "summary_fg_mad": 1437.9771947969393,
  "summary_fg_mean": 10416.591065225723,
  "summary_fg_median": 10506.830078125,
  "summary_fg_n": 94326.0,
  "summary_fg_p05": 7183.3759765625,
  "summary_fg_p95": 13047.6259765625,
  "summary_fg_stdv": 1780.4458297789504,
  "tsnr": 36.071298599243164
}