{
  "aor": 0.0003530626057529611,
  "aqi": 0.029811946277495765,
  "bids_meta": {
    "AcquisitionMatrixPE": 78,
    "AcquisitionNumber": 1,
    "AcquisitionTime": "15:12:33.805000",
    "BandwidthPerPixelPhaseEncode": 22.492,
    "BaseResolution": 78,
    "BodyPartExamined": "BRAIN",
    "ConsistencyInfo": "N4_VE11C_LATEST_20160120",
    "ConversionSoftware": "dcm2niix",
    "ConversionSoftwareVersion": "v1.0.20180328 GCC6.3.0",
    "DerivedVendorReportedEchoSpacing": 0.000570003,
    "DeviceSerialNumber": "66018",
    "DwellTime": 3e-06,
    "EchoTime": 0.03,
    "EchoTrainLength": 78,
    "EffectiveEchoSpacing": 0.000570003,
    "FlipAngle": 59,
    "ImageComments": "Unaliased_MB4_PE3_LB",
    "ImageOrientationPatientDICOM": [
      1,
      0,
      0,
      0,
      0.984808,
      -0.173648
    ],
    "ImageType": [
      "ORIGINAL",
      "PRIMARY",
      "M",
      "MB",
      "ND",
      "NORM",
      "MOSAIC"
    ],
    "InPlanePhaseEncodingDirectionDICOM": "COL",
    "InstitutionAddress": "Stadium_1952_Princeton_NJ_US_08544",
    "InstitutionName": "Princeton_University",
    "InstitutionalDepartmentName": "NeuroScience",
    "MRAcquisitionType": "2D",
    "MagneticFieldStrength": 3,
    "Manufacturer": "Siemens",
    "ManufacturersModelName": "Prisma",
    "Modality": "MR",
    "MultibandAccelerationFactor": 4,
    "PartialFourier": 1,
    "PatientPosition": "HFS",
    "PercentPhaseFOV": 100,
    "PhaseEncodingDirection": "j-",
    "PhaseEncodingSteps": 78,
    "PhaseResolution": 1,
    "PixelBandwidth": 2135,
    "ProcedureStepDescription": "NormaL_Antony_ss",
    "ProtocolName": "func_task-view_run-1",
    "PulseSequenceDetails": "%CustomerSeq%_cmrr_mbep2d_bold",
    "ReceiveCoilActiveElements": "HC1-7",
    "ReceiveCoilName": "HeadNeck_64",
    "ReconMatrixPE": 78,
    "RepetitionTime": 1,
    "SAR": 0.0650879,
    "ScanOptions": "FS_EXT",
    "ScanningSequence": "EP",
    "SequenceName": "epfid2d1_78",
    "SequenceVariant": "SK_SS",
    "SeriesDescription": "func_task-view_run-1",
    "SeriesNumber": 6,
    "ShimSetting": [
      765,
      499,
      2090,
      600,
      -74,
      -78,
      123,
      11
    ],
    "SliceThickness": 2.5,
    "SliceTiming": [
      0,
      0.21,
      0.42,
      0.63,
      0.84,
      0.07,
      0.28,
      0.49,
      0.7,
      0.91,
      0.14,
      0.35,
      0.56,
      0.77,
      0,
      0.21,
      0.42,
      0.63,
      0.84,
      0.07,
      0.28,
      0.49,
      0.7,
      0.91,
      0.14,
      0.35,
      0.56,
      0.77,
      0,
      0.21,
      0.42,
      0.63,
      0.84,
      0.07,
      0.28,
      0.49,
      0.7,
      0.91,
      0.14,
      0.35,
      0.56,
      0.77,
      0,
      0.21,
      0.42,
      0.63,
      0.84,
      0.07,
      0.28,
      0.49,
      0.7,
      0.91,
      0.14,
      0.35,
      0.56,
      0.77
    ],
    "SoftwareVersions": "syngo_MR_E11",
    "SpacingBetweenSlices": 2.5,
    "StationName": "AWP66018",
    "TotalReadoutTime": 0.0438902,
    "TxRefAmp": 247.895,
    "dataset": "ds003338",
    "modality": "bold",
    "run_id": 1,
    "session_id": "01",
    "subject_id": "17",
    "task_id": "view"
  },
  "dummy_trs": 0,
  "dvars_nstd": 36.697367783674814,
  "dvars_std": 1.2413620474089773,
  "dvars_vstd": 0.9715991138611348,
  "efc": 0.5805084308278584,
  "fber": 1272.2545166015625,
  "fd_mean": 0.259681649939504,
  "fd_num": 765,
  "fd_perc": 64.72081218274111,
  "fwhm_avg": 1.8294666666666666,
  "fwhm_x": 1.727548,
  "fwhm_y": 1.9637239999999998,
  "fwhm_z": 1.797128,
  "gcor": 0.0221338,
  "gsr_x": -0.010885616764426231,
  "gsr_y": 0.050810687243938446,
  "provenance": {
    "md5sum": "9cb6349cf3680a599cadc542a84941f8",
    "settings": {
      "fd_thres": 0.2,
      "testing": false
    },
    "software": "mriqc",
    "version": "23.1.0"
  },
  "size_t": 1182,
  "size_x": 78,
  "size_y": 78,
  "size_z": 56,
  "snr": 5.979063038885994,
  "spacing_tr": 1.0,
  "spacing_x": 2.5,
  "spacing_y": 2.5,
  "spacing_z": 2.5,
  "summary_bg_k": 9.694993854385109,
  "summary_bg_mad": 272.40853244556195,
  "summary_bg_mean": 815.7329833031871,
  "summary_bg_median": 296.49737548828125,
  "summary_bg_n": 246243.0,
  "summary_bg_p05": 94.04708099365234,
  "summary_bg_p95": 3570.121337890625,
  "summary_bg_stdv": 1208.6460478925044,
  "summary_fg_k": 2.5668623014408647,
  "summary_fg_mad": 1442.2722528840457,
  "summary_fg_mean": 10487.830334097765,
  "summary_fg_median": 10575.6689453125,
  "summary_fg_n": 94461.0,
  "summary_fg_p05": 7275.70556640625,
  "summary_fg_p95": 13108.5849609375,
  "summary_fg_stdv": 1768.7742874361752,
  "tsnr": 36.58531951904297
}