{
  "aor": 0.0009028528528528528,
  "aqi": 0.02640545945945946,
  "bids_meta": {
    "AcquisitionMatrixPE": 78,
    "AcquisitionNumber": 1,
    "AcquisitionTime": "11:02:43.042500",
    "BandwidthPerPixelPhaseEncode": 22.492,
    "BaseResolution": 78,
    "BodyPartExamined": "BRAIN",
    "ConsistencyInfo": "N4_VE11C_LATEST_20160120",
    "ConversionSoftware": "dcm2niix",
    "ConversionSoftwareVersion": "v1.0.20180328 GCC6.3.0",
    "DerivedVendorReportedEchoSpacing": 0.000570003,
    "DeviceSerialNumber": "66018",
    "DwellTime": 3e-06,
    "EchoTime": 0.03,
    "EchoTrainLength": 78,
    "EffectiveEchoSpacing": 0.000570003,
    "FlipAngle": 59,
    "ImageComments": "Unaliased_MB4_PE3_LB",
    "ImageOrientationPatientDICOM": [
      1,
      0,
      0,
      0,
      0.944376,
      -0.328867
    ],
    "ImageType": [
      "ORIGINAL",
      "PRIMARY",
      "M",
      "MB",
      "ND",
      "NORM",
      "MOSAIC"
    ],
    "InPlanePhaseEncodingDirectionDICOM": "COL",
    "InstitutionAddress": "Stadium_1952_Princeton_NJ_US_08544",
    "InstitutionName": "Princeton_University",
    "InstitutionalDepartmentName": "NeuroScience",
    "MRAcquisitionType": "2D",
    "MagneticFieldStrength": 3,
    "Manufacturer": "Siemens",
    "ManufacturersModelName": "Prisma",
    "Modality": "MR",
    "MultibandAccelerationFactor": 4,
    "PartialFourier": 1,
    "PatientPosition": "HFS",
    "PercentPhaseFOV": 100,
    "PhaseEncodingDirection": "j-",
    "PhaseEncodingSteps": 78,
    "PhaseResolution": 1,
    "PixelBandwidth": 2135,
    "ProcedureStepDescription": "Norman_Antony_ss",
    "ProtocolName": "func_task",
    "PulseSequenceDetails": "%CustomerSeq%_cmrr_mbep2d_bold",
    "ReceiveCoilActiveElements": "HC1-7",
    "ReceiveCoilName": "HeadNeck_64",
    "ReconMatrixPE": 78,
    "RepetitionTime": 1,
    "SAR": 0.0687522,
    "ScanOptions": "FS_EXT",
    "ScanningSequence": "EP",
    "SequenceName": "epfid2d1_78",
    "SequenceVariant": "SK_SS",
    "SeriesDescription": "func_task",
    "SeriesNumber": 3,
    "ShimSetting": [
      765,
      589,
      2034,
      619,
      -115,
      119,
      65,
      6
    ],
    "SliceThickness": 2.5,
    "SliceTiming": [
      0,
      0.21,
      0.42,
      0.63,
      0.84,
      0.07,
      0.28,
      0.49,
      0.7,
      0.91,
      0.14,
      0.35,
      0.56,
      0.77,
      0,
      0.21,
      0.42,
      0.63,
      0.84,
      0.07,
      0.28,
      0.49,
      0.7,
      0.91,
      0.14,
      0.35,
      0.56,
      0.77,
      0,
      0.21,
      0.42,
      0.63,
      0.84,
      0.07,
      0.28,
      0.49,
      0.7,
      0.91,
      0.14,
      0.35,
      0.56,
      0.77,
      0,
      0.21,
      0.42,
      0.63,
      0.84,
      0.07,
      0.28,
      0.49,
      0.7,
      0.91,
      0.14,
      0.35,
      0.56,
      0.77
    ],
    "SoftwareVersions": "syngo_MR_E11",
    "SpacingBetweenSlices": 2.5,
    "StationName": "AWP66018",
    "TotalReadoutTime": 0.0438902,
    "TxRefAmp": 264.876,
    "dataset": "ds003338",
    "modality": "bold",
    "run_id": 1,
    "session_id": "01",
    "subject_id": "03",
    "task_id": "recall"
  },
  "dummy_trs": 0,
  "dvars_nstd": 43.46793848644576,
  "dvars_std": 1.1435460846385537,
  "dvars_vstd": 0.9572400320180723,
  "efc": 0.5935990233488461,
  "fber": 1374.66650390625,
  "fd_mean": 0.4364744197779825,
  "fd_num": 275,
  "fd_perc": 82.58258258258259,
  "fwhm_avg": 1.844508,
  "fwhm_x": 1.751776,
  "fwhm_y": 1.944028,
  "fwhm_z": 1.8377199999999998,
  "gcor": 0.0104477,
  "gsr_x": -0.006745653692632914,
  "gsr_y": 0.05301579833030701,
  "provenance": {
    "md5sum": "adf0bae38c4ae75b0aa4640eb1c3ac46",
    "settings": {
      "fd_thres": 0.2,
      "testing": false
    },
    "software": "mriqc",
    "version": "23.1.0"
  },
  "size_t": 333,
  "size_x": 78,
  "size_y": 78,
  "size_z": 56,
  "snr": 5.237241026172861,
  "spacing_tr": 1.0,
  "spacing_x": 2.5,
  "spacing_y": 2.5,
  "spacing_z": 2.5,
  "summary_bg_k": 8.986882435395556,
  "summary_bg_mad": 259.19305524095546,
  "summary_bg_mean": 865.7725276072682,
  "summary_bg_median": 259.996337890625,
  "summary_bg_n": 244460.0,
  "summary_bg_p05": 66.85153579711914,
  "summary_bg_p95": 3709.7896728515625,
  "summary_bg_stdv": 1281.0298420382644,
  "summary_fg_k": 1.182653706812526,
  "summary_fg_mad": 1707.4944425251706,
  "summary_fg_mean": 9605.09148819273,
  "summary_fg_median": 9639.75244140625,
  "summary_fg_n": 96244.0,
  "summary_fg_p05": 6530.1240234375,
  "summary_fg_p95": 12503.6533203125,
  "summary_fg_stdv": 1840.60697480683,
  "tsnr": 32.844430923461914
}