{
  "aor": 0.0008443780290791599,
  "aqi": 0.013091269119547656,
  "bids_meta": {
    "AcquisitionMatrixPE": 78,
    "AcquisitionNumber": 1,
    "AcquisitionTime": "13:50:15.095000",
    "BandwidthPerPixelPhaseEncode": 22.492,
    "BaseResolution": 78,
    "BodyPartExamined": "BRAIN",
    "ConsistencyInfo": "N4_VE11C_LATEST_20160120",
    "ConversionSoftware": "dcm2niix",
    "ConversionSoftwareVersion": "v1.0.20180328 GCC6.3.0",
    "DerivedVendorReportedEchoSpacing": 0.000570003,
    "DeviceSerialNumber": "66018",
    "DwellTime": 3e-06,
    "EchoTime": 0.03,
    "EchoTrainLength": 78,
    "EffectiveEchoSpacing": 0.000570003,
    "FlipAngle": 59,
    "ImageComments": "Unaliased_MB4_PE3_LB",
    "ImageOrientationPatientDICOM": [
      1,
      0,
      0,
      0,
      0.960294,
      -0.278991
    ],
    "ImageType": [
      "ORIGINAL",
      "PRIMARY",
      "M",
      "MB",
      "ND",
      "NORM",
      "MOSAIC"
    ],
    "InPlanePhaseEncodingDirectionDICOM": "COL",
    "InstitutionAddress": "Stadium_1952_Princeton_NJ_US_08544",
    "InstitutionName": "Princeton_University",
    "InstitutionalDepartmentName": "NeuroScience",
    "MRAcquisitionType": "2D",
    "MagneticFieldStrength": 3,
    "Manufacturer": "Siemens",
    "ManufacturersModelName": "Prisma",
    "Modality": "MR",
    "MultibandAccelerationFactor": 4,
    "PartialFourier": 1,
    "PatientPosition": "HFS",
    "PercentPhaseFOV": 100,
    "PhaseEncodingDirection": "j-",
    "PhaseEncodingSteps": 78,
    "PhaseResolution": 1,
    "PixelBandwidth": 2135,
    "ProcedureStepDescription": "Norman_Antony_ss",
    "ProtocolName": "func_task-view_run-2",
    "PulseSequenceDetails": "%CustomerSeq%_cmrr_mbep2d_bold",
    "ReceiveCoilActiveElements": "HC1-7",
    "ReceiveCoilName": "HeadNeck_64",
    "ReconMatrixPE": 78,
    "RepetitionTime": 1,
    "SAR": 0.0666894,
    "ScanOptions": "FS_EXT",
    "ScanningSequence": "EP",
    "SequenceName": "epfid2d1_78",
    "SequenceVariant": "SK_SS",
    "SeriesDescription": "func_task-view_run-2",
    "SeriesNumber": 4,
    "ShimSetting": [
      767,
      565,
      2078,
      468,
      -143,
      106,
      204,
      31
    ],
    "SliceThickness": 2.5,
    "SliceTiming": [
      0,
      0.21,
      0.42,
      0.63,
      0.84,
      0.07,
      0.28,
      0.49,
      0.7,
      0.91,
      0.14,
      0.35,
      0.56,
      0.77,
      0,
      0.21,
      0.42,
      0.63,
      0.84,
      0.07,
      0.28,
      0.49,
      0.7,
      0.91,
      0.14,
      0.35,
      0.56,
      0.77,
      0,
      0.21,
      0.42,
      0.63,
      0.84,
      0.07,
      0.28,
      0.49,
      0.7,
      0.91,
      0.14,
      0.35,
      0.56,
      0.77,
      0,
      0.21,
      0.42,
      0.63,
      0.84,
      0.07,
      0.28,
      0.49,
      0.7,
      0.91,
      0.14,
      0.35,
      0.56,
      0.77
    ],
    "SoftwareVersions": "syngo_MR_E11",
    "SpacingBetweenSlices": 2.5,
    "StationName": "AWP66018",
    "TotalReadoutTime": 0.0438902,
    "TxRefAmp": 250.044,
    "dataset": "ds003338",
    "modality": "bold",
    "run_id": 2,
    "session_id": "01",
    "subject_id": "07",
    "task_id": "view"
  },
  "dummy_trs": 3,
  "dvars_nstd": 27.063900733920757,
  "dvars_std": 1.1695952729183507,
  "dvars_vstd": 0.9802532353839922,
  "efc": 0.5577902491047236,
  "fber": 1835.465576171875,
  "fd_mean": 0.1159235985447416,
  "fd_num": 75,
  "fd_perc": 6.058158319870759,
  "fwhm_avg": 1.7435280000000002,
  "fwhm_x": 1.640088,
  "fwhm_y": 1.88332,
  "fwhm_z": 1.707176,
  "gcor": 0.0204026,
  "gsr_x": -0.012892159633338451,
  "gsr_y": 0.051299069076776505,
  "provenance": {
    "md5sum": "6b5dca9fbebb5ce89f4f9e7ece3d3e1d",
    "settings": {
      "fd_thres": 0.2,
      "testing": false
    },
    "software": "mriqc",
    "version": "23.1.0"
  },
  "size_t": 1238,
  "size_x": 78,
  "size_y": 78,
  "size_z": 56,
  "snr": 5.698170458071614,
  "spacing_tr": 1.0,
  "spacing_x": 2.5,
  "spacing_y": 2.5,
  "spacing_z": 2.5,
  "summary_bg_k": 8.184421895504716,
  "summary_bg_mad": 242.7900601837913,
  "summary_bg_mean": 929.5646336150961,
  "summary_bg_median": 261.57212829589844,
  "summary_bg_n": 259532.0,
  "summary_bg_p05": 71.9879379272461,
  "summary_bg_p95": 4319.85546875,
  "summary_bg_stdv": 1447.2792288474127,
  "summary_fg_k": 2.6715008780702414,
  "summary_fg_mad": 1669.9001965245775,
  "summary_fg_mean": 11107.574069677728,
  "summary_fg_median": 11206.3603515625,
  "summary_fg_n": 81172.0,
  "summary_fg_p05": 7503.9462890625,
  "summary_fg_p95": 13948.2978515625,
  "summary_fg_stdv": 1966.6472607871863,
  "tsnr": 50.59694480895996
}