{
  "aor": 0.00034932575142160847,
  "aqi": 0.011231042038992688,
  "bids_meta": {
    "AcquisitionMatrixPE": 78,
    "AcquisitionNumber": 1,
    "AcquisitionTime": "17:51:11.162500",
    "BandwidthPerPixelPhaseEncode": 22.492,
    "BaseResolution": 78,
    "BodyPartExamined": "BRAIN",
    "ConsistencyInfo": "N4_VE11C_LATEST_20160120",
    "ConversionSoftware": "dcm2niix",
    "ConversionSoftwareVersion": "v1.0.20180328 GCC6.3.0",
    "DerivedVendorReportedEchoSpacing": 0.000570003,
    "DeviceSerialNumber": "66018",
    "DwellTime": 3e-06,
    "EchoTime": 0.03,
    "EchoTrainLength": 78,
    "EffectiveEchoSpacing": 0.000570003,
    "FlipAngle": 59,
    "ImageComments": "Unaliased_MB4_PE3_LB",
    "ImageOrientationPatientDICOM": [
      1,
      0,
      0,
      0,
      0.984503,
      -0.175367
    ],
    "ImageType": [
      "ORIGINAL",
      "PRIMARY",
      "M",
      "MB",
      "ND",
      "NORM",
      "MOSAIC"
    ],
    "InPlanePhaseEncodingDirectionDICOM": "COL",
    "InstitutionAddress": "Stadium_1952_Princeton_NJ_US_08544",
    "InstitutionName": "Princeton_University",
    "InstitutionalDepartmentName": "NeuroScience",
    "MRAcquisitionType": "2D",
    "MagneticFieldStrength": 3,
    "Manufacturer": "Siemens",
    "ManufacturersModelName": "Prisma",
    "Modality": "MR",
    "MultibandAccelerationFactor": 4,
    "PartialFourier": 1,
    "PatientPosition": "HFS",
    "PercentPhaseFOV": 100,
    "PhaseEncodingDirection": "j-",
    "PhaseEncodingSteps": 78,
    "PhaseResolution": 1,
    "PixelBandwidth": 2135,
    "ProcedureStepDescription": "NormaL_Antony_ss",
    "ProtocolName": "func_task-view_run-2",
    "PulseSequenceDetails": "%CustomerSeq%_cmrr_mbep2d_bold",
    "ReceiveCoilActiveElements": "HC1-7",
    "ReceiveCoilName": "HeadNeck_64",
    "ReconMatrixPE": 78,
    "RepetitionTime": 1,
    "SAR": 0.0575775,
    "ScanOptions": "FS_EXT",
    "ScanningSequence": "EP",
    "SequenceName": "epfid2d1_78",
    "SequenceVariant": "SK_SS",
    "SeriesDescription": "func_task-view_run-2",
    "SeriesNumber": 6,
    "ShimSetting": [
      780,
      574,
      2009,
      641,
      -120,
      229,
      297,
      46
    ],
    "SliceThickness": 2.5,
    "SliceTiming": [
      0,
      0.21,
      0.42,
      0.63,
      0.84,
      0.07,
      0.28,
      0.49,
      0.7,
      0.91,
      0.14,
      0.35,
      0.56,
      0.77,
      0,
      0.21,
      0.42,
      0.63,
      0.84,
      0.07,
      0.28,
      0.49,
      0.7,
      0.91,
      0.14,
      0.35,
      0.56,
      0.77,
      0,
      0.21,
      0.42,
      0.63,
      0.84,
      0.07,
      0.28,
      0.49,
      0.7,
      0.91,
      0.14,
      0.35,
      0.56,
      0.77,
      0,
      0.21,
      0.42,
      0.63,
      0.84,
      0.07,
      0.28,
      0.49,
      0.7,
      0.91,
      0.14,
      0.35,
      0.56,
      0.77
    ],
    "SoftwareVersions": "syngo_MR_E11",
    "SpacingBetweenSlices": 2.5,
    "StationName": "AWP66018",
    "TotalReadoutTime": 0.0438902,
    "TxRefAmp": 230.856,
    "dataset": "ds003338",
    "modality": "bold",
    "run_id": 2,
    "session_id": "01",
    "subject_id": "10",
    "task_id": "view"
  },
  "dummy_trs": 1,
  "dvars_nstd": 28.60982715481299,
  "dvars_std": 1.2123605508699165,
  "dvars_vstd": 1.0010600823902438,
  "efc": 0.5597051287250402,
  "fber": 2175.712158203125,
  "fd_mean": 0.10401779022762914,
  "fd_num": 26,
  "fd_perc": 2.1121039805036554,
  "fwhm_avg": 1.7540747210357717,
  "fwhm_x": 1.646516,
  "fwhm_y": 1.905404,
  "fwhm_z": 1.7103041631073153,
  "gcor": 0.0146488,
  "gsr_x": -0.005774176213890314,
  "gsr_y": 0.0522429384291172,
  "provenance": {
    "md5sum": "1df5ca3dada51f46670727af75051692",
    "settings": {
      "fd_thres": 0.2,
      "testing": false
    },
    "software": "mriqc",
    "version": "23.1.0"
  },
  "size_t": 1231,
  "size_x": 78,
  "size_y": 78,
  "size_z": 56,
  "snr": 5.834215136302273,
  "spacing_tr": 1.0,
  "spacing_x": 2.5,
  "spacing_y": 2.5,
  "spacing_z": 2.499999761581421,
  "summary_bg_k": 10.538756278845513,
  "summary_bg_mad": 175.03287539549797,
  "summary_bg_mean": 714.9650550530337,
  "summary_bg_median": 212.61186981201172,
  "summary_bg_n": 252252.0,
  "summary_bg_p05": 79.98418426513672,
  "summary_bg_p95": 3338.193359375,
  "summary_bg_stdv": 1161.718516424348,
  "summary_fg_k": 2.5491812027361123,
  "summary_fg_mad": 1381.181512642224,
  "summary_fg_mean": 9798.701061154934,
  "summary_fg_median": 9917.1806640625,
  "summary_fg_n": 88452.0,
  "summary_fg_p05": 6606.14111328125,
  "summary_fg_p95": 12219.1357421875,
  "summary_fg_stdv": 1699.8215479786015,
  "tsnr": 56.46207809448242
}