{
  "aor": 0.0003598558847077662,
  "aqi": 0.015112762794235388,
  "bids_meta": {
    "AcquisitionMatrixPE": 78,
    "AcquisitionNumber": 1,
    "AcquisitionTime": "17:21:21.567500",
    "BandwidthPerPixelPhaseEncode": 22.492,
    "BaseResolution": 78,
    "BodyPartExamined": "BRAIN",
    "ConsistencyInfo": "N4_VE11C_LATEST_20160120",
    "ConversionSoftware": "dcm2niix",
    "ConversionSoftwareVersion": "v1.0.20180328 GCC6.3.0",
    "DerivedVendorReportedEchoSpacing": 0.000570003,
    "DeviceSerialNumber": "66018",
    "DwellTime": 3e-06,
    "EchoTime": 0.03,
    "EchoTrainLength": 78,
    "EffectiveEchoSpacing": 0.000570003,
    "FlipAngle": 59,
    "ImageComments": "Unaliased_MB4_PE3_LB",
    "ImageOrientationPatientDICOM": [
      1,
      0,
      0,
      0,
      0.984503,
      -0.175367
    ],
    "ImageType": [
      "ORIGINAL",
      "PRIMARY",
      "M",
      "MB",
      "ND",
      "NORM",
      "MOSAIC"
    ],
    "InPlanePhaseEncodingDirectionDICOM": "COL",
    "InstitutionAddress": "Stadium_1952_Princeton_NJ_US_08544",
    "InstitutionName": "Princeton_University",
    "InstitutionalDepartmentName": "NeuroScience",
    "MRAcquisitionType": "2D",
    "MagneticFieldStrength": 3,
    "Manufacturer": "Siemens",
    "ManufacturersModelName": "Prisma",
    "Modality": "MR",
    "MultibandAccelerationFactor": 4,
    "PartialFourier": 1,
    "PatientPosition": "HFS",
    "PercentPhaseFOV": 100,
    "PhaseEncodingDirection": "j-",
    "PhaseEncodingSteps": 78,
    "PhaseResolution": 1,
    "PixelBandwidth": 2135,
    "ProcedureStepDescription": "NormaL_Antony_ss",
    "ProtocolName": "func_task-view_run-1",
    "PulseSequenceDetails": "%CustomerSeq%_cmrr_mbep2d_bold",
    "ReceiveCoilActiveElements": "HC1-7",
    "ReceiveCoilName": "HeadNeck_64",
    "ReconMatrixPE": 78,
    "RepetitionTime": 1,
    "SAR": 0.0575775,
    "ScanOptions": "FS_EXT",
    "ScanningSequence": "EP",
    "SequenceName": "epfid2d1_78",
    "SequenceVariant": "SK_SS",
    "SeriesDescription": "func_task-view_run-1",
    "SeriesNumber": 4,
    "ShimSetting": [
      780,
      574,
      2009,
      641,
      -120,
      229,
      297,
      46
    ],
    "SliceThickness": 2.5,
    "SliceTiming": [
      0,
      0.21,
      0.42,
      0.63,
      0.84,
      0.07,
      0.28,
      0.49,
      0.7,
      0.91,
      0.14,
      0.35,
      0.56,
      0.77,
      0,
      0.21,
      0.42,
      0.63,
      0.84,
      0.07,
      0.28,
      0.49,
      0.7,
      0.91,
      0.14,
      0.35,
      0.56,
      0.77,
      0,
      0.21,
      0.42,
      0.63,
      0.84,
      0.07,
      0.28,
      0.49,
      0.7,
      0.91,
      0.14,
      0.35,
      0.56,
      0.77,
      0,
      0.21,
      0.42,
      0.63,
      0.84,
      0.07,
      0.28,
      0.49,
      0.7,
      0.91,
      0.14,
      0.35,
      0.56,
      0.77
    ],
    "SoftwareVersions": "syngo_MR_E11",
    "SpacingBetweenSlices": 2.5,
    "StationName": "AWP66018",
    "TotalReadoutTime": 0.0438902,
    "TxRefAmp": 230.856,
    "dataset": "ds003338",
    "modality": "bold",
    "run_id": 1,
    "session_id": "01",
    "subject_id": "10",
    "task_id": "view"
  },
  "dummy_trs": 1,
  "dvars_nstd": 27.862746344102625,
  "dvars_std": 1.1671774542868585,
  "dvars_vstd": 0.9754897764022437,
  "efc": 0.5574441786109284,
  "fber": 2266.0576171875,
  "fd_mean": 0.10368725784005611,
  "fd_num": 17,
  "fd_perc": 1.3610888710968776,
  "fwhm_avg": 1.7688693882045798,
  "fwhm_x": 1.66194,
  "fwhm_y": 1.918568,
  "fwhm_z": 1.7261001646137393,
  "gcor": 0.0144805,
  "gsr_x": -0.005992141552269459,
  "gsr_y": 0.052483998239040375,
  "provenance": {
    "md5sum": "0234640400fb0e3f76022117594e051b",
    "settings": {
      "fd_thres": 0.2,
      "testing": false
    },
    "software": "mriqc",
    "version": "23.1.0"
  },
  "size_t": 1249,
  "size_x": 78,
  "size_y": 78,
  "size_z": 56,
  "snr": 5.86375467228292,
  "spacing_tr": 1.0,
  "spacing_x": 2.5,
  "spacing_y": 2.5,
  "spacing_z": 2.499999761581421,
  "summary_bg_k": 10.654375160837347,
  "summary_bg_mad": 171.51374813788948,
  "summary_bg_mean": 700.0478984912821,
  "summary_bg_median": 209.95736694335938,
  "summary_bg_n": 252273.0,
  "summary_bg_p05": 79.34688568115234,
  "summary_bg_p95": 3264.43603515625,
  "summary_bg_stdv": 1138.2706272777489,
  "summary_fg_k": 2.4440675319405267,
  "summary_fg_mad": 1383.3793546028603,
  "summary_fg_mean": 9877.293024677669,
  "summary_fg_median": 9994.626953125,
  "summary_fg_n": 88431.0,
  "summary_fg_p05": 6657.57861328125,
  "summary_fg_p95": 12311.2021484375,
  "summary_fg_stdv": 1704.4659950270063,
  "tsnr": 52.20521926879883
}