{
  "aor": 0.0012861828388131514,
  "aqi": 0.020105159903769043,
  "bids_meta": {
    "AcquisitionMatrixPE": 78,
    "AcquisitionNumber": 1,
    "AcquisitionTime": "12:34:1.002500",
    "BandwidthPerPixelPhaseEncode": 22.492,
    "BaseResolution": 78,
    "BodyPartExamined": "BRAIN",
    "ConsistencyInfo": "N4_VE11C_LATEST_20160120",
    "ConversionSoftware": "dcm2niix",
    "ConversionSoftwareVersion": "v1.0.20180328 GCC6.3.0",
    "DerivedVendorReportedEchoSpacing": 0.000570003,
    "DeviceSerialNumber": "66018",
    "DwellTime": 3e-06,
    "EchoTime": 0.03,
    "EchoTrainLength": 78,
    "EffectiveEchoSpacing": 0.000570003,
    "FlipAngle": 59,
    "ImageComments": "Unaliased_MB4_PE3_LB",
    "ImageOrientationPatientDICOM": [
      1,
      0,
      0,
      0,
      0.983571,
      -0.180519
    ],
    "ImageType": [
      "ORIGINAL",
      "PRIMARY",
      "M",
      "MB",
      "ND",
      "NORM",
      "MOSAIC"
    ],
    "InPlanePhaseEncodingDirectionDICOM": "COL",
    "InstitutionAddress": "Stadium_1952_Princeton_NJ_US_08544",
    "InstitutionName": "Princeton_University",
    "InstitutionalDepartmentName": "NeuroScience",
    "MRAcquisitionType": "2D",
    "MagneticFieldStrength": 3,
    "Manufacturer": "Siemens",
    "ManufacturersModelName": "Prisma",
    "Modality": "MR",
    "MultibandAccelerationFactor": 4,
    "PartialFourier": 1,
    "PatientPosition": "HFS",
    "PercentPhaseFOV": 100,
    "PhaseEncodingDirection": "j-",
    "PhaseEncodingSteps": 78,
    "PhaseResolution": 1,
    "PixelBandwidth": 2135,
    "ProcedureStepDescription": "NormaL_Antony_ss",
    "ProtocolName": "func_task-view_run-1",
    "PulseSequenceDetails": "%CustomerSeq%_cmrr_mbep2d_bold",
    "ReceiveCoilActiveElements": "HC1-7",
    "ReceiveCoilName": "HeadNeck_64",
    "ReconMatrixPE": 78,
    "RepetitionTime": 1,
    "SAR": 0.0510327,
    "ScanOptions": "FS_EXT",
    "ScanningSequence": "EP",
    "SequenceName": "epfid2d1_78",
    "SequenceVariant": "SK_SS",
    "SeriesDescription": "func_task-view_run-1",
    "SeriesNumber": 4,
    "ShimSetting": [
      790,
      545,
      2029,
      675,
      -93,
      221,
      53,
      59
    ],
    "SliceThickness": 2.5,
    "SliceTiming": [
      0,
      0.21,
      0.42,
      0.63,
      0.84,
      0.07,
      0.28,
      0.49,
      0.7,
      0.91,
      0.14,
      0.35,
      0.56,
      0.77,
      0,
      0.21,
      0.42,
      0.63,
      0.84,
      0.07,
      0.28,
      0.49,
      0.7,
      0.91,
      0.14,
      0.35,
      0.56,
      0.77,
      0,
      0.21,
      0.42,
      0.63,
      0.84,
      0.07,
      0.28,
      0.49,
      0.7,
      0.91,
      0.14,
      0.35,
      0.56,
      0.77,
      0,
      0.21,
      0.42,
      0.63,
      0.84,
      0.07,
      0.28,
      0.49,
      0.7,
      0.91,
      0.14,
      0.35,
      0.56,
      0.77
    ],
    "SoftwareVersions": "syngo_MR_E11",
    "SpacingBetweenSlices": 2.5,
    "StationName": "AWP66018",
    "TotalReadoutTime": 0.0438902,
    "TxRefAmp": 217.303,
    "dataset": "ds003338",
    "modality": "bold",
    "run_id": 1,
    "session_id": "01",
    "subject_id": "16",
    "task_id": "view"
  },
  "dummy_trs": 0,
  "dvars_nstd": 28.997592777624426,
  "dvars_std": 1.2057772849759238,
  "dvars_vstd": 0.979387202182984,
  "efc": 0.5526265095963571,
  "fber": 2720.57421875,
  "fd_mean": 0.11999643100589026,
  "fd_num": 193,
  "fd_perc": 15.477145148356055,
  "fwhm_avg": 1.8854,
  "fwhm_x": 1.766524,
  "fwhm_y": 1.9772279999999998,
  "fwhm_z": 1.912448,
  "gcor": 0.0346658,
  "gsr_x": -0.002559477463364601,
  "gsr_y": 0.05218849703669548,
  "provenance": {
    "md5sum": "111a63bcb27ef11e9523a8ef3eb45201",
    "settings": {
      "fd_thres": 0.2,
      "testing": false
    },
    "software": "mriqc",
    "version": "23.1.0"
  },
  "size_t": 1247,
  "size_x": 78,
  "size_y": 78,
  "size_z": 56,
  "snr": 5.373850895852814,
  "spacing_tr": 1.0,
  "spacing_x": 2.5,
  "spacing_y": 2.5,
  "spacing_z": 2.5,
  "summary_bg_k": 16.423604749511817,
  "summary_bg_mad": 183.04533752158625,
  "summary_bg_mean": 712.8973698830074,
  "summary_bg_median": 215.98200225830078,
  "summary_bg_n": 249238.0,
  "summary_bg_p05": 59.29338455200195,
  "summary_bg_p95": 3270.342529296875,
  "summary_bg_stdv": 1227.5203405911598,
  "summary_fg_k": 1.5424461099115891,
  "summary_fg_mad": 1910.6659649021403,
  "summary_fg_mean": 11243.750313813298,
  "summary_fg_median": 11265.43212890625,
  "summary_fg_n": 91466.0,
  "summary_fg_p05": 7779.1611328125,
  "summary_fg_p95": 14505.3701171875,
  "summary_fg_stdv": 2096.331060247733,
  "tsnr": 41.89434051513672
}