{
  "aor": 0.0019966164817749603,
  "aqi": 0.017054231402535657,
  "bids_meta": {
    "AcquisitionMatrixPE": 78,
    "AcquisitionNumber": 1,
    "AcquisitionTime": "13:01:58.740000",
    "BandwidthPerPixelPhaseEncode": 22.492,
    "BaseResolution": 78,
    "BodyPartExamined": "BRAIN",
    "ConsistencyInfo": "N4_VE11C_LATEST_20160120",
    "ConversionSoftware": "dcm2niix",
    "ConversionSoftwareVersion": "v1.0.20180328 GCC6.3.0",
    "DerivedVendorReportedEchoSpacing": 0.000570003,
    "DeviceSerialNumber": "66018",
    "DwellTime": 3e-06,
    "EchoTime": 0.03,
    "EchoTrainLength": 78,
    "EffectiveEchoSpacing": 0.000570003,
    "FlipAngle": 59,
    "ImageComments": "Unaliased_MB4_PE3_LB",
    "ImageOrientationPatientDICOM": [
      1,
      0,
      0,
      0,
      0.983571,
      -0.180519
    ],
    "ImageType": [
      "ORIGINAL",
      "PRIMARY",
      "M",
      "MB",
      "ND",
      "NORM",
      "MOSAIC"
    ],
    "InPlanePhaseEncodingDirectionDICOM": "COL",
    "InstitutionAddress": "Stadium_1952_Princeton_NJ_US_08544",
    "InstitutionName": "Princeton_University",
    "InstitutionalDepartmentName": "NeuroScience",
    "MRAcquisitionType": "2D",
    "MagneticFieldStrength": 3,
    "Manufacturer": "Siemens",
    "ManufacturersModelName": "Prisma",
    "Modality": "MR",
    "MultibandAccelerationFactor": 4,
    "PartialFourier": 1,
    "PatientPosition": "HFS",
    "PercentPhaseFOV": 100,
    "PhaseEncodingDirection": "j-",
    "PhaseEncodingSteps": 78,
    "PhaseResolution": 1,
    "PixelBandwidth": 2135,
    "ProcedureStepDescription": "NormaL_Antony_ss",
    "ProtocolName": "func_task-view_run-2",
    "PulseSequenceDetails": "%CustomerSeq%_cmrr_mbep2d_bold",
    "ReceiveCoilActiveElements": "HC1-7",
    "ReceiveCoilName": "HeadNeck_64",
    "ReconMatrixPE": 78,
    "RepetitionTime": 1,
    "SAR": 0.0510327,
    "ScanOptions": "FS_EXT",
    "ScanningSequence": "EP",
    "SequenceName": "epfid2d1_78",
    "SequenceVariant": "SK_SS",
    "SeriesDescription": "func_task-view_run-2",
    "SeriesNumber": 6,
    "ShimSetting": [
      790,
      545,
      2029,
      675,
      -93,
      221,
      53,
      59
    ],
    "SliceThickness": 2.5,
    "SliceTiming": [
      0,
      0.21,
      0.42,
      0.63,
      0.84,
      0.07,
      0.28,
      0.49,
      0.7,
      0.91,
      0.14,
      0.35,
      0.56,
      0.77,
      0,
      0.21,
      0.42,
      0.63,
      0.84,
      0.07,
      0.28,
      0.49,
      0.7,
      0.91,
      0.14,
      0.35,
      0.56,
      0.77,
      0,
      0.21,
      0.42,
      0.63,
      0.84,
      0.07,
      0.28,
      0.49,
      0.7,
      0.91,
      0.14,
      0.35,
      0.56,
      0.77,
      0,
      0.21,
      0.42,
      0.63,
      0.84,
      0.07,
      0.28,
      0.49,
      0.7,
      0.91,
      0.14,
      0.35,
      0.56,
      0.77
    ],
    "SoftwareVersions": "syngo_MR_E11",
    "SpacingBetweenSlices": 2.5,
    "StationName": "AWP66018",
    "TotalReadoutTime": 0.0438902,
    "TxRefAmp": 217.303,
    "dataset": "ds003338",
    "modality": "bold",
    "run_id": 2,
    "session_id": "01",
    "subject_id": "16",
    "task_id": "view"
  },
  "dummy_trs": 0,
  "dvars_nstd": 25.915960544750174,
  "dvars_std": 1.1735001921966692,
  "dvars_vstd": 1.013060132886597,
  "efc": 0.5438525390562298,
  "fber": 3157.203125,
  "fd_mean": 0.12504204878704286,
  "fd_num": 235,
  "fd_perc": 18.62123613312203,
  "fwhm_avg": 1.857724,
  "fwhm_x": 1.7675360000000002,
  "fwhm_y": 1.9712599999999998,
  "fwhm_z": 1.834376,
  "gcor": 0.0392664,
  "gsr_x": 0.0013066193787381053,
  "gsr_y": 0.05258088931441307,
  "provenance": {
    "md5sum": "5521ed47ce41eabfc3751f4f94c10896",
    "settings": {
      "fd_thres": 0.2,
      "testing": false
    },
    "software": "mriqc",
    "version": "23.1.0"
  },
  "size_t": 1262,
  "size_x": 78,
  "size_y": 78,
  "size_z": 56,
  "snr": 5.38093394251263,
  "spacing_tr": 1.0,
  "spacing_x": 2.5,
  "spacing_y": 2.5,
  "spacing_z": 2.5,
  "summary_bg_k": 16.731089124146877,
  "summary_bg_mad": 163.25298475295472,
  "summary_bg_mean": 684.6980223208836,
  "summary_bg_median": 201.46658325195312,
  "summary_bg_n": 251404.0,
  "summary_bg_p05": 54.964603424072266,
  "summary_bg_p95": 3231.481201171875,
  "summary_bg_stdv": 1216.7475436505179,
  "summary_fg_k": 1.6621870137471353,
  "summary_fg_mad": 1923.3716053010621,
  "summary_fg_mean": 11315.279108446897,
  "summary_fg_median": 11320.205078125,
  "summary_fg_n": 89300.0,
  "summary_fg_p05": 7816.301513671875,
  "summary_fg_p95": 14595.53271484375,
  "summary_fg_stdv": 2103.7503555850103,
  "tsnr": 44.509199142456055
}