{
  "aor": 0.0012255602358887951,
  "aqi": 0.014378200556023587,
  "bids_meta": {
    "AcquisitionMatrixPE": 78,
    "AcquisitionNumber": 1,
    "AcquisitionTime": "13:30:49.985000",
    "BandwidthPerPixelPhaseEncode": 22.492,
    "BaseResolution": 78,
    "BodyPartExamined": "BRAIN",
    "ConsistencyInfo": "N4_VE11C_LATEST_20160120",
    "ConversionSoftware": "dcm2niix",
    "ConversionSoftwareVersion": "v1.0.20180328 GCC6.3.0",
    "DerivedVendorReportedEchoSpacing": 0.000570003,
    "DeviceSerialNumber": "66018",
    "DwellTime": 3e-06,
    "EchoTime": 0.03,
    "EchoTrainLength": 78,
    "EffectiveEchoSpacing": 0.000570003,
    "FlipAngle": 59,
    "ImageComments": "Unaliased_MB4_PE3_LB",
    "ImageOrientationPatientDICOM": [
      1,
      0,
      0,
      0,
      0.983571,
      -0.180519
    ],
    "ImageType": [
      "ORIGINAL",
      "PRIMARY",
      "M",
      "MB",
      "ND",
      "NORM",
      "MOSAIC"
    ],
    "InPlanePhaseEncodingDirectionDICOM": "COL",
    "InstitutionAddress": "Stadium_1952_Princeton_NJ_US_08544",
    "InstitutionName": "Princeton_University",
    "InstitutionalDepartmentName": "NeuroScience",
    "MRAcquisitionType": "2D",
    "MagneticFieldStrength": 3,
    "Manufacturer": "Siemens",
    "ManufacturersModelName": "Prisma",
    "Modality": "MR",
    "MultibandAccelerationFactor": 4,
    "PartialFourier": 1,
    "PatientPosition": "HFS",
    "PercentPhaseFOV": 100,
    "PhaseEncodingDirection": "j-",
    "PhaseEncodingSteps": 78,
    "PhaseResolution": 1,
    "PixelBandwidth": 2135,
    "ProcedureStepDescription": "NormaL_Antony_ss",
    "ProtocolName": "func_task-view_run-3",
    "PulseSequenceDetails": "%CustomerSeq%_cmrr_mbep2d_bold",
    "ReceiveCoilActiveElements": "HC1-7",
    "ReceiveCoilName": "HeadNeck_64",
    "ReconMatrixPE": 78,
    "RepetitionTime": 1,
    "SAR": 0.0510327,
    "ScanOptions": "FS_EXT",
    "ScanningSequence": "EP",
    "SequenceName": "epfid2d1_78",
    "SequenceVariant": "SK_SS",
    "SeriesDescription": "func_task-view_run-3",
    "SeriesNumber": 8,
    "ShimSetting": [
      790,
      545,
      2029,
      675,
      -93,
      221,
      53,
      59
    ],
    "SliceThickness": 2.5,
    "SliceTiming": [
      0,
      0.2075,
      0.4175,
      0.6275,
      0.8375,
      0.0675,
      0.2775,
      0.4875,
      0.6975,
      0.9075,
      0.1375,
      0.3475,
      0.5575,
      0.7675,
      0,
      0.2075,
      0.4175,
      0.6275,
      0.8375,
      0.0675,
      0.2775,
      0.4875,
      0.6975,
      0.9075,
      0.1375,
      0.3475,
      0.5575,
      0.7675,
      0,
      0.2075,
      0.4175,
      0.6275,
      0.8375,
      0.0675,
      0.2775,
      0.4875,
      0.6975,
      0.9075,
      0.1375,
      0.3475,
      0.5575,
      0.7675,
      0,
      0.2075,
      0.4175,
      0.6275,
      0.8375,
      0.0675,
      0.2775,
      0.4875,
      0.6975,
      0.9075,
      0.1375,
      0.3475,
      0.5575,
      0.7675
    ],
    "SoftwareVersions": "syngo_MR_E11",
    "SpacingBetweenSlices": 2.5,
    "StationName": "AWP66018",
    "TotalReadoutTime": 0.0438902,
    "TxRefAmp": 217.303,
    "dataset": "ds003338",
    "modality": "bold",
    "run_id": 3,
    "session_id": "01",
    "subject_id": "16",
    "task_id": "view"
  },
  "dummy_trs": 0,
  "dvars_nstd": 25.366142427225977,
  "dvars_std": 1.1765123708684664,
  "dvars_vstd": 1.007011074123103,
  "efc": 0.5447494657809929,
  "fber": 3121.651611328125,
  "fd_mean": 0.1118048717487113,
  "fd_num": 209,
  "fd_perc": 17.607413647851725,
  "fwhm_avg": 1.858956,
  "fwhm_x": 1.7527560000000002,
  "fwhm_y": 1.9499,
  "fwhm_z": 1.874212,
  "gcor": 0.0454042,
  "gsr_x": 0.001712807803414762,
  "gsr_y": 0.05327988415956497,
  "provenance": {
    "md5sum": "cc0b7e626e3b0acc231f1aed96dbe116",
    "settings": {
      "fd_thres": 0.2,
      "testing": false
    },
    "software": "mriqc",
    "version": "23.1.0"
  },
  "size_t": 1187,
  "size_x": 78,
  "size_y": 78,
  "size_z": 56,
  "snr": 5.371551662460255,
  "spacing_tr": 1.0,
  "spacing_x": 2.5,
  "spacing_y": 2.5,
  "spacing_z": 2.5,
  "summary_bg_k": 17.22958027719,
  "summary_bg_mad": 160.23506373544313,
  "summary_bg_mean": 682.1687400278961,
  "summary_bg_median": 200.60797882080078,
  "summary_bg_n": 251228.0,
  "summary_bg_p05": 58.57003402709961,
  "summary_bg_p95": 3177.462646484375,
  "summary_bg_stdv": 1210.488962234922,
  "summary_fg_k": 1.5996669639855918,
  "summary_fg_mad": 1900.8994675731074,
  "summary_fg_mean": 11196.583980225798,
  "summary_fg_median": 11208.3173828125,
  "summary_fg_n": 89476.0,
  "summary_fg_p05": 7756.80615234375,
  "summary_fg_p95": 14418.0791015625,
  "summary_fg_stdv": 2086.5953552814294,
  "tsnr": 49.11816596984863
}