{
  "aor": 0.0016292481203007518,
  "aqi": 0.019204848120300752,
  "bids_meta": {
    "AcquisitionMatrixPE": 78,
    "AcquisitionNumber": 1,
    "AcquisitionTime": "16:42:2.797500",
    "BandwidthPerPixelPhaseEncode": 22.492,
    "BaseResolution": 78,
    "BodyPartExamined": "BRAIN",
    "ConsistencyInfo": "N4_VE11C_LATEST_20160120",
    "ConversionSoftware": "dcm2niix",
    "ConversionSoftwareVersion": "v1.0.20180328 GCC6.3.0",
    "DerivedVendorReportedEchoSpacing": 0.000570003,
    "DeviceSerialNumber": "66018",
    "DwellTime": 3e-06,
    "EchoTime": 0.03,
    "EchoTrainLength": 78,
    "EffectiveEchoSpacing": 0.000570003,
    "FlipAngle": 59,
    "ImageComments": "Unaliased_MB4_PE3_LB",
    "ImageOrientationPatientDICOM": [
      1,
      0,
      0,
      0,
      0.984808,
      -0.173648
    ],
    "ImageType": [
      "ORIGINAL",
      "PRIMARY",
      "M",
      "MB",
      "ND",
      "NORM",
      "MOSAIC"
    ],
    "InPlanePhaseEncodingDirectionDICOM": "COL",
    "InstitutionAddress": "Stadium_1952_Princeton_NJ_US_08544",
    "InstitutionName": "Princeton_University",
    "InstitutionalDepartmentName": "NeuroScience",
    "MRAcquisitionType": "2D",
    "MagneticFieldStrength": 3,
    "Manufacturer": "Siemens",
    "ManufacturersModelName": "Prisma",
    "Modality": "MR",
    "MultibandAccelerationFactor": 4,
    "PartialFourier": 1,
    "PatientPosition": "HFS",
    "PercentPhaseFOV": 100,
    "PhaseEncodingDirection": "j-",
    "PhaseEncodingSteps": 78,
    "PhaseResolution": 1,
    "PixelBandwidth": 2135,
    "ProcedureStepDescription": "NormaL_Antony_ss",
    "ProtocolName": "func_task-recall_run-3",
    "PulseSequenceDetails": "%CustomerSeq%_cmrr_mbep2d_bold",
    "ReceiveCoilActiveElements": "HC1-7",
    "ReceiveCoilName": "HeadNeck_64",
    "ReconMatrixPE": 78,
    "RepetitionTime": 1,
    "SAR": 0.068497,
    "ScanOptions": "FS_EXT",
    "ScanningSequence": "EP",
    "SequenceName": "epfid2d1_78",
    "SequenceVariant": "SK_SS",
    "SeriesDescription": "func_task-recall_run-3",
    "SeriesNumber": 9,
    "ShimSetting": [
      753,
      542,
      2010,
      694,
      -137,
      59,
      24,
      31
    ],
    "SliceThickness": 2.5,
    "SliceTiming": [
      0,
      0.21,
      0.42,
      0.6275,
      0.8375,
      0.07,
      0.28,
      0.49,
      0.6975,
      0.9075,
      0.14,
      0.35,
      0.5575,
      0.7675,
      0,
      0.21,
      0.42,
      0.6275,
      0.8375,
      0.07,
      0.28,
      0.49,
      0.6975,
      0.9075,
      0.14,
      0.35,
      0.5575,
      0.7675,
      0,
      0.21,
      0.42,
      0.6275,
      0.8375,
      0.07,
      0.28,
      0.49,
      0.6975,
      0.9075,
      0.14,
      0.35,
      0.5575,
      0.7675,
      0,
      0.21,
      0.42,
      0.6275,
      0.8375,
      0.07,
      0.28,
      0.49,
      0.6975,
      0.9075,
      0.14,
      0.35,
      0.5575,
      0.7675
    ],
    "SoftwareVersions": "syngo_MR_E11",
    "SpacingBetweenSlices": 2.5,
    "StationName": "AWP66018",
    "TotalReadoutTime": 0.0438902,
    "TxRefAmp": 239.115,
    "dataset": "ds003338",
    "modality": "bold",
    "run_id": 3,
    "session_id": "01",
    "subject_id": "19",
    "task_id": "recall"
  },
  "dummy_trs": 0,
  "dvars_nstd": 41.83848494766039,
  "dvars_std": 1.239336633962264,
  "dvars_vstd": 1.0145048685660383,
  "efc": 0.6172447659305874,
  "fber": 1025.1881103515625,
  "fd_mean": 0.3756867853132699,
  "fd_num": 215,
  "fd_perc": 80.82706766917293,
  "fwhm_avg": 1.7991759999999999,
  "fwhm_x": 1.70616,
  "fwhm_y": 1.9448519999999998,
  "fwhm_z": 1.7465160000000002,
  "gcor": 0.0189251,
  "gsr_x": 0.006649385672062635,
  "gsr_y": 0.05791197717189789,
  "provenance": {
    "md5sum": "e99f65247d3c292b3a4795a9fe067e6b",
    "settings": {
      "fd_thres": 0.2,
      "testing": false
    },
    "software": "mriqc",
    "version": "23.1.0"
  },
  "size_t": 266,
  "size_x": 78,
  "size_y": 78,
  "size_z": 56,
  "snr": 5.4786994509377696,
  "spacing_tr": 1.0,
  "spacing_x": 2.5,
  "spacing_y": 2.5,
  "spacing_z": 2.5,
  "summary_bg_k": 7.010230068351682,
  "summary_bg_mad": 353.0573446244898,
  "summary_bg_mean": 1059.6272933820828,
  "summary_bg_median": 329.5049133300781,
  "summary_bg_n": 237851.0,
  "summary_bg_p05": 64.2835464477539,
  "summary_bg_p95": 4507.13427734375,
  "summary_bg_stdv": 1530.3026492925742,
  "summary_fg_k": 1.5196389741792826,
  "summary_fg_mad": 1685.036783334506,
  "summary_fg_mean": 10454.995131175923,
  "summary_fg_median": 10550.2724609375,
  "summary_fg_n": 102853.0,
  "summary_fg_p05": 7000.60009765625,
  "summary_fg_p95": 13347.240234375,
  "summary_fg_stdv": 1925.6798565386782,
  "tsnr": 39.42912292480469
}