{
  "aor": 0.0019006666666666666,
  "aqi": 0.020032376124999998,
  "bids_meta": {
    "AcquisitionMatrixPE": 78,
    "AcquisitionNumber": 1,
    "AcquisitionTime": "13:24:12.467500",
    "BandwidthPerPixelPhaseEncode": 22.492,
    "BaseResolution": 78,
    "BodyPartExamined": "BRAIN",
    "ConsistencyInfo": "N4_VE11C_LATEST_20160120",
    "ConversionSoftware": "dcm2niix",
    "ConversionSoftwareVersion": "v1.0.20180328 GCC6.3.0",
    "DerivedVendorReportedEchoSpacing": 0.000570003,
    "DeviceSerialNumber": "66018",
    "DwellTime": 3e-06,
    "EchoTime": 0.03,
    "EchoTrainLength": 78,
    "EffectiveEchoSpacing": 0.000570003,
    "FlipAngle": 59,
    "ImageComments": "Unaliased_MB4_PE3_LB",
    "ImageOrientationPatientDICOM": [
      1,
      0,
      0,
      0,
      0.983571,
      -0.180519
    ],
    "ImageType": [
      "ORIGINAL",
      "PRIMARY",
      "M",
      "MB",
      "ND",
      "NORM",
      "MOSAIC"
    ],
    "InPlanePhaseEncodingDirectionDICOM": "COL",
    "InstitutionAddress": "Stadium_1952_Princeton_NJ_US_08544",
    "InstitutionName": "Princeton_University",
    "InstitutionalDepartmentName": "NeuroScience",
    "MRAcquisitionType": "2D",
    "MagneticFieldStrength": 3,
    "Manufacturer": "Siemens",
    "ManufacturersModelName": "Prisma",
    "Modality": "MR",
    "MultibandAccelerationFactor": 4,
    "PartialFourier": 1,
    "PatientPosition": "HFS",
    "PercentPhaseFOV": 100,
    "PhaseEncodingDirection": "j-",
    "PhaseEncodingSteps": 78,
    "PhaseResolution": 1,
    "PixelBandwidth": 2135,
    "ProcedureStepDescription": "NormaL_Antony_ss",
    "ProtocolName": "func_task-recall_run-2",
    "PulseSequenceDetails": "%CustomerSeq%_cmrr_mbep2d_bold",
    "ReceiveCoilActiveElements": "HC1-7",
    "ReceiveCoilName": "HeadNeck_64",
    "ReconMatrixPE": 78,
    "RepetitionTime": 1,
    "SAR": 0.0510327,
    "ScanOptions": "FS_EXT",
    "ScanningSequence": "EP",
    "SequenceName": "epfid2d1_78",
    "SequenceVariant": "SK_SS",
    "SeriesDescription": "func_task-recall_run-2",
    "SeriesNumber": 7,
    "ShimSetting": [
      790,
      545,
      2029,
      675,
      -93,
      221,
      53,
      59
    ],
    "SliceThickness": 2.5,
    "SliceTiming": [
      0,
      0.21,
      0.42,
      0.63,
      0.84,
      0.07,
      0.28,
      0.49,
      0.7,
      0.91,
      0.14,
      0.35,
      0.56,
      0.77,
      0,
      0.21,
      0.42,
      0.63,
      0.84,
      0.07,
      0.28,
      0.49,
      0.7,
      0.91,
      0.14,
      0.35,
      0.56,
      0.77,
      0,
      0.21,
      0.42,
      0.63,
      0.84,
      0.07,
      0.28,
      0.49,
      0.7,
      0.91,
      0.14,
      0.35,
      0.56,
      0.77,
      0,
      0.21,
      0.42,
      0.63,
      0.84,
      0.07,
      0.28,
      0.49,
      0.7,
      0.91,
      0.14,
      0.35,
      0.56,
      0.77
    ],
    "SoftwareVersions": "syngo_MR_E11",
    "SpacingBetweenSlices": 2.5,
    "StationName": "AWP66018",
    "TotalReadoutTime": 0.0438902,
    "TxRefAmp": 217.303,
    "dataset": "ds003338",
    "modality": "bold",
    "run_id": 2,
    "session_id": "01",
    "subject_id": "16",
    "task_id": "recall"
  },
  "dummy_trs": 0,
  "dvars_nstd": 32.55611668698744,
  "dvars_std": 1.1729585459832637,
  "dvars_vstd": 0.9996655523012554,
  "efc": 0.5429492096989913,
  "fber": 3232.831298828125,
  "fd_mean": 0.2715110822803802,
  "fd_num": 137,
  "fd_perc": 57.083333333333336,
  "fwhm_avg": 1.8459146666666666,
  "fwhm_x": 1.736648,
  "fwhm_y": 1.9488600000000003,
  "fwhm_z": 1.852236,
  "gcor": 0.024425,
  "gsr_x": 0.0022404599003493786,
  "gsr_y": 0.05462396889925003,
  "provenance": {
    "md5sum": "8c816a4e91045e5d7362a4b519c957ea",
    "settings": {
      "fd_thres": 0.2,
      "testing": false
    },
    "software": "mriqc",
    "version": "23.1.0"
  },
  "size_t": 240,
  "size_x": 78,
  "size_y": 78,
  "size_z": 56,
  "snr": 5.356358121002981,
  "spacing_tr": 1.0,
  "spacing_x": 2.5,
  "spacing_y": 2.5,
  "spacing_z": 2.5,
  "summary_bg_k": 18.493838835146573,
  "summary_bg_mad": 154.68439409160382,
  "summary_bg_mean": 677.1915298949558,
  "summary_bg_median": 196.2301483154297,
  "summary_bg_n": 251811.0,
  "summary_bg_p05": 59.63447952270508,
  "summary_bg_p95": 3177.822998046875,
  "summary_bg_stdv": 1219.478084498491,
  "summary_fg_k": 1.9416001564459835,
  "summary_fg_mad": 1866.4369291883618,
  "summary_fg_mean": 11133.623871019547,
  "summary_fg_median": 11157.251953125,
  "summary_fg_n": 88893.0,
  "summary_fg_p05": 7664.78076171875,
  "summary_fg_p95": 14322.705078125,
  "summary_fg_stdv": 2082.9804401165716,
  "tsnr": 41.03535079956055
}