{
  "aor": 0.0013113596491228072,
  "aqi": 0.012152160307017542,
  "bids_meta": {
    "AcquisitionMatrixPE": 78,
    "AcquisitionNumber": 1,
    "AcquisitionTime": "12:56:10.212500",
    "BandwidthPerPixelPhaseEncode": 22.492,
    "BaseResolution": 78,
    "BodyPartExamined": "BRAIN",
    "ConsistencyInfo": "N4_VE11C_LATEST_20160120",
    "ConversionSoftware": "dcm2niix",
    "ConversionSoftwareVersion": "v1.0.20180328 GCC6.3.0",
    "DerivedVendorReportedEchoSpacing": 0.000570003,
    "DeviceSerialNumber": "66018",
    "DwellTime": 3e-06,
    "EchoTime": 0.03,
    "EchoTrainLength": 78,
    "EffectiveEchoSpacing": 0.000570003,
    "FlipAngle": 59,
    "ImageComments": "Unaliased_MB4_PE3_LB",
    "ImageOrientationPatientDICOM": [
      1,
      0,
      0,
      0,
      0.983571,
      -0.180519
    ],
    "ImageType": [
      "ORIGINAL",
      "PRIMARY",
      "M",
      "MB",
      "ND",
      "NORM",
      "MOSAIC"
    ],
    "InPlanePhaseEncodingDirectionDICOM": "COL",
    "InstitutionAddress": "Stadium_1952_Princeton_NJ_US_08544",
    "InstitutionName": "Princeton_University",
    "InstitutionalDepartmentName": "NeuroScience",
    "MRAcquisitionType": "2D",
    "MagneticFieldStrength": 3,
    "Manufacturer": "Siemens",
    "ManufacturersModelName": "Prisma",
    "Modality": "MR",
    "MultibandAccelerationFactor": 4,
    "PartialFourier": 1,
    "PatientPosition": "HFS",
    "PercentPhaseFOV": 100,
    "PhaseEncodingDirection": "j-",
    "PhaseEncodingSteps": 78,
    "PhaseResolution": 1,
    "PixelBandwidth": 2135,
    "ProcedureStepDescription": "NormaL_Antony_ss",
    "ProtocolName": "func_task-recall_run-1",
    "PulseSequenceDetails": "%CustomerSeq%_cmrr_mbep2d_bold",
    "ReceiveCoilActiveElements": "HC1-7",
    "ReceiveCoilName": "HeadNeck_64",
    "ReconMatrixPE": 78,
    "RepetitionTime": 1,
    "SAR": 0.0510327,
    "ScanOptions": "FS_EXT",
    "ScanningSequence": "EP",
    "SequenceName": "epfid2d1_78",
    "SequenceVariant": "SK_SS",
    "SeriesDescription": "func_task-recall_run-1",
    "SeriesNumber": 5,
    "ShimSetting": [
      790,
      545,
      2029,
      675,
      -93,
      221,
      53,
      59
    ],
    "SliceThickness": 2.5,
    "SliceTiming": [
      0,
      0.21,
      0.42,
      0.63,
      0.84,
      0.07,
      0.28,
      0.49,
      0.7,
      0.91,
      0.14,
      0.35,
      0.56,
      0.77,
      0,
      0.21,
      0.42,
      0.63,
      0.84,
      0.07,
      0.28,
      0.49,
      0.7,
      0.91,
      0.14,
      0.35,
      0.56,
      0.77,
      0,
      0.21,
      0.42,
      0.63,
      0.84,
      0.07,
      0.28,
      0.49,
      0.7,
      0.91,
      0.14,
      0.35,
      0.56,
      0.77,
      0,
      0.21,
      0.42,
      0.63,
      0.84,
      0.07,
      0.28,
      0.49,
      0.7,
      0.91,
      0.14,
      0.35,
      0.56,
      0.77
    ],
    "SoftwareVersions": "syngo_MR_E11",
    "SpacingBetweenSlices": 2.5,
    "StationName": "AWP66018",
    "TotalReadoutTime": 0.0438902,
    "TxRefAmp": 217.303,
    "dataset": "ds003338",
    "modality": "bold",
    "run_id": 1,
    "session_id": "01",
    "subject_id": "16",
    "task_id": "recall"
  },
  "dummy_trs": 2,
  "dvars_nstd": 34.98310837788545,
  "dvars_std": 1.3184805898678413,
  "dvars_vstd": 1.007816688854625,
  "efc": 0.5510348479970006,
  "fber": 2832.88671875,
  "fd_mean": 0.16811932928004075,
  "fd_num": 67,
  "fd_perc": 29.385964912280702,
  "fwhm_avg": 1.8714133333333332,
  "fwhm_x": 1.7639399999999998,
  "fwhm_y": 1.956832,
  "fwhm_z": 1.893468,
  "gcor": 0.0201914,
  "gsr_x": -0.0023442551027983427,
  "gsr_y": 0.05298041179776192,
  "provenance": {
    "md5sum": "4cccd90d226c399654d76bd444ac9412",
    "settings": {
      "fd_thres": 0.2,
      "testing": false
    },
    "software": "mriqc",
    "version": "23.1.0"
  },
  "size_t": 228,
  "size_x": 78,
  "size_y": 78,
  "size_z": 56,
  "snr": 5.3292739828396325,
  "spacing_tr": 1.0,
  "spacing_x": 2.5,
  "spacing_y": 2.5,
  "spacing_z": 2.5,
  "summary_bg_k": 16.901507272444395,
  "summary_bg_mad": 169.55040758024512,
  "summary_bg_mean": 719.8770357423607,
  "summary_bg_median": 211.83447265625,
  "summary_bg_n": 250010.0,
  "summary_bg_p05": 68.86963653564453,
  "summary_bg_p95": 3315.093505859375,
  "summary_bg_stdv": 1260.8633992656592,
  "summary_fg_k": 1.9050596136451805,
  "summary_fg_mad": 1934.192864071678,
  "summary_fg_mean": 11260.784873374723,
  "summary_fg_median": 11274.86181640625,
  "summary_fg_n": 90694.0,
  "summary_fg_p05": 7785.0380859375,
  "summary_fg_p95": 14537.0703125,
  "summary_fg_stdv": 2115.6352054205236,
  "tsnr": 52.08825874328613
}