{
  "bids_meta": {
    "AcquisitionMatrixPE": 256,
    "AcquisitionNumber": 1,
    "AcquisitionTime": "19:13:22.695000",
    "BaseResolution": 256,
    "BodyPartExamined": "BRAIN",
    "ConsistencyInfo": "N4_VE11C_LATEST_20160120",
    "ConversionSoftware": "dcm2niix",
    "ConversionSoftwareVersion": "v1.0.20180328 GCC6.3.0",
    "DeviceSerialNumber": "66018",
    "DwellTime": 9.8e-06,
    "EchoTime": 0.0033,
    "FlipAngle": 7,
    "ImageOrientationPatientDICOM": [
      0,
      1,
      0,
      0,
      0,
      -1
    ],
    "ImageType": [
      "ORIGINAL",
      "PRIMARY",
      "M",
      "ND",
      "NORM"
    ],
    "InPlanePhaseEncodingDirectionDICOM": "ROW",
    "InstitutionAddress": "Stadium_1952_Princeton_NJ_US_08544",
    "InstitutionName": "Princeton_University",
    "InstitutionalDepartmentName": "NeuroScience",
    "InversionTime": 1.1,
    "MRAcquisitionType": "3D",
    "MagneticFieldStrength": 3,
    "Manufacturer": "Siemens",
    "ManufacturersModelName": "Prisma",
    "Modality": "MR",
    "ParallelReductionFactorInPlane": 2,
    "PartialFourier": 1,
    "PatientPosition": "HFS",
    "PercentPhaseFOV": 100,
    "PhaseEncodingSteps": 255,
    "PhaseResolution": 1,
    "PixelBandwidth": 200,
    "ProcedureStepDescription": "Norman_Antony_ss",
    "ProtocolName": "anat_T1w",
    "PulseSequenceDetails": "%SiemensSeq%_tfl",
    "ReceiveCoilActiveElements": "HC1-7;NC1",
    "ReceiveCoilName": "HeadNeck_64",
    "ReconMatrixPE": 256,
    "RepetitionTime": 2.53,
    "SAR": 0.044842,
    "ScanOptions": "IR",
    "ScanningSequence": "GR_IR",
    "SequenceName": "_tfl3d1_16ns",
    "SequenceVariant": "SK_SP_MP",
    "SeriesDescription": "anat_T1w",
    "SeriesNumber": 9,
    "ShimSetting": [
      747,
      494,
      2045,
      152,
      -43,
      -283,
      395,
      18
    ],
    "SliceThickness": 1,
    "SoftwareVersions": "syngo_MR_E11",
    "StationName": "AWP66018",
    "TxRefAmp": 270.51,
    "dataset": "ds003338",
    "modality": "T1w",
    "session_id": "01",
    "subject_id": "09"
  },
  "cjv": 0.517270332538176,
  "cnr": 1.9404150527558492,
  "efc": 0.5598413521070604,
  "fber": 18166.0561401031,
  "fwhm_avg": 3.7233666666666667,
  "fwhm_x": 3.73004,
  "fwhm_y": 3.96207,
  "fwhm_z": 3.47799,
  "icvs_csf": 0.2621687655463086,
  "icvs_gm": 0.38938720579387065,
  "icvs_wm": 0.3484440286598209,
  "inu_med": 0.5894342660903931,
  "inu_range": 0.2573773443698882,
  "provenance": {
    "md5sum": "4a8635414ea035a6c7c3bbfbfe2f8003",
    "settings": {
      "testing": false
    },
    "software": "mriqc",
    "version": "23.1.0",
    "warnings": {
      "large_rot_frame": true,
      "small_air_mask": false
    }
  },
  "qi_1": 0.0,
  "qi_2": 0.0007019289681179324,
  "rpve_csf": 7.236751349981865,
  "rpve_gm": 7.162348196967745,
  "rpve_wm": 7.2674559782607115,
  "size_x": 176,
  "size_y": 256,
  "size_z": 256,
  "snr_csf": 2.0203494678554597,
  "snr_gm": 5.689439162949201,
  "snr_total": 6.005158759736001,
  "snr_wm": 10.305687648403342,
  "snrd_csf": 33.11676846544509,
  "snrd_gm": 52.54204517153531,
  "snrd_total": 53.70107323391409,
  "snrd_wm": 75.44440606476188,
  "spacing_x": 1.0,
  "spacing_y": 1.0,
  "spacing_z": 1.0,
  "summary_bg_k": 5393.346054455453,
  "summary_bg_mad": 0.0,
  "summary_bg_mean": 2.7424952830064973,
  "summary_bg_median": 0.0,
  "summary_bg_n": 3837075.0,
  "summary_bg_p05": 0.0,
  "summary_bg_p95": 12.621453024446964,
  "summary_bg_stdv": 8.387130258432624,
  "summary_csf_k": -0.8535985297486426,
  "summary_csf_mad": 153.91228420323972,
  "summary_csf_mean": 419.6487528931216,
  "summary_csf_median": 423.96461386978626,
  "summary_csf_n": 411227.1769592414,
  "summary_csf_p05": 85.28357772529125,
  "summary_csf_p95": 739.049020446837,
  "summary_csf_stdv": 209.84691268901764,
  "summary_gm_k": -0.5401409877646843,
  "summary_gm_mad": 85.23562753916977,
  "summary_gm_mean": 677.4254503124911,
  "summary_gm_median": 672.6492023617029,
  "summary_gm_n": 610776.806493283,
  "summary_gm_p05": 488.39535616338253,
  "summary_gm_p95": 894.8642474263906,
  "summary_gm_stdv": 118.22758490701976,
  "summary_wm_k": -0.2700153740696747,
  "summary_wm_mad": 66.4273166897067,
  "summary_wm_mean": 943.4182042444712,
  "summary_wm_median": 965.8478157147765,
  "summary_wm_n": 546555.017473174,
  "summary_wm_p05": 751.5736336782575,
  "summary_wm_p95": 1060.363453708589,
  "summary_wm_stdv": 93.71979484417615,
  "tpm_overlap_csf": 0.22169709437070037,
  "tpm_overlap_gm": 0.5242678024387225,
  "tpm_overlap_wm": 0.5449726881016042,
  "wm2max": 0.6191234894884953
}