{
  "bids_meta": {
    "AcquisitionMatrixPE": 256,
    "AcquisitionNumber": 1,
    "AcquisitionTime": "12:13:20.830000",
    "BaseResolution": 256,
    "BodyPartExamined": "BRAIN",
    "ConsistencyInfo": "N4_VE11C_LATEST_20160120",
    "ConversionSoftware": "dcm2niix",
    "ConversionSoftwareVersion": "v1.0.20180328 GCC6.3.0",
    "DeviceSerialNumber": "66018",
    "DwellTime": 9.8e-06,
    "EchoTime": 0.0033,
    "FlipAngle": 7,
    "ImageOrientationPatientDICOM": [
      0,
      1,
      0,
      0,
      0,
      -1
    ],
    "ImageType": [
      "ORIGINAL",
      "PRIMARY",
      "M",
      "ND",
      "NORM"
    ],
    "InPlanePhaseEncodingDirectionDICOM": "ROW",
    "InstitutionAddress": "Stadium_1952_Princeton_NJ_US_08544",
    "InstitutionName": "Princeton_University",
    "InstitutionalDepartmentName": "NeuroScience",
    "InversionTime": 1.1,
    "MRAcquisitionType": "3D",
    "MagneticFieldStrength": 3,
    "Manufacturer": "Siemens",
    "ManufacturersModelName": "Prisma",
    "Modality": "MR",
    "ParallelReductionFactorInPlane": 2,
    "PartialFourier": 1,
    "PatientPosition": "HFS",
    "PercentPhaseFOV": 100,
    "PhaseEncodingSteps": 255,
    "PhaseResolution": 1,
    "PixelBandwidth": 200,
    "ProcedureStepDescription": "Norman_Antony_ss",
    "ProtocolName": "anat-T1w",
    "PulseSequenceDetails": "%SiemensSeq%_tfl",
    "ReceiveCoilActiveElements": "HC1-7;NC1",
    "ReceiveCoilName": "HeadNeck_64",
    "ReconMatrixPE": 256,
    "RepetitionTime": 2.53,
    "SAR": 0.0458484,
    "ScanOptions": "IR",
    "ScanningSequence": "GR_IR",
    "SequenceName": "_tfl3d1_16ns",
    "SequenceVariant": "SK_SP_MP",
    "SeriesDescription": "anat-T1w",
    "SeriesNumber": 10,
    "ShimSetting": [
      771,
      547,
      2002,
      492,
      -112,
      -329,
      207,
      -3
    ],
    "SliceThickness": 1,
    "SoftwareVersions": "syngo_MR_E11",
    "StationName": "AWP66018",
    "TxRefAmp": 264.876,
    "dataset": "ds003338",
    "modality": "T1w",
    "session_id": "01",
    "subject_id": "03"
  },
  "cjv": 0.5403154794877482,
  "cnr": 1.7409639622789022,
  "efc": 0.5501428954414166,
  "fber": -1.0,
  "fwhm_avg": 3.831286666666667,
  "fwhm_x": 3.85559,
  "fwhm_y": 4.07317,
  "fwhm_z": 3.5651,
  "icvs_csf": 0.2727484741292596,
  "icvs_gm": 0.38135445817951635,
  "icvs_wm": 0.345897067691224,
  "inu_med": 0.6042380332946777,
  "inu_range": 0.24675103276968002,
  "provenance": {
    "md5sum": "47555f10da3f3cb19340ddf5f432ecda",
    "settings": {
      "testing": false
    },
    "software": "mriqc",
    "version": "23.1.0",
    "warnings": {
      "large_rot_frame": true,
      "small_air_mask": false
    }
  },
  "qi_1": 0.0,
  "qi_2": 0.0027455902235669957,
  "rpve_csf": 7.0400752846156385,
  "rpve_gm": 6.945328953671513,
  "rpve_wm": 7.040842073368492,
  "size_x": 176,
  "size_y": 256,
  "size_z": 256,
  "snr_csf": 1.7337672982767316,
  "snr_gm": 4.7492632948506595,
  "snr_total": 5.177537758699461,
  "snr_wm": 9.049582682970989,
  "snrd_csf": 16.016841667652287,
  "snrd_gm": 31.87956026326412,
  "snrd_total": 31.51861111466363,
  "snrd_wm": 46.65943141307449,
  "spacing_x": 1.0,
  "spacing_y": 1.0,
  "spacing_z": 1.0,
  "summary_bg_k": 3878.235088426916,
  "summary_bg_mad": 0.0,
  "summary_bg_mean": 2.5449341774889023,
  "summary_bg_median": 0.0,
  "summary_bg_n": 4984145.0,
  "summary_bg_p05": 0.0,
  "summary_bg_p95": 11.149275198578835,
  "summary_bg_stdv": 13.441427363985245,
  "summary_csf_k": -0.8331237486532026,
  "summary_csf_mad": 159.19666070361166,
  "summary_csf_mean": 352.8225920960579,
  "summary_csf_median": 328.6173900216818,
  "summary_csf_n": 440539.5171698958,
  "summary_csf_p05": 85.84124107658863,
  "summary_csf_p95": 674.9264172166586,
  "summary_csf_stdv": 189.53928671775813,
  "summary_gm_k": -0.418684866893567,
  "summary_gm_mad": 89.35867398214913,
  "summary_gm_mean": 659.6556483651768,
  "summary_gm_median": 654.0726384222507,
  "summary_gm_n": 615958.3822176502,
  "summary_gm_p05": 433.2134020924568,
  "summary_gm_p95": 920.2649912685156,
  "summary_gm_stdv": 137.7207509619902,
  "summary_wm_k": -0.47024081975750853,
  "summary_wm_mad": 74.4857694025784,
  "summary_wm_mean": 927.1178496608005,
  "summary_wm_median": 957.311115950346,
  "summary_wm_n": 558688.1014738831,
  "summary_wm_p05": 711.8362426906824,
  "summary_wm_p95": 1054.356151908636,
  "summary_wm_stdv": 105.78501713700273,
  "tpm_overlap_csf": 0.2107503133469308,
  "tpm_overlap_gm": 0.5305510481388769,
  "tpm_overlap_wm": 0.5595540753510188,
  "wm2max": 0.6847772151193855
}