{
  "aor": 0.0005624761904761905,
  "aqi": 0.0109700035,
  "bids_meta": {
    "AcquisitionMatrixPE": 78,
    "AcquisitionNumber": 1,
    "AcquisitionTime": "14:27:24.650000",
    "BandwidthPerPixelPhaseEncode": 22.492,
    "BaseResolution": 78,
    "BodyPartExamined": "BRAIN",
    "ConsistencyInfo": "N4_VE11C_LATEST_20160120",
    "ConversionSoftware": "dcm2niix",
    "ConversionSoftwareVersion": "v1.0.20180328 GCC6.3.0",
    "DerivedVendorReportedEchoSpacing": 0.000570003,
    "DeviceSerialNumber": "66018",
    "DwellTime": 3e-06,
    "EchoTime": 0.03,
    "EchoTrainLength": 78,
    "EffectiveEchoSpacing": 0.000570003,
    "FlipAngle": 59,
    "ImageComments": "Unaliased_MB4_PE3_LB",
    "ImageOrientationPatientDICOM": [
      1,
      0,
      0,
      0,
      0.939693,
      -0.34202
    ],
    "ImageType": [
      "ORIGINAL",
      "PRIMARY",
      "M",
      "MB",
      "ND",
      "NORM",
      "MOSAIC"
    ],
    "InPlanePhaseEncodingDirectionDICOM": "COL",
    "InstitutionAddress": "Stadium_1952_Princeton_NJ_US_08544",
    "InstitutionName": "Princeton_University",
    "InstitutionalDepartmentName": "NeuroScience",
    "MRAcquisitionType": "2D",
    "MagneticFieldStrength": 3,
    "Manufacturer": "Siemens",
    "ManufacturersModelName": "Prisma",
    "Modality": "MR",
    "MultibandAccelerationFactor": 4,
    "PartialFourier": 1,
    "PatientPosition": "HFS",
    "PercentPhaseFOV": 100,
    "PhaseEncodingDirection": "j-",
    "PhaseEncodingSteps": 78,
    "PhaseResolution": 1,
    "PixelBandwidth": 2135,
    "ProcedureStepDescription": "Norman_Antony_ss",
    "ProtocolName": "func_task-view_run-1",
    "PulseSequenceDetails": "%CustomerSeq%_cmrr_mbep2d_bold",
    "ReceiveCoilActiveElements": "HC1-7",
    "ReceiveCoilName": "HeadNeck_64",
    "ReconMatrixPE": 78,
    "RepetitionTime": 1,
    "SAR": 0.0670029,
    "ScanOptions": "FS_EXT",
    "ScanningSequence": "EP",
    "SequenceName": "epfid2d1_78",
    "SequenceVariant": "SK_SS",
    "SeriesDescription": "func_task-view_run-1",
    "SeriesNumber": 2,
    "ShimSetting": [
      760,
      529,
      2030,
      758,
      -34,
      6,
      190,
      -1
    ],
    "SliceThickness": 2.5,
    "SliceTiming": [
      0,
      0.21,
      0.42,
      0.63,
      0.84,
      0.07,
      0.28,
      0.49,
      0.7,
      0.91,
      0.14,
      0.35,
      0.56,
      0.77,
      0,
      0.21,
      0.42,
      0.63,
      0.84,
      0.07,
      0.28,
      0.49,
      0.7,
      0.91,
      0.14,
      0.35,
      0.56,
      0.77,
      0,
      0.21,
      0.42,
      0.63,
      0.84,
      0.07,
      0.28,
      0.49,
      0.7,
      0.91,
      0.14,
      0.35,
      0.56,
      0.77,
      0,
      0.21,
      0.42,
      0.63,
      0.84,
      0.07,
      0.28,
      0.49,
      0.7,
      0.91,
      0.14,
      0.35,
      0.56,
      0.77
    ],
    "SoftwareVersions": "syngo_MR_E11",
    "SpacingBetweenSlices": 2.5,
    "StationName": "AWP66018",
    "TotalReadoutTime": 0.0438902,
    "TxRefAmp": 256.443,
    "dataset": "ds003338",
    "modality": "bold",
    "run_id": 0,
    "session_id": "01",
    "subject_id": "05",
    "task_id": "view"
  },
  "dummy_trs": 0,
  "dvars_nstd": 32.49732362124106,
  "dvars_std": 1.2369693727923625,
  "dvars_vstd": 1.0013216323150351,
  "efc": 0.5339316436186868,
  "fber": 1529.105224609375,
  "fd_mean": 0.1411448592601629,
  "fd_num": 69,
  "fd_perc": 16.428571428571427,
  "fwhm_avg": 1.8088253333333337,
  "fwhm_x": 1.730752,
  "fwhm_y": 1.9054480000000003,
  "fwhm_z": 1.790276,
  "gcor": 0.0272979,
  "gsr_x": -0.010459818877279758,
  "gsr_y": 0.024531304836273193,
  "provenance": {
    "md5sum": "a1664b72efcf20d8917d9d880c27f204",
    "settings": {
      "fd_thres": 0.2,
      "testing": false
    },
    "software": "mriqc",
    "version": "23.1.0"
  },
  "size_t": 420,
  "size_x": 78,
  "size_y": 78,
  "size_z": 56,
  "snr": 5.5800622151352055,
  "spacing_tr": 1.0,
  "spacing_x": 2.5,
  "spacing_y": 2.5,
  "spacing_z": 2.5,
  "summary_bg_k": 12.075456259835706,
  "summary_bg_mad": 199.06406314998554,
  "summary_bg_mean": 675.0803601712819,
  "summary_bg_median": 237.5214385986328,
  "summary_bg_n": 265338.0,
  "summary_bg_p05": 85.39286041259766,
  "summary_bg_p95": 3162.433349609375,
  "summary_bg_stdv": 1071.3692773066389,
  "summary_fg_k": 1.3391675220458579,
  "summary_fg_mad": 1487.1368963848595,
  "summary_fg_mean": 9238.994339233428,
  "summary_fg_median": 9287.98486328125,
  "summary_fg_n": 75366.0,
  "summary_fg_p05": 6265.345703125,
  "summary_fg_p95": 11819.5048828125,
  "summary_fg_stdv": 1664.4838150168182,
  "tsnr": 53.08491932437755
}