{
  "aor": 0.00048195535026943797,
  "aqi": 0.013487061277906082,
  "bids_meta": {
    "AcquisitionMatrixPE": 78,
    "AcquisitionNumber": 1,
    "AcquisitionTime": "15:26:43.452500",
    "BandwidthPerPixelPhaseEncode": 22.492,
    "BaseResolution": 78,
    "BodyPartExamined": "BRAIN",
    "ConsistencyInfo": "N4_VE11C_LATEST_20160120",
    "ConversionSoftware": "dcm2niix",
    "ConversionSoftwareVersion": "v1.0.20180328 GCC6.3.0",
    "DerivedVendorReportedEchoSpacing": 0.000570003,
    "DeviceSerialNumber": "66018",
    "DwellTime": 3e-06,
    "EchoTime": 0.03,
    "EchoTrainLength": 78,
    "EffectiveEchoSpacing": 0.000570003,
    "FlipAngle": 59,
    "ImageComments": "Unaliased_MB4_PE3_LB",
    "ImageOrientationPatientDICOM": [
      1,
      0,
      0,
      0,
      0.939693,
      -0.34202
    ],
    "ImageType": [
      "ORIGINAL",
      "PRIMARY",
      "M",
      "MB",
      "ND",
      "NORM",
      "MOSAIC"
    ],
    "InPlanePhaseEncodingDirectionDICOM": "COL",
    "InstitutionAddress": "Stadium_1952_Princeton_NJ_US_08544",
    "InstitutionName": "Princeton_University",
    "InstitutionalDepartmentName": "NeuroScience",
    "MRAcquisitionType": "2D",
    "MagneticFieldStrength": 3,
    "Manufacturer": "Siemens",
    "ManufacturersModelName": "Prisma",
    "Modality": "MR",
    "MultibandAccelerationFactor": 4,
    "PartialFourier": 1,
    "PatientPosition": "HFS",
    "PercentPhaseFOV": 100,
    "PhaseEncodingDirection": "j-",
    "PhaseEncodingSteps": 78,
    "PhaseResolution": 1,
    "PixelBandwidth": 2135,
    "ProcedureStepDescription": "Norman_Antony_ss",
    "ProtocolName": "func_task-view_run-3",
    "PulseSequenceDetails": "%CustomerSeq%_cmrr_mbep2d_bold",
    "ReceiveCoilActiveElements": "HC1-7",
    "ReceiveCoilName": "HeadNeck_64",
    "ReconMatrixPE": 78,
    "RepetitionTime": 1,
    "SAR": 0.0670029,
    "ScanOptions": "FS_EXT",
    "ScanningSequence": "EP",
    "SequenceName": "epfid2d1_78",
    "SequenceVariant": "SK_SS",
    "SeriesDescription": "func_task-view_run-3",
    "SeriesNumber": 7,
    "ShimSetting": [
      760,
      529,
      2030,
      758,
      -34,
      6,
      190,
      -1
    ],
    "SliceThickness": 2.5,
    "SliceTiming": [
      0,
      0.21,
      0.42,
      0.63,
      0.84,
      0.07,
      0.28,
      0.49,
      0.7,
      0.91,
      0.14,
      0.35,
      0.56,
      0.77,
      0,
      0.21,
      0.42,
      0.63,
      0.84,
      0.07,
      0.28,
      0.49,
      0.7,
      0.91,
      0.14,
      0.35,
      0.56,
      0.77,
      0,
      0.21,
      0.42,
      0.63,
      0.84,
      0.07,
      0.28,
      0.49,
      0.7,
      0.91,
      0.14,
      0.35,
      0.56,
      0.77,
      0,
      0.21,
      0.42,
      0.63,
      0.84,
      0.07,
      0.28,
      0.49,
      0.7,
      0.91,
      0.14,
      0.35,
      0.56,
      0.77
    ],
    "SoftwareVersions": "syngo_MR_E11",
    "SpacingBetweenSlices": 2.5,
    "StationName": "AWP66018",
    "TotalReadoutTime": 0.0438902,
    "TxRefAmp": 256.443,
    "dataset": "ds003338",
    "modality": "bold",
    "run_id": 3,
    "session_id": "01",
    "subject_id": "05",
    "task_id": "view"
  },
  "dummy_trs": 0,
  "dvars_nstd": 32.611192621032394,
  "dvars_std": 1.211428134060091,
  "dvars_vstd": 0.9906296060862857,
  "efc": 0.5372659376077668,
  "fber": 1416.2677001953125,
  "fd_mean": 0.15503089378292914,
  "fd_num": 300,
  "fd_perc": 23.094688221709006,
  "fwhm_avg": 1.8464906666666667,
  "fwhm_x": 1.763272,
  "fwhm_y": 1.9533359999999997,
  "fwhm_z": 1.8228639999999998,
  "gcor": 0.0137565,
  "gsr_x": -0.010217064991593361,
  "gsr_y": 0.02761799283325672,
  "provenance": {
    "md5sum": "51526b619cf799b527654cc680ced64c",
    "settings": {
      "fd_thres": 0.2,
      "testing": false
    },
    "software": "mriqc",
    "version": "23.1.0"
  },
  "size_t": 1299,
  "size_x": 78,
  "size_y": 78,
  "size_z": 56,
  "snr": 5.536217385640456,
  "spacing_tr": 1.0,
  "spacing_x": 2.5,
  "spacing_y": 2.5,
  "spacing_z": 2.5,
  "summary_bg_k": 10.813811385487016,
  "summary_bg_mad": 212.5228589605664,
  "summary_bg_mean": 682.7804072300816,
  "summary_bg_median": 243.68936920166016,
  "summary_bg_n": 265138.0,
  "summary_bg_p05": 82.38798522949219,
  "summary_bg_p95": 3145.780517578125,
  "summary_bg_stdv": 1057.7581402687954,
  "summary_fg_k": 1.278928110869173,
  "summary_fg_mad": 1477.89488406916,
  "summary_fg_mean": 9113.589714155496,
  "summary_fg_median": 9170.8427734375,
  "summary_fg_n": 75566.0,
  "summary_fg_p05": 6184.78662109375,
  "summary_fg_p95": 11693.306640625,
  "summary_fg_stdv": 1656.5068626118218,
  "tsnr": 47.54849810851738
}