{
  "aor": 0.0019728294573643414,
  "aqi": 0.016003736511627904,
  "bids_meta": {
    "AcquisitionMatrixPE": 78,
    "AcquisitionNumber": 1,
    "AcquisitionTime": "15:48:53.730000",
    "BandwidthPerPixelPhaseEncode": 22.492,
    "BaseResolution": 78,
    "BodyPartExamined": "BRAIN",
    "ConsistencyInfo": "N4_VE11C_LATEST_20160120",
    "ConversionSoftware": "dcm2niix",
    "ConversionSoftwareVersion": "v1.0.20180328 GCC6.3.0",
    "DerivedVendorReportedEchoSpacing": 0.000570003,
    "DeviceSerialNumber": "66018",
    "DwellTime": 3e-06,
    "EchoTime": 0.03,
    "EchoTrainLength": 78,
    "EffectiveEchoSpacing": 0.000570003,
    "FlipAngle": 59,
    "ImageComments": "Unaliased_MB4_PE3_LB",
    "ImageOrientationPatientDICOM": [
      1,
      0,
      0,
      0,
      0.939693,
      -0.34202
    ],
    "ImageType": [
      "ORIGINAL",
      "PRIMARY",
      "M",
      "MB",
      "ND",
      "NORM",
      "MOSAIC"
    ],
    "InPlanePhaseEncodingDirectionDICOM": "COL",
    "InstitutionAddress": "Stadium_1952_Princeton_NJ_US_08544",
    "InstitutionName": "Princeton_University",
    "InstitutionalDepartmentName": "NeuroScience",
    "MRAcquisitionType": "2D",
    "MagneticFieldStrength": 3,
    "Manufacturer": "Siemens",
    "ManufacturersModelName": "Prisma",
    "Modality": "MR",
    "MultibandAccelerationFactor": 4,
    "PartialFourier": 1,
    "PatientPosition": "HFS",
    "PercentPhaseFOV": 100,
    "PhaseEncodingDirection": "j-",
    "PhaseEncodingSteps": 78,
    "PhaseResolution": 1,
    "PixelBandwidth": 2135,
    "ProcedureStepDescription": "Norman_Antony_ss",
    "ProtocolName": "func_task-recall_run-3",
    "PulseSequenceDetails": "%CustomerSeq%_cmrr_mbep2d_bold",
    "ReceiveCoilActiveElements": "HC1-7",
    "ReceiveCoilName": "HeadNeck_64",
    "ReconMatrixPE": 78,
    "RepetitionTime": 1,
    "SAR": 0.0670029,
    "ScanOptions": "FS_EXT",
    "ScanningSequence": "EP",
    "SequenceName": "epfid2d1_78",
    "SequenceVariant": "SK_SS",
    "SeriesDescription": "func_task-recall_run-3",
    "SeriesNumber": 8,
    "ShimSetting": [
      760,
      529,
      2030,
      758,
      -34,
      6,
      190,
      -1
    ],
    "SliceThickness": 2.5,
    "SliceTiming": [
      0,
      0.21,
      0.42,
      0.63,
      0.84,
      0.07,
      0.28,
      0.49,
      0.7,
      0.91,
      0.14,
      0.35,
      0.56,
      0.77,
      0,
      0.21,
      0.42,
      0.63,
      0.84,
      0.07,
      0.28,
      0.49,
      0.7,
      0.91,
      0.14,
      0.35,
      0.56,
      0.77,
      0,
      0.21,
      0.42,
      0.63,
      0.84,
      0.07,
      0.28,
      0.49,
      0.7,
      0.91,
      0.14,
      0.35,
      0.56,
      0.77,
      0,
      0.21,
      0.42,
      0.63,
      0.84,
      0.07,
      0.28,
      0.49,
      0.7,
      0.91,
      0.14,
      0.35,
      0.56,
      0.77
    ],
    "SoftwareVersions": "syngo_MR_E11",
    "SpacingBetweenSlices": 2.5,
    "StationName": "AWP66018",
    "TotalReadoutTime": 0.0438902,
    "TxRefAmp": 256.443,
    "dataset": "ds003338",
    "modality": "bold",
    "run_id": 3,
    "session_id": "01",
    "subject_id": "05",
    "task_id": "recall"
  },
  "dummy_trs": 0,
  "dvars_nstd": 38.786400108560315,
  "dvars_std": 1.2579065371984437,
  "dvars_vstd": 1.0232264413229577,
  "efc": 0.5389823356213479,
  "fber": 1412.5072021484375,
  "fd_mean": 0.28046423882996846,
  "fd_num": 169,
  "fd_perc": 65.50387596899225,
  "fwhm_avg": 1.8527000000000002,
  "fwhm_x": 1.7697120000000002,
  "fwhm_y": 1.959216,
  "fwhm_z": 1.8291720000000002,
  "gcor": 0.0206706,
  "gsr_x": -0.01029822789132595,
  "gsr_y": 0.027171814814209938,
  "provenance": {
    "md5sum": "2cfd7945083171899271e57cf449a468",
    "settings": {
      "fd_thres": 0.2,
      "testing": false
    },
    "software": "mriqc",
    "version": "23.1.0"
  },
  "size_t": 258,
  "size_x": 78,
  "size_y": 78,
  "size_z": 56,
  "snr": 5.560631869121648,
  "spacing_tr": 1.0,
  "spacing_x": 2.5,
  "spacing_y": 2.5,
  "spacing_z": 2.5,
  "summary_bg_k": 10.85865378474337,
  "summary_bg_mad": 216.04617707603893,
  "summary_bg_mean": 694.7997818550924,
  "summary_bg_median": 244.47286987304688,
  "summary_bg_n": 265108.0,
  "summary_bg_p05": 80.031005859375,
  "summary_bg_p95": 3183.767333984375,
  "summary_bg_stdv": 1067.3966137758036,
  "summary_fg_k": 1.2541418264691213,
  "summary_fg_mad": 1476.7152452434498,
  "summary_fg_mean": 9139.150197940704,
  "summary_fg_median": 9188.1064453125,
  "summary_fg_n": 75596.0,
  "summary_fg_p05": 6203.43017578125,
  "summary_fg_p95": 11722.99609375,
  "summary_fg_stdv": 1652.3384194911082,
  "tsnr": 43.21125629777089
}