{
  "aor": 0.002398680203045685,
  "aqi": 0.02131065532994924,
  "bids_meta": {
    "AcquisitionMatrixPE": 78,
    "AcquisitionNumber": 1,
    "AcquisitionTime": "11:35:17.507500",
    "BandwidthPerPixelPhaseEncode": 22.492,
    "BaseResolution": 78,
    "BodyPartExamined": "BRAIN",
    "ConsistencyInfo": "N4_VE11C_LATEST_20160120",
    "ConversionSoftware": "dcm2niix",
    "ConversionSoftwareVersion": "v1.0.20180328 GCC6.3.0",
    "DerivedVendorReportedEchoSpacing": 0.000570003,
    "DeviceSerialNumber": "66018",
    "DwellTime": 3e-06,
    "EchoTime": 0.03,
    "EchoTrainLength": 78,
    "EffectiveEchoSpacing": 0.000570003,
    "FlipAngle": 59,
    "ImageComments": "Unaliased_MB4_PE3_LB",
    "ImageOrientationPatientDICOM": [
      1,
      0,
      0,
      0,
      0.944376,
      -0.328867
    ],
    "ImageType": [
      "ORIGINAL",
      "PRIMARY",
      "M",
      "MB",
      "ND",
      "NORM",
      "MOSAIC"
    ],
    "InPlanePhaseEncodingDirectionDICOM": "COL",
    "InstitutionAddress": "Stadium_1952_Princeton_NJ_US_08544",
    "InstitutionName": "Princeton_University",
    "InstitutionalDepartmentName": "NeuroScience",
    "MRAcquisitionType": "2D",
    "MagneticFieldStrength": 3,
    "Manufacturer": "Siemens",
    "ManufacturersModelName": "Prisma",
    "Modality": "MR",
    "MultibandAccelerationFactor": 4,
    "PartialFourier": 1,
    "PatientPosition": "HFS",
    "PercentPhaseFOV": 100,
    "PhaseEncodingDirection": "j-",
    "PhaseEncodingSteps": 78,
    "PhaseResolution": 1,
    "PixelBandwidth": 2135,
    "ProcedureStepDescription": "Norman_Antony_ss",
    "ProtocolName": "func_task",
    "PulseSequenceDetails": "%CustomerSeq%_cmrr_mbep2d_bold",
    "ReceiveCoilActiveElements": "HC1-7",
    "ReceiveCoilName": "HeadNeck_64",
    "ReconMatrixPE": 78,
    "RepetitionTime": 1,
    "SAR": 0.0687522,
    "ScanOptions": "FS_EXT",
    "ScanningSequence": "EP",
    "SequenceName": "epfid2d1_78",
    "SequenceVariant": "SK_SS",
    "SeriesDescription": "func_task",
    "SeriesNumber": 6,
    "ShimSetting": [
      765,
      589,
      2034,
      619,
      -115,
      119,
      65,
      6
    ],
    "SliceThickness": 2.5,
    "SliceTiming": [
      0,
      0.21,
      0.4175,
      0.6275,
      0.8375,
      0.07,
      0.28,
      0.4875,
      0.6975,
      0.9075,
      0.14,
      0.35,
      0.5575,
      0.7675,
      0,
      0.21,
      0.4175,
      0.6275,
      0.8375,
      0.07,
      0.28,
      0.4875,
      0.6975,
      0.9075,
      0.14,
      0.35,
      0.5575,
      0.7675,
      0,
      0.21,
      0.4175,
      0.6275,
      0.8375,
      0.07,
      0.28,
      0.4875,
      0.6975,
      0.9075,
      0.14,
      0.35,
      0.5575,
      0.7675,
      0,
      0.21,
      0.4175,
      0.6275,
      0.8375,
      0.07,
      0.28,
      0.4875,
      0.6975,
      0.9075,
      0.14,
      0.35,
      0.5575,
      0.7675
    ],
    "SoftwareVersions": "syngo_MR_E11",
    "SpacingBetweenSlices": 2.5,
    "StationName": "AWP66018",
    "TotalReadoutTime": 0.0438902,
    "TxRefAmp": 264.876,
    "dataset": "ds003338",
    "modality": "bold",
    "run_id": 2,
    "session_id": "01",
    "subject_id": "03",
    "task_id": "recall"
  },
  "dummy_trs": 0,
  "dvars_nstd": 40.3318428059542,
  "dvars_std": 1.1947994634605603,
  "dvars_vstd": 0.9954446504325695,
  "efc": 0.5903104999734615,
  "fber": 1520.2347412109375,
  "fd_mean": 0.34328404821626485,
  "fd_num": 278,
  "fd_perc": 70.55837563451777,
  "fwhm_avg": 1.8407400000000003,
  "fwhm_x": 1.7314440000000002,
  "fwhm_y": 1.9346720000000002,
  "fwhm_z": 1.8561039999999998,
  "gcor": 0.0120389,
  "gsr_x": -0.0021987641230225563,
  "gsr_y": 0.05700484290719032,
  "provenance": {
    "md5sum": "d8ac850334418f929e586fa3c35b9478",
    "settings": {
      "fd_thres": 0.2,
      "testing": false
    },
    "software": "mriqc",
    "version": "23.1.0"
  },
  "size_t": 394,
  "size_x": 78,
  "size_y": 78,
  "size_z": 56,
  "snr": 5.203480145309244,
  "spacing_tr": 1.0,
  "spacing_x": 2.5,
  "spacing_y": 2.5,
  "spacing_z": 2.5,
  "summary_bg_k": 9.083251518921747,
  "summary_bg_mad": 251.94904713721752,
  "summary_bg_mean": 845.7888532827047,
  "summary_bg_median": 246.13129425048828,
  "summary_bg_n": 244850.0,
  "summary_bg_p05": 56.14696502685547,
  "summary_bg_p95": 3689.361328125,
  "summary_bg_stdv": 1274.7805222178358,
  "summary_fg_k": 1.6154584883099945,
  "summary_fg_mad": 1706.479497061135,
  "summary_fg_mean": 9554.441885822203,
  "summary_fg_median": 9596.705078125,
  "summary_fg_n": 95854.0,
  "summary_fg_p05": 6458.22119140625,
  "summary_fg_p95": 12428.1669921875,
  "summary_fg_stdv": 1844.2762826096664,
  "tsnr": 35.66306686401367
}