{
  "aor": 0.00143295358649789,
  "aqi": 0.019659329451476793,
  "bids_meta": {
    "AcquisitionMatrixPE": 78,
    "AcquisitionNumber": 1,
    "AcquisitionTime": "12:06:58.457500",
    "BandwidthPerPixelPhaseEncode": 22.492,
    "BaseResolution": 78,
    "BodyPartExamined": "BRAIN",
    "ConsistencyInfo": "N4_VE11C_LATEST_20160120",
    "ConversionSoftware": "dcm2niix",
    "ConversionSoftwareVersion": "v1.0.20180328 GCC6.3.0",
    "DerivedVendorReportedEchoSpacing": 0.000570003,
    "DeviceSerialNumber": "66018",
    "DwellTime": 3e-06,
    "EchoTime": 0.03,
    "EchoTrainLength": 78,
    "EffectiveEchoSpacing": 0.000570003,
    "FlipAngle": 59,
    "ImageComments": "Unaliased_MB4_PE3_LB",
    "ImageOrientationPatientDICOM": [
      1,
      0,
      0,
      0,
      0.944376,
      -0.328867
    ],
    "ImageType": [
      "ORIGINAL",
      "PRIMARY",
      "M",
      "MB",
      "ND",
      "NORM",
      "MOSAIC"
    ],
    "InPlanePhaseEncodingDirectionDICOM": "COL",
    "InstitutionAddress": "Stadium_1952_Princeton_NJ_US_08544",
    "InstitutionName": "Princeton_University",
    "InstitutionalDepartmentName": "NeuroScience",
    "MRAcquisitionType": "2D",
    "MagneticFieldStrength": 3,
    "Manufacturer": "Siemens",
    "ManufacturersModelName": "Prisma",
    "Modality": "MR",
    "MultibandAccelerationFactor": 4,
    "PartialFourier": 1,
    "PatientPosition": "HFS",
    "PercentPhaseFOV": 100,
    "PhaseEncodingDirection": "j-",
    "PhaseEncodingSteps": 78,
    "PhaseResolution": 1,
    "PixelBandwidth": 2135,
    "ProcedureStepDescription": "Norman_Antony_ss",
    "ProtocolName": "func_task",
    "PulseSequenceDetails": "%CustomerSeq%_cmrr_mbep2d_bold",
    "ReceiveCoilActiveElements": "HC1-7",
    "ReceiveCoilName": "HeadNeck_64",
    "ReconMatrixPE": 78,
    "RepetitionTime": 1,
    "SAR": 0.0687522,
    "ScanOptions": "FS_EXT",
    "ScanningSequence": "EP",
    "SequenceName": "epfid2d1_78",
    "SequenceVariant": "SK_SS",
    "SeriesDescription": "func_task",
    "SeriesNumber": 8,
    "ShimSetting": [
      765,
      589,
      2034,
      619,
      -115,
      119,
      65,
      6
    ],
    "SliceThickness": 2.5,
    "SliceTiming": [
      0,
      0.21,
      0.42,
      0.63,
      0.84,
      0.07,
      0.28,
      0.49,
      0.7,
      0.91,
      0.14,
      0.35,
      0.56,
      0.77,
      0,
      0.21,
      0.42,
      0.63,
      0.84,
      0.07,
      0.28,
      0.49,
      0.7,
      0.91,
      0.14,
      0.35,
      0.56,
      0.77,
      0,
      0.21,
      0.42,
      0.63,
      0.84,
      0.07,
      0.28,
      0.49,
      0.7,
      0.91,
      0.14,
      0.35,
      0.56,
      0.77,
      0,
      0.21,
      0.42,
      0.63,
      0.84,
      0.07,
      0.28,
      0.49,
      0.7,
      0.91,
      0.14,
      0.35,
      0.56,
      0.77
    ],
    "SoftwareVersions": "syngo_MR_E11",
    "SpacingBetweenSlices": 2.5,
    "StationName": "AWP66018",
    "TotalReadoutTime": 0.0438902,
    "TxRefAmp": 264.876,
    "dataset": "ds003338",
    "modality": "bold",
    "run_id": 3,
    "session_id": "01",
    "subject_id": "03",
    "task_id": "recall"
  },
  "dummy_trs": 1,
  "dvars_nstd": 40.96651048173732,
  "dvars_std": 1.168047924788135,
  "dvars_vstd": 0.9895171288559317,
  "efc": 0.5816184831290185,
  "fber": 2010.90966796875,
  "fd_mean": 0.4204455019368224,
  "fd_num": 194,
  "fd_perc": 81.85654008438819,
  "fwhm_avg": 1.854684,
  "fwhm_x": 1.7510280000000003,
  "fwhm_y": 1.968276,
  "fwhm_z": 1.8447479999999998,
  "gcor": 0.0118955,
  "gsr_x": 0.008969954214990139,
  "gsr_y": 0.07392044365406036,
  "provenance": {
    "md5sum": "507256cb6592d8c7e98f3e7682550e3d",
    "settings": {
      "fd_thres": 0.2,
      "testing": false
    },
    "software": "mriqc",
    "version": "23.1.0"
  },
  "size_t": 237,
  "size_x": 78,
  "size_y": 78,
  "size_z": 56,
  "snr": 5.254447576271636,
  "spacing_tr": 1.0,
  "spacing_x": 2.5,
  "spacing_y": 2.5,
  "spacing_z": 2.5,
  "summary_bg_k": 9.340552428664797,
  "summary_bg_mad": 202.06840488310903,
  "summary_bg_mean": 792.1168451179552,
  "summary_bg_median": 212.45571899414062,
  "summary_bg_n": 245997.0,
  "summary_bg_p05": 56.032718658447266,
  "summary_bg_p95": 3608.3125,
  "summary_bg_stdv": 1251.5501096930377,
  "summary_fg_k": 1.4631796934559684,
  "summary_fg_mad": 1652.1922214919282,
  "summary_fg_mean": 9496.107871233908,
  "summary_fg_median": 9527.1875,
  "summary_fg_n": 94707.0,
  "summary_fg_p05": 6419.0888671875,
  "summary_fg_p95": 12317.95703125,
  "summary_fg_stdv": 1813.1567711643102,
  "tsnr": 36.82508850097656
}