{
  "aor": 0.0007620569105691057,
  "aqi": 0.02541591569105691,
  "bids_meta": {
    "AcquisitionMatrixPE": 78,
    "AcquisitionNumber": 1,
    "AcquisitionTime": "10:40:34.307500",
    "BandwidthPerPixelPhaseEncode": 22.492,
    "BaseResolution": 78,
    "BodyPartExamined": "BRAIN",
    "ConsistencyInfo": "N4_VE11C_LATEST_20160120",
    "ConversionSoftware": "dcm2niix",
    "ConversionSoftwareVersion": "v1.0.20180328 GCC6.3.0",
    "DerivedVendorReportedEchoSpacing": 0.000570003,
    "DeviceSerialNumber": "66018",
    "DwellTime": 3e-06,
    "EchoTime": 0.03,
    "EchoTrainLength": 78,
    "EffectiveEchoSpacing": 0.000570003,
    "FlipAngle": 59,
    "ImageComments": "Unaliased_MB4_PE3_LB",
    "ImageOrientationPatientDICOM": [
      1,
      0,
      0,
      0,
      0.944376,
      -0.328867
    ],
    "ImageType": [
      "ORIGINAL",
      "PRIMARY",
      "M",
      "MB",
      "ND",
      "NORM",
      "MOSAIC"
    ],
    "InPlanePhaseEncodingDirectionDICOM": "COL",
    "InstitutionAddress": "Stadium_1952_Princeton_NJ_US_08544",
    "InstitutionName": "Princeton_University",
    "InstitutionalDepartmentName": "NeuroScience",
    "MRAcquisitionType": "2D",
    "MagneticFieldStrength": 3,
    "Manufacturer": "Siemens",
    "ManufacturersModelName": "Prisma",
    "Modality": "MR",
    "MultibandAccelerationFactor": 4,
    "PartialFourier": 1,
    "PatientPosition": "HFS",
    "PercentPhaseFOV": 100,
    "PhaseEncodingDirection": "j-",
    "PhaseEncodingSteps": 78,
    "PhaseResolution": 1,
    "PixelBandwidth": 2135,
    "ProcedureStepDescription": "Norman_Antony_ss",
    "ProtocolName": "func_task",
    "PulseSequenceDetails": "%CustomerSeq%_cmrr_mbep2d_bold",
    "ReceiveCoilActiveElements": "HC1-7",
    "ReceiveCoilName": "HeadNeck_64",
    "ReconMatrixPE": 78,
    "RepetitionTime": 1,
    "SAR": 0.0687522,
    "ScanOptions": "FS_EXT",
    "ScanningSequence": "EP",
    "SequenceName": "epfid2d1_78",
    "SequenceVariant": "SK_SS",
    "SeriesDescription": "func_task",
    "SeriesNumber": 2,
    "ShimSetting": [
      765,
      589,
      2034,
      619,
      -115,
      119,
      65,
      6
    ],
    "SliceThickness": 2.5,
    "SliceTiming": [
      0,
      0.21,
      0.42,
      0.63,
      0.84,
      0.07,
      0.28,
      0.49,
      0.7,
      0.91,
      0.14,
      0.35,
      0.56,
      0.77,
      0,
      0.21,
      0.42,
      0.63,
      0.84,
      0.07,
      0.28,
      0.49,
      0.7,
      0.91,
      0.14,
      0.35,
      0.56,
      0.77,
      0,
      0.21,
      0.42,
      0.63,
      0.84,
      0.07,
      0.28,
      0.49,
      0.7,
      0.91,
      0.14,
      0.35,
      0.56,
      0.77,
      0,
      0.21,
      0.42,
      0.63,
      0.84,
      0.07,
      0.28,
      0.49,
      0.7,
      0.91,
      0.14,
      0.35,
      0.56,
      0.77
    ],
    "SoftwareVersions": "syngo_MR_E11",
    "SpacingBetweenSlices": 2.5,
    "StationName": "AWP66018",
    "TotalReadoutTime": 0.0438902,
    "TxRefAmp": 264.876,
    "dataset": "ds003338",
    "modality": "bold",
    "run_id": 1,
    "session_id": "01",
    "subject_id": "03",
    "task_id": "view"
  },
  "dummy_trs": 0,
  "dvars_nstd": 34.76790578868189,
  "dvars_std": 1.27784111219691,
  "dvars_vstd": 0.9592435135720104,
  "efc": 0.5931340937290984,
  "fber": 1360.7784423828125,
  "fd_mean": 0.17732725474380193,
  "fd_num": 426,
  "fd_perc": 34.63414634146341,
  "fwhm_avg": 1.8349413333333333,
  "fwhm_x": 1.733368,
  "fwhm_y": 1.942352,
  "fwhm_z": 1.8291039999999998,
  "gcor": 0.0194883,
  "gsr_x": -0.006542657967656851,
  "gsr_y": 0.051741454750299454,
  "provenance": {
    "md5sum": "712197fffbcb46e36f3ffa8aad518f19",
    "settings": {
      "fd_thres": 0.2,
      "testing": false
    },
    "software": "mriqc",
    "version": "23.1.0"
  },
  "size_t": 1230,
  "size_x": 78,
  "size_y": 78,
  "size_z": 56,
  "snr": 5.181307888168421,
  "spacing_tr": 1.0,
  "spacing_x": 2.5,
  "spacing_y": 2.5,
  "spacing_z": 2.5,
  "summary_bg_k": 9.179318311654358,
  "summary_bg_mad": 266.81815993774745,
  "summary_bg_mean": 850.6216726571263,
  "summary_bg_median": 259.681640625,
  "summary_bg_n": 243958.0,
  "summary_bg_p05": 54.658573150634766,
  "summary_bg_p95": 3655.826416015625,
  "summary_bg_stdv": 1263.6402768147532,
  "summary_fg_k": 1.492395619322334,
  "summary_fg_mad": 1702.892439447514,
  "summary_fg_mean": 9544.68795157584,
  "summary_fg_median": 9579.326171875,
  "summary_fg_n": 96746.0,
  "summary_fg_p05": 6448.8232421875,
  "summary_fg_p95": 12451.4130859375,
  "summary_fg_stdv": 1848.814405724281,
  "tsnr": 32.96228790283203
}