{
  "aor": 0.008034342857142858,
  "aqi": 0.04471943959183673,
  "bids_meta": {
    "AcquisitionMatrixPE": 78,
    "AcquisitionNumber": 1,
    "AcquisitionTime": "11:45:48.195000",
    "BandwidthPerPixelPhaseEncode": 22.492,
    "BaseResolution": 78,
    "BodyPartExamined": "BRAIN",
    "ConsistencyInfo": "N4_VE11C_LATEST_20160120",
    "ConversionSoftware": "dcm2niix",
    "ConversionSoftwareVersion": "v1.0.20180328 GCC6.3.0",
    "DerivedVendorReportedEchoSpacing": 0.000570003,
    "DeviceSerialNumber": "66018",
    "DwellTime": 3e-06,
    "EchoTime": 0.03,
    "EchoTrainLength": 78,
    "EffectiveEchoSpacing": 0.000570003,
    "FlipAngle": 59,
    "ImageComments": "Unaliased_MB4_PE3_LB",
    "ImageOrientationPatientDICOM": [
      1,
      0,
      0,
      0,
      0.944376,
      -0.328867
    ],
    "ImageType": [
      "ORIGINAL",
      "PRIMARY",
      "M",
      "MB",
      "ND",
      "NORM",
      "MOSAIC"
    ],
    "InPlanePhaseEncodingDirectionDICOM": "COL",
    "InstitutionAddress": "Stadium_1952_Princeton_NJ_US_08544",
    "InstitutionName": "Princeton_University",
    "InstitutionalDepartmentName": "NeuroScience",
    "MRAcquisitionType": "2D",
    "MagneticFieldStrength": 3,
    "Manufacturer": "Siemens",
    "ManufacturersModelName": "Prisma",
    "Modality": "MR",
    "MultibandAccelerationFactor": 4,
    "PartialFourier": 1,
    "PatientPosition": "HFS",
    "PercentPhaseFOV": 100,
    "PhaseEncodingDirection": "j-",
    "PhaseEncodingSteps": 78,
    "PhaseResolution": 1,
    "PixelBandwidth": 2135,
    "ProcedureStepDescription": "Norman_Antony_ss",
    "ProtocolName": "func_task",
    "PulseSequenceDetails": "%CustomerSeq%_cmrr_mbep2d_bold",
    "ReceiveCoilActiveElements": "HC1-7",
    "ReceiveCoilName": "HeadNeck_64",
    "ReconMatrixPE": 78,
    "RepetitionTime": 1,
    "SAR": 0.0687522,
    "ScanOptions": "FS_EXT",
    "ScanningSequence": "EP",
    "SequenceName": "epfid2d1_78",
    "SequenceVariant": "SK_SS",
    "SeriesDescription": "func_task",
    "SeriesNumber": 7,
    "ShimSetting": [
      765,
      589,
      2034,
      619,
      -115,
      119,
      65,
      6
    ],
    "SliceThickness": 2.5,
    "SliceTiming": [
      0,
      0.21,
      0.42,
      0.63,
      0.84,
      0.07,
      0.28,
      0.49,
      0.7,
      0.91,
      0.14,
      0.35,
      0.56,
      0.77,
      0,
      0.21,
      0.42,
      0.63,
      0.84,
      0.07,
      0.28,
      0.49,
      0.7,
      0.91,
      0.14,
      0.35,
      0.56,
      0.77,
      0,
      0.21,
      0.42,
      0.63,
      0.84,
      0.07,
      0.28,
      0.49,
      0.7,
      0.91,
      0.14,
      0.35,
      0.56,
      0.77,
      0,
      0.21,
      0.42,
      0.63,
      0.84,
      0.07,
      0.28,
      0.49,
      0.7,
      0.91,
      0.14,
      0.35,
      0.56,
      0.77
    ],
    "SoftwareVersions": "syngo_MR_E11",
    "SpacingBetweenSlices": 2.5,
    "StationName": "AWP66018",
    "TotalReadoutTime": 0.0438902,
    "TxRefAmp": 264.876,
    "dataset": "ds003338",
    "modality": "bold",
    "run_id": 3,
    "session_id": "01",
    "subject_id": "03",
    "task_id": "view"
  },
  "dummy_trs": 1,
  "dvars_nstd": 39.485122584027685,
  "dvars_std": 1.039472023521243,
  "dvars_vstd": 0.8949279419281038,
  "efc": 0.589661305874475,
  "fber": 1556.7489013671875,
  "fd_mean": 0.2759239118897781,
  "fd_num": 490,
  "fd_perc": 40.0,
  "fwhm_avg": 1.882604,
  "fwhm_x": 1.774028,
  "fwhm_y": 2.001032,
  "fwhm_z": 1.8727519999999998,
  "gcor": 0.0462121,
  "gsr_x": 0.004492050968110561,
  "gsr_y": 0.06377401947975159,
  "provenance": {
    "md5sum": "e0ad53c2992ec5ac6b2dc7593fba65b7",
    "settings": {
      "fd_thres": 0.2,
      "testing": false
    },
    "software": "mriqc",
    "version": "23.1.0"
  },
  "size_t": 1225,
  "size_x": 78,
  "size_y": 78,
  "size_z": 56,
  "snr": 5.306765940354722,
  "spacing_tr": 1.0,
  "spacing_x": 2.5,
  "spacing_y": 2.5,
  "spacing_z": 2.5,
  "summary_bg_k": 8.214527474756093,
  "summary_bg_mad": 234.83075578113642,
  "summary_bg_mean": 823.7965253525927,
  "summary_bg_median": 240.26153564453125,
  "summary_bg_n": 245103.0,
  "summary_bg_p05": 64.9718246459961,
  "summary_bg_p95": 3542.083740234375,
  "summary_bg_stdv": 1222.88331722331,
  "summary_fg_k": 0.8993413922690814,
  "summary_fg_mad": 1650.907975234297,
  "summary_fg_mean": 9435.227191537319,
  "summary_fg_median": 9479.6767578125,
  "summary_fg_n": 95601.0,
  "summary_fg_p05": 6346.8037109375,
  "summary_fg_p95": 12200.7998046875,
  "summary_fg_stdv": 1786.3284879808452,
  "tsnr": 26.86559295654297
}