{
  "aor": 0.001719529602595296,
  "aqi": 0.022211594403892945,
  "bids_meta": {
    "AcquisitionMatrixPE": 78,
    "AcquisitionNumber": 1,
    "AcquisitionTime": "18:45:38.455000",
    "BandwidthPerPixelPhaseEncode": 22.492,
    "BaseResolution": 78,
    "BodyPartExamined": "BRAIN",
    "ConsistencyInfo": "N4_VE11C_LATEST_20160120",
    "ConversionSoftware": "dcm2niix",
    "ConversionSoftwareVersion": "v1.0.20180328 GCC6.3.0",
    "DerivedVendorReportedEchoSpacing": 0.000570003,
    "DeviceSerialNumber": "66018",
    "DwellTime": 3e-06,
    "EchoTime": 0.03,
    "EchoTrainLength": 78,
    "EffectiveEchoSpacing": 0.000570003,
    "FlipAngle": 59,
    "ImageComments": "Unaliased_MB4_PE3_LB",
    "ImageOrientationPatientDICOM": [
      1,
      0,
      0,
      0,
      0.91706,
      -0.398749
    ],
    "ImageType": [
      "ORIGINAL",
      "PRIMARY",
      "M",
      "MB",
      "ND",
      "NORM",
      "MOSAIC"
    ],
    "InPlanePhaseEncodingDirectionDICOM": "COL",
    "InstitutionAddress": "Stadium_1952_Princeton_NJ_US_08544",
    "InstitutionName": "Princeton_University",
    "InstitutionalDepartmentName": "NeuroScience",
    "MRAcquisitionType": "2D",
    "MagneticFieldStrength": 3,
    "Manufacturer": "Siemens",
    "ManufacturersModelName": "Prisma",
    "Modality": "MR",
    "MultibandAccelerationFactor": 4,
    "PartialFourier": 1,
    "PatientPosition": "HFS",
    "PercentPhaseFOV": 100,
    "PhaseEncodingDirection": "j-",
    "PhaseEncodingSteps": 78,
    "PhaseResolution": 1,
    "PixelBandwidth": 2135,
    "ProcedureStepDescription": "Norman_Antony_ss",
    "ProtocolName": "func_task-view_run-3",
    "PulseSequenceDetails": "%CustomerSeq%_cmrr_mbep2d_bold",
    "ReceiveCoilActiveElements": "HC1-7",
    "ReceiveCoilName": "HeadNeck_64",
    "ReconMatrixPE": 78,
    "RepetitionTime": 1,
    "SAR": 0.067243,
    "ScanOptions": "FS_EXT",
    "ScanningSequence": "EP",
    "SequenceName": "epfid2d1_78",
    "SequenceVariant": "SK_SS",
    "SeriesDescription": "func_task-view_run-3",
    "SeriesNumber": 6,
    "ShimSetting": [
      738,
      567,
      2102,
      416,
      -2,
      119,
      251,
      32
    ],
    "SliceThickness": 2.5,
    "SliceTiming": [
      0,
      0.21,
      0.42,
      0.63,
      0.84,
      0.07,
      0.28,
      0.49,
      0.7,
      0.91,
      0.14,
      0.35,
      0.56,
      0.77,
      0,
      0.21,
      0.42,
      0.63,
      0.84,
      0.07,
      0.28,
      0.49,
      0.7,
      0.91,
      0.14,
      0.35,
      0.56,
      0.77,
      0,
      0.21,
      0.42,
      0.63,
      0.84,
      0.07,
      0.28,
      0.49,
      0.7,
      0.91,
      0.14,
      0.35,
      0.56,
      0.77,
      0,
      0.21,
      0.42,
      0.63,
      0.84,
      0.07,
      0.28,
      0.49,
      0.7,
      0.91,
      0.14,
      0.35,
      0.56,
      0.77
    ],
    "SoftwareVersions": "syngo_MR_E11",
    "SpacingBetweenSlices": 2.5,
    "StationName": "AWP66018",
    "TotalReadoutTime": 0.0438902,
    "TxRefAmp": 270.51,
    "dataset": "ds003338",
    "modality": "bold",
    "run_id": 3,
    "session_id": "01",
    "subject_id": "09",
    "task_id": "view"
  },
  "dummy_trs": 0,
  "dvars_nstd": 32.35629804250808,
  "dvars_std": 1.1898729606493506,
  "dvars_vstd": 1.0013127280844152,
  "efc": 0.5688316708934762,
  "fber": 1416.0418701171875,
  "fd_mean": 0.18750173567490658,
  "fd_num": 482,
  "fd_perc": 39.091646390916466,
  "fwhm_avg": 1.9150226666666665,
  "fwhm_x": 1.778488,
  "fwhm_y": 2.055092,
  "fwhm_z": 1.9114879999999999,
  "gcor": 0.0131444,
  "gsr_x": -0.012891050428152084,
  "gsr_y": 0.056714046746492386,
  "provenance": {
    "md5sum": "01a7eaa0fd3a5a990d8f1ded66c3a5a1",
    "settings": {
      "fd_thres": 0.2,
      "testing": false
    },
    "software": "mriqc",
    "version": "23.1.0"
  },
  "size_t": 1233,
  "size_x": 78,
  "size_y": 78,
  "size_z": 56,
  "snr": 5.37569184439135,
  "spacing_tr": 1.0,
  "spacing_x": 2.5,
  "spacing_y": 2.5,
  "spacing_z": 2.5,
  "summary_bg_k": 8.239735560415143,
  "summary_bg_mad": 308.7405554011047,
  "summary_bg_mean": 862.2068482139966,
  "summary_bg_median": 287.0919494628906,
  "summary_bg_n": 252671.0,
  "summary_bg_p05": 49.95807647705078,
  "summary_bg_p95": 3650.9462890625,
  "summary_bg_stdv": 1255.5302856508201,
  "summary_fg_k": 2.0629780847015464,
  "summary_fg_mad": 1844.6279084682935,
  "summary_fg_mean": 10744.31565750682,
  "summary_fg_median": 10803.365234375,
  "summary_fg_n": 88033.0,
  "summary_fg_p05": 7353.66015625,
  "summary_fg_p95": 13887.115234375,
  "summary_fg_stdv": 2009.658326253412,
  "tsnr": 35.906578063964844
}