{
  "bids_meta": {
    "AcquisitionMatrixPE": 256,
    "AcquisitionNumber": 1,
    "AcquisitionTime": "14:47:55.962500",
    "BaseResolution": 256,
    "BodyPartExamined": "BRAIN",
    "ConsistencyInfo": "N4_VE11C_LATEST_20160120",
    "ConversionSoftware": "dcm2niix",
    "ConversionSoftwareVersion": "v1.0.20180328 GCC6.3.0",
    "DeviceSerialNumber": "66018",
    "DwellTime": 9.8e-06,
    "EchoTime": 0.0033,
    "FlipAngle": 7,
    "ImageOrientationPatientDICOM": [
      0,
      1,
      0,
      0,
      0,
      -1
    ],
    "ImageType": [
      "ORIGINAL",
      "PRIMARY",
      "M",
      "ND",
      "NORM"
    ],
    "InPlanePhaseEncodingDirectionDICOM": "ROW",
    "InstitutionAddress": "Stadium_1952_Princeton_NJ_US_08544",
    "InstitutionName": "Princeton_University",
    "InstitutionalDepartmentName": "NeuroScience",
    "InversionTime": 1.1,
    "MRAcquisitionType": "3D",
    "MagneticFieldStrength": 3,
    "Manufacturer": "Siemens",
    "ManufacturersModelName": "Prisma",
    "Modality": "MR",
    "ParallelReductionFactorInPlane": 2,
    "PartialFourier": 1,
    "PatientPosition": "HFS",
    "PercentPhaseFOV": 100,
    "PhaseEncodingSteps": 255,
    "PhaseResolution": 1,
    "PixelBandwidth": 200,
    "ProcedureStepDescription": "NormaL_Antony_ss",
    "ProtocolName": "anat_T1w",
    "PulseSequenceDetails": "%SiemensSeq%_tfl",
    "ReceiveCoilActiveElements": "HC1-7;NC1,2",
    "ReceiveCoilName": "HeadNeck_64",
    "ReconMatrixPE": 256,
    "RepetitionTime": 2.53,
    "SAR": 0.0434048,
    "ScanOptions": "IR",
    "ScanningSequence": "GR_IR",
    "SequenceName": "_tfl3d1_16ns",
    "SequenceVariant": "SK_SP_MP",
    "SeriesDescription": "anat_T1w",
    "SeriesNumber": 3,
    "ShimSetting": [
      766,
      463,
      2048,
      350,
      -55,
      -356,
      104,
      9
    ],
    "SliceThickness": 1,
    "SoftwareVersions": "syngo_MR_E11",
    "StationName": "AWP66018",
    "TxRefAmp": 247.895,
    "dataset": "ds003338",
    "modality": "T1w",
    "session_id": "01",
    "subject_id": "17"
  },
  "cjv": 0.5233623644040758,
  "cnr": 1.7799437777460054,
  "efc": 0.5446969508781702,
  "fber": -1.0,
  "fwhm_avg": 3.68792,
  "fwhm_x": 3.77905,
  "fwhm_y": 3.78151,
  "fwhm_z": 3.5032,
  "icvs_csf": 0.2698750169835958,
  "icvs_gm": 0.3835271792825244,
  "icvs_wm": 0.34659780373387983,
  "inu_med": 0.6218621134757996,
  "inu_range": 0.2673541188240051,
  "provenance": {
    "md5sum": "34b340a8e58ea61341255fae07f3d643",
    "settings": {
      "testing": false
    },
    "software": "mriqc",
    "version": "23.1.0",
    "warnings": {
      "large_rot_frame": true,
      "small_air_mask": false
    }
  },
  "qi_1": 0.0,
  "qi_2": 0.0013653902771816968,
  "rpve_csf": 6.9201823930864075,
  "rpve_gm": 6.830821860301041,
  "rpve_wm": 6.93098044520247,
  "size_x": 176,
  "size_y": 256,
  "size_z": 256,
  "snr_csf": 1.9477676085884987,
  "snr_gm": 5.292887474984363,
  "snr_total": 5.567452573102986,
  "snr_wm": 9.461702635736096,
  "snrd_csf": 13.7506999295254,
  "snrd_gm": 23.631897976920158,
  "snrd_total": 23.75632435592569,
  "snrd_wm": 33.88637516133151,
  "spacing_x": 1.0,
  "spacing_y": 1.0,
  "spacing_z": 1.0,
  "summary_bg_k": 3070.016780358784,
  "summary_bg_mad": 0.0,
  "summary_bg_mean": 4.018204708547944,
  "summary_bg_median": 0.0,
  "summary_bg_n": 3830538.0,
  "summary_bg_p05": 0.0,
  "summary_bg_p95": 15.760997466742992,
  "summary_bg_stdv": 18.51989487264095,
  "summary_csf_k": -0.7685526489084067,
  "summary_csf_mad": 153.70594683159408,
  "summary_csf_mean": 396.96192547327024,
  "summary_csf_median": 388.7152616158128,
  "summary_csf_n": 442834.9469902077,
  "summary_csf_p05": 91.94475281238556,
  "summary_csf_p95": 711.2612183019519,
  "summary_csf_stdv": 199.569404998572,
  "summary_gm_k": -0.37560336505792424,
  "summary_gm_mad": 82.30866261451973,
  "summary_gm_mean": 675.5892670121286,
  "summary_gm_median": 668.044496037066,
  "summary_gm_n": 629325.5300367583,
  "summary_gm_p05": 472.76271292567253,
  "summary_gm_p95": 918.9098395109177,
  "summary_gm_stdv": 126.21541047905178,
  "summary_wm_k": -0.07570694072292605,
  "summary_wm_mad": 69.4043383910569,
  "summary_wm_mean": 932.4291708131655,
  "summary_wm_median": 957.925869487226,
  "summary_wm_n": 568728.5238883176,
  "summary_wm_p05": 723.7288730144501,
  "summary_wm_p95": 1057.3310518041253,
  "summary_wm_stdv": 101.24235184737434,
  "tpm_overlap_csf": 0.20986718225379697,
  "tpm_overlap_gm": 0.5292982955625406,
  "tpm_overlap_wm": 0.5473090922797197,
  "wm2max": 0.5578732864367991
}