{
  "bids_meta": {
    "AcquisitionMatrixPE": 256,
    "AcquisitionNumber": 1,
    "AcquisitionTime": "17:11:13.945000",
    "BaseResolution": 256,
    "BodyPartExamined": "BRAIN",
    "ConsistencyInfo": "N4_VE11C_LATEST_20160120",
    "ConversionSoftware": "dcm2niix",
    "ConversionSoftwareVersion": "v1.0.20180328 GCC6.3.0",
    "DeviceSerialNumber": "66018",
    "DwellTime": 9.8e-06,
    "EchoTime": 0.0033,
    "FlipAngle": 7,
    "ImageOrientationPatientDICOM": [
      0,
      1,
      0,
      0,
      0,
      -1
    ],
    "ImageType": [
      "ORIGINAL",
      "PRIMARY",
      "M",
      "ND",
      "NORM"
    ],
    "InPlanePhaseEncodingDirectionDICOM": "ROW",
    "InstitutionAddress": "Stadium_1952_Princeton_NJ_US_08544",
    "InstitutionName": "Princeton_University",
    "InstitutionalDepartmentName": "NeuroScience",
    "InversionTime": 1.1,
    "MRAcquisitionType": "3D",
    "MagneticFieldStrength": 3,
    "Manufacturer": "Siemens",
    "ManufacturersModelName": "Prisma",
    "Modality": "MR",
    "ParallelReductionFactorInPlane": 2,
    "PartialFourier": 1,
    "PatientPosition": "HFS",
    "PercentPhaseFOV": 100,
    "PhaseEncodingSteps": 255,
    "PhaseResolution": 1,
    "PixelBandwidth": 200,
    "ProcedureStepDescription": "NormaL_Antony_ss",
    "ProtocolName": "anat_T1w",
    "PulseSequenceDetails": "%SiemensSeq%_tfl",
    "ReceiveCoilActiveElements": "HC1-7;NC1",
    "ReceiveCoilName": "HeadNeck_64",
    "ReconMatrixPE": 256,
    "RepetitionTime": 2.53,
    "SAR": 0.0383964,
    "ScanOptions": "IR",
    "ScanningSequence": "GR_IR",
    "SequenceName": "_tfl3d1_16ns",
    "SequenceVariant": "SK_SP_MP",
    "SeriesDescription": "anat_T1w",
    "SeriesNumber": 3,
    "ShimSetting": [
      778,
      539,
      2021,
      459,
      -114,
      -204,
      335,
      31
    ],
    "SliceThickness": 1,
    "SoftwareVersions": "syngo_MR_E11",
    "StationName": "AWP66018",
    "TxRefAmp": 230.856,
    "dataset": "ds003338",
    "modality": "T1w",
    "session_id": "01",
    "subject_id": "10"
  },
  "cjv": 0.49307435605001115,
  "cnr": 1.9076934745133733,
  "efc": 0.5178090275826835,
  "fber": 24160.31821170283,
  "fwhm_avg": 3.61594,
  "fwhm_x": 3.64174,
  "fwhm_y": 3.82854,
  "fwhm_z": 3.37754,
  "icvs_csf": 0.2703083979798988,
  "icvs_gm": 0.38533845763394503,
  "icvs_wm": 0.34435314438615605,
  "inu_med": 0.5780545771121979,
  "inu_range": 0.22184865623712546,
  "provenance": {
    "md5sum": "93c530b7735c356d965f4e39c1bff1f9",
    "settings": {
      "testing": false
    },
    "software": "mriqc",
    "version": "23.1.0",
    "warnings": {
      "large_rot_frame": true,
      "small_air_mask": false
    }
  },
  "qi_1": 0.0,
  "qi_2": 0.0016696310329221316,
  "rpve_csf": 7.336471377695363,
  "rpve_gm": 7.256175149583698,
  "rpve_wm": 7.348601018366947,
  "size_x": 176,
  "size_y": 256,
  "size_z": 256,
  "snr_csf": 1.7962607345400063,
  "snr_gm": 5.504345404964436,
  "snr_total": 5.784122595566501,
  "snr_wm": 10.051761647195061,
  "snrd_csf": 54.252044973176474,
  "snrd_gm": 100.27184585761088,
  "snrd_total": 99.69694889348482,
  "snrd_wm": 144.56695584966704,
  "spacing_x": 1.0,
  "spacing_y": 1.0,
  "spacing_z": 1.0,
  "summary_bg_k": 9.310742342887576,
  "summary_bg_mad": 0.0,
  "summary_bg_mean": 2.5720551716213627,
  "summary_bg_median": 0.0,
  "summary_bg_n": 4605195.0,
  "summary_bg_p05": 0.0,
  "summary_bg_p95": 11.39361248165369,
  "summary_bg_stdv": 4.370586573671476,
  "summary_csf_k": -0.8860148026137167,
  "summary_csf_mad": 166.3839615104173,
  "summary_csf_mean": 376.4712940680738,
  "summary_csf_median": 361.92960634455085,
  "summary_csf_n": 419272.65327884484,
  "summary_csf_p05": 82.19677576050162,
  "summary_csf_p95": 702.7557728216052,
  "summary_csf_stdv": 201.49033365188805,
  "summary_gm_k": -0.330469443402472,
  "summary_gm_mad": 79.17696392956341,
  "summary_gm_mean": 674.8982033768433,
  "summary_gm_median": 668.9397554807365,
  "summary_gm_n": 597694.6286166671,
  "summary_gm_p05": 476.45505594462156,
  "summary_gm_p95": 904.1364702805877,
  "summary_gm_stdv": 121.52929125364098,
  "summary_wm_k": -0.3375515258905293,
  "summary_wm_mad": 66.52862076898155,
  "summary_wm_mean": 938.7189903581949,
  "summary_wm_median": 964.4440397955477,
  "summary_wm_n": 534122.7190523074,
  "summary_wm_p05": 737.974944408983,
  "summary_wm_p95": 1053.9652807228267,
  "summary_wm_stdv": 95.94767273796651,
  "tpm_overlap_csf": 0.21271472792119273,
  "tpm_overlap_gm": 0.5271283935857396,
  "tpm_overlap_wm": 0.55709880074097,
  "wm2max": 0.637374137988398
}