{
  "aor": 0.00093677796327212,
  "aqi": 0.03029097512520868,
  "bids_meta": {
    "AcquisitionMatrixPE": 78,
    "AcquisitionNumber": 1,
    "AcquisitionTime": "18:31:57.452500",
    "BandwidthPerPixelPhaseEncode": 22.492,
    "BaseResolution": 78,
    "BodyPartExamined": "BRAIN",
    "ConsistencyInfo": "N4_VE11C_LATEST_20160120",
    "ConversionSoftware": "dcm2niix",
    "ConversionSoftwareVersion": "v1.0.20180328 GCC6.3.0",
    "DerivedVendorReportedEchoSpacing": 0.000570003,
    "DeviceSerialNumber": "66018",
    "DwellTime": 3e-06,
    "EchoTime": 0.03,
    "EchoTrainLength": 78,
    "EffectiveEchoSpacing": 0.000570003,
    "FlipAngle": 59,
    "ImageComments": "Unaliased_MB4_PE3_LB",
    "ImageOrientationPatientDICOM": [
      1,
      0,
      0,
      0,
      0.943223,
      -0.332161
    ],
    "ImageType": [
      "ORIGINAL",
      "PRIMARY",
      "M",
      "MB",
      "ND",
      "NORM",
      "MOSAIC"
    ],
    "InPlanePhaseEncodingDirectionDICOM": "COL",
    "InstitutionAddress": "Stadium_1952_Princeton_NJ_US_08544",
    "InstitutionName": "Princeton_University",
    "InstitutionalDepartmentName": "NeuroScience",
    "MRAcquisitionType": "2D",
    "MagneticFieldStrength": 3,
    "Manufacturer": "Siemens",
    "ManufacturersModelName": "Prisma",
    "Modality": "MR",
    "MultibandAccelerationFactor": 4,
    "PartialFourier": 1,
    "PatientPosition": "HFS",
    "PercentPhaseFOV": 100,
    "PhaseEncodingDirection": "j-",
    "PhaseEncodingSteps": 78,
    "PhaseResolution": 1,
    "PixelBandwidth": 2135,
    "ProcedureStepDescription": "Norman_Antony_ss",
    "ProtocolName": "func_task-view_run-3",
    "PulseSequenceDetails": "%CustomerSeq%_cmrr_mbep2d_bold",
    "ReceiveCoilActiveElements": "HC2,4,6,7;NC2",
    "ReceiveCoilName": "HeadNeck_64",
    "ReconMatrixPE": 78,
    "RepetitionTime": 1,
    "SAR": 0.0865572,
    "ScanOptions": "FS_EXT",
    "ScanningSequence": "EP",
    "SequenceName": "epfid2d1_78",
    "SequenceVariant": "SK_SS",
    "SeriesDescription": "func_task-view_run-3",
    "SeriesNumber": 9,
    "ShimSetting": [
      762,
      582,
      2130,
      681,
      -132,
      461,
      219,
      63
    ],
    "SliceThickness": 2.5,
    "SliceTiming": [
      0,
      0.21,
      0.42,
      0.63,
      0.84,
      0.07,
      0.28,
      0.49,
      0.7,
      0.91,
      0.14,
      0.35,
      0.56,
      0.77,
      0,
      0.21,
      0.42,
      0.63,
      0.84,
      0.07,
      0.28,
      0.49,
      0.7,
      0.91,
      0.14,
      0.35,
      0.56,
      0.77,
      0,
      0.21,
      0.42,
      0.63,
      0.84,
      0.07,
      0.28,
      0.49,
      0.7,
      0.91,
      0.14,
      0.35,
      0.56,
      0.77,
      0,
      0.21,
      0.42,
      0.63,
      0.84,
      0.07,
      0.28,
      0.49,
      0.7,
      0.91,
      0.14,
      0.35,
      0.56,
      0.77
    ],
    "SoftwareVersions": "syngo_MR_E11",
    "SpacingBetweenSlices": 2.5,
    "StationName": "AWP66018",
    "TotalReadoutTime": 0.0438902,
    "TxRefAmp": 305.896,
    "dataset": "ds003338",
    "modality": "bold",
    "run_id": 3,
    "session_id": "01",
    "subject_id": "06",
    "task_id": "view"
  },
  "dummy_trs": 1,
  "dvars_nstd": 52.19538195167087,
  "dvars_std": 1.190053244294068,
  "dvars_vstd": 0.9806632943107769,
  "efc": 0.6351561138633398,
  "fber": 355.9977722167969,
  "fd_mean": 0.25268446245099213,
  "fd_num": 431,
  "fd_perc": 35.97662771285476,
  "fwhm_avg": 2.0981920000000005,
  "fwhm_x": 2.09438,
  "fwhm_y": 2.045672,
  "fwhm_z": 2.154524,
  "gcor": 0.00803721,
  "gsr_x": -0.01932845450937748,
  "gsr_y": 0.07027008384466171,
  "provenance": {
    "md5sum": "3c03a8cc8ba011c2afd40c75df513eea",
    "settings": {
      "fd_thres": 0.2,
      "testing": false
    },
    "software": "mriqc",
    "version": "23.1.0"
  },
  "size_t": 1198,
  "size_x": 78,
  "size_y": 78,
  "size_z": 56,
  "snr": 4.258127474575831,
  "spacing_tr": 1.0,
  "spacing_x": 2.5,
  "spacing_y": 2.5,
  "spacing_z": 2.5,
  "summary_bg_k": 8.027959345450325,
  "summary_bg_mad": 525.1400992778799,
  "summary_bg_mean": 892.3226532088423,
  "summary_bg_median": 459.93426513671875,
  "summary_bg_n": 227959.0,
  "summary_bg_p05": 65.47792053222656,
  "summary_bg_p95": 3375.267333984375,
  "summary_bg_stdv": 1136.4098298260226,
  "summary_fg_k": 20.277931147927983,
  "summary_fg_mad": 1608.7776035007175,
  "summary_fg_mean": 8663.40949138797,
  "summary_fg_median": 8677.9951171875,
  "summary_fg_n": 112745.0,
  "summary_fg_p05": 5437.0458984375,
  "summary_fg_p95": 11419.552734375,
  "summary_fg_stdv": 2037.9748337410492,
  "tsnr": 27.635778427124023
}