{
  "aor": 0.0007713050314465409,
  "aqi": 0.02414876147798742,
  "bids_meta": {
    "AcquisitionMatrixPE": 78,
    "AcquisitionNumber": 1,
    "AcquisitionTime": "18:20:53.685000",
    "BandwidthPerPixelPhaseEncode": 22.492,
    "BaseResolution": 78,
    "BodyPartExamined": "BRAIN",
    "ConsistencyInfo": "N4_VE11C_LATEST_20160120",
    "ConversionSoftware": "dcm2niix",
    "ConversionSoftwareVersion": "v1.0.20180328 GCC6.3.0",
    "DerivedVendorReportedEchoSpacing": 0.000570003,
    "DeviceSerialNumber": "66018",
    "DwellTime": 3e-06,
    "EchoTime": 0.03,
    "EchoTrainLength": 78,
    "EffectiveEchoSpacing": 0.000570003,
    "FlipAngle": 59,
    "ImageComments": "Unaliased_MB4_PE3_LB",
    "ImageOrientationPatientDICOM": [
      1,
      0,
      0,
      0,
      0.943223,
      -0.332161
    ],
    "ImageType": [
      "ORIGINAL",
      "PRIMARY",
      "M",
      "MB",
      "ND",
      "NORM",
      "MOSAIC"
    ],
    "InPlanePhaseEncodingDirectionDICOM": "COL",
    "InstitutionAddress": "Stadium_1952_Princeton_NJ_US_08544",
    "InstitutionName": "Princeton_University",
    "InstitutionalDepartmentName": "NeuroScience",
    "MRAcquisitionType": "2D",
    "MagneticFieldStrength": 3,
    "Manufacturer": "Siemens",
    "ManufacturersModelName": "Prisma",
    "Modality": "MR",
    "MultibandAccelerationFactor": 4,
    "PartialFourier": 1,
    "PatientPosition": "HFS",
    "PercentPhaseFOV": 100,
    "PhaseEncodingDirection": "j-",
    "PhaseEncodingSteps": 78,
    "PhaseResolution": 1,
    "PixelBandwidth": 2135,
    "ProcedureStepDescription": "Norman_Antony_ss",
    "ProtocolName": "func_task-recall_run-2",
    "PulseSequenceDetails": "%CustomerSeq%_cmrr_mbep2d_bold",
    "ReceiveCoilActiveElements": "HC2,4,6,7;NC2",
    "ReceiveCoilName": "HeadNeck_64",
    "ReconMatrixPE": 78,
    "RepetitionTime": 1,
    "SAR": 0.0865572,
    "ScanOptions": "FS_EXT",
    "ScanningSequence": "EP",
    "SequenceName": "epfid2d1_78",
    "SequenceVariant": "SK_SS",
    "SeriesDescription": "func_task-recall_run-2",
    "SeriesNumber": 8,
    "ShimSetting": [
      762,
      582,
      2130,
      681,
      -132,
      461,
      219,
      63
    ],
    "SliceThickness": 2.5,
    "SliceTiming": [
      0,
      0.21,
      0.42,
      0.63,
      0.84,
      0.07,
      0.28,
      0.49,
      0.7,
      0.91,
      0.14,
      0.35,
      0.56,
      0.77,
      0,
      0.21,
      0.42,
      0.63,
      0.84,
      0.07,
      0.28,
      0.49,
      0.7,
      0.91,
      0.14,
      0.35,
      0.56,
      0.77,
      0,
      0.21,
      0.42,
      0.63,
      0.84,
      0.07,
      0.28,
      0.49,
      0.7,
      0.91,
      0.14,
      0.35,
      0.56,
      0.77,
      0,
      0.21,
      0.42,
      0.63,
      0.84,
      0.07,
      0.28,
      0.49,
      0.7,
      0.91,
      0.14,
      0.35,
      0.56,
      0.77
    ],
    "SoftwareVersions": "syngo_MR_E11",
    "SpacingBetweenSlices": 2.5,
    "StationName": "AWP66018",
    "TotalReadoutTime": 0.0438902,
    "TxRefAmp": 305.896,
    "dataset": "ds003338",
    "modality": "bold",
    "run_id": 2,
    "session_id": "01",
    "subject_id": "06",
    "task_id": "recall"
  },
  "dummy_trs": 1,
  "dvars_nstd": 53.589647698519656,
  "dvars_std": 1.1834464997007874,
  "dvars_vstd": 1.0040887973385824,
  "efc": 0.6338625850992453,
  "fber": 365.9965515136719,
  "fd_mean": 0.2969834884412737,
  "fd_num": 413,
  "fd_perc": 64.937106918239,
  "fwhm_avg": 2.0412679999999996,
  "fwhm_x": 2.042208,
  "fwhm_y": 2.0036639999999997,
  "fwhm_z": 2.0779319999999997,
  "gcor": 0.0236905,
  "gsr_x": -0.018515193834900856,
  "gsr_y": 0.0723501443862915,
  "provenance": {
    "md5sum": "0f8a064286a280c2a68b295374c8aefb",
    "settings": {
      "fd_thres": 0.2,
      "testing": false
    },
    "software": "mriqc",
    "version": "23.1.0"
  },
  "size_t": 636,
  "size_x": 78,
  "size_y": 78,
  "size_z": 56,
  "snr": 4.1940955596763665,
  "spacing_tr": 1.0,
  "spacing_x": 2.5,
  "spacing_y": 2.5,
  "spacing_z": 2.5,
  "summary_bg_k": 8.189411478619228,
  "summary_bg_mad": 520.557676159637,
  "summary_bg_mean": 893.9125735846164,
  "summary_bg_median": 452.9699401855469,
  "summary_bg_n": 228346.0,
  "summary_bg_p05": 64.09591674804688,
  "summary_bg_p95": 3398.780029296875,
  "summary_bg_stdv": 1153.774314251626,
  "summary_fg_k": 20.451658343821975,
  "summary_fg_mad": 1620.3025191836323,
  "summary_fg_mean": 8651.904752794168,
  "summary_fg_median": 8665.7841796875,
  "summary_fg_n": 112358.0,
  "summary_fg_p05": 5379.16748046875,
  "summary_fg_p95": 11461.2578125,
  "summary_fg_stdv": 2066.1774375495174,
  "tsnr": 29.472915649414062
}