{
  "aor": 0.0006307969924812031,
  "aqi": 0.025399830977443607,
  "bids_meta": {
    "AcquisitionMatrixPE": 78,
    "AcquisitionNumber": 1,
    "AcquisitionTime": "18:52:35.172500",
    "BandwidthPerPixelPhaseEncode": 22.492,
    "BaseResolution": 78,
    "BodyPartExamined": "BRAIN",
    "ConsistencyInfo": "N4_VE11C_LATEST_20160120",
    "ConversionSoftware": "dcm2niix",
    "ConversionSoftwareVersion": "v1.0.20180328 GCC6.3.0",
    "DerivedVendorReportedEchoSpacing": 0.000570003,
    "DeviceSerialNumber": "66018",
    "DwellTime": 3e-06,
    "EchoTime": 0.03,
    "EchoTrainLength": 78,
    "EffectiveEchoSpacing": 0.000570003,
    "FlipAngle": 59,
    "ImageComments": "Unaliased_MB4_PE3_LB",
    "ImageOrientationPatientDICOM": [
      1,
      0,
      0,
      0,
      0.943223,
      -0.332161
    ],
    "ImageType": [
      "ORIGINAL",
      "PRIMARY",
      "M",
      "MB",
      "ND",
      "NORM",
      "MOSAIC"
    ],
    "InPlanePhaseEncodingDirectionDICOM": "COL",
    "InstitutionAddress": "Stadium_1952_Princeton_NJ_US_08544",
    "InstitutionName": "Princeton_University",
    "InstitutionalDepartmentName": "NeuroScience",
    "MRAcquisitionType": "2D",
    "MagneticFieldStrength": 3,
    "Manufacturer": "Siemens",
    "ManufacturersModelName": "Prisma",
    "Modality": "MR",
    "MultibandAccelerationFactor": 4,
    "PartialFourier": 1,
    "PatientPosition": "HFS",
    "PercentPhaseFOV": 100,
    "PhaseEncodingDirection": "j-",
    "PhaseEncodingSteps": 78,
    "PhaseResolution": 1,
    "PixelBandwidth": 2135,
    "ProcedureStepDescription": "Norman_Antony_ss",
    "ProtocolName": "func_task-recall_run-3",
    "PulseSequenceDetails": "%CustomerSeq%_cmrr_mbep2d_bold",
    "ReceiveCoilActiveElements": "HC2,4,6,7;NC2",
    "ReceiveCoilName": "HeadNeck_64",
    "ReconMatrixPE": 78,
    "RepetitionTime": 1,
    "SAR": 0.0865572,
    "ScanOptions": "FS_EXT",
    "ScanningSequence": "EP",
    "SequenceName": "epfid2d1_78",
    "SequenceVariant": "SK_SS",
    "SeriesDescription": "func_task-recall_run-3",
    "SeriesNumber": 10,
    "ShimSetting": [
      762,
      582,
      2130,
      681,
      -132,
      461,
      219,
      63
    ],
    "SliceThickness": 2.5,
    "SliceTiming": [
      0,
      0.21,
      0.42,
      0.63,
      0.84,
      0.07,
      0.28,
      0.49,
      0.7,
      0.91,
      0.14,
      0.35,
      0.56,
      0.77,
      0,
      0.21,
      0.42,
      0.63,
      0.84,
      0.07,
      0.28,
      0.49,
      0.7,
      0.91,
      0.14,
      0.35,
      0.56,
      0.77,
      0,
      0.21,
      0.42,
      0.63,
      0.84,
      0.07,
      0.28,
      0.49,
      0.7,
      0.91,
      0.14,
      0.35,
      0.56,
      0.77,
      0,
      0.21,
      0.42,
      0.63,
      0.84,
      0.07,
      0.28,
      0.49,
      0.7,
      0.91,
      0.14,
      0.35,
      0.56,
      0.77
    ],
    "SoftwareVersions": "syngo_MR_E11",
    "SpacingBetweenSlices": 2.5,
    "StationName": "AWP66018",
    "TotalReadoutTime": 0.0438902,
    "TxRefAmp": 305.896,
    "dataset": "ds003338",
    "modality": "bold",
    "run_id": 3,
    "session_id": "01",
    "subject_id": "06",
    "task_id": "recall"
  },
  "dummy_trs": 0,
  "dvars_nstd": 53.36622084754525,
  "dvars_std": 1.1921103745632542,
  "dvars_vstd": 0.9923954360542173,
  "efc": 0.63578731492337,
  "fber": 333.1921081542969,
  "fd_mean": 0.23767445823374037,
  "fd_num": 337,
  "fd_perc": 50.67669172932331,
  "fwhm_avg": 2.032992,
  "fwhm_x": 2.033064,
  "fwhm_y": 1.9854399999999999,
  "fwhm_z": 2.080472,
  "gcor": 0.0167186,
  "gsr_x": -0.02042497508227825,
  "gsr_y": 0.0709751695394516,
  "provenance": {
    "md5sum": "a83e2b6795873bcfc4addd2698dbd294",
    "settings": {
      "fd_thres": 0.2,
      "testing": false
    },
    "software": "mriqc",
    "version": "23.1.0"
  },
  "size_t": 665,
  "size_x": 78,
  "size_y": 78,
  "size_z": 56,
  "snr": 4.167178735611867,
  "spacing_tr": 1.0,
  "spacing_x": 2.5,
  "spacing_y": 2.5,
  "spacing_z": 2.5,
  "summary_bg_k": 8.274038003655614,
  "summary_bg_mad": 538.500961357322,
  "summary_bg_mean": 910.3864873167356,
  "summary_bg_median": 471.9525451660156,
  "summary_bg_n": 228657.0,
  "summary_bg_p05": 66.65010833740234,
  "summary_bg_p95": 3416.757568359375,
  "summary_bg_stdv": 1160.8217847860133,
  "summary_fg_k": 22.838627357123098,
  "summary_fg_mad": 1580.734124623535,
  "summary_fg_mean": 8600.563698604321,
  "summary_fg_median": 8614.8095703125,
  "summary_fg_n": 112047.0,
  "summary_fg_p05": 5341.1591796875,
  "summary_fg_p95": 11341.564453125,
  "summary_fg_stdv": 2067.291007646876,
  "tsnr": 29.99947738647461
}