{
  "aor": 0.001086224237427865,
  "aqi": 0.014176724921681781,
  "bids_meta": {
    "AcquisitionMatrixPE": 78,
    "AcquisitionNumber": 1,
    "AcquisitionTime": "17:01:10.045000",
    "BandwidthPerPixelPhaseEncode": 22.492,
    "BaseResolution": 78,
    "BodyPartExamined": "BRAIN",
    "ConsistencyInfo": "N4_VE11C_LATEST_20160120",
    "ConversionSoftware": "dcm2niix",
    "ConversionSoftwareVersion": "v1.0.20180328 GCC6.3.0",
    "DerivedVendorReportedEchoSpacing": 0.000570003,
    "DeviceSerialNumber": "66018",
    "DwellTime": 3e-06,
    "EchoTime": 0.03,
    "EchoTrainLength": 78,
    "EffectiveEchoSpacing": 0.000570003,
    "FlipAngle": 59,
    "ImageComments": "Unaliased_MB4_PE3_LB",
    "ImageOrientationPatientDICOM": [
      1,
      0,
      0,
      0,
      0.960779,
      -0.277315
    ],
    "ImageType": [
      "ORIGINAL",
      "PRIMARY",
      "M",
      "MB",
      "ND",
      "NORM",
      "MOSAIC"
    ],
    "InPlanePhaseEncodingDirectionDICOM": "COL",
    "InstitutionAddress": "Stadium_1952_Princeton_NJ_US_08544",
    "InstitutionName": "Princeton_University",
    "InstitutionalDepartmentName": "NeuroScience",
    "MRAcquisitionType": "2D",
    "MagneticFieldStrength": 3,
    "Manufacturer": "Siemens",
    "ManufacturersModelName": "Prisma",
    "Modality": "MR",
    "MultibandAccelerationFactor": 4,
    "PartialFourier": 1,
    "PatientPosition": "HFS",
    "PercentPhaseFOV": 100,
    "PhaseEncodingDirection": "j-",
    "PhaseEncodingSteps": 78,
    "PhaseResolution": 1,
    "PixelBandwidth": 2135,
    "ProcedureStepDescription": "Norman_Antony_ss",
    "ProtocolName": "func_task-view_run-1",
    "PulseSequenceDetails": "%CustomerSeq%_cmrr_mbep2d_bold",
    "ReceiveCoilActiveElements": "HC1-7",
    "ReceiveCoilName": "HeadNeck_64",
    "ReconMatrixPE": 78,
    "RepetitionTime": 1,
    "SAR": 0.0787601,
    "ScanOptions": "FS_EXT",
    "ScanningSequence": "EP",
    "SequenceName": "epfid2d1_78",
    "SequenceVariant": "SK_SS",
    "SeriesDescription": "func_task-view_run-1",
    "SeriesNumber": 2,
    "ShimSetting": [
      748,
      577,
      2077,
      552,
      -179,
      171,
      178,
      55
    ],
    "SliceThickness": 2.5,
    "SliceTiming": [
      0,
      0.21,
      0.42,
      0.63,
      0.84,
      0.07,
      0.28,
      0.49,
      0.7,
      0.91,
      0.14,
      0.35,
      0.56,
      0.77,
      0,
      0.21,
      0.42,
      0.63,
      0.84,
      0.07,
      0.28,
      0.49,
      0.7,
      0.91,
      0.14,
      0.35,
      0.56,
      0.77,
      0,
      0.21,
      0.42,
      0.63,
      0.84,
      0.07,
      0.28,
      0.49,
      0.7,
      0.91,
      0.14,
      0.35,
      0.56,
      0.77,
      0,
      0.21,
      0.42,
      0.63,
      0.84,
      0.07,
      0.28,
      0.49,
      0.7,
      0.91,
      0.14,
      0.35,
      0.56,
      0.77
    ],
    "SoftwareVersions": "syngo_MR_E11",
    "SpacingBetweenSlices": 2.5,
    "StationName": "AWP66018",
    "TotalReadoutTime": 0.0438902,
    "TxRefAmp": 293.381,
    "dataset": "ds003338",
    "modality": "bold",
    "run_id": 1,
    "session_id": "01",
    "subject_id": "06",
    "task_id": "view"
  },
  "dummy_trs": 0,
  "dvars_nstd": 33.50913978792907,
  "dvars_std": 1.2359954012293726,
  "dvars_vstd": 1.005621326179867,
  "efc": 0.6165803368497108,
  "fber": 1348.491455078125,
  "fd_mean": 0.2308155999313722,
  "fd_num": 708,
  "fd_perc": 58.367683429513605,
  "fwhm_avg": 1.8550973333333332,
  "fwhm_x": 1.711484,
  "fwhm_y": 2.0151879999999998,
  "fwhm_z": 1.83862,
  "gcor": 0.0238639,
  "gsr_x": -0.020764177665114403,
  "gsr_y": 0.053230755031108856,
  "provenance": {
    "md5sum": "0cb262b668121c87017e7652f51aa2a5",
    "settings": {
      "fd_thres": 0.2,
      "testing": false
    },
    "software": "mriqc",
    "version": "23.1.0"
  },
  "size_t": 1213,
  "size_x": 78,
  "size_y": 78,
  "size_z": 56,
  "snr": 5.338181836639777,
  "spacing_tr": 1.0,
  "spacing_x": 2.5,
  "spacing_y": 2.5,
  "spacing_z": 2.5,
  "summary_bg_k": 7.846626309332718,
  "summary_bg_mad": 248.32561219865542,
  "summary_bg_mean": 831.8079578933774,
  "summary_bg_median": 257.9646301269531,
  "summary_bg_n": 231223.0,
  "summary_bg_p05": 68.38375854492188,
  "summary_bg_p95": 3694.829833984375,
  "summary_bg_stdv": 1248.8530173740467,
  "summary_fg_k": 2.32510712147214,
  "summary_fg_mad": 1434.605867388941,
  "summary_fg_mean": 9365.049701276297,
  "summary_fg_median": 9472.9287109375,
  "summary_fg_n": 109481.0,
  "summary_fg_p05": 6058.12841796875,
  "summary_fg_p95": 11999.029296875,
  "summary_fg_stdv": 1774.5527855440305,
  "tsnr": 45.43716812133789
}