{
  "aor": 0.001111168831168831,
  "aqi": 0.01886190832096475,
  "bids_meta": {
    "AcquisitionMatrixPE": 78,
    "AcquisitionNumber": 1,
    "AcquisitionTime": "17:27:59.275000",
    "BandwidthPerPixelPhaseEncode": 22.492,
    "BaseResolution": 78,
    "BodyPartExamined": "BRAIN",
    "ConsistencyInfo": "N4_VE11C_LATEST_20160120",
    "ConversionSoftware": "dcm2niix",
    "ConversionSoftwareVersion": "v1.0.20180328 GCC6.3.0",
    "DerivedVendorReportedEchoSpacing": 0.000570003,
    "DeviceSerialNumber": "66018",
    "DwellTime": 3e-06,
    "EchoTime": 0.03,
    "EchoTrainLength": 78,
    "EffectiveEchoSpacing": 0.000570003,
    "FlipAngle": 59,
    "ImageComments": "Unaliased_MB4_PE3_LB",
    "ImageOrientationPatientDICOM": [
      1,
      0,
      0,
      0,
      0.960779,
      -0.277315
    ],
    "ImageType": [
      "ORIGINAL",
      "PRIMARY",
      "M",
      "MB",
      "ND",
      "NORM",
      "MOSAIC"
    ],
    "InPlanePhaseEncodingDirectionDICOM": "COL",
    "InstitutionAddress": "Stadium_1952_Princeton_NJ_US_08544",
    "InstitutionName": "Princeton_University",
    "InstitutionalDepartmentName": "NeuroScience",
    "MRAcquisitionType": "2D",
    "MagneticFieldStrength": 3,
    "Manufacturer": "Siemens",
    "ManufacturersModelName": "Prisma",
    "Modality": "MR",
    "MultibandAccelerationFactor": 4,
    "PartialFourier": 1,
    "PatientPosition": "HFS",
    "PercentPhaseFOV": 100,
    "PhaseEncodingDirection": "j-",
    "PhaseEncodingSteps": 78,
    "PhaseResolution": 1,
    "PixelBandwidth": 2135,
    "ProcedureStepDescription": "Norman_Antony_ss",
    "ProtocolName": "func_task-recall_run-1",
    "PulseSequenceDetails": "%CustomerSeq%_cmrr_mbep2d_bold",
    "ReceiveCoilActiveElements": "HC1-7",
    "ReceiveCoilName": "HeadNeck_64",
    "ReconMatrixPE": 78,
    "RepetitionTime": 1,
    "SAR": 0.0787601,
    "ScanOptions": "FS_EXT",
    "ScanningSequence": "EP",
    "SequenceName": "epfid2d1_78",
    "SequenceVariant": "SK_SS",
    "SeriesDescription": "func_task-recall_run-1",
    "SeriesNumber": 4,
    "ShimSetting": [
      748,
      577,
      2077,
      552,
      -179,
      171,
      178,
      55
    ],
    "SliceThickness": 2.5,
    "SliceTiming": [
      0,
      0.21,
      0.4175,
      0.6275,
      0.8375,
      0.07,
      0.28,
      0.4875,
      0.6975,
      0.9075,
      0.14,
      0.35,
      0.5575,
      0.7675,
      0,
      0.21,
      0.4175,
      0.6275,
      0.8375,
      0.07,
      0.28,
      0.4875,
      0.6975,
      0.9075,
      0.14,
      0.35,
      0.5575,
      0.7675,
      0,
      0.21,
      0.4175,
      0.6275,
      0.8375,
      0.07,
      0.28,
      0.4875,
      0.6975,
      0.9075,
      0.14,
      0.35,
      0.5575,
      0.7675,
      0,
      0.21,
      0.4175,
      0.6275,
      0.8375,
      0.07,
      0.28,
      0.4875,
      0.6975,
      0.9075,
      0.14,
      0.35,
      0.5575,
      0.7675
    ],
    "SoftwareVersions": "syngo_MR_E11",
    "SpacingBetweenSlices": 2.5,
    "StationName": "AWP66018",
    "TotalReadoutTime": 0.0438902,
    "TxRefAmp": 293.381,
    "dataset": "ds003338",
    "modality": "bold",
    "run_id": 1,
    "session_id": "01",
    "subject_id": "06",
    "task_id": "recall"
  },
  "dummy_trs": 0,
  "dvars_nstd": 38.51572575832872,
  "dvars_std": 1.2258776930919213,
  "dvars_vstd": 1.0129108761745607,
  "efc": 0.6167176486907973,
  "fber": 1324.1304931640625,
  "fd_mean": 0.31410263634084384,
  "fd_num": 753,
  "fd_perc": 69.85157699443414,
  "fwhm_avg": 1.8626293333333335,
  "fwhm_x": 1.7319559999999998,
  "fwhm_y": 2.039804,
  "fwhm_z": 1.8161280000000002,
  "gcor": 0.0273527,
  "gsr_x": -0.019153514876961708,
  "gsr_y": 0.05128088220953941,
  "provenance": {
    "md5sum": "1ba4cfa8b67318a6670ca9829a5d5407",
    "settings": {
      "fd_thres": 0.2,
      "testing": false
    },
    "software": "mriqc",
    "version": "23.1.0"
  },
  "size_t": 1078,
  "size_x": 78,
  "size_y": 78,
  "size_z": 56,
  "snr": 5.308049914095793,
  "spacing_tr": 1.0,
  "spacing_x": 2.5,
  "spacing_y": 2.5,
  "spacing_z": 2.5,
  "summary_bg_k": 7.8824022824494495,
  "summary_bg_mad": 253.14090788444506,
  "summary_bg_mean": 851.3225787979954,
  "summary_bg_median": 257.8182067871094,
  "summary_bg_n": 232318.0,
  "summary_bg_p05": 57.80734634399414,
  "summary_bg_p95": 3783.696533203125,
  "summary_bg_stdv": 1283.876255278533,
  "summary_fg_k": 2.72172086811062,
  "summary_fg_mad": 1441.2348656872105,
  "summary_fg_mean": 9293.48794745424,
  "summary_fg_median": 9381.64453125,
  "summary_fg_n": 108386.0,
  "summary_fg_p05": 6057.439453125,
  "summary_fg_p95": 11956.375,
  "summary_fg_stdv": 1767.4289812873099,
  "tsnr": 39.48091506958008
}