{
  "bids_meta": {
    "AcquisitionMatrixPE": 256,
    "AcquisitionNumber": 1,
    "AcquisitionTime": "13:54:59.885000",
    "BaseResolution": 256,
    "BodyPartExamined": "BRAIN",
    "ConsistencyInfo": "N4_VE11C_LATEST_20160120",
    "ConversionSoftware": "dcm2niix",
    "ConversionSoftwareVersion": "v1.0.20180328 GCC6.3.0",
    "DeviceSerialNumber": "66018",
    "DwellTime": 9.8e-06,
    "EchoTime": 0.0033,
    "FlipAngle": 7,
    "ImageOrientationPatientDICOM": [
      0,
      1,
      0,
      0,
      0,
      -1
    ],
    "ImageType": [
      "ORIGINAL",
      "PRIMARY",
      "M",
      "ND",
      "NORM"
    ],
    "InPlanePhaseEncodingDirectionDICOM": "ROW",
    "InstitutionAddress": "Stadium_1952_Princeton_NJ_US_08544",
    "InstitutionName": "Princeton_University",
    "InstitutionalDepartmentName": "NeuroScience",
    "InversionTime": 1.1,
    "MRAcquisitionType": "3D",
    "MagneticFieldStrength": 3,
    "Manufacturer": "Siemens",
    "ManufacturersModelName": "Prisma",
    "Modality": "MR",
    "ParallelReductionFactorInPlane": 2,
    "PartialFourier": 1,
    "PatientPosition": "HFS",
    "PercentPhaseFOV": 100,
    "PhaseEncodingSteps": 255,
    "PhaseResolution": 1,
    "PixelBandwidth": 200,
    "ProcedureStepDescription": "NormaL_Antony_ss",
    "ProtocolName": "anat_T1w",
    "PulseSequenceDetails": "%SiemensSeq%_tfl",
    "ReceiveCoilActiveElements": "HC1-7;NC1",
    "ReceiveCoilName": "HeadNeck_64",
    "ReconMatrixPE": 256,
    "RepetitionTime": 2.53,
    "SAR": 0.0426936,
    "ScanOptions": "IR",
    "ScanningSequence": "GR_IR",
    "SequenceName": "_tfl3d1_16ns",
    "SequenceVariant": "SK_SP_MP",
    "SeriesDescription": "anat_T1w",
    "SeriesNumber": 11,
    "ShimSetting": [
      754,
      571,
      2017,
      429,
      -92,
      -243,
      261,
      54
    ],
    "SliceThickness": 1,
    "SoftwareVersions": "syngo_MR_E11",
    "StationName": "AWP66018",
    "TxRefAmp": 247.431,
    "dataset": "ds003338",
    "modality": "T1w",
    "session_id": "01",
    "subject_id": "11"
  },
  "cjv": 0.48314396076489746,
  "cnr": 2.362890448942708,
  "efc": 0.538400243822812,
  "fber": -1.0,
  "fwhm_avg": 3.77243,
  "fwhm_x": 3.80803,
  "fwhm_y": 3.9876,
  "fwhm_z": 3.52166,
  "icvs_csf": 0.25616768730382145,
  "icvs_gm": 0.3959391036127083,
  "icvs_wm": 0.34789320908347027,
  "inu_med": 0.536079615354538,
  "inu_range": 0.22347488552331918,
  "provenance": {
    "md5sum": "e5fca850ec73caca1d2eb5eb694cf9b2",
    "settings": {
      "testing": false
    },
    "software": "mriqc",
    "version": "23.1.0",
    "warnings": {
      "large_rot_frame": true,
      "small_air_mask": false
    }
  },
  "qi_1": 0.0,
  "qi_2": 0.0017882410114784316,
  "rpve_csf": 7.084552481569611,
  "rpve_gm": 7.042197489936917,
  "rpve_wm": 7.153664461141365,
  "size_x": 176,
  "size_y": 256,
  "size_z": 256,
  "snr_csf": 2.3568543596461753,
  "snr_gm": 6.6195720967743386,
  "snr_total": 7.424868573575657,
  "snr_wm": 13.298179264306459,
  "snrd_csf": 79.20259646802863,
  "snrd_gm": 109.14063148645809,
  "snrd_total": 115.14484617744449,
  "snrd_wm": 157.09131057784677,
  "spacing_x": 1.0,
  "spacing_y": 1.0,
  "spacing_z": 1.0,
  "summary_bg_k": 18.7600178052232,
  "summary_bg_mad": 0.0,
  "summary_bg_mean": 2.0119433877527886,
  "summary_bg_median": 0.0,
  "summary_bg_n": 4771818.0,
  "summary_bg_p05": 0.0,
  "summary_bg_p95": 10.218102617189288,
  "summary_bg_stdv": 4.073520939652903,
  "summary_csf_k": -0.24008632013621112,
  "summary_csf_mad": 169.68048203318946,
  "summary_csf_mean": 474.3912030658933,
  "summary_csf_median": 492.46757650375366,
  "summary_csf_n": 409720.2349931807,
  "summary_csf_p05": 122.31743377447128,
  "summary_csf_p95": 787.9930920507759,
  "summary_csf_stdv": 208.95095766419044,
  "summary_gm_k": -0.6737779373856627,
  "summary_gm_mad": 84.34020030333386,
  "summary_gm_mean": 684.5952352685135,
  "summary_gm_median": 678.6169227156788,
  "summary_gm_n": 633273.7133344458,
  "summary_gm_p05": 523.6715133469552,
  "summary_gm_p95": 860.319270722568,
  "summary_gm_stdv": 102.5166547012171,
  "summary_wm_k": -0.1990347481982977,
  "summary_wm_mad": 59.708565168631615,
  "summary_wm_mean": 963.8294503722994,
  "summary_wm_median": 976.7656675409526,
  "summary_wm_n": 556428.0525715034,
  "summary_wm_p05": 820.5461182370782,
  "summary_wm_p95": 1062.3828745558858,
  "summary_wm_stdv": 73.45101689609676,
  "tpm_overlap_csf": 0.22776374467063412,
  "tpm_overlap_gm": 0.5150019490985371,
  "tpm_overlap_wm": 0.5274346815925404,
  "wm2max": 0.7033163053865887
}