{
  "aor": 0.0013714029850746268,
  "aqi": 0.010899462656716418,
  "bids_meta": {
    "AcquisitionMatrixPE": 78,
    "AcquisitionNumber": 1,
    "AcquisitionTime": "13:23:9.712500",
    "BandwidthPerPixelPhaseEncode": 22.492,
    "BaseResolution": 78,
    "BodyPartExamined": "BRAIN",
    "ConsistencyInfo": "N4_VE11C_LATEST_20160120",
    "ConversionSoftware": "dcm2niix",
    "ConversionSoftwareVersion": "v1.0.20180328 GCC6.3.0",
    "DerivedVendorReportedEchoSpacing": 0.000570003,
    "DeviceSerialNumber": "66018",
    "DwellTime": 3e-06,
    "EchoTime": 0.03,
    "EchoTrainLength": 78,
    "EffectiveEchoSpacing": 0.000570003,
    "FlipAngle": 59,
    "ImageComments": "Unaliased_MB4_PE3_LB",
    "ImageOrientationPatientDICOM": [
      1,
      0,
      0,
      0,
      0.984808,
      -0.173648
    ],
    "ImageType": [
      "ORIGINAL",
      "PRIMARY",
      "M",
      "MB",
      "ND",
      "NORM",
      "MOSAIC"
    ],
    "InPlanePhaseEncodingDirectionDICOM": "COL",
    "InstitutionAddress": "Stadium_1952_Princeton_NJ_US_08544",
    "InstitutionName": "Princeton_University",
    "InstitutionalDepartmentName": "NeuroScience",
    "MRAcquisitionType": "2D",
    "MagneticFieldStrength": 3,
    "Manufacturer": "Siemens",
    "ManufacturersModelName": "Prisma",
    "Modality": "MR",
    "MultibandAccelerationFactor": 4,
    "PartialFourier": 1,
    "PatientPosition": "HFS",
    "PercentPhaseFOV": 100,
    "PhaseEncodingDirection": "j-",
    "PhaseEncodingSteps": 78,
    "PhaseResolution": 1,
    "PixelBandwidth": 2135,
    "ProcedureStepDescription": "NormaL_Antony_ss",
    "ProtocolName": "func_task-recall_run-2",
    "PulseSequenceDetails": "%CustomerSeq%_cmrr_mbep2d_bold",
    "ReceiveCoilActiveElements": "HC1-7",
    "ReceiveCoilName": "HeadNeck_64",
    "ReconMatrixPE": 78,
    "RepetitionTime": 1,
    "SAR": 0.0629465,
    "ScanOptions": "FS_EXT",
    "ScanningSequence": "EP",
    "SequenceName": "epfid2d1_78",
    "SequenceVariant": "SK_SS",
    "SeriesDescription": "func_task-recall_run-2",
    "SeriesNumber": 7,
    "ShimSetting": [
      755,
      531,
      2070,
      732,
      -156,
      233,
      100,
      53
    ],
    "SliceThickness": 2.5,
    "SliceTiming": [
      0,
      0.21,
      0.42,
      0.63,
      0.84,
      0.07,
      0.28,
      0.49,
      0.7,
      0.91,
      0.14,
      0.35,
      0.56,
      0.77,
      0,
      0.21,
      0.42,
      0.63,
      0.84,
      0.07,
      0.28,
      0.49,
      0.7,
      0.91,
      0.14,
      0.35,
      0.56,
      0.77,
      0,
      0.21,
      0.42,
      0.63,
      0.84,
      0.07,
      0.28,
      0.49,
      0.7,
      0.91,
      0.14,
      0.35,
      0.56,
      0.77,
      0,
      0.21,
      0.42,
      0.63,
      0.84,
      0.07,
      0.28,
      0.49,
      0.7,
      0.91,
      0.14,
      0.35,
      0.56,
      0.77
    ],
    "SoftwareVersions": "syngo_MR_E11",
    "SpacingBetweenSlices": 2.5,
    "StationName": "AWP66018",
    "TotalReadoutTime": 0.0438902,
    "TxRefAmp": 250.38,
    "dataset": "ds003338",
    "modality": "bold",
    "run_id": 2,
    "session_id": "01",
    "subject_id": "14",
    "task_id": "recall"
  },
  "dummy_trs": 1,
  "dvars_nstd": 37.1301059722455,
  "dvars_std": 1.2907236055688631,
  "dvars_vstd": 1.017800924760479,
  "efc": 0.6036648152844077,
  "fber": 1619.7159423828125,
  "fd_mean": 0.17597095990852424,
  "fd_num": 104,
  "fd_perc": 31.044776119402986,
  "fwhm_avg": 1.8635853333333332,
  "fwhm_x": 1.786008,
  "fwhm_y": 1.967992,
  "fwhm_z": 1.836756,
  "gcor": 0.022863,
  "gsr_x": 0.007237076293677092,
  "gsr_y": 0.06036651134490967,
  "provenance": {
    "md5sum": "3a79a8fb6862dcec60eaa19693657cfa",
    "settings": {
      "fd_thres": 0.2,
      "testing": false
    },
    "software": "mriqc",
    "version": "23.1.0"
  },
  "size_t": 335,
  "size_x": 78,
  "size_y": 78,
  "size_z": 56,
  "snr": 5.217770656379923,
  "spacing_tr": 1.0,
  "spacing_x": 2.5,
  "spacing_y": 2.5,
  "spacing_z": 2.5,
  "summary_bg_k": 10.697011391137934,
  "summary_bg_mad": 260.42081823611954,
  "summary_bg_mean": 923.0597821127874,
  "summary_bg_median": 272.60198974609375,
  "summary_bg_n": 235110.0,
  "summary_bg_p05": 74.66340637207031,
  "summary_bg_p95": 4082.30126953125,
  "summary_bg_stdv": 1448.0569514942406,
  "summary_fg_k": 1.946979930465452,
  "summary_fg_mad": 1892.1710813677746,
  "summary_fg_mean": 10956.534068699802,
  "summary_fg_median": 10971.05615234375,
  "summary_fg_n": 105594.0,
  "summary_fg_p05": 7575.005859375,
  "summary_fg_p95": 14350.5107421875,
  "summary_fg_stdv": 2102.6229256676743,
  "tsnr": 51.66808891296387
}