{
  "aor": 0.0007339918699186992,
  "aqi": 0.012411657008130081,
  "bids_meta": {
    "AcquisitionMatrixPE": 78,
    "AcquisitionNumber": 1,
    "AcquisitionTime": "13:32:23.140000",
    "BandwidthPerPixelPhaseEncode": 22.492,
    "BaseResolution": 78,
    "BodyPartExamined": "BRAIN",
    "ConsistencyInfo": "N4_VE11C_LATEST_20160120",
    "ConversionSoftware": "dcm2niix",
    "ConversionSoftwareVersion": "v1.0.20180328 GCC6.3.0",
    "DerivedVendorReportedEchoSpacing": 0.000570003,
    "DeviceSerialNumber": "66018",
    "DwellTime": 3e-06,
    "EchoTime": 0.03,
    "EchoTrainLength": 78,
    "EffectiveEchoSpacing": 0.000570003,
    "FlipAngle": 59,
    "ImageComments": "Unaliased_MB4_PE3_LB",
    "ImageOrientationPatientDICOM": [
      1,
      0,
      0,
      0,
      0.984808,
      -0.173648
    ],
    "ImageType": [
      "ORIGINAL",
      "PRIMARY",
      "M",
      "MB",
      "ND",
      "NORM",
      "MOSAIC"
    ],
    "InPlanePhaseEncodingDirectionDICOM": "COL",
    "InstitutionAddress": "Stadium_1952_Princeton_NJ_US_08544",
    "InstitutionName": "Princeton_University",
    "InstitutionalDepartmentName": "NeuroScience",
    "MRAcquisitionType": "2D",
    "MagneticFieldStrength": 3,
    "Manufacturer": "Siemens",
    "ManufacturersModelName": "Prisma",
    "Modality": "MR",
    "MultibandAccelerationFactor": 4,
    "PartialFourier": 1,
    "PatientPosition": "HFS",
    "PercentPhaseFOV": 100,
    "PhaseEncodingDirection": "j-",
    "PhaseEncodingSteps": 78,
    "PhaseResolution": 1,
    "PixelBandwidth": 2135,
    "ProcedureStepDescription": "NormaL_Antony_ss",
    "ProtocolName": "func_task-view_run-3",
    "PulseSequenceDetails": "%CustomerSeq%_cmrr_mbep2d_bold",
    "ReceiveCoilActiveElements": "HC1-7",
    "ReceiveCoilName": "HeadNeck_64",
    "ReconMatrixPE": 78,
    "RepetitionTime": 1,
    "SAR": 0.0629465,
    "ScanOptions": "FS_EXT",
    "ScanningSequence": "EP",
    "SequenceName": "epfid2d1_78",
    "SequenceVariant": "SK_SS",
    "SeriesDescription": "func_task-view_run-3",
    "SeriesNumber": 8,
    "ShimSetting": [
      755,
      531,
      2070,
      732,
      -156,
      233,
      100,
      53
    ],
    "SliceThickness": 2.5,
    "SliceTiming": [
      0,
      0.21,
      0.42,
      0.63,
      0.84,
      0.07,
      0.28,
      0.49,
      0.7,
      0.91,
      0.14,
      0.35,
      0.56,
      0.77,
      0,
      0.21,
      0.42,
      0.63,
      0.84,
      0.07,
      0.28,
      0.49,
      0.7,
      0.91,
      0.14,
      0.35,
      0.56,
      0.77,
      0,
      0.21,
      0.42,
      0.63,
      0.84,
      0.07,
      0.28,
      0.49,
      0.7,
      0.91,
      0.14,
      0.35,
      0.56,
      0.77,
      0,
      0.21,
      0.42,
      0.63,
      0.84,
      0.07,
      0.28,
      0.49,
      0.7,
      0.91,
      0.14,
      0.35,
      0.56,
      0.77
    ],
    "SoftwareVersions": "syngo_MR_E11",
    "SpacingBetweenSlices": 2.5,
    "StationName": "AWP66018",
    "TotalReadoutTime": 0.0438902,
    "TxRefAmp": 250.38,
    "dataset": "ds003338",
    "modality": "bold",
    "run_id": 3,
    "session_id": "01",
    "subject_id": "14",
    "task_id": "view"
  },
  "dummy_trs": 1,
  "dvars_nstd": 33.63522385579324,
  "dvars_std": 1.2942878819121215,
  "dvars_vstd": 0.9951516852563054,
  "efc": 0.6042054601374278,
  "fber": 1631.4525146484375,
  "fd_mean": 0.11255590799367413,
  "fd_num": 108,
  "fd_perc": 8.78048780487805,
  "fwhm_avg": 1.8969693333333335,
  "fwhm_x": 1.8056480000000001,
  "fwhm_y": 2.01144,
  "fwhm_z": 1.8738199999999998,
  "gcor": 0.0327835,
  "gsr_x": 0.006402172613888979,
  "gsr_y": 0.061958197504282,
  "provenance": {
    "md5sum": "b69246c62c3cfc868b88c9bf1c4872cd",
    "settings": {
      "fd_thres": 0.2,
      "testing": false
    },
    "software": "mriqc",
    "version": "23.1.0"
  },
  "size_t": 1230,
  "size_x": 78,
  "size_y": 78,
  "size_z": 56,
  "snr": 5.147501352774625,
  "spacing_tr": 1.0,
  "spacing_x": 2.5,
  "spacing_y": 2.5,
  "spacing_z": 2.5,
  "summary_bg_k": 10.673258025269753,
  "summary_bg_mad": 254.44201372006924,
  "summary_bg_mean": 894.910068703534,
  "summary_bg_median": 269.19654846191406,
  "summary_bg_n": 233930.0,
  "summary_bg_p05": 74.00396728515625,
  "summary_bg_p95": 3945.9345703125,
  "summary_bg_stdv": 1398.5535353352084,
  "summary_fg_k": 1.8225337303396127,
  "summary_fg_mad": 1883.515087848892,
  "summary_fg_mean": 10840.841338367352,
  "summary_fg_median": 10873.18310546875,
  "summary_fg_n": 106774.0,
  "summary_fg_p05": 7345.548828125,
  "summary_fg_p95": 14229.8486328125,
  "summary_fg_stdv": 2112.3126432357117,
  "tsnr": 48.1524658203125
}