{
  "aor": 0.0009285529411764707,
  "aqi": 0.0124659956,
  "bids_meta": {
    "AcquisitionMatrixPE": 78,
    "AcquisitionNumber": 1,
    "AcquisitionTime": "16:25:17.335000",
    "BandwidthPerPixelPhaseEncode": 22.492,
    "BaseResolution": 78,
    "BodyPartExamined": "BRAIN",
    "ConsistencyInfo": "N4_VE11C_LATEST_20160120",
    "ConversionSoftware": "dcm2niix",
    "ConversionSoftwareVersion": "v1.0.20180328 GCC6.3.0",
    "DerivedVendorReportedEchoSpacing": 0.000570003,
    "DeviceSerialNumber": "66018",
    "DwellTime": 3e-06,
    "EchoTime": 0.03,
    "EchoTrainLength": 78,
    "EffectiveEchoSpacing": 0.000570003,
    "FlipAngle": 59,
    "ImageComments": "Unaliased_MB4_PE3_LB",
    "ImageOrientationPatientDICOM": [
      1,
      0,
      0,
      0,
      0.904827,
      -0.425779
    ],
    "ImageType": [
      "ORIGINAL",
      "PRIMARY",
      "M",
      "MB",
      "ND",
      "NORM",
      "MOSAIC"
    ],
    "InPlanePhaseEncodingDirectionDICOM": "COL",
    "InstitutionAddress": "Stadium_1952_Princeton_NJ_US_08544",
    "InstitutionName": "Princeton_University",
    "InstitutionalDepartmentName": "NeuroScience",
    "MRAcquisitionType": "2D",
    "MagneticFieldStrength": 3,
    "Manufacturer": "Siemens",
    "ManufacturersModelName": "Prisma",
    "Modality": "MR",
    "MultibandAccelerationFactor": 4,
    "PartialFourier": 1,
    "PatientPosition": "HFS",
    "PercentPhaseFOV": 100,
    "PhaseEncodingDirection": "j-",
    "PhaseEncodingSteps": 78,
    "PhaseResolution": 1,
    "PixelBandwidth": 2135,
    "ProcedureStepDescription": "Norman_Antony_ss",
    "ProtocolName": "func_task-view_run-1",
    "PulseSequenceDetails": "%CustomerSeq%_cmrr_mbep2d_bold",
    "ReceiveCoilActiveElements": "HC1-7",
    "ReceiveCoilName": "HeadNeck_64",
    "ReconMatrixPE": 78,
    "RepetitionTime": 1,
    "SAR": 0.0600715,
    "ScanOptions": "FS_EXT",
    "ScanningSequence": "EP",
    "SequenceName": "epfid2d1_78",
    "SequenceVariant": "SK_SS",
    "SeriesDescription": "func_task-view_run-1",
    "SeriesNumber": 3,
    "ShimSetting": [
      767,
      588,
      2072,
      733,
      -26,
      106,
      107,
      44
    ],
    "SliceThickness": 2.5,
    "SliceTiming": [
      0,
      0.21,
      0.42,
      0.6275,
      0.8375,
      0.07,
      0.28,
      0.4875,
      0.6975,
      0.9075,
      0.14,
      0.35,
      0.5575,
      0.7675,
      0,
      0.21,
      0.42,
      0.6275,
      0.8375,
      0.07,
      0.28,
      0.4875,
      0.6975,
      0.9075,
      0.14,
      0.35,
      0.5575,
      0.7675,
      0,
      0.21,
      0.42,
      0.6275,
      0.8375,
      0.07,
      0.28,
      0.4875,
      0.6975,
      0.9075,
      0.14,
      0.35,
      0.5575,
      0.7675,
      0,
      0.21,
      0.42,
      0.6275,
      0.8375,
      0.07,
      0.28,
      0.4875,
      0.6975,
      0.9075,
      0.14,
      0.35,
      0.5575,
      0.7675
    ],
    "SoftwareVersions": "syngo_MR_E11",
    "SpacingBetweenSlices": 2.5,
    "StationName": "AWP66018",
    "TotalReadoutTime": 0.0438902,
    "TxRefAmp": 233.772,
    "dataset": "ds003338",
    "modality": "bold",
    "run_id": 1,
    "session_id": "01",
    "subject_id": "04",
    "task_id": "view"
  },
  "dummy_trs": 1,
  "dvars_nstd": 28.414357067691437,
  "dvars_std": 1.1962557357597192,
  "dvars_vstd": 0.988155413792697,
  "efc": 0.5786566581799398,
  "fber": 1862.873046875,
  "fd_mean": 0.10719986868869566,
  "fd_num": 31,
  "fd_perc": 3.6470588235294117,
  "fwhm_avg": 1.8137999999999999,
  "fwhm_x": 1.717352,
  "fwhm_y": 1.8796240000000002,
  "fwhm_z": 1.844424,
  "gcor": 0.00805496,
  "gsr_x": -0.005917073227465153,
  "gsr_y": 0.05258811637759209,
  "provenance": {
    "md5sum": "276c08253702739fd4b7adaf328bb35f",
    "settings": {
      "fd_thres": 0.2,
      "testing": false
    },
    "software": "mriqc",
    "version": "23.1.0"
  },
  "size_t": 850,
  "size_x": 78,
  "size_y": 78,
  "size_z": 56,
  "snr": 5.153739538625827,
  "spacing_tr": 1.0,
  "spacing_x": 2.5,
  "spacing_y": 2.5,
  "spacing_z": 2.5,
  "summary_bg_k": 8.890246096991353,
  "summary_bg_mad": 208.75199179150502,
  "summary_bg_mean": 836.9980938148357,
  "summary_bg_median": 231.04571533203125,
  "summary_bg_n": 247863.0,
  "summary_bg_p05": 72.70015716552734,
  "summary_bg_p95": 3842.29345703125,
  "summary_bg_stdv": 1305.5822866294964,
  "summary_fg_k": 2.118494935885604,
  "summary_fg_mad": 1691.6013521418345,
  "summary_fg_mean": 9994.782425418094,
  "summary_fg_median": 9972.1669921875,
  "summary_fg_n": 92841.0,
  "summary_fg_p05": 6825.6142578125,
  "summary_fg_p95": 13131.658203125,
  "summary_fg_stdv": 1934.9276795391731,
  "tsnr": 51.75400161743164
}