{
  "aor": 0.001229959807073955,
  "aqi": 0.01564674889067524,
  "bids_meta": {
    "AcquisitionMatrixPE": 78,
    "AcquisitionNumber": 1,
    "AcquisitionTime": "17:09:14.342500",
    "BandwidthPerPixelPhaseEncode": 22.492,
    "BaseResolution": 78,
    "BodyPartExamined": "BRAIN",
    "ConsistencyInfo": "N4_VE11C_LATEST_20160120",
    "ConversionSoftware": "dcm2niix",
    "ConversionSoftwareVersion": "v1.0.20180328 GCC6.3.0",
    "DerivedVendorReportedEchoSpacing": 0.000570003,
    "DeviceSerialNumber": "66018",
    "DwellTime": 3e-06,
    "EchoTime": 0.03,
    "EchoTrainLength": 78,
    "EffectiveEchoSpacing": 0.000570003,
    "FlipAngle": 59,
    "ImageComments": "Unaliased_MB4_PE3_LB",
    "ImageOrientationPatientDICOM": [
      1,
      0,
      0,
      0,
      0.904827,
      -0.425779
    ],
    "ImageType": [
      "ORIGINAL",
      "PRIMARY",
      "M",
      "MB",
      "ND",
      "NORM",
      "MOSAIC"
    ],
    "InPlanePhaseEncodingDirectionDICOM": "COL",
    "InstitutionAddress": "Stadium_1952_Princeton_NJ_US_08544",
    "InstitutionName": "Princeton_University",
    "InstitutionalDepartmentName": "NeuroScience",
    "MRAcquisitionType": "2D",
    "MagneticFieldStrength": 3,
    "Manufacturer": "Siemens",
    "ManufacturersModelName": "Prisma",
    "Modality": "MR",
    "MultibandAccelerationFactor": 4,
    "PartialFourier": 1,
    "PatientPosition": "HFS",
    "PercentPhaseFOV": 100,
    "PhaseEncodingDirection": "j-",
    "PhaseEncodingSteps": 78,
    "PhaseResolution": 1,
    "PixelBandwidth": 2135,
    "ProcedureStepDescription": "Norman_Antony_ss",
    "ProtocolName": "func_task-view_run-3",
    "PulseSequenceDetails": "%CustomerSeq%_cmrr_mbep2d_bold",
    "ReceiveCoilActiveElements": "HC1-7",
    "ReceiveCoilName": "HeadNeck_64",
    "ReconMatrixPE": 78,
    "RepetitionTime": 1,
    "SAR": 0.0600715,
    "ScanOptions": "FS_EXT",
    "ScanningSequence": "EP",
    "SequenceName": "epfid2d1_78",
    "SequenceVariant": "SK_SS",
    "SeriesDescription": "func_task-view_run-3",
    "SeriesNumber": 7,
    "ShimSetting": [
      767,
      588,
      2072,
      733,
      -26,
      106,
      107,
      44
    ],
    "SliceThickness": 2.5,
    "SliceTiming": [
      0,
      0.21,
      0.42,
      0.63,
      0.84,
      0.07,
      0.28,
      0.49,
      0.7,
      0.91,
      0.14,
      0.35,
      0.56,
      0.77,
      0,
      0.21,
      0.42,
      0.63,
      0.84,
      0.07,
      0.28,
      0.49,
      0.7,
      0.91,
      0.14,
      0.35,
      0.56,
      0.77,
      0,
      0.21,
      0.42,
      0.63,
      0.84,
      0.07,
      0.28,
      0.49,
      0.7,
      0.91,
      0.14,
      0.35,
      0.56,
      0.77,
      0,
      0.21,
      0.42,
      0.63,
      0.84,
      0.07,
      0.28,
      0.49,
      0.7,
      0.91,
      0.14,
      0.35,
      0.56,
      0.77
    ],
    "SoftwareVersions": "syngo_MR_E11",
    "SpacingBetweenSlices": 2.5,
    "StationName": "AWP66018",
    "TotalReadoutTime": 0.0438902,
    "TxRefAmp": 233.772,
    "dataset": "ds003338",
    "modality": "bold",
    "run_id": 3,
    "session_id": "01",
    "subject_id": "04",
    "task_id": "view"
  },
  "dummy_trs": 2,
  "dvars_nstd": 30.198949664939644,
  "dvars_std": 1.1798013386082071,
  "dvars_vstd": 0.9714144169348345,
  "efc": 0.5819693473886671,
  "fber": 1668.3680419921875,
  "fd_mean": 0.14617419336544127,
  "fd_num": 186,
  "fd_perc": 14.95176848874598,
  "fwhm_avg": 1.8194333333333332,
  "fwhm_x": 1.7271239999999999,
  "fwhm_y": 1.878936,
  "fwhm_z": 1.85224,
  "gcor": 0.00883597,
  "gsr_x": -0.006451923865824938,
  "gsr_y": 0.05106830224394798,
  "provenance": {
    "md5sum": "65d5b285eef57a0995aa49346ea5e8ff",
    "settings": {
      "fd_thres": 0.2,
      "testing": false
    },
    "software": "mriqc",
    "version": "23.1.0"
  },
  "size_t": 1244,
  "size_x": 78,
  "size_y": 78,
  "size_z": 56,
  "snr": 5.111339059354836,
  "spacing_tr": 1.0,
  "spacing_x": 2.5,
  "spacing_y": 2.5,
  "spacing_z": 2.5,
  "summary_bg_k": 8.209359270034849,
  "summary_bg_mad": 227.6319874507514,
  "summary_bg_mean": 866.4595664745324,
  "summary_bg_median": 243.04666900634766,
  "summary_bg_n": 248208.0,
  "summary_bg_p05": 69.62539672851562,
  "summary_bg_p95": 3917.12451171875,
  "summary_bg_stdv": 1319.1357933282127,
  "summary_fg_k": 1.9207282463853863,
  "summary_fg_mad": 1703.9768818905422,
  "summary_fg_mean": 9952.489630474183,
  "summary_fg_median": 9927.40185546875,
  "summary_fg_n": 92496.0,
  "summary_fg_p05": 6725.634765625,
  "summary_fg_p95": 13094.56640625,
  "summary_fg_stdv": 1942.2206345717361,
  "tsnr": 43.8457088470459
}