{
  "bids_meta": {
    "AcquisitionMatrixPE": 256,
    "AcquisitionNumber": 1,
    "AcquisitionTime": "12:09:26.820000",
    "BaseResolution": 256,
    "BodyPartExamined": "BRAIN",
    "ConsistencyInfo": "N4_VE11C_LATEST_20160120",
    "ConversionSoftware": "dcm2niix",
    "ConversionSoftwareVersion": "v1.0.20180328 GCC6.3.0",
    "DeviceSerialNumber": "66018",
    "DwellTime": 9.8e-06,
    "EchoTime": 0.0033,
    "FlipAngle": 7,
    "ImageOrientationPatientDICOM": [
      0,
      1,
      0,
      0,
      0,
      -1
    ],
    "ImageType": [
      "ORIGINAL",
      "PRIMARY",
      "M",
      "ND",
      "NORM"
    ],
    "InPlanePhaseEncodingDirectionDICOM": "ROW",
    "InstitutionAddress": "Stadium_1952_Princeton_NJ_US_08544",
    "InstitutionName": "Princeton_University",
    "InstitutionalDepartmentName": "NeuroScience",
    "InversionTime": 1.1,
    "MRAcquisitionType": "3D",
    "MagneticFieldStrength": 3,
    "Manufacturer": "Siemens",
    "ManufacturersModelName": "Prisma",
    "Modality": "MR",
    "ParallelReductionFactorInPlane": 2,
    "PartialFourier": 1,
    "PatientPosition": "HFS",
    "PercentPhaseFOV": 100,
    "PhaseEncodingSteps": 255,
    "PhaseResolution": 1,
    "PixelBandwidth": 200,
    "ProcedureStepDescription": "Norman_Antony_ss",
    "ProtocolName": "anat-T1w",
    "PulseSequenceDetails": "%SiemensSeq%_tfl",
    "ReceiveCoilActiveElements": "HC1-7;NC1",
    "ReceiveCoilName": "HeadNeck_64",
    "ReconMatrixPE": 256,
    "RepetitionTime": 2.53,
    "SAR": 0.042671,
    "ScanOptions": "IR",
    "ScanningSequence": "GR_IR",
    "SequenceName": "_tfl3d1_16ns",
    "SequenceVariant": "SK_SP_MP",
    "SeriesDescription": "anat-T1w",
    "SeriesNumber": 9,
    "ShimSetting": [
      747,
      502,
      1980,
      214,
      -162,
      -214,
      310,
      80
    ],
    "SliceThickness": 1,
    "SoftwareVersions": "syngo_MR_E11",
    "StationName": "AWP66018",
    "TxRefAmp": 228.493,
    "dataset": "ds003338",
    "modality": "T1w",
    "session_id": "01",
    "subject_id": "01"
  },
  "cjv": 0.5160185296183645,
  "cnr": 1.99225372802621,
  "efc": 0.5247192963272941,
  "fber": 22834.077681282968,
  "fwhm_avg": 4.055806666666666,
  "fwhm_x": 4.01534,
  "fwhm_y": 4.36119,
  "fwhm_z": 3.79089,
  "icvs_csf": 0.27088872972798717,
  "icvs_gm": 0.3834994252864749,
  "icvs_wm": 0.3456118449855379,
  "inu_med": 0.4628102481365204,
  "inu_range": 0.1626508504152297,
  "provenance": {
    "md5sum": "3c8fcc5c79f273cddee79ff7d6d91bcd",
    "settings": {
      "testing": false
    },
    "software": "mriqc",
    "version": "23.1.0",
    "warnings": {
      "large_rot_frame": true,
      "small_air_mask": false
    }
  },
  "qi_1": 0.0,
  "qi_2": 0.0012197054304829433,
  "rpve_csf": 7.311369751756758,
  "rpve_gm": 7.2435974288072815,
  "rpve_wm": 7.339558604389693,
  "size_x": 176,
  "size_y": 256,
  "size_z": 256,
  "snr_csf": 1.8209621925003454,
  "snr_gm": 5.191823066270976,
  "snr_total": 6.469652493647708,
  "snr_wm": 12.396172222171801,
  "snrd_csf": 54.90718657705326,
  "snrd_gm": 102.26055949132183,
  "snrd_total": 101.78279691777819,
  "snrd_wm": 148.18064468495947,
  "spacing_x": 1.0,
  "spacing_y": 1.0,
  "spacing_z": 1.0,
  "summary_bg_k": 12.124586019030719,
  "summary_bg_mad": 0.0,
  "summary_bg_mean": 2.5193528898804423,
  "summary_bg_median": 0.0,
  "summary_bg_n": 3870459.0,
  "summary_bg_p05": 0.0,
  "summary_bg_p95": 11.079394936561584,
  "summary_bg_stdv": 4.291074714919925,
  "summary_csf_k": -0.9546141719225987,
  "summary_csf_mad": 164.26335512645937,
  "summary_csf_mean": 371.9004028023393,
  "summary_csf_median": 359.63631388545036,
  "summary_csf_n": 421513.42845907126,
  "summary_csf_p05": 84.53324609994888,
  "summary_csf_p95": 697.6212911009789,
  "summary_csf_stdv": 197.49772332732033,
  "summary_gm_k": -0.6195236299019653,
  "summary_gm_mad": 94.60816904039206,
  "summary_gm_mean": 674.4914766703097,
  "summary_gm_median": 669.7959404587746,
  "summary_gm_n": 596740.0627073206,
  "summary_gm_p05": 465.8843283057213,
  "summary_gm_p95": 913.2043269276619,
  "summary_gm_stdv": 129.00966976271403,
  "summary_wm_k": -0.46734673517563863,
  "summary_wm_mad": 60.595623179283585,
  "summary_wm_mean": 951.4229994635856,
  "summary_wm_median": 970.5676827728748,
  "summary_wm_n": 537785.5100956163,
  "summary_wm_p05": 792.0921624302864,
  "summary_wm_p95": 1046.8125265538692,
  "summary_wm_stdv": 78.29568378068879,
  "tpm_overlap_csf": 0.21101113931549093,
  "tpm_overlap_gm": 0.5250548223198386,
  "tpm_overlap_wm": 0.5408904483542136,
  "wm2max": 0.8783582089552239
}