{
  "aor": 0.0016473010380622837,
  "aqi": 0.013996423044982699,
  "bids_meta": {
    "AcquisitionMatrixPE": 78,
    "AcquisitionNumber": 1,
    "AcquisitionTime": "15:27:33.875000",
    "BandwidthPerPixelPhaseEncode": 22.492,
    "BaseResolution": 78,
    "BodyPartExamined": "BRAIN",
    "ConsistencyInfo": "N4_VE11C_LATEST_20160120",
    "ConversionSoftware": "dcm2niix",
    "ConversionSoftwareVersion": "v1.0.20180328 GCC6.3.0",
    "DerivedVendorReportedEchoSpacing": 0.000570003,
    "DeviceSerialNumber": "66018",
    "DwellTime": 3e-06,
    "EchoTime": 0.03,
    "EchoTrainLength": 78,
    "EffectiveEchoSpacing": 0.000570003,
    "FlipAngle": 59,
    "ImageComments": "Unaliased_MB4_PE3_LB",
    "ImageOrientationPatientDICOM": [
      1,
      0,
      0,
      0,
      0.983571,
      -0.180519
    ],
    "ImageType": [
      "ORIGINAL",
      "PRIMARY",
      "M",
      "MB",
      "ND",
      "NORM",
      "MOSAIC"
    ],
    "InPlanePhaseEncodingDirectionDICOM": "COL",
    "InstitutionAddress": "Stadium_1952_Princeton_NJ_US_08544",
    "InstitutionName": "Princeton_University",
    "InstitutionalDepartmentName": "NeuroScience",
    "MRAcquisitionType": "2D",
    "MagneticFieldStrength": 3,
    "Manufacturer": "Siemens",
    "ManufacturersModelName": "Prisma",
    "Modality": "MR",
    "MultibandAccelerationFactor": 4,
    "PartialFourier": 1,
    "PatientPosition": "HFS",
    "PercentPhaseFOV": 100,
    "PhaseEncodingDirection": "j-",
    "PhaseEncodingSteps": 78,
    "PhaseResolution": 1,
    "PixelBandwidth": 2135,
    "ProcedureStepDescription": "NormaL_Antony_ss",
    "ProtocolName": "func_task-recall_run-1",
    "PulseSequenceDetails": "%CustomerSeq%_cmrr_mbep2d_bold",
    "ReceiveCoilActiveElements": "HC1-7",
    "ReceiveCoilName": "HeadNeck_64",
    "ReconMatrixPE": 78,
    "RepetitionTime": 1,
    "SAR": 0.0682523,
    "ScanOptions": "FS_EXT",
    "ScanningSequence": "EP",
    "SequenceName": "epfid2d1_78",
    "SequenceVariant": "SK_SS",
    "SeriesDescription": "func_task-recall_run-1",
    "SeriesNumber": 7,
    "ShimSetting": [
      744,
      556,
      2026,
      693,
      -149,
      19,
      50,
      30
    ],
    "SliceThickness": 2.5,
    "SliceTiming": [
      0,
      0.21,
      0.42,
      0.63,
      0.84,
      0.07,
      0.28,
      0.49,
      0.7,
      0.91,
      0.14,
      0.35,
      0.56,
      0.77,
      0,
      0.21,
      0.42,
      0.63,
      0.84,
      0.07,
      0.28,
      0.49,
      0.7,
      0.91,
      0.14,
      0.35,
      0.56,
      0.77,
      0,
      0.21,
      0.42,
      0.63,
      0.84,
      0.07,
      0.28,
      0.49,
      0.7,
      0.91,
      0.14,
      0.35,
      0.56,
      0.77,
      0,
      0.21,
      0.42,
      0.63,
      0.84,
      0.07,
      0.28,
      0.49,
      0.7,
      0.91,
      0.14,
      0.35,
      0.56,
      0.77
    ],
    "SoftwareVersions": "syngo_MR_E11",
    "SpacingBetweenSlices": 2.5,
    "StationName": "AWP66018",
    "TotalReadoutTime": 0.0438902,
    "TxRefAmp": 253.421,
    "dataset": "ds003338",
    "modality": "bold",
    "run_id": 1,
    "session_id": "01",
    "subject_id": "12",
    "task_id": "recall"
  },
  "dummy_trs": 0,
  "dvars_nstd": 38.59218038461807,
  "dvars_std": 1.2800458457291666,
  "dvars_vstd": 1.0167365982986112,
  "efc": 0.6178337424502932,
  "fber": 991.9310302734375,
  "fd_mean": 0.2360499861445433,
  "fd_num": 153,
  "fd_perc": 52.94117647058823,
  "fwhm_avg": 1.8584066666666665,
  "fwhm_x": 1.746984,
  "fwhm_y": 1.9316559999999998,
  "fwhm_z": 1.8965800000000002,
  "gcor": 0.0185014,
  "gsr_x": -0.0012181563070043921,
  "gsr_y": 0.05488784238696098,
  "provenance": {
    "md5sum": "68868a9debdf68a23b2d40394d51367a",
    "settings": {
      "fd_thres": 0.2,
      "testing": false
    },
    "software": "mriqc",
    "version": "23.1.0"
  },
  "size_t": 289,
  "size_x": 78,
  "size_y": 78,
  "size_z": 56,
  "snr": 5.320940459689772,
  "spacing_tr": 1.0,
  "spacing_x": 2.5,
  "spacing_y": 2.5,
  "spacing_z": 2.5,
  "summary_bg_k": 6.660611792596667,
  "summary_bg_mad": 347.23892949867775,
  "summary_bg_mean": 1026.7433326273585,
  "summary_bg_median": 327.16680908203125,
  "summary_bg_n": 236783.0,
  "summary_bg_p05": 74.44585418701172,
  "summary_bg_p95": 4362.22314453125,
  "summary_bg_stdv": 1474.255457625965,
  "summary_fg_k": 1.3537469753047313,
  "summary_fg_mad": 1724.0694720148697,
  "summary_fg_mean": 10264.04036793352,
  "summary_fg_median": 10304.09765625,
  "summary_fg_n": 103921.0,
  "summary_fg_p05": 6931.10791015625,
  "summary_fg_p95": 13303.2705078125,
  "summary_fg_stdv": 1936.508810350664,
  "tsnr": 44.74326705932617
}