{
  "aor": 0.0016364976228209194,
  "aqi": 0.01935524738510301,
  "bids_meta": {
    "AcquisitionMatrixPE": 78,
    "AcquisitionNumber": 1,
    "AcquisitionTime": "15:34:26.855000",
    "BandwidthPerPixelPhaseEncode": 22.492,
    "BaseResolution": 78,
    "BodyPartExamined": "BRAIN",
    "ConsistencyInfo": "N4_VE11C_LATEST_20160120",
    "ConversionSoftware": "dcm2niix",
    "ConversionSoftwareVersion": "v1.0.20180328 GCC6.3.0",
    "DerivedVendorReportedEchoSpacing": 0.000570003,
    "DeviceSerialNumber": "66018",
    "DwellTime": 3e-06,
    "EchoTime": 0.03,
    "EchoTrainLength": 78,
    "EffectiveEchoSpacing": 0.000570003,
    "FlipAngle": 59,
    "ImageComments": "Unaliased_MB4_PE3_LB",
    "ImageOrientationPatientDICOM": [
      1,
      0,
      0,
      0,
      0.983571,
      -0.180519
    ],
    "ImageType": [
      "ORIGINAL",
      "PRIMARY",
      "M",
      "MB",
      "ND",
      "NORM",
      "MOSAIC"
    ],
    "InPlanePhaseEncodingDirectionDICOM": "COL",
    "InstitutionAddress": "Stadium_1952_Princeton_NJ_US_08544",
    "InstitutionName": "Princeton_University",
    "InstitutionalDepartmentName": "NeuroScience",
    "MRAcquisitionType": "2D",
    "MagneticFieldStrength": 3,
    "Manufacturer": "Siemens",
    "ManufacturersModelName": "Prisma",
    "Modality": "MR",
    "MultibandAccelerationFactor": 4,
    "PartialFourier": 1,
    "PatientPosition": "HFS",
    "PercentPhaseFOV": 100,
    "PhaseEncodingDirection": "j-",
    "PhaseEncodingSteps": 78,
    "PhaseResolution": 1,
    "PixelBandwidth": 2135,
    "ProcedureStepDescription": "NormaL_Antony_ss",
    "ProtocolName": "func_task-view_run-2",
    "PulseSequenceDetails": "%CustomerSeq%_cmrr_mbep2d_bold",
    "ReceiveCoilActiveElements": "HC1-7",
    "ReceiveCoilName": "HeadNeck_64",
    "ReconMatrixPE": 78,
    "RepetitionTime": 1,
    "SAR": 0.0682523,
    "ScanOptions": "FS_EXT",
    "ScanningSequence": "EP",
    "SequenceName": "epfid2d1_78",
    "SequenceVariant": "SK_SS",
    "SeriesDescription": "func_task-view_run-2",
    "SeriesNumber": 8,
    "ShimSetting": [
      744,
      556,
      2026,
      693,
      -149,
      19,
      50,
      30
    ],
    "SliceThickness": 2.5,
    "SliceTiming": [
      0,
      0.21,
      0.42,
      0.63,
      0.84,
      0.07,
      0.28,
      0.49,
      0.7,
      0.91,
      0.14,
      0.35,
      0.56,
      0.77,
      0,
      0.21,
      0.42,
      0.63,
      0.84,
      0.07,
      0.28,
      0.49,
      0.7,
      0.91,
      0.14,
      0.35,
      0.56,
      0.77,
      0,
      0.21,
      0.42,
      0.63,
      0.84,
      0.07,
      0.28,
      0.49,
      0.7,
      0.91,
      0.14,
      0.35,
      0.56,
      0.77,
      0,
      0.21,
      0.42,
      0.63,
      0.84,
      0.07,
      0.28,
      0.49,
      0.7,
      0.91,
      0.14,
      0.35,
      0.56,
      0.77
    ],
    "SoftwareVersions": "syngo_MR_E11",
    "SpacingBetweenSlices": 2.5,
    "StationName": "AWP66018",
    "TotalReadoutTime": 0.0438902,
    "TxRefAmp": 253.421,
    "dataset": "ds003338",
    "modality": "bold",
    "run_id": 2,
    "session_id": "01",
    "subject_id": "12",
    "task_id": "view"
  },
  "dummy_trs": 1,
  "dvars_nstd": 35.08495935852499,
  "dvars_std": 1.2078577007533666,
  "dvars_vstd": 0.9966325204758143,
  "efc": 0.6181161806274873,
  "fber": 948.0973510742188,
  "fd_mean": 0.20401675125760474,
  "fd_num": 474,
  "fd_perc": 37.5594294770206,
  "fwhm_avg": 1.872336,
  "fwhm_x": 1.7561240000000002,
  "fwhm_y": 1.954364,
  "fwhm_z": 1.90652,
  "gcor": 0.0249253,
  "gsr_x": 0.00016626546857878566,
  "gsr_y": 0.05521267279982567,
  "provenance": {
    "md5sum": "e52bb79e99a1459db5681accd5b731f6",
    "settings": {
      "fd_thres": 0.2,
      "testing": false
    },
    "software": "mriqc",
    "version": "23.1.0"
  },
  "size_t": 1262,
  "size_x": 78,
  "size_y": 78,
  "size_z": 56,
  "snr": 5.282385692599034,
  "spacing_tr": 1.0,
  "spacing_x": 2.5,
  "spacing_y": 2.5,
  "spacing_z": 2.5,
  "summary_bg_k": 6.649593223191921,
  "summary_bg_mad": 351.8108330546708,
  "summary_bg_mean": 1020.2227047107424,
  "summary_bg_median": 331.80303955078125,
  "summary_bg_n": 236807.0,
  "summary_bg_p05": 75.94921875,
  "summary_bg_p95": 4317.9169921875,
  "summary_bg_stdv": 1457.0350114643256,
  "summary_fg_k": 1.4259481805654204,
  "summary_fg_mad": 1713.0107652326963,
  "summary_fg_mean": 10174.015549868194,
  "summary_fg_median": 10216.6103515625,
  "summary_fg_n": 103897.0,
  "summary_fg_p05": 6823.58837890625,
  "summary_fg_p95": 13189.4833984375,
  "summary_fg_stdv": 1934.0808829512405,
  "tsnr": 37.71680450439453
}