{
  "aor": 0.0017191673338670937,
  "aqi": 0.021052669495596477,
  "bids_meta": {
    "AcquisitionMatrixPE": 78,
    "AcquisitionNumber": 1,
    "AcquisitionTime": "15:05:2.002500",
    "BandwidthPerPixelPhaseEncode": 22.492,
    "BaseResolution": 78,
    "BodyPartExamined": "BRAIN",
    "ConsistencyInfo": "N4_VE11C_LATEST_20160120",
    "ConversionSoftware": "dcm2niix",
    "ConversionSoftwareVersion": "v1.0.20180328 GCC6.3.0",
    "DerivedVendorReportedEchoSpacing": 0.000570003,
    "DeviceSerialNumber": "66018",
    "DwellTime": 3e-06,
    "EchoTime": 0.03,
    "EchoTrainLength": 78,
    "EffectiveEchoSpacing": 0.000570003,
    "FlipAngle": 59,
    "ImageComments": "Unaliased_MB4_PE3_LB",
    "ImageOrientationPatientDICOM": [
      1,
      0,
      0,
      0,
      0.983571,
      -0.180519
    ],
    "ImageType": [
      "ORIGINAL",
      "PRIMARY",
      "M",
      "MB",
      "ND",
      "NORM",
      "MOSAIC"
    ],
    "InPlanePhaseEncodingDirectionDICOM": "COL",
    "InstitutionAddress": "Stadium_1952_Princeton_NJ_US_08544",
    "InstitutionName": "Princeton_University",
    "InstitutionalDepartmentName": "NeuroScience",
    "MRAcquisitionType": "2D",
    "MagneticFieldStrength": 3,
    "Manufacturer": "Siemens",
    "ManufacturersModelName": "Prisma",
    "Modality": "MR",
    "MultibandAccelerationFactor": 4,
    "PartialFourier": 1,
    "PatientPosition": "HFS",
    "PercentPhaseFOV": 100,
    "PhaseEncodingDirection": "j-",
    "PhaseEncodingSteps": 78,
    "PhaseResolution": 1,
    "PixelBandwidth": 2135,
    "ProcedureStepDescription": "NormaL_Antony_ss",
    "ProtocolName": "func_task-view_run-1",
    "PulseSequenceDetails": "%CustomerSeq%_cmrr_mbep2d_bold",
    "ReceiveCoilActiveElements": "HC1-7",
    "ReceiveCoilName": "HeadNeck_64",
    "ReconMatrixPE": 78,
    "RepetitionTime": 1,
    "SAR": 0.0682523,
    "ScanOptions": "FS_EXT",
    "ScanningSequence": "EP",
    "SequenceName": "epfid2d1_78",
    "SequenceVariant": "SK_SS",
    "SeriesDescription": "func_task-view_run-1",
    "SeriesNumber": 6,
    "ShimSetting": [
      744,
      556,
      2026,
      693,
      -149,
      19,
      50,
      30
    ],
    "SliceThickness": 2.5,
    "SliceTiming": [
      0,
      0.21,
      0.42,
      0.63,
      0.84,
      0.07,
      0.28,
      0.49,
      0.7,
      0.91,
      0.14,
      0.35,
      0.56,
      0.77,
      0,
      0.21,
      0.42,
      0.63,
      0.84,
      0.07,
      0.28,
      0.49,
      0.7,
      0.91,
      0.14,
      0.35,
      0.56,
      0.77,
      0,
      0.21,
      0.42,
      0.63,
      0.84,
      0.07,
      0.28,
      0.49,
      0.7,
      0.91,
      0.14,
      0.35,
      0.56,
      0.77,
      0,
      0.21,
      0.42,
      0.63,
      0.84,
      0.07,
      0.28,
      0.49,
      0.7,
      0.91,
      0.14,
      0.35,
      0.56,
      0.77
    ],
    "SoftwareVersions": "syngo_MR_E11",
    "SpacingBetweenSlices": 2.5,
    "StationName": "AWP66018",
    "TotalReadoutTime": 0.0438902,
    "TxRefAmp": 253.421,
    "dataset": "ds003338",
    "modality": "bold",
    "run_id": 1,
    "session_id": "01",
    "subject_id": "12",
    "task_id": "view"
  },
  "dummy_trs": 0,
  "dvars_nstd": 35.092374222371824,
  "dvars_std": 1.2141728616666683,
  "dvars_vstd": 0.9834971762500007,
  "efc": 0.6140484404628478,
  "fber": 1081.0723876953125,
  "fd_mean": 0.17426010216164559,
  "fd_num": 341,
  "fd_perc": 27.30184147317854,
  "fwhm_avg": 1.8733346666666668,
  "fwhm_x": 1.7609400000000002,
  "fwhm_y": 1.9563,
  "fwhm_z": 1.9027640000000001,
  "gcor": 0.0270948,
  "gsr_x": 0.000730099156498909,
  "gsr_y": 0.05228827893733978,
  "provenance": {
    "md5sum": "bd3eb906e76badead737a85c56e14394",
    "settings": {
      "fd_thres": 0.2,
      "testing": false
    },
    "software": "mriqc",
    "version": "23.1.0"
  },
  "size_t": 1249,
  "size_x": 78,
  "size_y": 78,
  "size_z": 56,
  "snr": 5.293144096985772,
  "spacing_tr": 1.0,
  "spacing_x": 2.5,
  "spacing_y": 2.5,
  "spacing_z": 2.5,
  "summary_bg_k": 6.897593140007912,
  "summary_bg_mad": 337.98143193489256,
  "summary_bg_mean": 989.9689630641284,
  "summary_bg_median": 313.9016418457031,
  "summary_bg_n": 236794.0,
  "summary_bg_p05": 60.63688278198242,
  "summary_bg_p95": 4259.13427734375,
  "summary_bg_stdv": 1435.9015162381888,
  "summary_fg_k": 1.4631887200234042,
  "summary_fg_mad": 1714.2675022694762,
  "summary_fg_mean": 10272.25784248717,
  "summary_fg_median": 10320.98095703125,
  "summary_fg_n": 103910.0,
  "summary_fg_p05": 6874.6669921875,
  "summary_fg_p95": 13313.541015625,
  "summary_fg_stdv": 1949.8678110257172,
  "tsnr": 36.823795318603516
}