{
  "aor": 0.00033117816091954023,
  "aqi": 0.01196608066091954,
  "bids_meta": {
    "AcquisitionMatrixPE": 78,
    "AcquisitionNumber": 1,
    "AcquisitionTime": "13:33:44.415000",
    "BandwidthPerPixelPhaseEncode": 22.492,
    "BaseResolution": 78,
    "BodyPartExamined": "BRAIN",
    "ConsistencyInfo": "N4_VE11C_LATEST_20160120",
    "ConversionSoftware": "dcm2niix",
    "ConversionSoftwareVersion": "v1.0.20180328 GCC6.3.0",
    "DerivedVendorReportedEchoSpacing": 0.000570003,
    "DeviceSerialNumber": "66018",
    "DwellTime": 3e-06,
    "EchoTime": 0.03,
    "EchoTrainLength": 78,
    "EffectiveEchoSpacing": 0.000570003,
    "FlipAngle": 59,
    "ImageComments": "Unaliased_MB4_PE3_LB",
    "ImageOrientationPatientDICOM": [
      1,
      0,
      0,
      0,
      0.970296,
      -0.241922
    ],
    "ImageType": [
      "ORIGINAL",
      "PRIMARY",
      "M",
      "MB",
      "ND",
      "NORM",
      "MOSAIC"
    ],
    "InPlanePhaseEncodingDirectionDICOM": "COL",
    "InstitutionAddress": "Stadium_1952_Princeton_NJ_US_08544",
    "InstitutionName": "Princeton_University",
    "InstitutionalDepartmentName": "NeuroScience",
    "MRAcquisitionType": "2D",
    "MagneticFieldStrength": 3,
    "Manufacturer": "Siemens",
    "ManufacturersModelName": "Prisma",
    "Modality": "MR",
    "MultibandAccelerationFactor": 4,
    "PartialFourier": 1,
    "PatientPosition": "HFS",
    "PercentPhaseFOV": 100,
    "PhaseEncodingDirection": "j-",
    "PhaseEncodingSteps": 78,
    "PhaseResolution": 1,
    "PixelBandwidth": 2135,
    "ProcedureStepDescription": "Norman_Antony_ss",
    "ProtocolName": "func_task",
    "PulseSequenceDetails": "%CustomerSeq%_cmrr_mbep2d_bold",
    "ReceiveCoilActiveElements": "HC1-7",
    "ReceiveCoilName": "HeadNeck_64",
    "ReconMatrixPE": 78,
    "RepetitionTime": 1,
    "SAR": 0.0671371,
    "ScanOptions": "FS_EXT",
    "ScanningSequence": "EP",
    "SequenceName": "epfid2d1_78",
    "SequenceVariant": "SK_SS",
    "SeriesDescription": "func_task",
    "SeriesNumber": 5,
    "ShimSetting": [
      755,
      513,
      2081,
      499,
      -30,
      0,
      102,
      96
    ],
    "SliceThickness": 2.5,
    "SliceTiming": [
      0,
      0.21,
      0.42,
      0.63,
      0.84,
      0.07,
      0.28,
      0.49,
      0.7,
      0.91,
      0.14,
      0.35,
      0.56,
      0.77,
      0,
      0.21,
      0.42,
      0.63,
      0.84,
      0.07,
      0.28,
      0.49,
      0.7,
      0.91,
      0.14,
      0.35,
      0.56,
      0.77,
      0,
      0.21,
      0.42,
      0.63,
      0.84,
      0.07,
      0.28,
      0.49,
      0.7,
      0.91,
      0.14,
      0.35,
      0.56,
      0.77,
      0,
      0.21,
      0.42,
      0.63,
      0.84,
      0.07,
      0.28,
      0.49,
      0.7,
      0.91,
      0.14,
      0.35,
      0.56,
      0.77
    ],
    "SoftwareVersions": "syngo_MR_E11",
    "SpacingBetweenSlices": 2.5,
    "StationName": "AWP66018",
    "TotalReadoutTime": 0.0438902,
    "TxRefAmp": 219.306,
    "dataset": "ds003338",
    "modality": "bold",
    "run_id": 2,
    "session_id": "01",
    "subject_id": "02",
    "task_id": "recall"
  },
  "dummy_trs": 0,
  "dvars_nstd": 34.32288396308357,
  "dvars_std": 1.2663429265706059,
  "dvars_vstd": 0.9810670776945244,
  "efc": 0.5458763947646778,
  "fber": 1864.1214599609375,
  "fd_mean": 0.16587590118282738,
  "fd_num": 96,
  "fd_perc": 27.586206896551722,
  "fwhm_avg": 1.8141493333333332,
  "fwhm_x": 1.7213640000000001,
  "fwhm_y": 1.8749639999999999,
  "fwhm_z": 1.8461200000000002,
  "gcor": 0.0161567,
  "gsr_x": -0.005293574184179306,
  "gsr_y": 0.039622802287340164,
  "provenance": {
    "md5sum": "9101ae5d81581e96669a85941e5eaf03",
    "settings": {
      "fd_thres": 0.2,
      "testing": false
    },
    "software": "mriqc",
    "version": "23.1.0"
  },
  "size_t": 348,
  "size_x": 78,
  "size_y": 78,
  "size_z": 56,
  "snr": 5.3760600939859975,
  "spacing_tr": 1.0,
  "spacing_x": 2.5,
  "spacing_y": 2.5,
  "spacing_z": 2.5,
  "summary_bg_k": 15.979626221833072,
  "summary_bg_mad": 219.94275301398582,
  "summary_bg_mean": 784.6755341341668,
  "summary_bg_median": 254.70054626464844,
  "summary_bg_n": 257572.0,
  "summary_bg_p05": 74.91047668457031,
  "summary_bg_p95": 3537.96337890625,
  "summary_bg_stdv": 1293.304003369821,
  "summary_fg_k": 1.6238728050752513,
  "summary_fg_mad": 1866.305174499022,
  "summary_fg_mean": 10988.176861447893,
  "summary_fg_median": 10996.81640625,
  "summary_fg_n": 83132.0,
  "summary_fg_p05": 7624.3662109375,
  "summary_fg_p95": 14160.6455078125,
  "summary_fg_stdv": 2045.5035980082152,
  "tsnr": 51.17160415649414
}