{
  "aor": 0.0005373732335827099,
  "aqi": 0.014592817664172902,
  "bids_meta": {
    "AcquisitionMatrixPE": 78,
    "AcquisitionNumber": 1,
    "AcquisitionTime": "13:12:53.895000",
    "BandwidthPerPixelPhaseEncode": 22.492,
    "BaseResolution": 78,
    "BodyPartExamined": "BRAIN",
    "ConsistencyInfo": "N4_VE11C_LATEST_20160120",
    "ConversionSoftware": "dcm2niix",
    "ConversionSoftwareVersion": "v1.0.20180328 GCC6.3.0",
    "DerivedVendorReportedEchoSpacing": 0.000570003,
    "DeviceSerialNumber": "66018",
    "DwellTime": 3e-06,
    "EchoTime": 0.03,
    "EchoTrainLength": 78,
    "EffectiveEchoSpacing": 0.000570003,
    "FlipAngle": 59,
    "ImageComments": "Unaliased_MB4_PE3_LB",
    "ImageOrientationPatientDICOM": [
      1,
      0,
      0,
      0,
      0.970296,
      -0.241922
    ],
    "ImageType": [
      "ORIGINAL",
      "PRIMARY",
      "M",
      "MB",
      "ND",
      "NORM",
      "MOSAIC"
    ],
    "InPlanePhaseEncodingDirectionDICOM": "COL",
    "InstitutionAddress": "Stadium_1952_Princeton_NJ_US_08544",
    "InstitutionName": "Princeton_University",
    "InstitutionalDepartmentName": "NeuroScience",
    "MRAcquisitionType": "2D",
    "MagneticFieldStrength": 3,
    "Manufacturer": "Siemens",
    "ManufacturersModelName": "Prisma",
    "Modality": "MR",
    "MultibandAccelerationFactor": 4,
    "PartialFourier": 1,
    "PatientPosition": "HFS",
    "PercentPhaseFOV": 100,
    "PhaseEncodingDirection": "j-",
    "PhaseEncodingSteps": 78,
    "PhaseResolution": 1,
    "PixelBandwidth": 2135,
    "ProcedureStepDescription": "Norman_Antony_ss",
    "ProtocolName": "func_task",
    "PulseSequenceDetails": "%CustomerSeq%_cmrr_mbep2d_bold",
    "ReceiveCoilActiveElements": "HC1-7",
    "ReceiveCoilName": "HeadNeck_64",
    "ReconMatrixPE": 78,
    "RepetitionTime": 1,
    "SAR": 0.0671371,
    "ScanOptions": "FS_EXT",
    "ScanningSequence": "EP",
    "SequenceName": "epfid2d1_78",
    "SequenceVariant": "SK_SS",
    "SeriesDescription": "func_task",
    "SeriesNumber": 4,
    "ShimSetting": [
      755,
      513,
      2081,
      499,
      -30,
      0,
      102,
      96
    ],
    "SliceThickness": 2.5,
    "SliceTiming": [
      0,
      0.21,
      0.42,
      0.63,
      0.84,
      0.07,
      0.28,
      0.49,
      0.7,
      0.91,
      0.14,
      0.35,
      0.56,
      0.77,
      0,
      0.21,
      0.42,
      0.63,
      0.84,
      0.07,
      0.28,
      0.49,
      0.7,
      0.91,
      0.14,
      0.35,
      0.56,
      0.77,
      0,
      0.21,
      0.42,
      0.63,
      0.84,
      0.07,
      0.28,
      0.49,
      0.7,
      0.91,
      0.14,
      0.35,
      0.56,
      0.77,
      0,
      0.21,
      0.42,
      0.63,
      0.84,
      0.07,
      0.28,
      0.49,
      0.7,
      0.91,
      0.14,
      0.35,
      0.56,
      0.77
    ],
    "SoftwareVersions": "syngo_MR_E11",
    "SpacingBetweenSlices": 2.5,
    "StationName": "AWP66018",
    "TotalReadoutTime": 0.0438902,
    "TxRefAmp": 219.306,
    "dataset": "ds003338",
    "modality": "bold",
    "run_id": 2,
    "session_id": "01",
    "subject_id": "02",
    "task_id": "view"
  },
  "dummy_trs": 0,
  "dvars_nstd": 29.271851258793646,
  "dvars_std": 1.2043550132612337,
  "dvars_vstd": 0.9647719373044913,
  "efc": 0.5459679031580561,
  "fber": 1825.9298095703125,
  "fd_mean": 0.12657034330759837,
  "fd_num": 100,
  "fd_perc": 8.31255195344971,
  "fwhm_avg": 1.810456,
  "fwhm_x": 1.711928,
  "fwhm_y": 1.872776,
  "fwhm_z": 1.846664,
  "gcor": 0.010762,
  "gsr_x": -0.006158959120512009,
  "gsr_y": 0.03526200354099274,
  "provenance": {
    "md5sum": "0b58865e2b92833f829931f24b45c17f",
    "settings": {
      "fd_thres": 0.2,
      "testing": false
    },
    "software": "mriqc",
    "version": "23.1.0"
  },
  "size_t": 1203,
  "size_x": 78,
  "size_y": 78,
  "size_z": 56,
  "snr": 5.349254136582595,
  "spacing_tr": 1.0,
  "spacing_x": 2.5,
  "spacing_y": 2.5,
  "spacing_z": 2.5,
  "summary_bg_k": 15.783850359005204,
  "summary_bg_mad": 226.6087281391313,
  "summary_bg_mean": 776.1355224232731,
  "summary_bg_median": 256.2613830566406,
  "summary_bg_n": 257360.0,
  "summary_bg_p05": 70.97985076904297,
  "summary_bg_p95": 3497.3670654296875,
  "summary_bg_stdv": 1269.4003649515337,
  "summary_fg_k": 1.3109719174192795,
  "summary_fg_mad": 1871.856245696044,
  "summary_fg_mean": 10932.539648759066,
  "summary_fg_median": 10950.27978515625,
  "summary_fg_n": 83344.0,
  "summary_fg_p05": 7496.59619140625,
  "summary_fg_p95": 14118.3798828125,
  "summary_fg_stdv": 2047.0543765723637,
  "tsnr": 46.37592697143555
}