{
  "aor": 0.0022313744075829383,
  "aqi": 0.012620159099526065,
  "bids_meta": {
    "AcquisitionMatrixPE": 78,
    "AcquisitionNumber": 1,
    "AcquisitionTime": "14:04:5.972500",
    "BandwidthPerPixelPhaseEncode": 22.492,
    "BaseResolution": 78,
    "BodyPartExamined": "BRAIN",
    "ConsistencyInfo": "N4_VE11C_LATEST_20160120",
    "ConversionSoftware": "dcm2niix",
    "ConversionSoftwareVersion": "v1.0.20180328 GCC6.3.0",
    "DerivedVendorReportedEchoSpacing": 0.000570003,
    "DeviceSerialNumber": "66018",
    "DwellTime": 3e-06,
    "EchoTime": 0.03,
    "EchoTrainLength": 78,
    "EffectiveEchoSpacing": 0.000570003,
    "FlipAngle": 59,
    "ImageComments": "Unaliased_MB4_PE3_LB",
    "ImageOrientationPatientDICOM": [
      1,
      0,
      0,
      0,
      0.970296,
      -0.241922
    ],
    "ImageType": [
      "ORIGINAL",
      "PRIMARY",
      "M",
      "MB",
      "ND",
      "NORM",
      "MOSAIC"
    ],
    "InPlanePhaseEncodingDirectionDICOM": "COL",
    "InstitutionAddress": "Stadium_1952_Princeton_NJ_US_08544",
    "InstitutionName": "Princeton_University",
    "InstitutionalDepartmentName": "NeuroScience",
    "MRAcquisitionType": "2D",
    "MagneticFieldStrength": 3,
    "Manufacturer": "Siemens",
    "ManufacturersModelName": "Prisma",
    "Modality": "MR",
    "MultibandAccelerationFactor": 4,
    "PartialFourier": 1,
    "PatientPosition": "HFS",
    "PercentPhaseFOV": 100,
    "PhaseEncodingDirection": "j-",
    "PhaseEncodingSteps": 78,
    "PhaseResolution": 1,
    "PixelBandwidth": 2135,
    "ProcedureStepDescription": "Norman_Antony_ss",
    "ProtocolName": "func_task",
    "PulseSequenceDetails": "%CustomerSeq%_cmrr_mbep2d_bold",
    "ReceiveCoilActiveElements": "HC1-7",
    "ReceiveCoilName": "HeadNeck_64",
    "ReconMatrixPE": 78,
    "RepetitionTime": 1,
    "SAR": 0.0671371,
    "ScanOptions": "FS_EXT",
    "ScanningSequence": "EP",
    "SequenceName": "epfid2d1_78",
    "SequenceVariant": "SK_SS",
    "SeriesDescription": "func_task",
    "SeriesNumber": 7,
    "ShimSetting": [
      755,
      513,
      2081,
      499,
      -30,
      0,
      102,
      96
    ],
    "SliceThickness": 2.5,
    "SliceTiming": [
      0,
      0.21,
      0.42,
      0.63,
      0.84,
      0.07,
      0.28,
      0.49,
      0.7,
      0.91,
      0.14,
      0.35,
      0.56,
      0.77,
      0,
      0.21,
      0.42,
      0.63,
      0.84,
      0.07,
      0.28,
      0.49,
      0.7,
      0.91,
      0.14,
      0.35,
      0.56,
      0.77,
      0,
      0.21,
      0.42,
      0.63,
      0.84,
      0.07,
      0.28,
      0.49,
      0.7,
      0.91,
      0.14,
      0.35,
      0.56,
      0.77,
      0,
      0.21,
      0.42,
      0.63,
      0.84,
      0.07,
      0.28,
      0.49,
      0.7,
      0.91,
      0.14,
      0.35,
      0.56,
      0.77
    ],
    "SoftwareVersions": "syngo_MR_E11",
    "SpacingBetweenSlices": 2.5,
    "StationName": "AWP66018",
    "TotalReadoutTime": 0.0438902,
    "TxRefAmp": 219.306,
    "dataset": "ds003338",
    "modality": "bold",
    "run_id": 3,
    "session_id": "01",
    "subject_id": "02",
    "task_id": "recall"
  },
  "dummy_trs": 0,
  "dvars_nstd": 35.330845505761914,
  "dvars_std": 1.2930624351428575,
  "dvars_vstd": 1.0123402132857144,
  "efc": 0.5484526827367031,
  "fber": 1773.439697265625,
  "fd_mean": 0.18144334034388812,
  "fd_num": 76,
  "fd_perc": 36.018957345971565,
  "fwhm_avg": 1.8284186666666666,
  "fwhm_x": 1.736512,
  "fwhm_y": 1.886484,
  "fwhm_z": 1.8622599999999998,
  "gcor": 0.0100703,
  "gsr_x": -0.006120125763118267,
  "gsr_y": 0.03888239338994026,
  "provenance": {
    "md5sum": "d05a258584e8c8312344fcb15186c895",
    "settings": {
      "fd_thres": 0.2,
      "testing": false
    },
    "software": "mriqc",
    "version": "23.1.0"
  },
  "size_t": 211,
  "size_x": 78,
  "size_y": 78,
  "size_z": 56,
  "snr": 5.333766068530063,
  "spacing_tr": 1.0,
  "spacing_x": 2.5,
  "spacing_y": 2.5,
  "spacing_z": 2.5,
  "summary_bg_k": 15.498166433524862,
  "summary_bg_mad": 231.5020439116072,
  "summary_bg_mean": 798.4365122182791,
  "summary_bg_median": 259.36163330078125,
  "summary_bg_n": 257360.0,
  "summary_bg_p05": 67.96944046020508,
  "summary_bg_p95": 3590.5499267578125,
  "summary_bg_stdv": 1300.6903325775174,
  "summary_fg_k": 1.6592559345356301,
  "summary_fg_mad": 1882.1519335630296,
  "summary_fg_mean": 10918.365877549693,
  "summary_fg_median": 10922.2958984375,
  "summary_fg_n": 83344.0,
  "summary_fg_p05": 7569.87841796875,
  "summary_fg_p95": 14129.396484375,
  "summary_fg_stdv": 2047.7520447129157,
  "tsnr": 48.23612022399902
}