{
  "bids_meta": {
    "AcquisitionMatrixPE": 256,
    "AcquisitionNumber": 1,
    "AcquisitionTime": "19:05:15.275000",
    "BaseResolution": 256,
    "BodyPartExamined": "BRAIN",
    "ConsistencyInfo": "N4_VE11C_LATEST_20160120",
    "ConversionSoftware": "dcm2niix",
    "ConversionSoftwareVersion": "v1.0.20180328 GCC6.3.0",
    "DeviceSerialNumber": "66018",
    "DwellTime": 9.8e-06,
    "EchoTime": 0.0033,
    "FlipAngle": 7,
    "ImageOrientationPatientDICOM": [
      0,
      1,
      0,
      0,
      0,
      -1
    ],
    "ImageType": [
      "ORIGINAL",
      "PRIMARY",
      "M",
      "ND",
      "NORM"
    ],
    "InPlanePhaseEncodingDirectionDICOM": "ROW",
    "InstitutionAddress": "Stadium_1952_Princeton_NJ_US_08544",
    "InstitutionName": "Princeton_University",
    "InstitutionalDepartmentName": "NeuroScience",
    "InversionTime": 1.1,
    "MRAcquisitionType": "3D",
    "MagneticFieldStrength": 3,
    "Manufacturer": "Siemens",
    "ManufacturersModelName": "Prisma",
    "Modality": "MR",
    "ParallelReductionFactorInPlane": 2,
    "PartialFourier": 1,
    "PatientPosition": "HFS",
    "PercentPhaseFOV": 100,
    "PhaseEncodingSteps": 255,
    "PhaseResolution": 1,
    "PixelBandwidth": 200,
    "ProcedureStepDescription": "Norman_Antony_ss",
    "ProtocolName": "anat_T1w",
    "PulseSequenceDetails": "%SiemensSeq%_tfl",
    "ReceiveCoilActiveElements": "HC1-7;NC1,2",
    "ReceiveCoilName": "HeadNeck_64",
    "ReconMatrixPE": 256,
    "RepetitionTime": 2.53,
    "SAR": 0.0577219,
    "ScanOptions": "IR",
    "ScanningSequence": "GR_IR",
    "SequenceName": "_tfl3d1_16ns",
    "SequenceVariant": "SK_SP_MP",
    "SeriesDescription": "anat_T1w",
    "SeriesNumber": 12,
    "ShimSetting": [
      748,
      507,
      2009,
      305,
      -181,
      -103,
      330,
      33
    ],
    "SliceThickness": 1,
    "SoftwareVersions": "syngo_MR_E11",
    "StationName": "AWP66018",
    "TxRefAmp": 305.896,
    "dataset": "ds003338",
    "modality": "T1w",
    "session_id": "01",
    "subject_id": "06"
  },
  "cjv": 0.5080709249912425,
  "cnr": 2.064545967453586,
  "efc": 0.5781336877430066,
  "fber": 18456.570654390773,
  "fwhm_avg": 3.7856400000000003,
  "fwhm_x": 3.76005,
  "fwhm_y": 4.08224,
  "fwhm_z": 3.51463,
  "icvs_csf": 0.2627412079994931,
  "icvs_gm": 0.38787983482210564,
  "icvs_wm": 0.34937895717840123,
  "inu_med": 0.5623741149902344,
  "inu_range": 0.23529564142227172,
  "provenance": {
    "md5sum": "e8b2fb8f46450d0dc44cace307241e5f",
    "settings": {
      "testing": false
    },
    "software": "mriqc",
    "version": "23.1.0",
    "warnings": {
      "large_rot_frame": true,
      "small_air_mask": false
    }
  },
  "qi_1": 0.0,
  "qi_2": 0.00041072633966797196,
  "rpve_csf": 6.013141048986252,
  "rpve_gm": 5.956476320261996,
  "rpve_wm": 6.068988428114241,
  "size_x": 176,
  "size_y": 256,
  "size_z": 256,
  "snr_csf": 2.141044806416624,
  "snr_gm": 5.576462478697476,
  "snr_total": 6.909417822646147,
  "snr_wm": 13.01074618282434,
  "snrd_csf": 17.942562792602953,
  "snrd_gm": 27.439555295024046,
  "snrd_total": 28.27686675091879,
  "snrd_wm": 39.44848216512936,
  "spacing_x": 1.0,
  "spacing_y": 1.0,
  "spacing_z": 1.0,
  "summary_bg_k": 2274.273213909012,
  "summary_bg_mad": 0.0,
  "summary_bg_mean": 3.8006427328764087,
  "summary_bg_median": 0.0,
  "summary_bg_n": 3217907.0,
  "summary_bg_p05": 0.0,
  "summary_bg_p95": 15.21725982427597,
  "summary_bg_stdv": 16.16600882601821,
  "summary_csf_k": 0.36442876406093605,
  "summary_csf_mad": 155.47084801815063,
  "summary_csf_mean": 438.0420422298443,
  "summary_csf_median": 442.74692791700363,
  "summary_csf_n": 493863.3512218136,
  "summary_csf_p05": 110.61893230676651,
  "summary_csf_p95": 754.4747554063797,
  "summary_csf_stdv": 206.78991786695423,
  "summary_gm_k": -0.6259194064767946,
  "summary_gm_mad": 91.27210991410395,
  "summary_gm_mean": 682.5924591292306,
  "summary_gm_median": 677.0927292108536,
  "summary_gm_n": 729081.0472979868,
  "summary_gm_p05": 489.36296939849854,
  "summary_gm_p95": 903.9353667497635,
  "summary_gm_stdv": 121.41967554709798,
  "summary_wm_k": -0.06643175536612667,
  "summary_wm_mad": 59.284429689679854,
  "summary_wm_mean": 960.9004265780634,
  "summary_wm_median": 973.4224977493286,
  "summary_wm_n": 656712.6030677329,
  "summary_wm_p05": 813.716602563858,
  "summary_wm_p95": 1061.5620719790459,
  "summary_wm_stdv": 74.81675093326129,
  "tpm_overlap_csf": 0.22689712797676503,
  "tpm_overlap_gm": 0.516677076605046,
  "tpm_overlap_wm": 0.534868806225442,
  "wm2max": 0.677377090808592
}